{
  "AcquisitionMatrixPE": 96,
  "AcquisitionNumber": 1,
  "BaseResolution": 96,
  "BodyPartExamined": "BRAIN",
  "ConsistencyInfo": "N4_VE11C_LATEST_20160120",
  "ConversionSoftware": "dcm2niix",
  "ConversionSoftwareVersion": "v1.0.20171215 (OpenJPEG build) GCC6.3.0",
  "DeviceSerialNumber": "66112",
  "DwellTime": 8.8e-06,
  "EchoNumber": 2,
  "EchoTime": 0.00738,
  "FlipAngle": 60,
  "ImageOrientationPatientDICOM": [
    0.996673,
    -0.00532555,
    0.0813251,
    0.0071322,
    0.999734,
    -0.0219408
  ],
  "ImageType": [
    "ORIGINAL",
    "PRIMARY",
    "M",
    "ND",
    "NORM"
  ],
  "InPlanePhaseEncodingDirectionDICOM": "COL",
  "InstitutionAddress": "Maynard_3_Hanover_NH_US_03755",
  "InstitutionName": "Dartmouth_College_-_PBS",
  "InstitutionalDepartmentName": "Department",
  "MRAcquisitionType": "2D",
  "MagneticFieldStrength": 3,
  "Manufacturer": "Siemens",
  "ManufacturersModelName": "Prisma",
  "Modality": "MR",
  "PatientPosition": "HFS",
  "PercentPhaseFOV": 100,
  "PhaseEncodingDirection": "j-",
  "PhaseEncodingSteps": 96,
  "PhaseResolution": 1,
  "PixelBandwidth": 590,
  "ProcedureStepDescription": "Gobbini_Matteo_1038_hyperface",
  "ProtocolName": "fmap_acq-2.5mm",
  "PulseSequenceDetails": "%SiemensSeq%_gre_field_mapping",
  "ReceiveCoilActiveElements": "HEA;HEP",
  "ReceiveCoilName": "Head_32",
  "ReconMatrixPE": 96,
  "RepetitionTime": 0.675,
  "SAR": 0.0868919,
  "ScanningSequence": "GR",
  "SequenceName": "_fm2d2r",
  "SequenceVariant": "SP",
  "SeriesDescription": "fmap_acq-2.5mm",
  "SeriesNumber": 5,
  "ShimSetting": [
    4161,
    -7690,
    -7337,
    736,
    -41,
    -79,
    -16,
    40
  ],
  "SliceThickness": 2.5,
  "SoftwareVersions": "syngo_MR_E11",
  "SpacingBetweenSlices": 2.5,
  "StationName": "AWP66112",
  "TxRefAmp": 229.511,
  "MatrixCoilMode": "SENSE",
  "CoilCombinationMethod": "Sum of Squares",
  "NonlinearGradientCorrection": false,
  "PulseSequenceType": "Gradient Echo",
  "SliceTiming": [
    0.33594,
    0,
    0.35156,
    0.01562,
    0.35938,
    0.02344,
    0.375,
    0.03906,
    0.39062,
    0.05469,
    0.40625,
    0.07031,
    0.42188,
    0.08594,
    0.42969,
    0.09375,
    0.44531,
    0.10938,
    0.46094,
    0.125,
    0.47656,
    0.14062,
    0.49219,
    0.14844,
    0.5,
    0.16406,
    0.51562,
    0.17969,
    0.53125,
    0.19531,
    0.54688,
    0.21094,
    0.5625,
    0.21875,
    0.57031,
    0.23438,
    0.58594,
    0.25,
    0.60156,
    0.26562,
    0.61719,
    0.27344,
    0.63281,
    0.28906,
    0.64844,
    0.30469,
    0.65625,
    0.32031
  ],
  "B0FieldIdentifier": "gre_ses-2"
}
