{
  "AcquisitionMatrixPE": 120,
  "AcquisitionNumber": 1,
  "BandwidthPerPixelPhaseEncode": 13.889,
  "BaseResolution": 120,
  "BodyPartExamined": "BRAIN",
  "ConsistencyInfo": "N4_VE11C_LATEST_20160120",
  "ConversionSoftware": "dcm2niix",
  "ConversionSoftwareVersion": "v1.0.20171215 (OpenJPEG build) GCC6.3.0",
  "DerivedVendorReportedEchoSpacing": 0.000599995,
  "DeviceSerialNumber": "66112",
  "DwellTime": 2e-06,
  "EchoTime": 0.103,
  "EchoTrainLength": 120,
  "EffectiveEchoSpacing": 0.000599995,
  "FlipAngle": 90,
  "ImageOrientationPatientDICOM": [
    0.999234,
    0.0366571,
    -0.0137073,
    -0.0380374,
    0.992072,
    -0.11978
  ],
  "ImageType": [
    "ORIGINAL",
    "PRIMARY",
    "DIFFUSION",
    "NONE",
    "ND",
    "NORM",
    "MOSAIC"
  ],
  "InPlanePhaseEncodingDirectionDICOM": "COL",
  "InstitutionAddress": "Maynard_3_Hanover_NH_US_03755",
  "InstitutionName": "Dartmouth_College_-_PBS",
  "InstitutionalDepartmentName": "Department",
  "MRAcquisitionType": "2D",
  "MagneticFieldStrength": 3,
  "Manufacturer": "Siemens",
  "ManufacturersModelName": "Prisma",
  "Modality": "MR",
  "MultibandAccelerationFactor": 4,
  "PatientPosition": "HFS",
  "PercentPhaseFOV": 100,
  "PhaseEncodingDirection": "j-",
  "PhaseEncodingSteps": 120,
  "PhaseResolution": 1,
  "PixelBandwidth": 2085,
  "ProcedureStepDescription": "Gobbini_Matteo_1038_hyperface",
  "ProtocolName": "dwi_acq-2.0mmXhardi96Xsms4X11b0",
  "PulseSequenceDetails": "%SiemensSeq%_ep2d_diff",
  "ReceiveCoilActiveElements": "HEA;HEP",
  "ReceiveCoilName": "Head_32",
  "ReconMatrixPE": 120,
  "RepetitionTime": 2.6,
  "SAR": 0.295312,
  "ScanOptions": "FS",
  "ScanningSequence": "EP",
  "SequenceName": "_ep_b0",
  "SequenceVariant": "SK_SP",
  "SeriesDescription": "dwi_acq-2.0mmXhardi96Xsms4X11b0",
  "SeriesNumber": 65,
  "ShimSetting": [
    4150,
    -7685,
    -7282,
    505,
    -32,
    25,
    88,
    112
  ],
  "SliceThickness": 2,
  "SliceTiming": [
    1.935,
    0,
    1.29,
    0.16,
    1.45,
    0.3225,
    1.6125,
    0.4825,
    1.7725,
    0.805,
    2.095,
    0.9675,
    2.2575,
    1.1275,
    2.4175,
    0.645,
    1.935,
    0,
    1.29,
    0.16,
    1.45,
    0.3225,
    1.6125,
    0.4825,
    1.7725,
    0.805,
    2.095,
    0.9675,
    2.2575,
    1.1275,
    2.4175,
    0.645,
    1.935,
    0,
    1.29,
    0.16,
    1.45,
    0.3225,
    1.6125,
    0.4825,
    1.7725,
    0.805,
    2.095,
    0.9675,
    2.2575,
    1.1275,
    2.4175,
    0.645,
    1.935,
    0,
    1.29,
    0.16,
    1.45,
    0.3225,
    1.6125,
    0.4825,
    1.7725,
    0.805,
    2.095,
    0.9675,
    2.2575,
    1.1275,
    2.4175,
    0.645
  ],
  "SoftwareVersions": "syngo_MR_E11",
  "SpacingBetweenSlices": 2,
  "StationName": "AWP66112",
  "TotalReadoutTime": 0.0713994,
  "TxRefAmp": 240.049,
  "time": {
    "samples": {
      "AcquisitionNumber": [
        1,
        2,
        3,
        4,
        5,
        6,
        7,
        8,
        9,
        10,
        11,
        12,
        13,
        14,
        15,
        16,
        17,
        18,
        19,
        20,
        21,
        22,
        23,
        24,
        25,
        26,
        27,
        28,
        29,
        30,
        31,
        32,
        33,
        34,
        35,
        36,
        37,
        38,
        39,
        40,
        41,
        42,
        43,
        44,
        45,
        46,
        47,
        48,
        49,
        50,
        51,
        52,
        53,
        54,
        55,
        56,
        57,
        58,
        59,
        60,
        61,
        62,
        63,
        64,
        65,
        66,
        67,
        68,
        69,
        70,
        71,
        72,
        73,
        74,
        75,
        76,
        77,
        78,
        79,
        80,
        81,
        82,
        83,
        84,
        85,
        86,
        87,
        88,
        89,
        90,
        91,
        92,
        93,
        94,
        95,
        96,
        97,
        98,
        99,
        100,
        101,
        102,
        103,
        104,
        105,
        106,
        107
      ],
      "AcquisitionTime": [
        "205327.542500",
        "205330.142500",
        "205332.742500",
        "205335.342500",
        "205337.942500",
        "205340.542500",
        "205343.142500",
        "205345.742500",
        "205348.342500",
        "205350.942500",
        "205353.542500",
        "205356.142500",
        "205358.742500",
        "205401.342500",
        "205403.942500",
        "205406.542500",
        "205409.142500",
        "205411.742500",
        "205414.342500",
        "205416.942500",
        "205419.542500",
        "205422.142500",
        "205424.742500",
        "205427.342500",
        "205429.942500",
        "205432.542500",
        "205435.142500",
        "205437.742500",
        "205440.342500",
        "205442.942500",
        "205445.542500",
        "205448.142500",
        "205450.742500",
        "205453.342500",
        "205455.942500",
        "205458.542500",
        "205501.142500",
        "205503.742500",
        "205506.342500",
        "205508.942500",
        "205511.542500",
        "205514.142500",
        "205516.742500",
        "205519.342500",
        "205521.942500",
        "205524.542500",
        "205527.142500",
        "205529.742500",
        "205532.342500",
        "205534.942500",
        "205537.542500",
        "205540.142500",
        "205542.742500",
        "205545.342500",
        "205547.942500",
        "205550.542500",
        "205553.142500",
        "205555.742500",
        "205558.342500",
        "205600.942500",
        "205603.542500",
        "205606.142500",
        "205608.742500",
        "205611.342500",
        "205613.942500",
        "205616.542500",
        "205619.142500",
        "205621.742500",
        "205624.342500",
        "205626.942500",
        "205629.542500",
        "205632.142500",
        "205634.742500",
        "205637.342500",
        "205639.942500",
        "205642.542500",
        "205645.142500",
        "205647.742500",
        "205650.342500",
        "205652.942500",
        "205655.542500",
        "205658.142500",
        "205700.742500",
        "205703.342500",
        "205705.942500",
        "205708.542500",
        "205711.142500",
        "205713.742500",
        "205716.342500",
        "205718.942500",
        "205721.542500",
        "205724.142500",
        "205726.742500",
        "205729.342500",
        "205731.942500",
        "205734.542500",
        "205737.142500",
        "205739.742500",
        "205742.342500",
        "205744.942500",
        "205747.542500",
        "205750.142500",
        "205752.742500",
        "205755.342500",
        "205757.942500",
        "205800.542500",
        "205803.142500"
      ],
      "ContentTime": [
        "205413.492000",
        "205413.495000",
        "205413.498000",
        "205413.501000",
        "205413.505000",
        "205413.508000",
        "205413.511000",
        "205413.514000",
        "205413.517000",
        "205413.520000",
        "205413.523000",
        "205413.526000",
        "205413.529000",
        "205413.533000",
        "205413.536000",
        "205413.539000",
        "205413.542000",
        "205413.545000",
        "205513.487000",
        "205513.490000",
        "205513.494000",
        "205513.497000",
        "205513.500000",
        "205513.503000",
        "205513.506000",
        "205513.509000",
        "205513.512000",
        "205513.515000",
        "205513.518000",
        "205513.521000",
        "205513.524000",
        "205513.527000",
        "205513.530000",
        "205513.533000",
        "205513.537000",
        "205513.540000",
        "205513.543000",
        "205513.546000",
        "205513.549000",
        "205513.552000",
        "205513.555000",
        "205613.487000",
        "205613.490000",
        "205613.493000",
        "205613.496000",
        "205613.500000",
        "205613.503000",
        "205613.506000",
        "205613.509000",
        "205613.512000",
        "205613.515000",
        "205613.518000",
        "205613.527000",
        "205613.530000",
        "205613.533000",
        "205613.536000",
        "205613.539000",
        "205613.542000",
        "205613.546000",
        "205613.549000",
        "205613.552000",
        "205613.555000",
        "205613.558000",
        "205613.572000",
        "205713.487000",
        "205713.490000",
        "205713.493000",
        "205713.496000",
        "205713.500000",
        "205713.503000",
        "205713.506000",
        "205713.509000",
        "205713.512000",
        "205713.515000",
        "205713.518000",
        "205713.521000",
        "205713.524000",
        "205713.527000",
        "205713.530000",
        "205713.533000",
        "205713.536000",
        "205713.540000",
        "205713.543000",
        "205713.546000",
        "205713.549000",
        "205713.552000",
        "205713.555000",
        "205804.475000",
        "205804.478000",
        "205804.481000",
        "205804.485000",
        "205804.488000",
        "205804.491000",
        "205804.494000",
        "205804.497000",
        "205804.500000",
        "205804.503000",
        "205804.506000",
        "205804.509000",
        "205804.512000",
        "205804.516000",
        "205804.519000",
        "205804.522000",
        "205804.525000",
        "205804.528000",
        "205804.531000",
        "205804.534000"
      ],
      "InstanceCreationTime": [
        "205413.492000",
        "205413.495000",
        "205413.498000",
        "205413.501000",
        "205413.505000",
        "205413.508000",
        "205413.511000",
        "205413.514000",
        "205413.517000",
        "205413.520000",
        "205413.523000",
        "205413.526000",
        "205413.529000",
        "205413.533000",
        "205413.536000",
        "205413.539000",
        "205413.542000",
        "205413.545000",
        "205513.487000",
        "205513.490000",
        "205513.494000",
        "205513.497000",
        "205513.500000",
        "205513.503000",
        "205513.506000",
        "205513.509000",
        "205513.512000",
        "205513.515000",
        "205513.518000",
        "205513.521000",
        "205513.524000",
        "205513.527000",
        "205513.530000",
        "205513.533000",
        "205513.537000",
        "205513.540000",
        "205513.543000",
        "205513.546000",
        "205513.549000",
        "205513.552000",
        "205513.555000",
        "205613.487000",
        "205613.490000",
        "205613.493000",
        "205613.496000",
        "205613.500000",
        "205613.503000",
        "205613.506000",
        "205613.509000",
        "205613.512000",
        "205613.515000",
        "205613.518000",
        "205613.527000",
        "205613.530000",
        "205613.533000",
        "205613.536000",
        "205613.539000",
        "205613.542000",
        "205613.546000",
        "205613.549000",
        "205613.552000",
        "205613.555000",
        "205613.558000",
        "205613.572000",
        "205713.487000",
        "205713.490000",
        "205713.493000",
        "205713.496000",
        "205713.500000",
        "205713.503000",
        "205713.506000",
        "205713.509000",
        "205713.512000",
        "205713.515000",
        "205713.518000",
        "205713.521000",
        "205713.524000",
        "205713.527000",
        "205713.530000",
        "205713.533000",
        "205713.536000",
        "205713.540000",
        "205713.543000",
        "205713.546000",
        "205713.549000",
        "205713.552000",
        "205713.555000",
        "205804.475000",
        "205804.478000",
        "205804.481000",
        "205804.485000",
        "205804.488000",
        "205804.491000",
        "205804.494000",
        "205804.497000",
        "205804.500000",
        "205804.503000",
        "205804.506000",
        "205804.509000",
        "205804.512000",
        "205804.516000",
        "205804.519000",
        "205804.522000",
        "205804.525000",
        "205804.528000",
        "205804.531000",
        "205804.534000"
      ],
      "InstanceNumber": [
        1,
        2,
        3,
        4,
        5,
        6,
        7,
        8,
        9,
        10,
        11,
        12,
        13,
        14,
        15,
        16,
        17,
        18,
        19,
        20,
        21,
        22,
        23,
        24,
        25,
        26,
        27,
        28,
        29,
        30,
        31,
        32,
        33,
        34,
        35,
        36,
        37,
        38,
        39,
        40,
        41,
        42,
        43,
        44,
        45,
        46,
        47,
        48,
        49,
        50,
        51,
        52,
        53,
        54,
        55,
        56,
        57,
        58,
        59,
        60,
        61,
        62,
        63,
        64,
        65,
        66,
        67,
        68,
        69,
        70,
        71,
        72,
        73,
        74,
        75,
        76,
        77,
        78,
        79,
        80,
        81,
        82,
        83,
        84,
        85,
        86,
        87,
        88,
        89,
        90,
        91,
        92,
        93,
        94,
        95,
        96,
        97,
        98,
        99,
        100,
        101,
        102,
        103,
        104,
        105,
        106,
        107
      ],
      "LargestImagePixelValue": [
        1893,
        1876,
        525,
        488,
        478,
        608,
        529,
        558,
        544,
        464,
        511,
        1801,
        498,
        551,
        513,
        518,
        496,
        530,
        566,
        486,
        523,
        556,
        1750,
        499,
        579,
        553,
        501,
        572,
        517,
        560,
        539,
        466,
        577,
        2004,
        554,
        451,
        587,
        567,
        501,
        566,
        558,
        502,
        539,
        543,
        1754,
        445,
        520,
        518,
        506,
        505,
        530,
        536,
        473,
        513,
        515,
        1734,
        526,
        538,
        474,
        573,
        519,
        475,
        587,
        568,
        530,
        563,
        2031,
        538,
        544,
        517,
        496,
        548,
        546,
        580,
        488,
        569,
        493,
        1844,
        563,
        567,
        551,
        528,
        593,
        589,
        573,
        518,
        543,
        1847,
        481,
        584,
        537,
        548,
        581,
        510,
        603,
        512,
        646,
        2052,
        558,
        579,
        452,
        441,
        514,
        590,
        520,
        513,
        460
      ],
      "SequenceName": [
        "*ep_b0",
        "*ep_b0",
        "*ep_b1000#2",
        "*ep_b1000#3",
        "*ep_b1000#4",
        "*ep_b1000#5",
        "*ep_b1000#6",
        "*ep_b1000#7",
        "*ep_b1000#8",
        "*ep_b1000#9",
        "*ep_b1000#10",
        "*ep_b0",
        "*ep_b1000#12",
        "*ep_b1000#13",
        "*ep_b1000#14",
        "*ep_b1000#15",
        "*ep_b1000#16",
        "*ep_b1000#17",
        "*ep_b1000#18",
        "*ep_b1000#19",
        "*ep_b1000#20",
        "*ep_b1000#21",
        "*ep_b0",
        "*ep_b1000#23",
        "*ep_b1000#24",
        "*ep_b1000#25",
        "*ep_b1000#26",
        "*ep_b1000#27",
        "*ep_b1000#28",
        "*ep_b1000#29",
        "*ep_b1000#30",
        "*ep_b1000#31",
        "*ep_b1000#32",
        "*ep_b0",
        "*ep_b1000#34",
        "*ep_b1000#35",
        "*ep_b1000#36",
        "*ep_b1000#37",
        "*ep_b1000#38",
        "*ep_b1000#39",
        "*ep_b1000#40",
        "*ep_b1000#41",
        "*ep_b1000#42",
        "*ep_b1000#43",
        "*ep_b0",
        "*ep_b1000#45",
        "*ep_b1000#46",
        "*ep_b1000#47",
        "*ep_b1000#48",
        "*ep_b1000#49",
        "*ep_b1000#50",
        "*ep_b1000#51",
        "*ep_b1000#52",
        "*ep_b1000#53",
        "*ep_b1000#54",
        "*ep_b0",
        "*ep_b1000#56",
        "*ep_b1000#57",
        "*ep_b1000#58",
        "*ep_b1000#59",
        "*ep_b1000#60",
        "*ep_b1000#61",
        "*ep_b1000#62",
        "*ep_b1000#63",
        "*ep_b1000#64",
        "*ep_b1000#65",
        "*ep_b0",
        "*ep_b1000#67",
        "*ep_b1000#68",
        "*ep_b1000#69",
        "*ep_b1000#70",
        "*ep_b1000#71",
        "*ep_b1000#72",
        "*ep_b1000#73",
        "*ep_b1000#74",
        "*ep_b1000#75",
        "*ep_b1000#76",
        "*ep_b0",
        "*ep_b1000#78",
        "*ep_b1000#79",
        "*ep_b1000#80",
        "*ep_b1000#81",
        "*ep_b1000#82",
        "*ep_b1000#83",
        "*ep_b1000#84",
        "*ep_b1000#85",
        "*ep_b1000#86",
        "*ep_b0",
        "*ep_b1000#88",
        "*ep_b1000#89",
        "*ep_b1000#90",
        "*ep_b1000#91",
        "*ep_b1000#92",
        "*ep_b1000#93",
        "*ep_b1000#94",
        "*ep_b1000#95",
        "*ep_b1000#96",
        "*ep_b0",
        "*ep_b1000#98",
        "*ep_b1000#99",
        "*ep_b1000#100",
        "*ep_b1000#101",
        "*ep_b1000#102",
        "*ep_b1000#103",
        "*ep_b1000#104",
        "*ep_b1000#105",
        "*ep_b1000#106"
      ],
      "WindowCenter": [
        228,
        227,
        107,
        111,
        107,
        110,
        108,
        107,
        110,
        105,
        110,
        226,
        110,
        107,
        107,
        109,
        110,
        106,
        109,
        110,
        107,
        110,
        226,
        108,
        111,
        109,
        108,
        110,
        107,
        110,
        107,
        108,
        112,
        225,
        109,
        108,
        106,
        111,
        107,
        110,
        109,
        108,
        108,
        111,
        224,
        106,
        108,
        111,
        108,
        109,
        108,
        108,
        108,
        109,
        109,
        226,
        109,
        107,
        108,
        107,
        111,
        109,
        109,
        108,
        108,
        109,
        229,
        108,
        111,
        109,
        107,
        108,
        107,
        109,
        107,
        109,
        108,
        227,
        109,
        109,
        109,
        108,
        110,
        107,
        110,
        109,
        108,
        226,
        107,
        109,
        110,
        110,
        109,
        106,
        111,
        108,
        109,
        226,
        109,
        109,
        107,
        108,
        109,
        109,
        108,
        109,
        106
      ],
      "WindowWidth": [
        547,
        543,
        269,
        278,
        270,
        277,
        273,
        271,
        277,
        266,
        276,
        541,
        276,
        270,
        271,
        274,
        276,
        268,
        275,
        276,
        270,
        275,
        539,
        272,
        278,
        273,
        272,
        276,
        270,
        276,
        269,
        272,
        280,
        538,
        273,
        272,
        268,
        278,
        270,
        275,
        274,
        272,
        272,
        278,
        537,
        269,
        272,
        278,
        272,
        274,
        271,
        272,
        272,
        274,
        274,
        541,
        274,
        270,
        272,
        269,
        278,
        274,
        274,
        272,
        272,
        274,
        545,
        271,
        278,
        274,
        270,
        272,
        270,
        275,
        270,
        274,
        272,
        542,
        275,
        274,
        276,
        272,
        276,
        270,
        276,
        274,
        272,
        540,
        270,
        275,
        276,
        275,
        273,
        268,
        279,
        273,
        274,
        539,
        274,
        274,
        270,
        272,
        274,
        275,
        272,
        274,
        268
      ]
    },
    "slices": {}
  },
  "CoilCombinationMethod": "Adaptive Combine",
  "NonlinearGradientCorrection": false,
  "PulseSequenceType": "Spin Echo EPI",
  "B0FieldSource": "pepolar_ses-2"
}
