{
  "AcquisitionMatrixPE": 120,
  "AcquisitionNumber": 1,
  "AcquisitionTime": "16:01:59.515000",
  "BandwidthPerPixelPhaseEncode": 13.889,
  "BaseResolution": 120,
  "BodyPartExamined": "BRAIN",
  "ConsistencyInfo": "N4_VE11C_LATEST_20160120",
  "ConversionSoftware": "dcm2niix",
  "ConversionSoftwareVersion": "v1.0.20171215 (OpenJPEG build) GCC6.3.0",
  "DerivedVendorReportedEchoSpacing": 0.000599995,
  "DeviceSerialNumber": "66112",
  "DwellTime": 2e-06,
  "EchoTime": 0.103,
  "EchoTrainLength": 120,
  "EffectiveEchoSpacing": 0.000599995,
  "FlipAngle": 90,
  "ImageOrientationPatientDICOM": [
    0.99927,
    0.0317019,
    -0.0213091,
    -0.0305305,
    0.998116,
    0.0532139
  ],
  "ImageType": [
    "ORIGINAL",
    "PRIMARY",
    "DIFFUSION",
    "NONE",
    "ND",
    "NORM",
    "MOSAIC"
  ],
  "InPlanePhaseEncodingDirectionDICOM": "COL",
  "InstitutionAddress": "Maynard_3_Hanover_NH_US_03755",
  "InstitutionName": "Dartmouth_College_-_PBS",
  "InstitutionalDepartmentName": "Department",
  "MRAcquisitionType": "2D",
  "MagneticFieldStrength": 3,
  "Manufacturer": "Siemens",
  "ManufacturersModelName": "Prisma",
  "Modality": "MR",
  "MultibandAccelerationFactor": 4,
  "PatientPosition": "HFS",
  "PercentPhaseFOV": 100,
  "PhaseEncodingDirection": "j-",
  "PhaseEncodingSteps": 120,
  "PhaseResolution": 1,
  "PixelBandwidth": 2085,
  "ProcedureStepDescription": "Gobbini_Matteo_1038_hyperface",
  "ProtocolName": "dwi_acq-2.0mmXhardi96Xsms4X11b0",
  "PulseSequenceDetails": "%SiemensSeq%_ep2d_diff",
  "ReceiveCoilActiveElements": "HEA;HEP",
  "ReceiveCoilName": "Head_32",
  "ReconMatrixPE": 120,
  "RepetitionTime": 2.6,
  "SAR": 0.323352,
  "ScanOptions": "FS",
  "ScanningSequence": "EP",
  "SequenceName": "_ep_b0",
  "SequenceVariant": "SK_SP",
  "SeriesDescription": "dwi_acq-2.0mmXhardi96Xsms4X11b0",
  "SeriesNumber": 66,
  "ShimSetting": [
    4139,
    -7730,
    -7334,
    738,
    -40,
    -35,
    104,
    115
  ],
  "SliceThickness": 2,
  "SliceTiming": [
    1.935,
    0,
    1.29,
    0.1625,
    1.4525,
    0.3225,
    1.6125,
    0.485,
    1.775,
    0.8075,
    2.0975,
    0.9675,
    2.2575,
    1.13,
    2.42,
    0.645,
    1.935,
    0,
    1.29,
    0.1625,
    1.4525,
    0.3225,
    1.6125,
    0.485,
    1.775,
    0.8075,
    2.0975,
    0.9675,
    2.2575,
    1.13,
    2.42,
    0.645,
    1.935,
    0,
    1.29,
    0.1625,
    1.4525,
    0.3225,
    1.6125,
    0.485,
    1.775,
    0.8075,
    2.0975,
    0.9675,
    2.2575,
    1.13,
    2.42,
    0.645,
    1.935,
    0,
    1.29,
    0.1625,
    1.4525,
    0.3225,
    1.6125,
    0.485,
    1.775,
    0.8075,
    2.0975,
    0.9675,
    2.2575,
    1.13,
    2.42,
    0.645
  ],
  "SoftwareVersions": "syngo_MR_E11",
  "SpacingBetweenSlices": 2,
  "StationName": "AWP66112",
  "TotalReadoutTime": 0.0713994,
  "TxRefAmp": 248.024,
  "dcmmeta_affine": [
    [
      -1.9985404014587402,
      -0.061061035841703415,
      -0.04591196030378342,
      124.16647338867188
    ],
    [
      -0.06340379267930984,
      1.9962326288223267,
      0.10504905134439468,
      -100.74813842773438
    ],
    [
      -0.0426182746887207,
      -0.1064278781414032,
      1.9967114925384521,
      -65.38224792480469
    ],
    [
      0.0,
      0.0,
      0.0,
      1.0
    ]
  ],
  "dcmmeta_reorient_transform": [
    [
      0.0,
      -1.0,
      0.0,
      119.0
    ],
    [
      1.0,
      0.0,
      0.0,
      0.0
    ],
    [
      0.0,
      0.0,
      1.0,
      0.0
    ],
    [
      0.0,
      0.0,
      0.0,
      1.0
    ]
  ],
  "dcmmeta_shape": [
    120,
    120,
    64,
    107
  ],
  "dcmmeta_slice_dim": 2,
  "dcmmeta_version": 0.6,
  "global": {
    "const": {
      "AccessionNumber": "A001353",
      "AcquisitionMatrix": [
        120,
        0,
        0,
        120
      ],
      "AngioFlag": "N",
      "BitsAllocated": 16,
      "BitsStored": 12,
      "BodyPartExamined": "BRAIN",
      "Columns": 960,
      "EchoNumbers": 1,
      "EchoTime": 103.0,
      "EchoTrainLength": 120,
      "FlipAngle": 90.0,
      "HighBit": 11,
      "ImageOrientationPatient": [
        0.99927018890411,
        0.03170189677527,
        -0.0213091367353,
        -0.0305305186008,
        0.99811630798355,
        0.05321393775377
      ],
      "ImagePositionPatient": [
        -930.64153382713,
        -1001.8508374388,
        -104.84719876047
      ],
      "ImageType": [
        "ORIGINAL",
        "PRIMARY",
        "DIFFUSION",
        "NONE",
        "ND",
        "NORM",
        "MOSAIC"
      ],
      "ImagedNucleus": "1H",
      "ImagingFrequency": 123.252294,
      "InPlanePhaseEncodingDirection": "COL",
      "MRAcquisitionType": "2D",
      "MagneticFieldStrength": 3.0,
      "Manufacturer": "SIEMENS",
      "ManufacturerModelName": "Prisma",
      "Modality": "MR",
      "NumberOfAverages": 1.0,
      "NumberOfPhaseEncodingSteps": 120,
      "PercentPhaseFieldOfView": 100.0,
      "PercentSampling": 100.0,
      "PerformedProcedureStepStartTime": "145701.742000",
      "PhotometricInterpretation": "MONOCHROME2",
      "PixelBandwidth": 2085.0,
      "PixelRepresentation": 0,
      "PixelSpacing": [
        2.0,
        2.0
      ],
      "PositionReferenceIndicator": "",
      "ProtocolName": "dwi_acq-2.0mmXhardi96Xsms4X11b0",
      "RepetitionTime": 2600.0,
      "Rows": 960,
      "SAR": 0.32335221067645,
      "SamplesPerPixel": 1,
      "ScanOptions": "FS",
      "ScanningSequence": "EP",
      "SequenceVariant": [
        "SK",
        "SP"
      ],
      "SeriesDescription": "dwi_acq-2.0mmXhardi96Xsms4X11b0",
      "SeriesNumber": 66,
      "SeriesTime": "160301.603000",
      "SliceLocation": -73.416854556287,
      "SliceThickness": 2.0,
      "SmallestImagePixelValue": 0,
      "SoftwareVersions": "syngo MR E11",
      "SpacingBetweenSlices": 2.0000000550916,
      "SpecificCharacterSet": "ISO_IR 100",
      "StudyID": "2",
      "StudyTime": "145701.690000",
      "TransmitCoilName": "Body",
      "VariableFlipAngleFlag": "N",
      "WindowCenterWidthExplanation": "Algo1",
      "dBdt": 0.0
    },
