{
  "AcquisitionMatrixPE": 96,
  "AcquisitionNumber": 1,
  "BaseResolution": 96,
  "BodyPartExamined": "BRAIN",
  "ConsistencyInfo": "N4_VE11C_LATEST_20160120",
  "ConversionSoftware": "dcm2niix",
  "ConversionSoftwareVersion": "v1.0.20171215 (OpenJPEG build) GCC6.3.0",
  "DeviceSerialNumber": "66112",
  "DwellTime": 8.8e-06,
  "EchoNumber": 2,
  "EchoTime": 0.00738,
  "EchoTime1": 0.00492,
  "EchoTime2": 0.00738,
  "FlipAngle": 60,
  "ImageOrientationPatientDICOM": [
    0.998778,
    0.0474279,
    0.0139095,
    -0.0474506,
    0.998873,
    0.00130639
  ],
  "ImageType": [
    "ORIGINAL",
    "PRIMARY",
    "P",
    "ND"
  ],
  "InPlanePhaseEncodingDirectionDICOM": "COL",
  "InstitutionAddress": "Maynard_3_Hanover_NH_US_03755",
  "InstitutionName": "Dartmouth_College_-_PBS",
  "InstitutionalDepartmentName": "Department",
  "IntendedFor": [
    "ses-1/func/sub-sid000560_ses-1_task-localizer_run-01_bold.nii.gz",
    "ses-1/func/sub-sid000560_ses-1_task-localizer_run-05_bold.nii.gz",
    "ses-1/func/sub-sid000560_ses-1_task-visualmemory_run-02_bold.nii.gz",
    "ses-1/func/sub-sid000560_ses-1_task-visualmemory_run-03_bold.nii.gz",
    "ses-1/func/sub-sid000560_ses-1_task-visualmemory_run-04_bold.nii.gz",
    "ses-1/func/sub-sid000560_ses-1_task-visualmemory_run-06_bold.nii.gz",
    "ses-1/func/sub-sid000560_ses-1_task-visualmemory_run-07_bold.nii.gz",
    "ses-1/func/sub-sid000560_ses-1_task-visualmemory_run-08_bold.nii.gz"
  ],
  "MRAcquisitionType": "2D",
  "MagneticFieldStrength": 3,
  "Manufacturer": "Siemens",
  "ManufacturersModelName": "Prisma",
  "Modality": "MR",
  "PartialFourier": 1,
  "PatientPosition": "HFS",
  "PercentPhaseFOV": 100,
  "PhaseEncodingDirection": "j-",
  "PhaseEncodingSteps": 96,
  "PhaseResolution": 1,
  "PixelBandwidth": 590,
  "ProcedureStepDescription": "Gobbini_Matteo_1038_hyperface",
  "ProtocolName": "fmap_acq-2.5mm",
  "PulseSequenceDetails": "%SiemensSeq%_gre_field_mapping",
  "ReceiveCoilActiveElements": "HEA;HEP",
  "ReceiveCoilName": "Head_32",
  "ReconMatrixPE": 96,
  "RepetitionTime": 0.675,
  "SAR": 0.0793586,
  "ScanningSequence": "GR",
  "SequenceName": "_fm2d2r",
  "SequenceVariant": "SP",
  "SeriesDescription": "fmap_acq-2.5mm",
  "SeriesNumber": 7,
  "ShimSetting": [
    4140,
    -7705,
    -7315,
    591,
    -34,
    -21,
    3,
    59
  ],
  "SliceThickness": 2.5,
  "SoftwareVersions": "syngo_MR_E11",
  "SpacingBetweenSlices": 2.5,
  "StationName": "AWP66112",
  "TxRefAmp": 222.057
}
