{
  "AcquisitionMatrixPE": 120,
  "AcquisitionNumber": 1,
  "BandwidthPerPixelPhaseEncode": 13.021,
  "BaseResolution": 120,
  "BodyPartExamined": "BRAIN",
  "ConsistencyInfo": "N4_VE11C_LATEST_20160120",
  "ConversionSoftware": "dcm2niix",
  "ConversionSoftwareVersion": "v1.0.20171215 (OpenJPEG build) GCC6.3.0",
  "DerivedVendorReportedEchoSpacing": 0.000639992,
  "DeviceSerialNumber": "66112",
  "DwellTime": 2.4e-06,
  "EchoTime": 0.096,
  "EchoTrainLength": 120,
  "EffectiveEchoSpacing": 0.000639992,
  "FlipAngle": 90,
  "ImageOrientationPatientDICOM": [
    0.998137,
    0.059023,
    0.0154548,
    -0.0593003,
    0.998075,
    0.0181458
  ],
  "ImageType": [
    "ORIGINAL",
    "PRIMARY",
    "DIFFUSION",
    "NONE",
    "ND",
    "NORM"
  ],
  "InPlanePhaseEncodingDirectionDICOM": "COL",
  "InstitutionAddress": "Maynard_3_Hanover_NH_US_03755",
  "InstitutionName": "Dartmouth_College_-_PBS",
  "InstitutionalDepartmentName": "Department",
  "MRAcquisitionType": "2D",
  "MagneticFieldStrength": 3,
  "Manufacturer": "Siemens",
  "ManufacturersModelName": "Prisma",
  "Modality": "MR",
  "PartialFourier": 1,
  "PatientPosition": "HFS",
  "PercentPhaseFOV": 100,
  "PhaseEncodingDirection": "j-",
  "PhaseEncodingSteps": 120,
  "PhaseResolution": 1,
  "PixelBandwidth": 1735,
  "ProcedureStepDescription": "Gobbini_Matteo_1038_hyperface",
  "ProtocolName": "fmap_acq-2.0mmX4b0_dir-AP",
  "PulseSequenceDetails": "%SiemensSeq%_ep2d_diff",
  "ReceiveCoilActiveElements": "HEA;HEP",
  "ReceiveCoilName": "Head_32",
  "ReconMatrixPE": 120,
  "RepetitionTime": 9.7,
  "SAR": 0.132128,
  "ScanOptions": "FS",
  "ScanningSequence": "EP",
  "SequenceName": "_ep_b0",
  "SequenceVariant": "SK_SP",
  "SeriesDescription": "fmap_acq-2.0mmX4b0_dir-AP",
  "SeriesNumber": 70,
  "ShimSetting": [
    4141,
    -7710,
    -7314,
    657,
    23,
    77,
    92,
    30
  ],
  "SliceThickness": 2,
  "SoftwareVersions": "syngo_MR_E11",
  "SpacingBetweenSlices": 2,
  "StationName": "AWP66112",
  "TotalReadoutTime": 0.076159,
  "TxRefAmp": 256.689,
  "time": {
    "samples": {
      "AcquisitionNumber": [
        1,
        2,
        3,
        4,
        5,
        6
      ],
      "SequenceName": [
        "*ep_b0",
        "*ep_b0",
        "*ep_b0",
        "*ep_b0",
        "*ep_b1000#5",
        "*ep_b650#6"
      ]
    },
    "slices": {
      "CsaImage.ProtocolSliceNumber": [
        0,
        1,
        2,
        3,
        4,
        5,
        6,
        7,
        8,
        9,
        10,
        11,
        12,
        13,
        14,
        15,
        16,
        17,
        18,
        19,
        20,
        21,
        22,
        23,
        24,
        25,
        26,
        27,
        28,
        29,
        30,
        31,
        32,
        33,
        34,
        35,
        36,
        37,
        38,
        39,
        40,
        41,
        42,
        43,
        44,
        45,
        46,
        47,
        48,
        49,
        50,
        51,
        52,
        53,
        54,
        55,
        56,
        57,
        58,
        59,
        60,
        61,
        62,
        63
      ],
      "CsaImage.SlicePosition_PCS": [
        [
          -113.12502748,
          -141.47084296,
          -74.90903722
        ],
        [
          -113.15373558,
          -141.50890029,
          -72.90960942
        ],
        [
          -113.18244368,
          -141.54695666,
          -70.910174
        ],
        [
          -113.21115178,
          -141.58501399,
          -68.9107462
        ],
        [
          -113.23985982,
          -141.62307036,
          -66.91131077
        ],
        [
          -113.26856792,
          -141.66112769,
          -64.91187916
        ],
        [
          -113.29727602,
          -141.69918406,
          -62.91244755
        ],
        [
          -113.32598412,
          -141.73724139,
          -60.91301594
        ],
        [
          -113.35469222,
          -141.77529777,
          -58.91358433
        ],
        [
          -113.38340032,
          -141.81335509,
          -56.91415272
        ],
        [
          -113.41210836,
          -141.85141147,
          -54.91472111
        ],
        [
          -113.44081646,
          -141.88946879,
          -52.9152895
        ],
        [
          -113.46952456,
          -141.92752517,
          -50.91585789
        ],
        [
          -113.49823266,
          -141.96558249,
          -48.91642628
        ],
        [
          -113.52694076,
          -142.00363887,
          -46.91699467
        ],
        [
          -113.5556488,
          -142.0416962,
          -44.91756306
        ],
        [
          -113.5843569,
          -142.07975257,
          -42.91813145
        ],
        [
          -113.613065,
          -142.1178099,
          -40.91869984
        ],
        [
          -113.6417731,
          -142.15586627,
          -38.91926823
        ],
        [
          -113.67048114,
          -142.1939236,
          -36.91983662
        ],
        [
          -113.69918924,
          -142.23198092,
          -34.92040311
        ],
        [
          -113.72789735,
          -142.2700373,
          -32.9209715
        ],
        [
          -113.75660545,
          -142.30809463,
          -30.92153989
        ],
        [
          -113.78531355,
          -142.346151,
          -28.92210828
        ],
        [
          -113.81402165,
          -142.38420833,
          -26.92267667
        ],
        [
          -113.84272975,
          -142.4222647,
          -24.92324506
        ],
        [
          -113.87143785,
          -142.46032203,
          -22.92381345
        ],
        [
          -113.90014595,
          -142.4983784,
          -20.92438184
        ],
        [
          -113.92885405,
          -142.53643573,
          -18.92494927
        ],
        [
          -113.95756203,
          -142.5744921,
          -16.92551766
        ],
        [
          -113.98627013,
          -142.61254943,
          -14.92608605
        ],
        [
          -114.01497823,
          -142.6506058,
          -12.92665444
        ],
        [
          -114.04368633,
          -142.68866313,
          -10.92722235
        ],
        [
          -114.07239443,
          -142.7267195,
          -8.92779027
        ],
        [
          -114.10110253,
          -142.76477683,
          -6.92835866
        ],
        [
          -114.12981063,
          -142.8028332,
          -4.92892687
        ],
        [
          -114.15851873,
          -142.84089053,
          -2.92949508
        ],
        [
          -114.18722683,
          -142.87894691,
          -0.93006335
        ],
        [
          -114.21593493,
          -142.91700423,
          1.06936874
        ],
        [
          -114.24464303,
          -142.95506156,
          3.06880035
        ],
        [
          -114.27335101,
          -142.99311698,
          5.06823196
        ],
        [
          -114.30205911,
          -143.03117431,
          7.06766357
        ],
        [
          -114.33076721,
          -143.06923163,
          9.06709613
        ],
        [
          -114.35947531,
          -143.10728896,
          11.06652774
        ],
        [
          -114.38818341,
          -143.14534438,
          13.06595935
        ],
        [
          -114.41689151,
          -143.18340171,
          15.06539096
        ],
        [
          -114.44559961,
          -143.22145904,
          17.06482257
        ],
        [
          -114.47430771,
          -143.25951636,
          19.06425418
        ],
        [
          -114.50301582,
          -143.29757369,
          21.06368579
        ],
        [
          -114.53172392,
          -143.33562911,
          23.0631174
        ],
        [
          -114.56043202,
          -143.37368644,
          25.06255092
        ],
        [
          -114.58914,
          -143.41174376,
          27.06198253
        ],
        [
          -114.6178481,
          -143.44980109,
          29.06141414
        ],
        [
          -114.6465562,
          -143.48785651,
          31.06084575
        ],
        [
          -114.67526442,
          -143.52591384,
          33.06027736
        ],
        [
          -114.7039724,
          -143.56397117,
          35.05970897
        ],
        [
          -114.73268062,
          -143.60202849,
          37.05914058
        ],
        [
          -114.7613886,
          -143.64008391,
          39.05857219
        ],
        [
          -114.79009658,
          -143.67814124,
          41.0580038
        ],
        [
          -114.8188048,
          -143.71619857,
          43.05743541
        ],
        [
          -114.84751278,
          -143.7542559,
          45.05686702
        ],
        [
          -114.876221,
          -143.79231132,
          47.05629863
        ],
        [
          -114.90492898,
          -143.83036864,
          49.05573024
        ],
        [
          -114.9336372,
          -143.86842597,
          51.05516185
        ]
      ],
      "ImagePositionPatient": [
        [
          -113.12502747674,
          -141.47084296215,
          -74.909037215266
        ],
        [
          -113.15373557706,
          -141.50890028942,
          -72.909609419856
        ],
        [
          -113.18244367738,
          -141.54695666301,
          -70.910173995051
        ],
        [
          -113.2111517777,
          -141.58501399028,
          -68.910746199641
        ],
        [
          -113.23985981841,
          -141.62307036388,
          -66.911310774837
        ],
        [
          -113.26856791873,
          -141.66112769115,
          -64.911879164729
        ],
        [
          -113.29727601905,
          -141.69918406475,
          -62.912447554622
        ],
        [
          -113.32598411937,
          -141.73724139202,
          -60.913015944514
        ],
        [
          -113.35469221969,
          -141.77529776561,
          -58.913584334407
        ],
        [
          -113.38340032001,
          -141.81335509288,
          -56.9141527243
        ],
        [
          -113.41210836072,
          -141.85141146648,
          -54.914721114192
        ],
        [
          -113.44081646104,
          -141.88946879375,
          -52.915289504085
        ],
        [
          -113.46952456136,
          -141.92752516735,
          -50.915857893977
        ],
        [
          -113.49823266168,
          -141.96558249462,
          -48.91642628387
        ],
        [
          -113.526940762,
          -142.00363886821,
          -46.916994673762
        ],
        [
          -113.55564880271,
          -142.04169619548,
          -44.917563063655
        ],
        [
          -113.58435690303,
          -142.07975256908,
          -42.918131453548
        ],
        [
          -113.61306500335,
          -142.11780989635,
          -40.91869984344
        ],
        [
          -113.64177310367,
          -142.15586626995,
          -38.919268233333
        ],
        [
          -113.67048114438,
          -142.19392359722,
          -36.919836623225
        ],
        [
          -113.6991892447,
          -142.23198092449,
          -34.920403105769
        ],
        [
          -113.72789734502,
          -142.27003729808,
          -32.920971495662
        ],
        [
          -113.75660544534,
          -142.30809462535,
          -30.921539885554
        ],
        [
          -113.78531354566,
          -142.34615099895,
          -28.922108275447
        ],
        [
          -113.81402164598,
          -142.38420832622,
          -26.92267666534
        ],
        [
          -113.84272974629,
          -142.42226469982,
          -24.923245055232
        ],
        [
          -113.87143784661,
          -142.46032202709,
          -22.923813445125
        ],
        [
          -113.90014594693,
          -142.49837840068,
          -20.924381835017
        ],
        [
          -113.92885404725,
          -142.53643572795,
          -18.924949271236
        ],
        [
          -113.95756202836,
          -142.57449210155,
          -16.925517661128
        ],
        [
          -113.98627012868,
          -142.61254942882,
          -14.926086051021
        ],
        [
          -114.014978229,
          -142.65060580242,
          -12.926654440913
        ],
        [
          -114.04368632932,
          -142.68866312969,
          -10.927222353969
        ],
        [
          -114.07239442964,
          -142.72671950328,
          -8.9277902670242
        ],
        [
          -114.10110252996,
          -142.76477683055,
          -6.9283586569167
        ],
        [
          -114.12981063027,
          -142.80283320415,
          -4.9289268679954
        ],
        [
          -114.15851873059,
          -142.84089053142,
          -2.929495079074
        ],
        [
          -114.18722683091,
          -142.87894690502,
          -0.9300633497573
        ],
        [
          -114.21593493123,
          -142.91700423229,
          1.0693687371873
        ],
        [
          -114.24464303155,
          -142.95506155956,
          3.0688003472947
        ],
        [
          -114.27335101266,
          -142.99311697948,
          5.0682319574021
        ],
        [
          -114.30205911298,
          -143.03117430675,
          7.0676635675095
        ],
        [
          -114.3307672133,
          -143.06923163402,
          9.0670961312913
        ],
        [
          -114.35947531362,
          -143.10728896129,
          11.066527741399
        ],
        [
          -114.38818341393,
          -143.14534438121,
          13.065959351506
        ],
        [
          -114.41689151425,
          -143.18340170848,
          15.065390961614
        ],
        [
          -114.44559961457,
          -143.22145903575,
          17.064822571721
        ],
        [
          -114.47430771489,
          -143.25951636302,
          19.064254181828
        ],
        [
          -114.50301581521,
          -143.2975736903,
          21.063685791936
        ],
        [
          -114.53172391553,
          -143.33562911022,
          23.063117402043
        ],
        [
          -114.56043201585,
          -143.37368643749,
          25.062550919499
        ],
        [
          -114.58913999696,
          -143.41174376476,
          27.061982529607
        ],
        [
          -114.61784809728,
          -143.44980109203,
          29.061414139714
        ],
        [
          -114.6465561976,
          -143.48785651195,
          31.060845749822
        ],
        [
          -114.67526441712,
          -143.52591383922,
          33.060277359929
        ],
        [
          -114.70397239823,
          -143.56397116649,
          35.059708970036
        ],
        [
          -114.73268061776,
          -143.60202849376,
          37.059140580144
        ],
        [
          -114.76138859887,
          -143.64008391368,
          39.058572190251
        ],
        [
          -114.79009657998,
          -143.67814124095,
          41.058003800359
        ],
        [
          -114.81880479951,
          -143.71619856822,
          43.057435410466
        ],
        [
          -114.84751278062,
          -143.7542558955,
          45.056867020573
        ],
        [
          -114.87622100015,
          -143.79231131542,
          47.056298630681
        ],
        [
          -114.90492898126,
          -143.83036864269,
          49.055730240788
        ],
        [
          -114.93363720078,
          -143.86842596996,
          51.055161850896
        ]
      ],
      "SliceLocation": [
        -70.571985245842,
        -68.571989239786,
        -66.571985624649,
        -64.571989618593,
        -62.571986004312,
        -60.571986184642,
        -58.571986383119,
        -56.57198656345,
        -54.571986761927,
        -52.571986942257,
        -50.571987141589,
        -48.57198732192,
        -46.571987520397,
        -44.571987700727,
        -42.571987899204,
        -40.57198808039,
        -38.571988278867,
        -36.571988459197,
        -34.571988657674,
        -32.57198883886,
        -30.571987112383,
        -28.57198731086,
        -26.57198749119,
        -24.571987689667,
        -22.571987869997,
        -20.571988068475,
        -18.571988248805,
        -16.571988447282,
        -14.571987674209,
        -12.571987874397,
        -10.571988054727,
        -8.571988253204,
        -6.5719879568325,
        -4.5719876786079,
        -2.571987858938,
        -0.571987878652,
        1.428012119781,
        3.4280120404794,
        5.4280123368509,
        7.4280121565208,
        9.4280119381856,
        11.428011757855,
        13.428012530929,
        15.428012350599,
        17.428012133975,
        19.428011953644,
        21.428011773314,
        23.428011592984,
        25.428011412654,
        27.42801119603,
        29.428012922507,
        31.428012740465,
        33.428012560135,
        35.428012343511,
        37.428012164892,
        39.428011982851,
        41.428011804232,
        43.428011585897,
        45.428011403855,
        47.428011225236,
        49.428011043195,
        51.428010828282,
        53.428010646241,
        55.428010467622
      ]
    }
  }
}
