{
  "AcquisitionMatrixPE": 120,
  "AcquisitionNumber": 1,
  "BandwidthPerPixelPhaseEncode": 13.021,
  "BaseResolution": 120,
  "BodyPartExamined": "BRAIN",
  "ConsistencyInfo": "N4_VE11C_LATEST_20160120",
  "ConversionSoftware": "dcm2niix",
  "ConversionSoftwareVersion": "v1.0.20171215 (OpenJPEG build) GCC6.3.0",
  "DerivedVendorReportedEchoSpacing": 0.000639992,
  "DeviceSerialNumber": "66112",
  "DwellTime": 2.4e-06,
  "EchoTime": 0.096,
  "EchoTrainLength": 120,
  "EffectiveEchoSpacing": 0.000639992,
  "FlipAngle": 90,
  "ImageOrientationPatientDICOM": [
    0.998137,
    0.059023,
    0.0154548,
    -0.0593003,
    0.998075,
    0.0181458
  ],
  "ImageType": [
    "ORIGINAL",
    "PRIMARY",
    "DIFFUSION",
    "NONE",
    "ND",
    "NORM"
  ],
  "InPlanePhaseEncodingDirectionDICOM": "COL",
  "InstitutionAddress": "Maynard_3_Hanover_NH_US_03755",
  "InstitutionName": "Dartmouth_College_-_PBS",
  "InstitutionalDepartmentName": "Department",
  "MRAcquisitionType": "2D",
  "MagneticFieldStrength": 3,
  "Manufacturer": "Siemens",
  "ManufacturersModelName": "Prisma",
  "Modality": "MR",
  "PatientPosition": "HFS",
  "PercentPhaseFOV": 100,
  "PhaseEncodingDirection": "j",
  "PhaseEncodingSteps": 120,
  "PhaseResolution": 1,
  "PixelBandwidth": 1735,
  "ProcedureStepDescription": "Gobbini_Matteo_1038_hyperface",
  "ProtocolName": "fmap_acq-2.0mmX4b0_dir-PA",
  "PulseSequenceDetails": "%SiemensSeq%_ep2d_diff",
  "ReceiveCoilActiveElements": "HEA;HEP",
  "ReceiveCoilName": "Head_32",
  "ReconMatrixPE": 120,
  "RepetitionTime": 9.7,
  "SAR": 0.132128,
  "ScanOptions": "FS",
  "ScanningSequence": "EP",
  "SequenceName": "_ep_b0",
  "SequenceVariant": "SK_SP",
  "SeriesDescription": "fmap_acq-2.0mmX4b0_dir-PA",
  "SeriesNumber": 71,
  "ShimSetting": [
    4141,
    -7710,
    -7314,
    657,
    23,
    77,
    92,
    30
  ],
  "SliceThickness": 2,
  "SoftwareVersions": "syngo_MR_E11",
  "SpacingBetweenSlices": 2,
  "StationName": "AWP66112",
  "TotalReadoutTime": 0.076159,
  "TxRefAmp": 256.689,
  "time": {
    "samples": {
      "AcquisitionNumber": [
        1,
        2,
        3,
        4,
        5,
        6
      ],
      "SequenceName": [
        "*ep_b0",
        "*ep_b0",
        "*ep_b0",
        "*ep_b0",
        "*ep_b1000#5",
        "*ep_b650#6"
      ]
    },
    "slices": {
      "CsaImage.ProtocolSliceNumber": [
        0,
        1,
        2,
        3,
        4,
        5,
        6,
        7,
        8,
        9,
        10,
        11,
        12,
        13,
        14,
        15,
        16,
        17,
        18,
        19,
        20,
        21,
        22,
        23,
        24,
        25,
        26,
        27,
        28,
        29,
        30,
        31,
        32,
        33,
        34,
        35,
        36,
        37,
        38,
        39,
        40,
        41,
        42,
        43,
        44,
        45,
        46,
        47,
        48,
        49,
        50,
        51,
        52,
        53,
        54,
        55,
        56,
        57,
        58,
        59,
        60,
        61,
        62,
        63
      ],
      "CsaImage.SlicePosition_PCS": [
        [
          -113.15609538,
          -141.45299876,
          -74.9141718
        ],
        [
          -113.18480348,
          -141.49105514,
          -72.91473637
        ],
        [
          -113.21351159,
          -141.52911246,
          -70.91530858
        ],
        [
          -113.24221969,
          -141.56716979,
          -68.91587315
        ],
        [
          -113.27092773,
          -141.60522616,
          -66.91644154
        ],
        [
          -113.29963583,
          -141.64328349,
          -64.91700993
        ],
        [
          -113.32834393,
          -141.68133986,
          -62.91757832
        ],
        [
          -113.35705203,
          -141.71939719,
          -60.91814671
        ],
        [
          -113.38576013,
          -141.75745357,
          -58.9187151
        ],
        [
          -113.41446817,
          -141.79551089,
          -56.91928349
        ],
        [
          -113.44317627,
          -141.83356727,
          -54.91985188
        ],
        [
          -113.47188437,
          -141.87162459,
          -52.92042027
        ],
        [
          -113.50059247,
          -141.90968097,
          -50.92098866
        ],
        [
          -113.52930057,
          -141.94773829,
          -48.92155705
        ],
        [
          -113.55800867,
          -141.98579467,
          -46.92212544
        ],
        [
          -113.58671671,
          -142.023852,
          -44.92269383
        ],
        [
          -113.61542481,
          -142.06190837,
          -42.92326222
        ],
        [
          -113.64413291,
          -142.0999657,
          -40.92383061
        ],
        [
          -113.67284101,
          -142.13802207,
          -38.924399
        ],
        [
          -113.70154911,
          -142.1760794,
          -36.92496739
        ],
        [
          -113.73025721,
          -142.21413577,
          -34.92553387
        ],
        [
          -113.75896531,
          -142.2521931,
          -32.92610226
        ],
        [
          -113.78767341,
          -142.29024947,
          -30.92667065
        ],
        [
          -113.81638139,
          -142.3283068,
          -28.92723904
        ],
        [
          -113.84508949,
          -142.36636317,
          -26.92780743
        ],
        [
          -113.87379759,
          -142.4044205,
          -24.92837582
        ],
        [
          -113.90250569,
          -142.44247687,
          -22.92894421
        ],
        [
          -113.9312138,
          -142.4805342,
          -20.9295126
        ],
        [
          -113.9599219,
          -142.51859057,
          -18.93008004
        ],
        [
          -113.98863,
          -142.5566479,
          -16.93064843
        ],
        [
          -114.0173381,
          -142.59470523,
          -14.93121682
        ],
        [
          -114.0460462,
          -142.6327616,
          -12.93178426
        ],
        [
          -114.0747543,
          -142.67081893,
          -10.93235312
        ],
        [
          -114.1034624,
          -142.7088753,
          -8.93292103
        ],
        [
          -114.13217038,
          -142.74693263,
          -6.93348942
        ],
        [
          -114.16087848,
          -142.784989,
          -4.93405752
        ],
        [
          -114.18958658,
          -142.82304633,
          -2.93462573
        ],
        [
          -114.21829468,
          -142.86110366,
          -0.93519388
        ],
        [
          -114.24700278,
          -142.89915908,
          1.06423797
        ],
        [
          -114.27571088,
          -142.93721641,
          3.06366958
        ],
        [
          -114.30441898,
          -142.97527373,
          5.06310119
        ],
        [
          -114.33312708,
          -143.01333106,
          7.0625328
        ],
        [
          -114.36183518,
          -143.05138648,
          9.06196536
        ],
        [
          -114.39054328,
          -143.08944381,
          11.06139697
        ],
        [
          -114.41925138,
          -143.12750113,
          13.06082858
        ],
        [
          -114.44795936,
          -143.16555846,
          15.06026019
        ],
        [
          -114.47666746,
          -143.20361388,
          17.0596918
        ],
        [
          -114.50537556,
          -143.24167121,
          19.05912341
        ],
        [
          -114.53408366,
          -143.27972854,
          21.05855502
        ],
        [
          -114.56279176,
          -143.31778586,
          23.05798854
        ],
        [
          -114.59149986,
          -143.35584128,
          25.05742015
        ],
        [
          -114.62020796,
          -143.39389861,
          27.05685176
        ],
        [
          -114.64891606,
          -143.43195594,
          29.05628337
        ],
        [
          -114.67762405,
          -143.47001327,
          31.05571498
        ],
        [
          -114.70633227,
          -143.50806869,
          33.05514659
        ],
        [
          -114.73504025,
          -143.54612601,
          35.0545782
        ],
        [
          -114.76374847,
          -143.58418334,
          37.05400981
        ],
        [
          -114.79245645,
          -143.62224067,
          39.05344142
        ],
        [
          -114.82116467,
          -143.66029799,
          41.05287303
        ],
        [
          -114.84987265,
          -143.69835341,
          43.05230464
        ],
        [
          -114.87858087,
          -143.73641074,
          45.05173625
        ],
        [
          -114.90728885,
          -143.77446807,
          47.05116786
        ],
        [
          -114.93599683,
          -143.8125254,
          49.05059947
        ],
        [
          -114.96470505,
          -143.85058082,
          51.05003108
        ]
      ],
      "ImagePositionPatient": [
        [
          -113.15609538455,
          -141.45299876201,
          -74.914171797786
        ],
        [
          -113.18480348487,
          -141.49105513561,
          -72.914736372981
        ],
        [
          -113.21351158519,
          -141.52911246288,
          -70.915308577571
        ],
        [
          -113.24221968551,
          -141.56716979015,
          -68.915873152766
        ],
        [
          -113.27092772622,
          -141.60522616374,
          -66.916441542659
        ],
        [
          -113.29963582654,
          -141.64328349102,
          -64.917009932551
        ],
        [
          -113.32834392686,
          -141.68133986461,
          -62.917578322444
        ],
        [
          -113.35705202718,
          -141.71939719188,
          -60.918146712337
        ],
        [
          -113.3857601275,
          -141.75745356548,
          -58.918715102229
        ],
        [
          -113.41446816821,
          -141.79551089275,
          -56.919283492122
        ],
        [
          -113.44317626853,
          -141.83356726634,
          -54.919851882014
        ],
        [
          -113.47188436885,
          -141.87162459362,
          -52.920420271907
        ],
        [
          -113.50059246917,
          -141.90968096721,
          -50.9209886618
        ],
        [
          -113.52930056949,
          -141.94773829448,
          -48.921557051692
        ],
        [
          -113.55800866981,
          -141.98579466808,
          -46.922125441585
        ],
        [
          -113.58671671052,
          -142.02385199535,
          -44.922693831477
        ],
        [
          -113.61542481084,
          -142.06190836894,
          -42.92326222137
        ],
        [
          -113.64413291116,
          -142.09996569622,
          -40.923830611262
        ],
        [
          -113.67284101148,
          -142.13802206981,
          -38.924399001155
        ],
        [
          -113.7015491118,
          -142.17607939708,
          -36.924967391048
        ],
        [
          -113.73025721211,
          -142.21413577068,
          -34.925533873592
        ],
        [
          -113.75896531243,
          -142.25219309795,
          -32.926102263484
        ],
        [
          -113.78767341275,
          -142.29024947155,
          -30.926670653377
        ],
        [
          -113.81638139386,
          -142.32830679882,
          -28.927239043269
        ],
        [
          -113.84508949418,
          -142.36636317241,
          -26.927807433162
        ],
        [
          -113.8737975945,
          -142.40442049968,
          -24.928375823054
        ],
        [
          -113.90250569482,
          -142.44247687328,
          -22.928944212947
        ],
        [
          -113.93121379514,
          -142.48053420055,
          -20.92951260284
        ],
        [
          -113.95992189546,
          -142.51859057415,
          -18.930080039058
        ],
        [
          -113.98862999578,
          -142.55664790142,
          -16.93064842895
        ],
        [
          -114.01733809609,
          -142.59470522869,
          -14.931216818843
        ],
        [
          -114.04604619641,
          -142.63276160228,
          -12.931784255061
        ],
        [
          -114.07475429673,
          -142.67081892955,
          -10.932353121791
        ],
        [
          -114.10346239705,
          -142.70887530315,
          -8.9329210348464
        ],
        [
          -114.13217037816,
          -142.74693263042,
          -6.933489424739
        ],
        [
          -114.16087847848,
          -142.78498900402,
          -4.9340575166084
        ],
        [
          -114.1895865788,
          -142.82304633129,
          -2.934625727687
        ],
        [
          -114.21829467912,
          -142.86110365856,
          -0.935193879161
        ],
        [
          -114.24700277944,
          -142.89915907848,
          1.064237969365
        ],
        [
          -114.27571087976,
          -142.93721640575,
          3.0636695794724
        ],
        [
          -114.30441898007,
          -142.97527373302,
          5.0631011895798
        ],
        [
          -114.33312708039,
          -143.01333106029,
          7.0625327996873
        ],
        [
          -114.36183518071,
          -143.05138648021,
          9.061965363469
        ],
        [
          -114.39054328103,
          -143.08944380748,
          11.061396973576
        ],
        [
          -114.41925138135,
          -143.12750113475,
          13.060828583684
        ],
        [
          -114.44795936246,
          -143.16555846202,
          15.060260193791
        ],
        [
          -114.47666746278,
          -143.20361388195,
          17.059691803899
        ],
        [
          -114.5053755631,
          -143.24167120922,
          19.059123414006
        ],
        [
          -114.53408366342,
          -143.27972853649,
          21.058555024114
        ],
        [
          -114.56279176374,
          -143.31778586376,
          23.05798854157
        ],
        [
          -114.59149986405,
          -143.35584128368,
          25.057420151677
        ],
        [
          -114.62020796437,
          -143.39389861095,
          27.056851761784
        ],
        [
          -114.64891606469,
          -143.43195593822,
          29.056283371892
        ],
        [
          -114.6776240458,
          -143.47001326549,
          31.055714981999
        ],
        [
          -114.70633226533,
          -143.50806868541,
          33.055146592107
        ],
        [
          -114.73504024644,
          -143.54612601268,
          35.054578202214
        ],
        [
          -114.76374846597,
          -143.58418333995,
          37.054009812322
        ],
        [
          -114.79245644708,
          -143.62224066722,
          39.053441422429
        ],
        [
          -114.82116466661,
          -143.66029799449,
          41.052873032536
        ],
        [
          -114.84987264771,
          -143.69835341442,
          43.052304642644
        ],
        [
          -114.87858086724,
          -143.73641074169,
          45.051736252751
        ],
        [
          -114.90728884835,
          -143.77446806896,
          47.051167862859
        ],
        [
          -114.93599682946,
          -143.81252539623,
          49.050599472966
        ],
        [
          -114.96470504899,
          -143.85058081615,
          51.050031083073
        ]
      ],
      "SliceLocation": [
        -70.5770119667,
        -68.577008351563,
        -66.577012345507,
        -64.577008712224,
        -62.577008911556,
        -60.577009091886,
        -58.577009290363,
        -56.577009470694,
        -54.577009669171,
        -52.577009850356,
        -50.577010048833,
        -48.577010229164,
        -46.577010427641,
        -44.577010607971,
        -42.577010806448,
        -40.577010987634,
        -38.577011186111,
        -36.577011366441,
        -34.577011564918,
        -32.577011745248,
        -30.577010036918,
        -28.577010217249,
        -26.577010415726,
        -24.577010597767,
        -22.577010796244,
        -20.577010976574,
        -18.577011175051,
        -16.577011355381,
        -14.577010600455,
        -12.577010780785,
        -10.577010961115,
        -8.577010206189,
        -6.5770108632209,
        -4.5770105849963,
        -2.5770107670376,
        -0.5770106675761,
        1.4229893308569,
        3.4229893888776,
        5.4229894106044,
        7.4229892302743,
        9.4229890499441,
        11.422988869614,
        13.422989606393,
        15.422989426063,
        17.422989245733,
        19.422989063692,
        21.422988847068,
        23.422988666738,
        25.422988486407,
        27.422990212884,
        29.42298999626,
        31.42298981593,
        33.4229896356,
        35.422989453558,
        37.422989238646,
        39.422989056604,
        41.422988877985,
        43.422988695944,
        45.422988517325,
        47.42298829899,
        49.422988120371,
        51.42298793833,
        53.422987756288,
        55.422987541375
      ]
    }
  },
  "MatrixCoilMode": "SENSE",
  "CoilCombinationMethod": "Sum of Squares",
  "NonlinearGradientCorrection": false,
  "PulseSequenceType": "Spin Echo EPI",
  "SliceTiming": [
    4.83594,
    0,
    4.99219,
    0.14844,
    5.14062,
    0.30469,
    5.29688,
    0.45312,
    5.44531,
    0.60156,
    5.59375,
    0.75781,
    5.74219,
    0.90625,
    5.89844,
    1.05469,
    6.04688,
    1.21094,
    6.20312,
    1.35938,
    6.35156,
    1.50781,
    6.5,
    1.66406,
    6.65625,
    1.8125,
    6.80469,
    1.96875,
    6.95312,
    2.11719,
    7.10938,
    2.26562,
    7.25781,
    2.42188,
    7.41406,
    2.57031,
    7.5625,
    2.71875,
    7.71094,
    2.875,
    7.86719,
    3.02344,
    8.01562,
    3.17969,
    8.16406,
    3.32812,
    8.32031,
    3.47656,
    8.46875,
    3.625,
    8.61719,
    3.78125,
    8.77344,
    3.92969,
    8.92188,
    4.08594,
    9.07031,
    4.23438,
    9.22656,
    4.38281,
    9.375,
    4.53906,
    9.53125,
    4.6875
  ],
  "B0FieldIdentifier": "pepolar_ses-2"
}
