{
  "AcquisitionMatrixPE": 96,
  "AcquisitionNumber": 1,
  "AcquisitionTime": "15:54:18.375000",
  "BandwidthPerPixelPhaseEncode": 18.939,
  "BaseResolution": 96,
  "BodyPartExamined": "BRAIN",
  "ConsistencyInfo": "N4_VE11C_LATEST_20160120",
  "ConversionSoftware": "dcm2niix",
  "ConversionSoftwareVersion": "v1.0.20171215 (OpenJPEG build) GCC6.3.0",
  "DerivedVendorReportedEchoSpacing": 0.000550011,
  "DeviceSerialNumber": "66112",
  "DwellTime": 2.2e-06,
  "EchoTime": 0.033,
  "EchoTrainLength": 96,
  "EffectiveEchoSpacing": 0.000550011,
  "FlipAngle": 59,
  "ImageOrientationPatientDICOM": [0.99927, 0.0317019, -0.0213091, -0.0305305, 0.998116, 0.0532139],
  "ImageType": [
    "ORIGINAL",
    "PRIMARY",
    "FMRI",
    "NONE",
    "ND",
    "NORM",
    "MOSAIC"
],
  "InPlanePhaseEncodingDirectionDICOM": "COL",
  "InstitutionAddress": "Maynard_3_Hanover_NH_US_03755",
  "InstitutionName": "Dartmouth_College_-_PBS",
  "InstitutionalDepartmentName": "Department",
  "MRAcquisitionType": "2D",
  "MagneticFieldStrength": 3,
  "Manufacturer": "Siemens",
  "ManufacturersModelName": "Prisma",
  "Modality": "MR",
  "MultibandAccelerationFactor": 4,
  "PartialFourier": 1,
  "PatientPosition": "HFS",
  "PercentPhaseFOV": 100,
  "PhaseEncodingDirection": "j-",
  "PhaseEncodingSteps": 96,
  "PhaseResolution": 1,
  "PixelBandwidth": 2365,
  "ProcedureStepDescription": "Gobbini_Matteo_1038_hyperface",
  "ProtocolName": "func_run-08_task-visualmemory",
  "PulseSequenceDetails": "%SiemensSeq%_ep2d_bold",
  "ReceiveCoilActiveElements": "HEA;HEP",
  "ReceiveCoilName": "Head_32",
  "ReconMatrixPE": 96,
  "RepetitionTime": 1,
  "SAR": 0.0536756,
  "ScanOptions": "FS",
  "ScanningSequence": "EP",
  "SequenceName": "_epfid2d1_96",
  "SequenceVariant": "SK",
  "SeriesDescription": "func_run-08_task-visualmemory",
  "SeriesNumber": 57,
  "ShimSetting": [4138, -7733, -7331, 756, -45, -32, 110, 113],
  "SliceThickness": 2.5,
  "SliceTiming": [0.735, 0, 0.49, 0.08, 0.57, 0.1625, 0.6525, 0.325, 0.815, 0.4075, 0.8975, 0.245, 0.735, 0, 0.49, 0.08, 0.57, 0.1625, 0.6525, 0.325, 0.815, 0.4075, 0.8975, 0.245, 0.735, 0, 0.49, 0.08, 0.57, 0.1625, 0.6525, 0.325, 0.815, 0.4075, 0.8975, 0.245, 0.735, 0, 0.49, 0.08, 0.57, 0.1625, 0.6525, 0.325, 0.815, 0.4075, 0.8975, 0.245],
  "SoftwareVersions": "syngo_MR_E11",
  "SpacingBetweenSlices": 2.5,
  "StationName": "AWP66112",
  "TotalReadoutTime": 0.0522511,
  "TxRefAmp": 248.024,
  "dcmmeta_affine": [
    [-2.4981753826141357, -0.07632629573345184, -0.05738994851708412, 124.91053771972656],
    [-0.07925473898649216, 2.495290756225586, 0.131311297416687, -107.6928482055664],
    [-0.05327284336090088, -0.1330348402261734, 2.495889186859131, -59.892696380615234],
    [0.0, 0.0, 0.0, 1.0]
],
  "dcmmeta_reorient_transform": [
    [0.0, -1.0, 0.0, 95.0],
    [1.0, 0.0, 0.0, 0.0],
    [0.0, 0.0, 1.0, 0.0],
    [0.0, 0.0, 0.0, 1.0]
],
  "dcmmeta_shape": [96, 96, 48, 288],
  "dcmmeta_slice_dim": 2,
  "dcmmeta_version": 0.6,
  "global": {
    "const": {
      "AccessionNumber": "A001353",
      "AcquisitionMatrix": [96, 0, 0, 96],
      "AngioFlag": "N",
      "BitsAllocated": 16,
      "BitsStored": 12,
      "BodyPartExamined": "BRAIN",
      "Columns": 672,
      "EchoNumbers": 1,
      "EchoTime": 33.0,
      "EchoTrainLength": 96,
      "FlipAngle": 59.0,
      "HighBit": 11,
      "ImageOrientationPatient": [0.99927018890411, 0.03170189677527, -0.0213091367353, -0.0305305186008, 0.99811630798355, 0.05321393775377],
      "ImagePositionPatient": [-815.15210288855, -870.82888007496, -95.502463580636],
      "ImageType": [
        "ORIGINAL",
        "PRIMARY",
        "FMRI",
        "NONE",
        "ND",
        "NORM",
        "MOSAIC"
],
      "ImagedNucleus": "1H",
      "ImagingFrequency": 123.252294,
      "InPlanePhaseEncodingDirection": "COL",
      "MRAcquisitionType": "2D",
      "MagneticFieldStrength": 3.0,
      "Manufacturer": "SIEMENS",
      "ManufacturerModelName": "Prisma",
      "Modality": "MR",
      "NumberOfAverages": 1.0,
      "NumberOfPhaseEncodingSteps": 96,
      "PercentPhaseFieldOfView": 100.0,
      "PercentSampling": 100.0,
      "PerformedProcedureStepStartTime": "145701.742000",
      "PhotometricInterpretation": "MONOCHROME2",
      "PixelBandwidth": 2365.0,
      "PixelRepresentation": 0,
      "PixelSpacing": [2.5, 2.5],
      "PositionReferenceIndicator": "",
      "ProtocolName": "func_run-08_task-visualmemory",
      "RepetitionTime": 1000.0,
      "Rows": 672,
      "SAR": 0.05367561129469,
      "SamplesPerPixel": 1,
      "ScanOptions": "FS",
      "ScanningSequence": "EP",
      "SequenceName": "*epfid2d1_96",
      "SequenceVariant": "SK",
      "SeriesDescription": "func_run-08_task-visualmemory",
      "SeriesNumber": 57,
      "SeriesTime": "155420.058000",
      "SliceLocation": -68.318177224931,
      "SliceThickness": 2.5,
      "SmallestImagePixelValue": 0,
      "SoftwareVersions": "syngo MR E11",
      "SpacingBetweenSlices": 2.4999999309946,
      "SpecificCharacterSet": "ISO_IR 100",
      "StudyID": "2",
      "StudyTime": "145701.690000",
      "TransmitCoilName": "Body",
      "VariableFlipAngleFlag": "N",
      "WindowCenterWidthExplanation": "Algo1",
      "dBdt": 0.0},
