{
  "AcquisitionMatrixPE": 120,
  "AcquisitionNumber": 1,
  "BandwidthPerPixelPhaseEncode": 13.021,
  "BaseResolution": 120,
  "BodyPartExamined": "BRAIN",
  "ConsistencyInfo": "N4_VE11C_LATEST_20160120",
  "ConversionSoftware": "dcm2niix",
  "ConversionSoftwareVersion": "v1.0.20171215 (OpenJPEG build) GCC6.3.0",
  "DerivedVendorReportedEchoSpacing": 0.000639992,
  "DeviceSerialNumber": "66112",
  "DwellTime": 2.4e-06,
  "EchoTime": 0.096,
  "EchoTrainLength": 120,
  "EffectiveEchoSpacing": 0.000639992,
  "FlipAngle": 90,
  "ImageOrientationPatientDICOM": [
    0.998737,
    0.0497006,
    0.0073862,
    -0.0495453,
    0.998574,
    -0.0198955
  ],
  "ImageType": [
    "ORIGINAL",
    "PRIMARY",
    "DIFFUSION",
    "NONE",
    "ND",
    "NORM"
  ],
  "InPlanePhaseEncodingDirectionDICOM": "COL",
  "InstitutionAddress": "Maynard_3_Hanover_NH_US_03755",
  "InstitutionName": "Dartmouth_College_-_PBS",
  "InstitutionalDepartmentName": "Department",
  "MRAcquisitionType": "2D",
  "MagneticFieldStrength": 3,
  "Manufacturer": "Siemens",
  "ManufacturersModelName": "Prisma",
  "Modality": "MR",
  "PartialFourier": 1,
  "PatientPosition": "HFS",
  "PercentPhaseFOV": 100,
  "PhaseEncodingDirection": "j",
  "PhaseEncodingSteps": 120,
  "PhaseResolution": 1,
  "PixelBandwidth": 1735,
  "ProcedureStepDescription": "Gobbini_Matteo_1038_hyperface",
  "ProtocolName": "fmap_acq-2.0mmX4b0_dir-PA",
  "PulseSequenceDetails": "%SiemensSeq%_ep2d_diff",
  "ReceiveCoilActiveElements": "HEA;HEP",
  "ReceiveCoilName": "Head_32",
  "ReconMatrixPE": 120,
  "RepetitionTime": 9.7,
  "SAR": 0.0862928,
  "ScanOptions": "FS",
  "ScanningSequence": "EP",
  "SequenceName": "_ep_b0",
  "SequenceVariant": "SK_SP",
  "SeriesDescription": "fmap_acq-2.0mmX4b0_dir-PA",
  "SeriesNumber": 65,
  "ShimSetting": [
    4118,
    -7732,
    -7332,
    659,
    81,
    89,
    130,
    29
  ],
  "SliceThickness": 2,
  "SoftwareVersions": "syngo_MR_E11",
  "SpacingBetweenSlices": 2,
  "StationName": "AWP66112",
  "TotalReadoutTime": 0.076159,
  "TxRefAmp": 232.668,
  "time": {
    "samples": {
      "AcquisitionNumber": [
        1,
        2,
        3,
        4,
        5,
        6
      ],
      "SequenceName": [
        "*ep_b0",
        "*ep_b0",
        "*ep_b0",
        "*ep_b0",
        "*ep_b1000#5",
        "*ep_b650#6"
      ]
    },
    "slices": {
      "CsaImage.ProtocolSliceNumber": [
        0,
        1,
        2,
        3,
        4,
        5,
        6,
        7,
        8,
        9,
        10,
        11,
        12,
        13,
        14,
        15,
        16,
        17,
        18,
        19,
        20,
        21,
        22,
        23,
        24,
        25,
        26,
        27,
        28,
        29,
        30,
        31,
        32,
        33,
        34,
        35,
        36,
        37,
        38,
        39,
        40,
        41,
        42,
        43,
        44,
        45,
        46,
        47,
        48,
        49,
        50,
        51,
        52,
        53,
        54,
        55,
        56,
        57,
        58,
        59,
        60,
        61,
        62,
        63
      ],
      "CsaImage.SlicePosition_PCS": [
        [
          -114.17601751,
          -143.02169493,
          -76.4846932
        ],
        [
          -114.19274648,
          -142.98268583,
          -74.48514333
        ],
        [
          -114.20947545,
          -142.94367674,
          -72.48559347
        ],
        [
          -114.22620445,
          -142.90466765,
          -70.4860436
        ],
        [
          -114.24293341,
          -142.86565855,
          -68.48649374
        ],
        [
          -114.25966238,
          -142.82665137,
          -66.48694387
        ],
        [
          -114.27639138,
          -142.78764227,
          -64.487394
        ],
        [
          -114.29312035,
          -142.74863318,
          -62.48784795
        ],
        [
          -114.30984931,
          -142.70962408,
          -60.48829809
        ],
        [
          -114.32657828,
          -142.67061499,
          -58.48874822
        ],
        [
          -114.34330728,
          -142.63160589,
          -56.48919836
        ],
        [
          -114.36003625,
          -142.5925968,
          -54.48964849
        ],
        [
          -114.37676521,
          -142.55358771,
          -52.49009862
        ],
        [
          -114.39349421,
          -142.51458052,
          -50.49055257
        ],
        [
          -114.41022318,
          -142.47557142,
          -48.49100271
        ],
        [
          -114.42695217,
          -142.43656233,
          -46.49145284
        ],
        [
          -114.44368111,
          -142.39755324,
          -44.49190298
        ],
        [
          -114.46041011,
          -142.35854414,
          -42.49235311
        ],
        [
          -114.47713911,
          -142.31953505,
          -40.49280324
        ],
        [
          -114.49386804,
          -142.28052595,
          -38.49325338
        ],
        [
          -114.51059704,
          -142.24151686,
          -36.49370351
        ],
        [
          -114.52732604,
          -142.20250967,
          -34.49415365
        ],
        [
          -114.54405498,
          -142.16350058,
          -32.49460378
        ],
        [
          -114.56078397,
          -142.12449148,
          -30.49505582
        ],
        [
          -114.57751291,
          -142.08548239,
          -28.49550596
        ],
        [
          -114.59424191,
          -142.04647329,
          -26.49595609
        ],
        [
          -114.61097091,
          -142.0074642,
          -24.49640623
        ],
        [
          -114.62769984,
          -141.96845511,
          -22.49685636
        ],
        [
          -114.64442884,
          -141.92944792,
          -20.49730649
        ],
        [
          -114.66115784,
          -141.89043883,
          -18.49775854
        ],
        [
          -114.67788678,
          -141.85142973,
          -16.49820867
        ],
        [
          -114.69461577,
          -141.81242064,
          -14.49865881
        ],
        [
          -114.71134477,
          -141.77341154,
          -12.49910894
        ],
        [
          -114.72807371,
          -141.73440245,
          -10.49955907
        ],
        [
          -114.7448027,
          -141.69539431,
          -8.50001016
        ],
        [
          -114.7615317,
          -141.65638521,
          -6.5004603
        ],
        [
          -114.77826064,
          -141.61737612,
          -4.50091091
        ],
        [
          -114.79498964,
          -141.57836703,
          -2.50136152
        ],
        [
          -114.81171863,
          -141.53935888,
          -0.50181165
        ],
        [
          -114.82844757,
          -141.50034979,
          1.49773784
        ],
        [
          -114.84517657,
          -141.4613407,
          3.49728736
        ],
        [
          -114.86190551,
          -141.4223316,
          5.49683699
        ],
        [
          -114.8786345,
          -141.38332346,
          7.49638638
        ],
        [
          -114.8953635,
          -141.34431437,
          9.49593625
        ],
        [
          -114.9120925,
          -141.30530527,
          11.49548563
        ],
        [
          -114.9288215,
          -141.26629713,
          13.4950355
        ],
        [
          -114.94555037,
          -141.22728804,
          15.49458441
        ],
        [
          -114.96227937,
          -141.18827894,
          17.49413428
        ],
        [
          -114.97900837,
          -141.14926985,
          19.49368319
        ],
        [
          -114.99573737,
          -141.11026171,
          21.49323306
        ],
        [
          -115.01246636,
          -141.07125261,
          23.49278292
        ],
        [
          -115.02919524,
          -141.03224352,
          25.49233279
        ],
        [
          -115.04592424,
          -140.99323443,
          27.49188265
        ],
        [
          -115.06265324,
          -140.95422629,
          29.49143252
        ],
        [
          -115.07938223,
          -140.91521719,
          31.49098048
        ],
        [
          -115.09611123,
          -140.8762081,
          33.49053034
        ],
        [
          -115.11284023,
          -140.837199,
          35.49008021
        ],
        [
          -115.1295691,
          -140.79819086,
          37.48963007
        ],
        [
          -115.1462981,
          -140.75918177,
          39.48917994
        ],
        [
          -115.1630271,
          -140.72017267,
          41.48872981
        ],
        [
          -115.1797561,
          -140.68116358,
          43.48827967
        ],
        [
          -115.19648509,
          -140.64215544,
          45.48782954
        ],
        [
          -115.21321409,
          -140.60314634,
          47.4873794
        ],
        [
          -115.22994297,
          -140.56413725,
          49.48692545
        ]
      ],
      "ImagePositionPatient": [
        [
          -114.17601751435,
          -143.02169492887,
          -76.484693198427
        ],
        [
          -114.19274648178,
          -142.98268583463,
          -74.485143332704
        ],
        [
          -114.20947544921,
          -142.94367674039,
          -72.485593466981
        ],
        [
          -114.22620444644,
          -142.90466764616,
          -70.486043601259
        ],
        [
          -114.24293341387,
          -142.86565855192,
          -68.486493735536
        ],
        [
          -114.2596623813,
          -142.82665136503,
          -66.486943869813
        ],
        [
          -114.27639137853,
          -142.78764227079,
          -64.487394004091
        ],
        [
          -114.29312034595,
          -142.74863317655,
          -62.487847953065
        ],
        [
          -114.30984931338,
          -142.70962408231,
          -60.488298087343
        ],
        [
          -114.32657828081,
          -142.67061498808,
          -58.48874822162
        ],
        [
          -114.34330727804,
          -142.63160589384,
          -56.489198355897
        ],
        [
          -114.36003624547,
          -142.5925967996,
          -54.489648490175
        ],
        [
          -114.3767652129,
          -142.55358770536,
          -52.490098624452
        ],
        [
          -114.39349421013,
          -142.51458051847,
          -50.490552573427
        ],
        [
          -114.41022317756,
          -142.47557142423,
          -48.491002707704
        ],
        [
          -114.42695217479,
          -142.43656232999,
          -46.491452841981
        ],
        [
          -114.44368111241,
          -142.39755323576,
          -44.491902976259
        ],
        [
          -114.46041010964,
          -142.35854414152,
          -42.492353110536
        ],
        [
          -114.47713910687,
          -142.31953504728,
          -40.492803244813
        ],
        [
          -114.4938680445,
          -142.28052595304,
          -38.493253379091
        ],
        [
          -114.51059704173,
          -142.2415168588,
          -36.493703513368
        ],
        [
          -114.52732603896,
          -142.20250967191,
          -34.494153647645
        ],
        [
          -114.54405497659,
          -142.16350057767,
          -32.494603781923
        ],
        [
          -114.56078397382,
          -142.12449148344,
          -30.495055823549
        ],
        [
          -114.57751291144,
          -142.0854823892,
          -28.495505957826
        ],
        [
          -114.59424190867,
          -142.04647329496,
          -26.495956092103
        ],
        [
          -114.6109709059,
          -142.00746420072,
          -24.496406226381
        ],
        [
          -114.62769984353,
          -141.96845510648,
          -22.496856360658
        ],
        [
          -114.64442884076,
          -141.92944791959,
          -20.497306494936
        ],
        [
          -114.66115783799,
          -141.89043882536,
          -18.497758536561
        ],
        [
          -114.67788677562,
          -141.85142973112,
          -16.498208670839
        ],
        [
          -114.69461577285,
          -141.81242063688,
          -14.498658805116
        ],
        [
          -114.71134477008,
          -141.77341154264,
          -12.499108939394
        ],
        [
          -114.7280737077,
          -141.7344024484,
          -10.499559073671
        ],
        [
          -114.74480270493,
          -141.69539430784,
          -8.5000101616225
        ],
        [
          -114.76153170217,
          -141.6563852136,
          -6.5004602958999
        ],
        [
          -114.77826063979,
          -141.61737611936,
          -4.5009109070144
        ],
        [
          -114.79498963702,
          -141.57836702512,
          -2.5013615181289
        ],
        [
          -114.81171863425,
          -141.53935888456,
          -0.5018116524062
        ],
        [
          -114.82844757188,
          -141.50034979032,
          1.4977378442799
        ],
        [
          -114.84517656911,
          -141.46134069608,
          3.4972873637834
        ],
        [
          -114.86190550673,
          -141.42233160184,
          5.4968369910874
        ],
        [
          -114.87863450396,
          -141.38332346128,
          7.4963863799729
        ],
        [
          -114.8953635012,
          -141.34431436704,
          9.4959362456956
        ],
        [
          -114.91209249843,
          -141.3053052728,
          11.495485634581
        ],
        [
          -114.92882149566,
          -141.26629713224,
          13.495035500304
        ],
        [
          -114.94555037368,
          -141.227288038,
          15.494584412352
        ],
        [
          -114.96227937091,
          -141.18827894376,
          17.494134278075
        ],
        [
          -114.97900836814,
          -141.14926984953,
          19.493683190123
        ],
        [
          -114.99573736537,
          -141.11026170896,
          21.493233055846
        ],
        [
          -115.0124663626,
          -141.07125261472,
          23.492782921568
        ],
        [
          -115.02919524062,
          -141.03224352048,
          25.492332787291
        ],
        [
          -115.04592423785,
          -140.99323442625,
          27.491882653014
        ],
        [
          -115.06265323508,
          -140.95422628568,
          29.491432518736
        ],
        [
          -115.07938223231,
          -140.91521719144,
          31.49098047711
        ],
        [
          -115.09611122954,
          -140.87620809721,
          33.490530342833
        ],
        [
          -115.11284022677,
          -140.83719900297,
          35.490080208556
        ],
        [
          -115.12956910479,
          -140.7981908624,
          37.489630074278
        ],
        [
          -115.14629810203,
          -140.75918176817,
          39.489179940001
        ],
        [
          -115.16302709926,
          -140.72017267393,
          41.488729805724
        ],
        [
          -115.17975609649,
          -140.68116357969,
          43.488279671446
        ],
        [
          -115.19648509372,
          -140.64215543912,
          45.487829537169
        ],
        [
          -115.21321409095,
          -140.60314634489,
          47.487379402892
        ],
        [
          -115.22994296897,
          -140.56413725065,
          49.486925453917
        ]
      ],
      "SliceLocation": [
        -78.301999013419,
        -76.301998705095,
        -74.301998396771,
        -72.301998088198,
        -70.301997779874,
        -68.301997508752,
        -66.301997200179,
        -64.302000705693,
        -62.302000397369,
        -60.302000089045,
        -58.301999780472,
        -56.301999472148,
        -54.301999163824,
        -52.30200270629,
        -50.302002397966,
        -48.302002089393,
        -46.302001781318,
        -44.302001472745,
        -42.302001164172,
        -40.302000856097,
        -38.302000547524,
        -36.302000276152,
        -34.301999968078,
        -32.302001566424,
        -30.302001258349,
        -28.302000949776,
        -26.302000641202,
        -24.302000333128,
        -22.302000061756,
        -20.302001660102,
        -18.302001352027,
        -16.302001043454,
        -14.302000734881,
        -12.302000426806,
        -10.302001090293,
        -8.3020007817202,
        -6.3020009503753,
        -4.3020011185318,
        -2.3020008285594,
        -0.3020008894382,
        1.6979990729939,
        3.6979991427037,
        5.6979989559463,
        7.6979992645195,
        9.697999096363,
        11.697999386335,
        13.697998740452,
        15.697999049025,
        17.697998404139,
        19.697998694111,
        21.697999002685,
        23.697999310261,
        25.697999618834,
        27.697999908806,
        29.69799831046,
        31.697998619034,
        33.697998927607,
        35.697999216582,
        37.697999525155,
        39.697999833729,
        41.698000142302,
        43.698000432274,
        45.698000740848,
        47.697997234586
      ]
    }
  }
}
