{
  "AcquisitionMatrixPE": 120,
  "AcquisitionNumber": 1,
  "BandwidthPerPixelPhaseEncode": 13.021,
  "BaseResolution": 120,
  "BodyPartExamined": "BRAIN",
  "ConsistencyInfo": "N4_VE11C_LATEST_20160120",
  "ConversionSoftware": "dcm2niix",
  "ConversionSoftwareVersion": "v1.0.20171215 (OpenJPEG build) GCC6.3.0",
  "DerivedVendorReportedEchoSpacing": 0.000639992,
  "DeviceSerialNumber": "66112",
  "DwellTime": 2.4e-06,
  "EchoTime": 0.096,
  "EchoTrainLength": 120,
  "EffectiveEchoSpacing": 0.000639992,
  "FlipAngle": 90,
  "ImageOrientationPatientDICOM": [
    0.998737,
    0.0497006,
    0.0073862,
    -0.0495453,
    0.998574,
    -0.0198955
  ],
  "ImageType": [
    "ORIGINAL",
    "PRIMARY",
    "DIFFUSION",
    "NONE",
    "ND",
    "NORM"
  ],
  "InPlanePhaseEncodingDirectionDICOM": "COL",
  "InstitutionAddress": "Maynard_3_Hanover_NH_US_03755",
  "InstitutionName": "Dartmouth_College_-_PBS",
  "InstitutionalDepartmentName": "Department",
  "MRAcquisitionType": "2D",
  "MagneticFieldStrength": 3,
  "Manufacturer": "Siemens",
  "ManufacturersModelName": "Prisma",
  "Modality": "MR",
  "PatientPosition": "HFS",
  "PercentPhaseFOV": 100,
  "PhaseEncodingDirection": "j-",
  "PhaseEncodingSteps": 120,
  "PhaseResolution": 1,
  "PixelBandwidth": 1735,
  "ProcedureStepDescription": "Gobbini_Matteo_1038_hyperface",
  "ProtocolName": "fmap_acq-2.0mmX4b0_dir-AP",
  "PulseSequenceDetails": "%SiemensSeq%_ep2d_diff",
  "ReceiveCoilActiveElements": "HEA;HEP",
  "ReceiveCoilName": "Head_32",
  "ReconMatrixPE": 120,
  "RepetitionTime": 9.7,
  "SAR": 0.0862928,
  "ScanOptions": "FS",
  "ScanningSequence": "EP",
  "SequenceName": "_ep_b0",
  "SequenceVariant": "SK_SP",
  "SeriesDescription": "fmap_acq-2.0mmX4b0_dir-AP",
  "SeriesNumber": 64,
  "ShimSetting": [
    4118,
    -7732,
    -7332,
    659,
    81,
    89,
    130,
    29
  ],
  "SliceThickness": 2,
  "SoftwareVersions": "syngo_MR_E11",
  "SpacingBetweenSlices": 2,
  "StationName": "AWP66112",
  "TotalReadoutTime": 0.076159,
  "TxRefAmp": 232.668,
  "time": {
    "samples": {
      "AcquisitionNumber": [
        1,
        2,
        3,
        4,
        5,
        6
      ],
      "SequenceName": [
        "*ep_b0",
        "*ep_b0",
        "*ep_b0",
        "*ep_b0",
        "*ep_b1000#5",
        "*ep_b650#6"
      ]
    },
    "slices": {
      "CsaImage.ProtocolSliceNumber": [
        0,
        1,
        2,
        3,
        4,
        5,
        6,
        7,
        8,
        9,
        10,
        11,
        12,
        13,
        14,
        15,
        16,
        17,
        18,
        19,
        20,
        21,
        22,
        23,
        24,
        25,
        26,
        27,
        28,
        29,
        30,
        31,
        32,
        33,
        34,
        35,
        36,
        37,
        38,
        39,
        40,
        41,
        42,
        43,
        44,
        45,
        46,
        47,
        48,
        49,
        50,
        51,
        52,
        53,
        54,
        55,
        56,
        57,
        58,
        59,
        60,
        61,
        62,
        63
      ],
      "CsaImage.SlicePosition_PCS": [
        [
          -114.1787202,
          -143.05402449,
          -76.46154562
        ],
        [
          -114.19544919,
          -143.01501539,
          -74.46199575
        ],
        [
          -114.21217816,
          -142.9760063,
          -72.46244588
        ],
        [
          -114.22890713,
          -142.93699721,
          -70.46289602
        ],
        [
          -114.24563613,
          -142.89798811,
          -68.46334615
        ],
        [
          -114.26236509,
          -142.85897902,
          -66.46379629
        ],
        [
          -114.27909406,
          -142.81997183,
          -64.46424642
        ],
        [
          -114.29582303,
          -142.78096274,
          -62.46469656
        ],
        [
          -114.31255203,
          -142.74195364,
          -60.46514669
        ],
        [
          -114.32928099,
          -142.70294455,
          -58.46559682
        ],
        [
          -114.34600996,
          -142.66393545,
          -56.46604696
        ],
        [
          -114.36273896,
          -142.62492636,
          -54.46649709
        ],
        [
          -114.37946793,
          -142.58591726,
          -52.46694723
        ],
        [
          -114.39619689,
          -142.54690817,
          -50.46739736
        ],
        [
          -114.41292589,
          -142.50790098,
          -48.4678475
        ],
        [
          -114.42965483,
          -142.46889189,
          -46.46829763
        ],
        [
          -114.44638383,
          -142.4298828,
          -44.46874776
        ],
        [
          -114.46311282,
          -142.3908737,
          -42.4691979
        ],
        [
          -114.47984176,
          -142.35186461,
          -40.46964803
        ],
        [
          -114.49657076,
          -142.31285551,
          -38.47010198
        ],
        [
          -114.51329975,
          -142.27384642,
          -36.47055212
        ],
        [
          -114.53002869,
          -142.23483732,
          -34.47100225
        ],
        [
          -114.54675769,
          -142.19583014,
          -32.47145238
        ],
        [
          -114.56348669,
          -142.15682104,
          -30.47190252
        ],
        [
          -114.58021562,
          -142.11781195,
          -28.47235265
        ],
        [
          -114.59694462,
          -142.07880285,
          -26.47280279
        ],
        [
          -114.61367362,
          -142.03979376,
          -24.47325292
        ],
        [
          -114.63040256,
          -142.00078467,
          -22.47370306
        ],
        [
          -114.64713155,
          -141.96177557,
          -20.4741551
        ],
        [
          -114.66386049,
          -141.92276838,
          -18.47460523
        ],
        [
          -114.68058949,
          -141.88375929,
          -16.47505537
        ],
        [
          -114.69731849,
          -141.8447502,
          -14.4755055
        ],
        [
          -114.71404742,
          -141.8057411,
          -12.47595563
        ],
        [
          -114.73077642,
          -141.76673201,
          -10.47640672
        ],
        [
          -114.74750542,
          -141.72772291,
          -8.47685686
        ],
        [
          -114.76423436,
          -141.68871477,
          -6.47730747
        ],
        [
          -114.78096335,
          -141.64970568,
          -4.4777576
        ],
        [
          -114.79769235,
          -141.61069658,
          -2.47820821
        ],
        [
          -114.81442129,
          -141.57168749,
          -0.47865859
        ],
        [
          -114.83115028,
          -141.53267935,
          1.52089098
        ],
        [
          -114.84787928,
          -141.49367026,
          3.52044043
        ],
        [
          -114.86460822,
          -141.45466116,
          5.5199903
        ],
        [
          -114.88133722,
          -141.41565207,
          7.51953969
        ],
        [
          -114.89806621,
          -141.37664393,
          9.51908907
        ],
        [
          -114.91479521,
          -141.33763483,
          11.51863894
        ],
        [
          -114.93152409,
          -141.29862574,
          13.51818881
        ],
        [
          -114.94825309,
          -141.25961664,
          15.51773772
        ],
        [
          -114.96498208,
          -141.2206085,
          17.51728663
        ],
        [
          -114.98171108,
          -141.18159941,
          19.5168365
        ],
        [
          -114.99844008,
          -141.14259031,
          21.51638636
        ],
        [
          -115.01516908,
          -141.10358217,
          23.51593623
        ],
        [
          -115.03189795,
          -141.06457308,
          25.51548609
        ],
        [
          -115.04862695,
          -141.02556399,
          27.51503596
        ],
        [
          -115.06535595,
          -140.98655489,
          29.51458392
        ],
        [
          -115.08208495,
          -140.94754675,
          31.51413378
        ],
        [
          -115.09881394,
          -140.90853766,
          33.51368556
        ],
        [
          -115.11554282,
          -140.86952856,
          35.51323542
        ],
        [
          -115.13227182,
          -140.83051947,
          37.51278147
        ],
        [
          -115.14900082,
          -140.79151133,
          39.51233134
        ],
        [
          -115.16572981,
          -140.75250223,
          41.5118812
        ],
        [
          -115.18245881,
          -140.71349314,
          43.51143107
        ],
        [
          -115.19918781,
          -140.67448404,
          45.51098093
        ],
        [
          -115.21591668,
          -140.6354759,
          47.5105308
        ],
        [
          -115.23264568,
          -140.59646681,
          49.51008067
        ]
      ],
      "ImagePositionPatient": [
        [
          -114.17872019756,
          -143.0540244882,
          -76.461545615419
        ],
        [
          -114.19544919479,
          -143.01501539396,
          -74.461995749696
        ],
        [
          -114.21217816222,
          -142.97600629972,
          -72.462445883974
        ],
        [
          -114.22890712965,
          -142.93699720548,
          -70.462896018251
        ],
        [
          -114.24563612688,
          -142.89798811124,
          -68.463346152528
        ],
        [
          -114.26236509431,
          -142.85897901701,
          -66.463796286806
        ],
        [
          -114.27909406174,
          -142.81997183012,
          -64.464246421083
        ],
        [
          -114.29582302916,
          -142.78096273588,
          -62.46469655536
        ],
        [
          -114.3125520264,
          -142.74195364164,
          -60.465146689638
        ],
        [
          -114.32928099382,
          -142.7029445474,
          -58.465596823915
        ],
        [
          -114.34600996125,
          -142.66393545316,
          -56.466046958192
        ],
        [
          -114.36273895848,
          -142.62492635892,
          -54.46649709247
        ],
        [
          -114.37946792591,
          -142.58591726469,
          -52.466947226747
        ],
        [
          -114.39619689334,
          -142.54690817045,
          -50.467397361024
        ],
        [
          -114.41292589057,
          -142.50790098356,
          -48.467847495302
        ],
        [
          -114.42965482819,
          -142.46889188932,
          -46.468297629579
        ],
        [
          -114.44638382543,
          -142.42988279508,
          -44.468747763856
        ],
        [
          -114.46311282266,
          -142.39087370084,
          -42.469197898134
        ],
        [
          -114.47984176028,
          -142.35186460661,
          -40.469648032411
        ],
        [
          -114.49657075751,
          -142.31285551237,
          -38.470101981386
        ],
        [
          -114.51329975474,
          -142.27384641813,
          -36.470552115663
        ],
        [
          -114.53002869237,
          -142.23483732389,
          -34.47100224994
        ],
        [
          -114.5467576896,
          -142.195830137,
          -32.471452384218
        ],
        [
          -114.56348668683,
          -142.15682104276,
          -30.471902518495
        ],
        [
          -114.58021562446,
          -142.11781194852,
          -28.472352652772
        ],
        [
          -114.59694462169,
          -142.07880285429,
          -26.47280278705
        ],
        [
          -114.61367361892,
          -142.03979376005,
          -24.473252921327
        ],
        [
          -114.63040255654,
          -142.00078466581,
          -22.473703055604
        ],
        [
          -114.64713155377,
          -141.96177557157,
          -20.47415509723
        ],
        [
          -114.6638604914,
          -141.92276838468,
          -18.474605231508
        ],
        [
          -114.68058948863,
          -141.88375929044,
          -16.475055365785
        ],
        [
          -114.69731848586,
          -141.8447501962,
          -14.475505500062
        ],
        [
          -114.71404742349,
          -141.80574110197,
          -12.47595563434
        ],
        [
          -114.73077642072,
          -141.76673200773,
          -10.476406722291
        ],
        [
          -114.74750541795,
          -141.72772291349,
          -8.4768568565688
        ],
        [
          -114.76423435557,
          -141.68871477293,
          -6.4773074676833
        ],
        [
          -114.7809633528,
          -141.64970567869,
          -4.4777576019607
        ],
        [
          -114.79769235003,
          -141.61069658445,
          -2.4782082130752
        ],
        [
          -114.81442128766,
          -141.57168749021,
          -0.4786585857711
        ],
        [
          -114.83115028489,
          -141.53267934965,
          1.520890983791
        ],
        [
          -114.84787928212,
          -141.49367025541,
          3.5204404304185
        ],
        [
          -114.86460821975,
          -141.45466116117,
          5.5199902961412
        ],
        [
          -114.88133721698,
          -141.41565206693,
          7.5195396850267
        ],
        [
          -114.89806621421,
          -141.37664392637,
          9.5190890739122
        ],
        [
          -114.91479521144,
          -141.33763483213,
          11.518638939635
        ],
        [
          -114.93152408946,
          -141.29862573789,
          13.518188805357
        ],
        [
          -114.94825308669,
          -141.25961664365,
          15.517737717406
        ],
        [
          -114.96498208392,
          -141.22060850309,
          17.517286629454
        ],
        [
          -114.98171108115,
          -141.18159940885,
          19.516836495177
        ],
        [
          -114.99844007838,
          -141.14259031461,
          21.516386360899
        ],
        [
          -115.01516907561,
          -141.10358217405,
          23.515936226622
        ],
        [
          -115.03189795363,
          -141.06457307981,
          25.515486092345
        ],
        [
          -115.04862695086,
          -141.02556398557,
          27.515035958067
        ],
        [
          -115.06535594809,
          -140.98655489133,
          29.514583916441
        ],
        [
          -115.08208494533,
          -140.94754675077,
          31.514133782164
        ],
        [
          -115.09881394256,
          -140.90853765653,
          33.513685555235
        ],
        [
          -115.11554282058,
          -140.86952856229,
          35.513235420958
        ],
        [
          -115.13227181781,
          -140.83051946806,
          37.512781471983
        ],
        [
          -115.14900081504,
          -140.79151132749,
          39.512331337706
        ],
        [
          -115.16572981227,
          -140.75250223325,
          41.511881203429
        ],
        [
          -115.1824588095,
          -140.71349313902,
          43.511431069151
        ],
        [
          -115.19918780673,
          -140.67448404478,
          45.510980934874
        ],
        [
          -115.21591668475,
          -140.63547590421,
          47.510530800597
        ],
        [
          -115.23264568198,
          -140.59646680997,
          49.510080666319
        ]
      ],
      "SliceLocation": [
        -78.279464606516,
        -76.279464297943,
        -74.279463989619,
        -72.279463681295,
        -70.279463372722,
        -68.279463064398,
        -66.279462793276,
        -64.279462484952,
        -62.279462176378,
        -60.279461868054,
        -58.27946155973,
        -56.279461251157,
        -54.279460942833,
        -52.279460634509,
        -50.279460363138,
        -48.279460055063,
        -46.27945974649,
        -44.279459437917,
        -42.279459129842,
        -40.279462635107,
        -38.279462326534,
        -36.279462018459,
        -34.279461747087,
        -32.279461438514,
        -30.279461130439,
        -28.279460821866,
        -26.279460513293,
        -24.279460205218,
        -22.279461803564,
        -20.279461532691,
        -18.279461224118,
        -16.279460915545,
        -14.27946060747,
        -12.279461252356,
        -10.279460943783,
        -8.279461131039,
        -6.2794608224657,
        -4.2794609906222,
        -2.2794609209124,
        -0.2794609270339,
        1.7205389625385,
        3.7205392706132,
        5.7205391024567,
        7.7205389156993,
        9.7205392242725,
        11.720539531849,
        13.720538886962,
        15.720538223475,
        17.720538532048,
        19.720538840622,
        21.720539130594,
        23.72053943817,
        25.720539746743,
        27.720538148398,
        29.72053843837,
        31.720540653862,
        33.720540961438,
        35.720537456174,
        37.720537746146,
        39.720538054719,
        41.720538363292,
        43.720538671866,
        45.720538960841,
        47.720539269414
      ]
    }
  },
  "MatrixCoilMode": "SENSE",
  "CoilCombinationMethod": "Sum of Squares",
  "NonlinearGradientCorrection": false,
  "PulseSequenceType": "Spin Echo EPI",
  "SliceTiming": [
    4.83594,
    0,
    4.99219,
    0.14844,
    5.14062,
    0.30469,
    5.29688,
    0.45312,
    5.44531,
    0.60156,
    5.59375,
    0.75781,
    5.74219,
    0.90625,
    5.89844,
    1.05469,
    6.04688,
    1.21094,
    6.20312,
    1.35938,
    6.35156,
    1.50781,
    6.5,
    1.66406,
    6.65625,
    1.8125,
    6.80469,
    1.96875,
    6.95312,
    2.11719,
    7.10938,
    2.26562,
    7.25781,
    2.42188,
    7.41406,
    2.57031,
    7.5625,
    2.71875,
    7.71094,
    2.875,
    7.86719,
    3.02344,
    8.01562,
    3.17969,
    8.16406,
    3.32812,
    8.32031,
    3.47656,
    8.46875,
    3.625,
    8.61719,
    3.78125,
    8.77344,
    3.92969,
    8.92188,
    4.08594,
    9.07031,
    4.23438,
    9.22656,
    4.38281,
    9.375,
    4.53906,
    9.53125,
    4.6875
  ],
  "B0FieldIdentifier": "pepolar_ses-1"
}
