{
  "AcquisitionMatrixPE": 120,
  "AcquisitionNumber": 1,
  "BandwidthPerPixelPhaseEncode": 13.889,
  "BaseResolution": 120,
  "BodyPartExamined": "BRAIN",
  "ConsistencyInfo": "N4_VE11C_LATEST_20160120",
  "ConversionSoftware": "dcm2niix",
  "ConversionSoftwareVersion": "v1.0.20171215 (OpenJPEG build) GCC6.3.0",
  "DerivedVendorReportedEchoSpacing": 0.000599995,
  "DeviceSerialNumber": "66112",
  "DwellTime": 2e-06,
  "EchoTime": 0.103,
  "EchoTrainLength": 120,
  "EffectiveEchoSpacing": 0.000599995,
  "FlipAngle": 90,
  "ImageOrientationPatientDICOM": [
    0.998737,
    0.0497006,
    0.0073862,
    -0.0495453,
    0.998574,
    -0.0198955
  ],
  "ImageType": [
    "ORIGINAL",
    "PRIMARY",
    "DIFFUSION",
    "NONE",
    "ND",
    "NORM",
    "MOSAIC"
  ],
  "InPlanePhaseEncodingDirectionDICOM": "COL",
  "InstitutionAddress": "Maynard_3_Hanover_NH_US_03755",
  "InstitutionName": "Dartmouth_College_-_PBS",
  "InstitutionalDepartmentName": "Department",
  "MRAcquisitionType": "2D",
  "MagneticFieldStrength": 3,
  "Manufacturer": "Siemens",
  "ManufacturersModelName": "Prisma",
  "Modality": "MR",
  "MultibandAccelerationFactor": 4,
  "PartialFourier": 1,
  "PatientPosition": "HFS",
  "PercentPhaseFOV": 100,
  "PhaseEncodingDirection": "j-",
  "PhaseEncodingSteps": 120,
  "PhaseResolution": 1,
  "PixelBandwidth": 2085,
  "ProcedureStepDescription": "Gobbini_Matteo_1038_hyperface",
  "ProtocolName": "dwi_acq-2.0mmXhardi96Xsms4X11b0",
  "PulseSequenceDetails": "%SiemensSeq%_ep2d_diff",
  "ReceiveCoilActiveElements": "HEA;HEP",
  "ReceiveCoilName": "Head_32",
  "ReconMatrixPE": 120,
  "RepetitionTime": 2.6,
  "SAR": 0.221738,
  "ScanOptions": "FS",
  "ScanningSequence": "EP",
  "SequenceName": "_ep_b0",
  "SequenceVariant": "SK_SP",
  "SeriesDescription": "dwi_acq-2.0mmXhardi96Xsms4X11b0",
  "SeriesNumber": 66,
  "ShimSetting": [
    4118,
    -7732,
    -7332,
    659,
    81,
    89,
    130,
    29
  ],
  "SliceThickness": 2,
  "SliceTiming": [
    1.935,
    0,
    1.29,
    0.16,
    1.45,
    0.3225,
    1.6125,
    0.4825,
    1.7725,
    0.805,
    2.095,
    0.9675,
    2.2575,
    1.1275,
    2.4175,
    0.645,
    1.935,
    0,
    1.29,
    0.16,
    1.45,
    0.3225,
    1.6125,
    0.4825,
    1.7725,
    0.805,
    2.095,
    0.9675,
    2.2575,
    1.1275,
    2.4175,
    0.645,
    1.935,
    0,
    1.29,
    0.16,
    1.45,
    0.3225,
    1.6125,
    0.4825,
    1.7725,
    0.805,
    2.095,
    0.9675,
    2.2575,
    1.1275,
    2.4175,
    0.645,
    1.935,
    0,
    1.29,
    0.16,
    1.45,
    0.3225,
    1.6125,
    0.4825,
    1.7725,
    0.805,
    2.095,
    0.9675,
    2.2575,
    1.1275,
    2.4175,
    0.645
  ],
  "SoftwareVersions": "syngo_MR_E11",
  "SpacingBetweenSlices": 2,
  "StationName": "AWP66112",
  "TotalReadoutTime": 0.0713994,
  "TxRefAmp": 232.668,
  "time": {
    "samples": {
      "AcquisitionNumber": [
        1,
        2,
        3,
        4,
        5,
        6,
        7,
        8,
        9,
        10,
        11,
        12,
        13,
        14,
        15,
        16,
        17,
        18,
        19,
        20,
        21,
        22,
        23,
        24,
        25,
        26,
        27,
        28,
        29,
        30,
        31,
        32,
        33,
        34,
        35,
        36,
        37,
        38,
        39,
        40,
        41,
        42,
        43,
        44,
        45,
        46,
        47,
        48,
        49,
        50,
        51,
        52,
        53,
        54,
        55,
        56,
        57,
        58,
        59,
        60,
        61,
        62,
        63,
        64,
        65,
        66,
        67,
        68,
        69,
        70,
        71,
        72,
        73,
        74,
        75,
        76,
        77,
        78,
        79,
        80,
        81,
        82,
        83,
        84,
        85,
        86,
        87,
        88,
        89,
        90,
        91,
        92,
        93,
        94,
        95,
        96,
        97,
        98,
        99,
        100,
        101,
        102,
        103,
        104,
        105,
        106,
        107
      ],
      "AcquisitionTime": [
        "101044.482500",
        "101047.082500",
        "101049.682500",
        "101052.282500",
        "101054.882500",
        "101057.482500",
        "101100.082500",
        "101102.682500",
        "101105.282500",
        "101107.882500",
        "101110.482500",
        "101113.082500",
        "101115.682500",
        "101118.282500",
        "101120.882500",
        "101123.482500",
        "101126.082500",
        "101128.682500",
        "101131.282500",
        "101133.882500",
        "101136.482500",
        "101139.082500",
        "101141.682500",
        "101144.282500",
        "101146.882500",
        "101149.482500",
        "101152.082500",
        "101154.682500",
        "101157.282500",
        "101159.882500",
        "101202.482500",
        "101205.082500",
        "101207.682500",
        "101210.282500",
        "101212.882500",
        "101215.482500",
        "101218.082500",
        "101220.682500",
        "101223.282500",
        "101225.882500",
        "101228.482500",
        "101231.082500",
        "101233.682500",
        "101236.282500",
        "101238.882500",
        "101241.482500",
        "101244.082500",
        "101246.682500",
        "101249.282500",
        "101251.882500",
        "101254.482500",
        "101257.082500",
        "101259.682500",
        "101302.282500",
        "101304.882500",
        "101307.482500",
        "101310.082500",
        "101312.682500",
        "101315.282500",
        "101317.882500",
        "101320.482500",
        "101323.082500",
        "101325.682500",
        "101328.282500",
        "101330.882500",
        "101333.482500",
        "101336.082500",
        "101338.682500",
        "101341.282500",
        "101343.882500",
        "101346.482500",
        "101349.082500",
        "101351.682500",
        "101354.282500",
        "101356.882500",
        "101359.482500",
        "101402.082500",
        "101404.682500",
        "101407.282500",
        "101409.882500",
        "101412.482500",
        "101415.082500",
        "101417.682500",
        "101420.282500",
        "101422.882500",
        "101425.482500",
        "101428.082500",
        "101430.682500",
        "101433.282500",
        "101435.882500",
        "101438.482500",
        "101441.082500",
        "101443.682500",
        "101446.282500",
        "101448.882500",
        "101451.482500",
        "101454.082500",
        "101456.682500",
        "101459.282500",
        "101501.882500",
        "101504.482500",
        "101507.082500",
        "101509.682500",
        "101512.282500",
        "101514.882500",
        "101517.482500",
        "101520.082500"
      ],
      "ContentTime": [
        "101136.500000",
        "101136.504000",
        "101136.512000",
        "101136.516000",
        "101136.519000",
        "101136.526000",
        "101136.529000",
        "101136.535000",
        "101136.538000",
        "101136.541000",
        "101136.544000",
        "101136.547000",
        "101136.551000",
        "101136.554000",
        "101136.557000",
        "101136.566000",
        "101136.569000",
        "101136.572000",
        "101136.575000",
        "101136.578000",
        "101236.496000",
        "101236.500000",
        "101236.503000",
        "101236.506000",
        "101236.509000",
        "101236.513000",
        "101236.516000",
        "101236.519000",
        "101236.522000",
        "101236.525000",
        "101236.528000",
        "101236.532000",
        "101236.535000",
        "101236.538000",
        "101236.541000",
        "101236.554000",
        "101236.557000",
        "101236.560000",
        "101236.563000",
        "101236.567000",
        "101236.570000",
        "101236.573000",
        "101236.576000",
        "101336.495000",
        "101336.507000",
        "101336.511000",
        "101336.514000",
        "101336.517000",
        "101336.520000",
        "101336.523000",
        "101336.527000",
        "101336.530000",
        "101336.533000",
        "101336.536000",
        "101336.540000",
        "101336.543000",
        "101336.546000",
        "101336.549000",
        "101336.552000",
        "101336.556000",
        "101336.559000",
        "101336.562000",
        "101336.565000",
        "101336.569000",
        "101336.572000",
        "101336.575000",
        "101436.496000",
        "101436.500000",
        "101436.503000",
        "101436.506000",
        "101436.509000",
        "101436.513000",
        "101436.516000",
        "101436.519000",
        "101436.522000",
        "101436.525000",
        "101436.529000",
        "101436.532000",
        "101436.535000",
        "101436.538000",
        "101436.541000",
        "101436.545000",
        "101436.548000",
        "101436.551000",
        "101436.554000",
        "101436.558000",
        "101436.561000",
        "101436.564000",
        "101436.567000",
        "101521.669000",
        "101521.673000",
        "101521.676000",
        "101521.679000",
        "101521.682000",
        "101521.686000",
        "101521.689000",
        "101521.692000",
        "101521.695000",
        "101521.698000",
        "101521.701000",
        "101521.704000",
        "101521.708000",
        "101521.711000",
        "101521.714000",
        "101521.717000",
        "101521.721000",
        "101521.724000"
      ],
      "InstanceCreationTime": [
        "101136.500000",
        "101136.504000",
        "101136.512000",
        "101136.516000",
        "101136.519000",
        "101136.526000",
        "101136.529000",
        "101136.535000",
        "101136.538000",
        "101136.541000",
        "101136.544000",
        "101136.547000",
        "101136.551000",
        "101136.554000",
        "101136.557000",
        "101136.566000",
        "101136.569000",
        "101136.572000",
        "101136.575000",
        "101136.578000",
        "101236.496000",
        "101236.500000",
        "101236.503000",
        "101236.506000",
        "101236.509000",
        "101236.513000",
        "101236.516000",
        "101236.519000",
        "101236.522000",
        "101236.525000",
        "101236.528000",
        "101236.532000",
        "101236.535000",
        "101236.538000",
        "101236.541000",
        "101236.554000",
        "101236.557000",
        "101236.560000",
        "101236.563000",
        "101236.567000",
        "101236.570000",
        "101236.573000",
        "101236.576000",
        "101336.495000",
        "101336.507000",
        "101336.511000",
        "101336.514000",
        "101336.517000",
        "101336.520000",
        "101336.523000",
        "101336.527000",
        "101336.530000",
        "101336.533000",
        "101336.536000",
        "101336.540000",
        "101336.543000",
        "101336.546000",
        "101336.549000",
        "101336.552000",
        "101336.556000",
        "101336.559000",
        "101336.562000",
        "101336.565000",
        "101336.569000",
        "101336.572000",
        "101336.575000",
        "101436.496000",
        "101436.500000",
        "101436.503000",
        "101436.506000",
        "101436.509000",
        "101436.513000",
        "101436.516000",
        "101436.519000",
        "101436.522000",
        "101436.525000",
        "101436.529000",
        "101436.532000",
        "101436.535000",
        "101436.538000",
        "101436.541000",
        "101436.545000",
        "101436.548000",
        "101436.551000",
        "101436.554000",
        "101436.558000",
        "101436.561000",
        "101436.564000",
        "101436.567000",
        "101521.669000",
        "101521.673000",
        "101521.676000",
        "101521.679000",
        "101521.682000",
        "101521.686000",
        "101521.689000",
        "101521.692000",
        "101521.695000",
        "101521.698000",
        "101521.701000",
        "101521.704000",
        "101521.708000",
        "101521.711000",
        "101521.714000",
        "101521.717000",
        "101521.721000",
        "101521.724000"
      ],
      "InstanceNumber": [
        1,
        2,
        3,
        4,
        5,
        6,
        7,
        8,
        9,
        10,
        11,
        12,
        13,
        14,
        15,
        16,
        17,
        18,
        19,
        20,
        21,
        22,
        23,
        24,
        25,
        26,
        27,
        28,
        29,
        30,
        31,
        32,
        33,
        34,
        35,
        36,
        37,
        38,
        39,
        40,
        41,
        42,
        43,
        44,
        45,
        46,
        47,
        48,
        49,
        50,
        51,
        52,
        53,
        54,
        55,
        56,
        57,
        58,
        59,
        60,
        61,
        62,
        63,
        64,
        65,
        66,
        67,
        68,
        69,
        70,
        71,
        72,
        73,
        74,
        75,
        76,
        77,
        78,
        79,
        80,
        81,
        82,
        83,
        84,
        85,
        86,
        87,
        88,
        89,
        90,
        91,
        92,
        93,
        94,
        95,
        96,
        97,
        98,
        99,
        100,
        101,
        102,
        103,
        104,
        105,
        106,
        107
      ],
      "LargestImagePixelValue": [
        1952,
        1985,
        368,
        393,
        461,
        448,
        420,
        390,
        430,
        387,
        440,
        1820,
        421,
        445,
        378,
        474,
        400,
        369,
        478,
        473,
        366,
        410,
        2126,
        455,
        434,
        422,
        470,
        409,
        370,
        388,
        427,
        395,
        428,
        2112,
        425,
        413,
        359,
        441,
        408,
        354,
        481,
        434,
        433,
        413,
        1841,
        352,
        417,
        453,
        454,
        404,
        355,
        462,
        417,
        353,
        397,
        2242,
        452,
        388,
        405,
        412,
        408,
        368,
        414,
        394,
        374,
        420,
        1904,
        358,
        400,
        456,
        449,
        471,
        430,
        411,
        389,
        404,
        410,
        1905,
        416,
        421,
        410,
        395,
        491,
        454,
        408,
        442,
        366,
        2390,
        374,
        424,
        417,
        432,
        426,
        402,
        434,
        372,
        466,
        2381,
        397,
        440,
        405,
        470,
        384,
        383,
        416,
        414,
        358
      ],
      "SequenceName": [
        "*ep_b0",
        "*ep_b0",
        "*ep_b1000#2",
        "*ep_b1000#3",
        "*ep_b1000#4",
        "*ep_b1000#5",
        "*ep_b1000#6",
        "*ep_b1000#7",
        "*ep_b1000#8",
        "*ep_b1000#9",
        "*ep_b1000#10",
        "*ep_b0",
        "*ep_b1000#12",
        "*ep_b1000#13",
        "*ep_b1000#14",
        "*ep_b1000#15",
        "*ep_b1000#16",
        "*ep_b1000#17",
        "*ep_b1000#18",
        "*ep_b1000#19",
        "*ep_b1000#20",
        "*ep_b1000#21",
        "*ep_b0",
        "*ep_b1000#23",
        "*ep_b1000#24",
        "*ep_b1000#25",
        "*ep_b1000#26",
        "*ep_b1000#27",
        "*ep_b1000#28",
        "*ep_b1000#29",
        "*ep_b1000#30",
        "*ep_b1000#31",
        "*ep_b1000#32",
        "*ep_b0",
        "*ep_b1000#34",
        "*ep_b1000#35",
        "*ep_b1000#36",
        "*ep_b1000#37",
        "*ep_b1000#38",
        "*ep_b1000#39",
        "*ep_b1000#40",
        "*ep_b1000#41",
        "*ep_b1000#42",
        "*ep_b1000#43",
        "*ep_b0",
        "*ep_b1000#45",
        "*ep_b1000#46",
        "*ep_b1000#47",
        "*ep_b1000#48",
        "*ep_b1000#49",
        "*ep_b1000#50",
        "*ep_b1000#51",
        "*ep_b1000#52",
        "*ep_b1000#53",
        "*ep_b1000#54",
        "*ep_b0",
        "*ep_b1000#56",
        "*ep_b1000#57",
        "*ep_b1000#58",
        "*ep_b1000#59",
        "*ep_b1000#60",
        "*ep_b1000#61",
        "*ep_b1000#62",
        "*ep_b1000#63",
        "*ep_b1000#64",
        "*ep_b1000#65",
        "*ep_b0",
        "*ep_b1000#67",
        "*ep_b1000#68",
        "*ep_b1000#69",
        "*ep_b1000#70",
        "*ep_b1000#71",
        "*ep_b1000#72",
        "*ep_b1000#73",
        "*ep_b1000#74",
        "*ep_b1000#75",
        "*ep_b1000#76",
        "*ep_b0",
        "*ep_b1000#78",
        "*ep_b1000#79",
        "*ep_b1000#80",
        "*ep_b1000#81",
        "*ep_b1000#82",
        "*ep_b1000#83",
        "*ep_b1000#84",
        "*ep_b1000#85",
        "*ep_b1000#86",
        "*ep_b0",
        "*ep_b1000#88",
        "*ep_b1000#89",
        "*ep_b1000#90",
        "*ep_b1000#91",
        "*ep_b1000#92",
        "*ep_b1000#93",
        "*ep_b1000#94",
        "*ep_b1000#95",
        "*ep_b1000#96",
        "*ep_b0",
        "*ep_b1000#98",
        "*ep_b1000#99",
        "*ep_b1000#100",
        "*ep_b1000#101",
        "*ep_b1000#102",
        "*ep_b1000#103",
        "*ep_b1000#104",
        "*ep_b1000#105",
        "*ep_b1000#106"
      ],
      "WindowCenter": [
        218,
        217,
        92,
        96,
        94,
        95,
        94,
        94,
        96,
        91,
        95,
        213,
        95,
        94,
        92,
        95,
        95,
        92,
        95,
        96,
        92,
        95,
        220,
        95,
        95,
        93,
        95,
        95,
        93,
        94,
        93,
        94,
        97,
        218,
        94,
        95,
        91,
        96,
        93,
        94,
        95,
        95,
        93,
        95,
        213,
        93,
        94,
        96,
        95,
        94,
        93,
        94,
        94,
        94,
        94,
        224,
        95,
        92,
        95,
        93,
        96,
        94,
        94,
        93,
        93,
        94,
        216,
        93,
        95,
        94,
        94,
        94,
        93,
        95,
        93,
        95,
        93,
        215,
        95,
        94,
        95,
        93,
        95,
        94,
        94,
        95,
        93,
        231,
        94,
        95,
        95,
        95,
        94,
        92,
        96,
        94,
        94,
        229,
        94,
        94,
        93,
        95,
        94,
        95,
        93,
        94,
        92
      ],
      "WindowWidth": [
        527,
        524,
        236,
        245,
        241,
        242,
        240,
        241,
        244,
        234,
        242,
        516,
        243,
        240,
        237,
        243,
        243,
        236,
        243,
        244,
        237,
        243,
        526,
        243,
        244,
        238,
        242,
        243,
        239,
        241,
        238,
        240,
        247,
        521,
        241,
        243,
        234,
        244,
        238,
        241,
        244,
        242,
        238,
        243,
        514,
        239,
        240,
        246,
        242,
        240,
        239,
        241,
        240,
        241,
        241,
        533,
        244,
        236,
        243,
        238,
        244,
        242,
        241,
        239,
        238,
        240,
        521,
        239,
        243,
        242,
        240,
        240,
        238,
        243,
        238,
        243,
        239,
        519,
        243,
        240,
        242,
        238,
        244,
        241,
        242,
        242,
        239,
        542,
        241,
        242,
        242,
        242,
        240,
        236,
        245,
        241,
        240,
        537,
        240,
        240,
        239,
        243,
        241,
        243,
        239,
        242,
        237
      ]
    },
    "slices": {}
  }
}
