{
  "AcquisitionMatrixPE": 120,
  "AcquisitionNumber": 1,
  "BandwidthPerPixelPhaseEncode": 13.021,
  "BaseResolution": 120,
  "BodyPartExamined": "BRAIN",
  "ConsistencyInfo": "N4_VE11C_LATEST_20160120",
  "ConversionSoftware": "dcm2niix",
  "ConversionSoftwareVersion": "v1.0.20171215 (OpenJPEG build) GCC6.3.0",
  "DerivedVendorReportedEchoSpacing": 0.000639992,
  "DeviceSerialNumber": "66112",
  "DwellTime": 2.4e-06,
  "EchoTime": 0.096,
  "EchoTrainLength": 120,
  "EffectiveEchoSpacing": 0.000639992,
  "FlipAngle": 90,
  "ImageOrientationPatientDICOM": [
    0.998681,
    0.0506905,
    0.00811664,
    -0.0502415,
    0.997569,
    -0.0482932
  ],
  "ImageType": [
    "ORIGINAL",
    "PRIMARY",
    "DIFFUSION",
    "NONE",
    "ND",
    "NORM"
  ],
  "InPlanePhaseEncodingDirectionDICOM": "COL",
  "InstitutionAddress": "Maynard_3_Hanover_NH_US_03755",
  "InstitutionName": "Dartmouth_College_-_PBS",
  "InstitutionalDepartmentName": "Department",
  "MRAcquisitionType": "2D",
  "MagneticFieldStrength": 3,
  "Manufacturer": "Siemens",
  "ManufacturersModelName": "Prisma",
  "Modality": "MR",
  "PartialFourier": 1,
  "PatientPosition": "HFS",
  "PercentPhaseFOV": 100,
  "PhaseEncodingDirection": "j-",
  "PhaseEncodingSteps": 120,
  "PhaseResolution": 1,
  "PixelBandwidth": 1735,
  "ProcedureStepDescription": "Gobbini_Matteo_1038_hyperface",
  "ProtocolName": "fmap_acq-2.0mmX4b0_dir-AP",
  "PulseSequenceDetails": "%SiemensSeq%_ep2d_diff",
  "ReceiveCoilActiveElements": "HEA;HEP",
  "ReceiveCoilName": "Head_32",
  "ReconMatrixPE": 120,
  "RepetitionTime": 9.7,
  "SAR": 0.106916,
  "ScanOptions": "FS",
  "ScanningSequence": "EP",
  "SequenceName": "_ep_b0",
  "SequenceVariant": "SK_SP",
  "SeriesDescription": "fmap_acq-2.0mmX4b0_dir-AP",
  "SeriesNumber": 64,
  "ShimSetting": [
    4150,
    -7722,
    -7311,
    692,
    -49,
    -126,
    44,
    107
  ],
  "SliceThickness": 2,
  "SoftwareVersions": "syngo_MR_E11",
  "SpacingBetweenSlices": 2,
  "StationName": "AWP66112",
  "TotalReadoutTime": 0.076159,
  "TxRefAmp": 229.228,
  "time": {
    "samples": {
      "AcquisitionNumber": [
        1,
        2,
        3,
        4,
        5,
        6
      ],
      "SequenceName": [
        "*ep_b0",
        "*ep_b0",
        "*ep_b0",
        "*ep_b0",
        "*ep_b1000#5",
        "*ep_b650#6"
      ]
    },
    "slices": {
      "CsaImage.ProtocolSliceNumber": [
        0,
        1,
        2,
        3,
        4,
        5,
        6,
        7,
        8,
        9,
        10,
        11,
        12,
        13,
        14,
        15,
        16,
        17,
        18,
        19,
        20,
        21,
        22,
        23,
        24,
        25,
        26,
        27,
        28,
        29,
        30,
        31,
        32,
        33,
        34,
        35,
        36,
        37,
        38,
        39,
        40,
        41,
        42,
        43,
        44,
        45,
        46,
        47,
        48,
        49,
        50,
        51,
        52,
        53,
        54,
        55,
        56,
        57,
        58,
        59,
        60,
        61,
        62,
        63
      ],
      "CsaImage.SlicePosition_PCS": [
        [
          -112.34120902,
          -146.47295957,
          -72.80072263
        ],
        [
          -112.36229881,
          -146.37731748,
          -70.80312589
        ],
        [
          -112.38338872,
          -146.28167348,
          -68.80552152
        ],
        [
          -112.40447852,
          -146.18602948,
          -66.80792478
        ],
        [
          -112.42556831,
          -146.09038548,
          -64.81032041
        ],
        [
          -112.44665822,
          -145.99474339,
          -62.81272367
        ],
        [
          -112.46774801,
          -145.8990994,
          -60.8151193
        ],
        [
          -112.48883781,
          -145.8034554,
          -58.81751875
        ],
        [
          -112.5099276,
          -145.7078114,
          -56.81991819
        ],
        [
          -112.53101751,
          -145.61216931,
          -54.82231764
        ],
        [
          -112.5521073,
          -145.51652532,
          -52.82471708
        ],
        [
          -112.57319709,
          -145.42088132,
          -50.82711652
        ],
        [
          -112.594287,
          -145.32523923,
          -48.82951597
        ],
        [
          -112.6153768,
          -145.22959523,
          -46.83191923
        ],
        [
          -112.63646659,
          -145.13395123,
          -44.83431867
        ],
        [
          -112.6575565,
          -145.03830724,
          -42.83671812
        ],
        [
          -112.67864629,
          -144.94266515,
          -40.83911756
        ],
        [
          -112.69973609,
          -144.84702115,
          -38.84151701
        ],
        [
          -112.720826,
          -144.75137715,
          -36.84391645
        ],
        [
          -112.74191579,
          -144.65573316,
          -34.8463159
        ],
        [
          -112.76300558,
          -144.56009107,
          -32.84871534
        ],
        [
          -112.78409549,
          -144.46444707,
          -30.85111478
        ],
        [
          -112.80518528,
          -144.36880307,
          -28.85351423
        ],
        [
          -112.82627514,
          -144.27316098,
          -26.85591367
        ],
        [
          -112.84736493,
          -144.17751698,
          -24.85831312
        ],
        [
          -112.86845478,
          -144.08187299,
          -22.86071256
        ],
        [
          -112.88954463,
          -143.98622899,
          -20.86311201
        ],
        [
          -112.91063442,
          -143.8905869,
          -18.86551145
        ],
        [
          -112.93172428,
          -143.7949429,
          -16.8679109
        ],
        [
          -112.95281413,
          -143.69929891,
          -14.87031034
        ],
        [
          -112.97390392,
          -143.60365682,
          -12.87270979
        ],
        [
          -112.99499377,
          -143.50801282,
          -10.87510923
        ],
        [
          -113.01608362,
          -143.41236882,
          -8.87750868
        ],
        [
          -113.03717342,
          -143.31672482,
          -6.87990812
        ],
        [
          -113.05826327,
          -143.22108273,
          -4.88230756
        ],
        [
          -113.07935312,
          -143.12543874,
          -2.88470749
        ],
        [
          -113.10044291,
          -143.02979474,
          -0.88710693
        ],
        [
          -113.12153276,
          -142.93415074,
          1.11049339
        ],
        [
          -113.14262262,
          -142.83850865,
          3.10809382
        ],
        [
          -113.16371241,
          -142.74286466,
          5.10569423
        ],
        [
          -113.18480226,
          -142.64722066,
          7.10329458
        ],
        [
          -113.20589205,
          -142.55157857,
          9.10089489
        ],
        [
          -113.2269819,
          -142.45593457,
          11.09849545
        ],
        [
          -113.24807176,
          -142.36029057,
          13.09609648
        ],
        [
          -113.26916155,
          -142.26464658,
          15.09369608
        ],
        [
          -113.2902514,
          -142.16900449,
          17.09129664
        ],
        [
          -113.31134125,
          -142.07336049,
          19.08889719
        ],
        [
          -113.33243107,
          -141.97771649,
          21.08649775
        ],
        [
          -113.3535209,
          -141.8820725,
          23.0840983
        ],
        [
          -113.37461072,
          -141.78642945,
          25.08169886
        ],
        [
          -113.39570057,
          -141.69078641,
          27.07929942
        ],
        [
          -113.41679039,
          -141.59514336,
          29.07689997
        ],
        [
          -113.43788021,
          -141.49949937,
          31.07450053
        ],
        [
          -113.45897007,
          -141.40385632,
          33.07210108
        ],
        [
          -113.48005989,
          -141.30821233,
          35.06970164
        ],
        [
          -113.50114971,
          -141.21256928,
          37.06730028
        ],
        [
          -113.52223953,
          -141.11692529,
          39.06490084
        ],
        [
          -113.54332938,
          -141.02128224,
          41.0625014
        ],
        [
          -113.56441921,
          -140.92563825,
          43.06010195
        ],
        [
          -113.58550904,
          -140.8299952,
          45.05770251
        ],
        [
          -113.60659887,
          -140.73435216,
          47.05530306
        ],
        [
          -113.6276887,
          -140.63870816,
          49.05290362
        ],
        [
          -113.64877854,
          -140.54306512,
          51.05050417
        ],
        [
          -113.66986836,
          -140.44742112,
          53.04810473
        ]
      ],
      "ImagePositionPatient": [
        [
          -112.34120902092,
          -146.47295956502,
          -72.800722633946
        ],
        [
          -112.36229881317,
          -146.37731747518,
          -70.803125893224
        ],
        [
          -112.38338872463,
          -146.28167347798,
          -68.805521523106
        ],
        [
          -112.40447851689,
          -146.18602948079,
          -66.807924782384
        ],
        [
          -112.42556830914,
          -146.0903854836,
          -64.810320412266
        ],
        [
          -112.4466582206,
          -145.99474339375,
          -62.812723671544
        ],
        [
          -112.46774801285,
          -145.89909939656,
          -60.815119301427
        ],
        [
          -112.4888378051,
          -145.80345539937,
          -58.817518746007
        ],
        [
          -112.50992759735,
          -145.70781140218,
          -56.819918190587
        ],
        [
          -112.53101750881,
          -145.61216931233,
          -54.822317635167
        ],
        [
          -112.55210730107,
          -145.51652531514,
          -52.824717079747
        ],
        [
          -112.57319709332,
          -145.42088131795,
          -50.827116524327
        ],
        [
          -112.59428700478,
          -145.32523922811,
          -48.829515968907
        ],
        [
          -112.61537679703,
          -145.22959523091,
          -46.831919228184
        ],
        [
          -112.63646658928,
          -145.13395123372,
          -44.834318672765
        ],
        [
          -112.65755650074,
          -145.03830723653,
          -42.836718117345
        ],
        [
          -112.67864629299,
          -144.94266514668,
          -40.839117561925
        ],
        [
          -112.69973608524,
          -144.84702114949,
          -38.841517006505
        ],
        [
          -112.72082599671,
          -144.7513771523,
          -36.843916451085
        ],
        [
          -112.74191578896,
          -144.65573315511,
          -34.846315895665
        ],
        [
          -112.76300558121,
          -144.56009106526,
          -32.848715340245
        ],
        [
          -112.78409549267,
          -144.46444706807,
          -30.851114784825
        ],
        [
          -112.80518528492,
          -144.36880307088,
          -28.853514229405
        ],
        [
          -112.82627513678,
          -144.27316098103,
          -26.855913673985
        ],
        [
          -112.84736492903,
          -144.17751698384,
          -24.858313118565
        ],
        [
          -112.86845478089,
          -144.08187298665,
          -22.860712563145
        ],
        [
          -112.88954463274,
          -143.98622898946,
          -20.863112007725
        ],
        [
          -112.91063442499,
          -143.89058689961,
          -18.865511452306
        ],
        [
          -112.93172427685,
          -143.79494290242,
          -16.867910896886
        ],
        [
          -112.95281412871,
          -143.69929890523,
          -14.870310341466
        ],
        [
          -112.97390392096,
          -143.60365681539,
          -12.872709786046
        ],
        [
          -112.99499377281,
          -143.50801281819,
          -10.875109230626
        ],
        [
          -113.01608362467,
          -143.412368821,
          -8.8775086752059
        ],
        [
          -113.03717341692,
          -143.31672482381,
          -6.879908119786
        ],
        [
          -113.05826326878,
          -143.22108273396,
          -4.8823075643661
        ],
        [
          -113.07935312063,
          -143.12543873677,
          -2.8847074857833
        ],
        [
          -113.10044291289,
          -143.02979473958,
          -0.8871069303634
        ],
        [
          -113.12153276474,
          -142.93415074239,
          1.1104933866379
        ],
        [
          -113.1426226166,
          -142.83850865254,
          3.1080938228486
        ],
        [
          -113.16371240885,
          -142.74286465535,
          5.1056942292569
        ],
        [
          -113.18480226071,
          -142.64722065816,
          7.1032945760606
        ],
        [
          -113.20589205296,
          -142.55157856831,
          9.1008948930619
        ],
        [
          -113.22698190481,
          -142.45593457112,
          11.098495448482
        ],
        [
          -113.24807175667,
          -142.36029057393,
          13.096096480739
        ],
        [
          -113.26916154892,
          -142.26464657674,
          15.093696082485
        ],
        [
          -113.29025140078,
          -142.16900448689,
          17.091296637904
        ],
        [
          -113.31134125263,
          -142.0733604897,
          19.088897193324
        ],
        [
          -113.33243107469,
          -141.97771649251,
          21.086497748744
        ],
        [
          -113.35352089674,
          -141.88207249532,
          23.084098304164
        ],
        [
          -113.3746107188,
          -141.7864294518,
          25.081698859584
        ],
        [
          -113.39570057065,
          -141.69078640828,
          27.079299415004
        ],
        [
          -113.41679039271,
          -141.59514336476,
          29.076899970424
        ],
        [
          -113.43788021476,
          -141.49949936757,
          31.074500525844
        ],
        [
          -113.45897006662,
          -141.40385632405,
          33.072101081264
        ],
        [
          -113.48005988867,
          -141.30821232686,
          35.069701636684
        ],
        [
          -113.50114971072,
          -141.21256928334,
          37.067300284755
        ],
        [
          -113.52223953278,
          -141.11692528615,
          39.064900840175
        ],
        [
          -113.54332938463,
          -141.02128224263,
          41.062501395595
        ],
        [
          -113.56441920669,
          -140.92563824544,
          43.060101951015
        ],
        [
          -113.58550904364,
          -140.82999520192,
          45.057702506435
        ],
        [
          -113.6065988657,
          -140.7343521584,
          47.055303061855
        ],
        [
          -113.62768870265,
          -140.63870816121,
          49.052903617275
        ],
        [
          -113.64877853961,
          -140.54306511769,
          51.050504172694
        ],
        [
          -113.66986836166,
          -140.4474211205,
          53.048104728114
        ]
      ],
      "SliceLocation": [
        -78.533340572211,
        -76.533344340406,
        -74.533340395891,
        -72.533344072874,
        -70.533340129617,
        -68.533343896555,
        -66.533339953297,
        -64.53333982016,
        -62.533339687022,
        -60.533339643841,
        -58.533339510703,
        -56.533339377566,
        -54.533339334384,
        -52.533343011367,
        -50.533342878229,
        -48.533342743835,
        -46.53334270191,
        -44.533342568773,
        -42.533342434378,
        -40.533342301241,
        -38.533342259316,
        -36.533342124922,
        -34.533341991784,
        -32.533341949231,
        -30.533341816093,
        -28.533341682327,
        -26.533341548561,
        -24.533341506637,
        -22.533341372871,
        -20.533341239105,
        -18.53334119718,
        -16.533341063414,
        -14.533340929648,
        -12.53334079651,
        -10.533340753957,
        -8.5333410964563,
        -6.5333409633188,
        -4.5333410676854,
        -2.5333411441984,
        -0.5333411598937,
        1.4666587655063,
        3.4666585692985,
        5.4666587030645,
        7.4666593130955,
        9.4666584937029,
        11.466658536256,
        13.466658670022,
        15.466658803474,
        17.466658936926,
        19.466659024771,
        21.466659112931,
        23.466659200776,
        25.466659334228,
        27.466659422387,
        29.466659555839,
        31.466657738624,
        33.466657872076,
        35.466657960235,
        37.466658093687,
        39.46665818169,
        41.466658269535,
        43.466658403144,
        45.466658491146,
        47.466658624598
      ]
    }
  }
}
