{
  "AcquisitionMatrixPE": 120,
  "AcquisitionNumber": 1,
  "BandwidthPerPixelPhaseEncode": 13.021,
  "BaseResolution": 120,
  "BodyPartExamined": "BRAIN",
  "ConsistencyInfo": "N4_VE11C_LATEST_20160120",
  "ConversionSoftware": "dcm2niix",
  "ConversionSoftwareVersion": "v1.0.20171215 (OpenJPEG build) GCC6.3.0",
  "DerivedVendorReportedEchoSpacing": 0.000639992,
  "DeviceSerialNumber": "66112",
  "DwellTime": 2.4e-06,
  "EchoTime": 0.096,
  "EchoTrainLength": 120,
  "EffectiveEchoSpacing": 0.000639992,
  "FlipAngle": 90,
  "ImageOrientationPatientDICOM": [
    0.998681,
    0.0506905,
    0.00811664,
    -0.0502415,
    0.997569,
    -0.0482932
  ],
  "ImageType": [
    "ORIGINAL",
    "PRIMARY",
    "DIFFUSION",
    "NONE",
    "ND",
    "NORM"
  ],
  "InPlanePhaseEncodingDirectionDICOM": "COL",
  "InstitutionAddress": "Maynard_3_Hanover_NH_US_03755",
  "InstitutionName": "Dartmouth_College_-_PBS",
  "InstitutionalDepartmentName": "Department",
  "MRAcquisitionType": "2D",
  "MagneticFieldStrength": 3,
  "Manufacturer": "Siemens",
  "ManufacturersModelName": "Prisma",
  "Modality": "MR",
  "PartialFourier": 1,
  "PatientPosition": "HFS",
  "PercentPhaseFOV": 100,
  "PhaseEncodingDirection": "j",
  "PhaseEncodingSteps": 120,
  "PhaseResolution": 1,
  "PixelBandwidth": 1735,
  "ProcedureStepDescription": "Gobbini_Matteo_1038_hyperface",
  "ProtocolName": "fmap_acq-2.0mmX4b0_dir-PA",
  "PulseSequenceDetails": "%SiemensSeq%_ep2d_diff",
  "ReceiveCoilActiveElements": "HEA;HEP",
  "ReceiveCoilName": "Head_32",
  "ReconMatrixPE": 120,
  "RepetitionTime": 9.7,
  "SAR": 0.106916,
  "ScanOptions": "FS",
  "ScanningSequence": "EP",
  "SequenceName": "_ep_b0",
  "SequenceVariant": "SK_SP",
  "SeriesDescription": "fmap_acq-2.0mmX4b0_dir-PA",
  "SeriesNumber": 65,
  "ShimSetting": [
    4150,
    -7722,
    -7311,
    692,
    -49,
    -126,
    44,
    107
  ],
  "SliceThickness": 2,
  "SoftwareVersions": "syngo_MR_E11",
  "SpacingBetweenSlices": 2,
  "StationName": "AWP66112",
  "TotalReadoutTime": 0.076159,
  "TxRefAmp": 229.228,
  "time": {
    "samples": {
      "AcquisitionNumber": [
        1,
        2,
        3,
        4,
        5,
        6
      ],
      "SequenceName": [
        "*ep_b0",
        "*ep_b0",
        "*ep_b0",
        "*ep_b0",
        "*ep_b1000#5",
        "*ep_b650#6"
      ]
    },
    "slices": {
      "CsaImage.ProtocolSliceNumber": [
        0,
        1,
        2,
        3,
        4,
        5,
        6,
        7,
        8,
        9,
        10,
        11,
        12,
        13,
        14,
        15,
        16,
        17,
        18,
        19,
        20,
        21,
        22,
        23,
        24,
        25,
        26,
        27,
        28,
        29,
        30,
        31,
        32,
        33,
        34,
        35,
        36,
        37,
        38,
        39,
        40,
        41,
        42,
        43,
        44,
        45,
        46,
        47,
        48,
        49,
        50,
        51,
        52,
        53,
        54,
        55,
        56,
        57,
        58,
        59,
        60,
        61,
        62,
        63
      ],
      "CsaImage.SlicePosition_PCS": [
        [
          -112.34846207,
          -146.50388341,
          -72.80322508
        ],
        [
          -112.36955198,
          -146.40824132,
          -70.80562833
        ],
        [
          -112.39064178,
          -146.31259732,
          -68.80802396
        ],
        [
          -112.41173157,
          -146.21695332,
          -66.81042722
        ],
        [
          -112.43282148,
          -146.12131123,
          -64.81282285
        ],
        [
          -112.45391127,
          -146.02566724,
          -62.81522611
        ],
        [
          -112.47500106,
          -145.93002324,
          -60.81762174
        ],
        [
          -112.49609098,
          -145.83437924,
          -58.820025
        ],
        [
          -112.51718077,
          -145.73873715,
          -56.82242445
        ],
        [
          -112.53827056,
          -145.64309316,
          -54.82482389
        ],
        [
          -112.55936047,
          -145.54744916,
          -52.82722334
        ],
        [
          -112.58045026,
          -145.45180516,
          -50.82962278
        ],
        [
          -112.60154006,
          -145.35616307,
          -48.83202223
        ],
        [
          -112.62262997,
          -145.26051907,
          -46.83442167
        ],
        [
          -112.64371976,
          -145.16487508,
          -44.83682111
        ],
        [
          -112.66480955,
          -145.06923299,
          -42.83922056
        ],
        [
          -112.68589946,
          -144.97358899,
          -40.84162
        ],
        [
          -112.70698926,
          -144.87794499,
          -38.84401945
        ],
        [
          -112.72807905,
          -144.782301,
          -36.84641889
        ],
        [
          -112.74916896,
          -144.68665891,
          -34.84881834
        ],
        [
          -112.77025875,
          -144.59101491,
          -32.85121778
        ],
        [
          -112.79134854,
          -144.49537091,
          -30.85361723
        ],
        [
          -112.81243845,
          -144.39972691,
          -28.85601667
        ],
        [
          -112.83352825,
          -144.30408482,
          -26.85841612
        ],
        [
          -112.85461804,
          -144.20844083,
          -24.86081556
        ],
        [
          -112.87570789,
          -144.11279683,
          -22.863215
        ],
        [
          -112.89679774,
          -144.01715474,
          -20.86561445
        ],
        [
          -112.91788754,
          -143.92151074,
          -18.86801389
        ],
        [
          -112.93897739,
          -143.82586675,
          -16.87041334
        ],
        [
          -112.96006724,
          -143.73022275,
          -14.87281278
        ],
        [
          -112.98115703,
          -143.63458066,
          -12.87521413
        ],
        [
          -113.00224688,
          -143.53893666,
          -10.87761263
        ],
        [
          -113.02333674,
          -143.44329266,
          -8.88001207
        ],
        [
          -113.04442653,
          -143.34765057,
          -6.88241151
        ],
        [
          -113.06551638,
          -143.25200658,
          -4.88481096
        ],
        [
          -113.08660617,
          -143.15636258,
          -2.88721088
        ],
        [
          -113.10769602,
          -143.06071858,
          -0.88961033
        ],
        [
          -113.12878588,
          -142.96507649,
          1.10798999
        ],
        [
          -113.14987567,
          -142.8694325,
          3.10559031
        ],
        [
          -113.17096552,
          -142.7737885,
          5.1031908
        ],
        [
          -113.19205537,
          -142.6781445,
          7.10079118
        ],
        [
          -113.21314516,
          -142.58250241,
          9.0983915
        ],
        [
          -113.23423502,
          -142.48685841,
          11.09599205
        ],
        [
          -113.25532487,
          -142.39121442,
          13.09359213
        ],
        [
          -113.27641466,
          -142.29557233,
          15.09119269
        ],
        [
          -113.29750451,
          -142.19992833,
          17.08879324
        ],
        [
          -113.31859433,
          -142.10428433,
          19.0863938
        ],
        [
          -113.33968419,
          -142.00864034,
          21.08399531
        ],
        [
          -113.36077401,
          -141.91299825,
          23.08159396
        ],
        [
          -113.38186383,
          -141.81735425,
          25.07919451
        ],
        [
          -113.40295368,
          -141.72171025,
          27.07679507
        ],
        [
          -113.4240435,
          -141.62606721,
          29.07439562
        ],
        [
          -113.44513333,
          -141.53042321,
          31.07199618
        ],
        [
          -113.46622315,
          -141.43478017,
          33.06959673
        ],
        [
          -113.487313,
          -141.33913712,
          35.06719729
        ],
        [
          -113.50840282,
          -141.24349313,
          37.06479784
        ],
        [
          -113.52949264,
          -141.14785008,
          39.0623984
        ],
        [
          -113.5505825,
          -141.05220609,
          41.05999895
        ],
        [
          -113.57167232,
          -140.95656304,
          43.05759951
        ],
        [
          -113.59276214,
          -140.86091905,
          45.05520007
        ],
        [
          -113.61385198,
          -140.765276,
          47.05280062
        ],
        [
          -113.63494181,
          -140.669632,
          49.05040118
        ],
        [
          -113.65603164,
          -140.57398896,
          51.04800173
        ],
        [
          -113.67712147,
          -140.47834592,
          53.04560229
        ]
      ],
      "ImagePositionPatient": [
        [
          -112.34846207173,
          -146.5038834084,
          -72.803225075352
        ],
        [
          -112.36955198319,
          -146.40824131856,
          -70.80562833463
        ],
        [
          -112.39064177544,
          -146.31259732137,
          -68.808023964513
        ],
        [
          -112.41173156769,
          -146.21695332417,
          -66.81042722379
        ],
        [
          -112.43282147915,
          -146.12131123433,
          -64.812822853673
        ],
        [
          -112.4539112714,
          -146.02566723714,
          -62.81522611295
        ],
        [
          -112.47500106365,
          -145.93002323995,
          -60.817621742833
        ],
        [
          -112.49609097511,
          -145.83437924275,
          -58.82002500211
        ],
        [
          -112.51718076737,
          -145.73873715291,
          -56.82242444669
        ],
        [
          -112.53827055962,
          -145.64309315572,
          -54.82482389127
        ],
        [
          -112.55936047108,
          -145.54744915852,
          -52.82722333585
        ],
        [
          -112.58045026333,
          -145.45180516133,
          -50.829622780431
        ],
        [
          -112.60154005558,
          -145.35616307149,
          -48.832022225011
        ],
        [
          -112.62262996704,
          -145.2605190743,
          -46.834421669591
        ],
        [
          -112.64371975929,
          -145.1648750771,
          -44.836821114171
        ],
        [
          -112.66480955155,
          -145.06923298726,
          -42.839220558751
        ],
        [
          -112.68589946301,
          -144.97358899007,
          -40.841620003331
        ],
        [
          -112.70698925526,
          -144.87794499288,
          -38.844019447911
        ],
        [
          -112.72807904751,
          -144.78230099568,
          -36.846418892491
        ],
        [
          -112.74916895897,
          -144.68665890584,
          -34.848818337071
        ],
        [
          -112.77025875122,
          -144.59101490865,
          -32.851217781651
        ],
        [
          -112.79134854347,
          -144.49537091145,
          -30.853617226231
        ],
        [
          -112.81243845493,
          -144.39972691426,
          -28.856016670811
        ],
        [
          -112.83352824719,
          -144.30408482442,
          -26.858416115391
        ],
        [
          -112.85461803944,
          -144.20844082723,
          -24.860815559972
        ],
        [
          -112.87570789129,
          -144.11279683003,
          -22.863215004552
        ],
        [
          -112.89679774315,
          -144.01715474019,
          -20.865614449132
        ],
        [
          -112.9178875354,
          -143.921510743,
          -18.868013893712
        ],
        [
          -112.93897738726,
          -143.82586674581,
          -16.870413338292
        ],
        [
          -112.96006723911,
          -143.73022274861,
          -14.872812782872
        ],
        [
          -112.98115703137,
          -143.63458065877,
          -12.875214134801
        ],
        [
          -113.00224688322,
          -143.53893666158,
          -10.877612625706
        ],
        [
          -113.02333673508,
          -143.44329266438,
          -8.8800120702865
        ],
        [
          -113.04442652733,
          -143.34765057454,
          -6.8824115148666
        ],
        [
          -113.06551637919,
          -143.25200657735,
          -4.8848109594467
        ],
        [
          -113.08660617144,
          -143.15636258016,
          -2.8872108808639
        ],
        [
          -113.10769602329,
          -143.06071858296,
          -0.889610325444
        ],
        [
          -113.12878587515,
          -142.96507649312,
          1.1079899915574
        ],
        [
          -113.1498756674,
          -142.86943249593,
          3.1055903085587
        ],
        [
          -113.17096551926,
          -142.77378849873,
          5.103190804374
        ],
        [
          -113.19205537111,
          -142.67814450154,
          7.10079118098
        ],
        [
          -113.21314516337,
          -142.5825024117,
          9.0983914979813
        ],
        [
          -113.23423501522,
          -142.48685841451,
          11.095992053401
        ],
        [
          -113.25532486708,
          -142.39121441731,
          13.093592131984
        ],
        [
          -113.27641465933,
          -142.29557232747,
          15.091192687404
        ],
        [
          -113.29750451119,
          -142.19992833028,
          17.088793242824
        ],
        [
          -113.31859433324,
          -142.10428433309,
          19.086393798244
        ],
        [
          -113.3396841851,
          -142.00864033589,
          21.083995307338
        ],
        [
          -113.36077400715,
          -141.91299824605,
          23.081593955409
        ],
        [
          -113.3818638292,
          -141.81735424886,
          25.079194510829
        ],
        [
          -113.40295368106,
          -141.72171025166,
          27.076795066249
        ],
        [
          -113.42404350311,
          -141.62606720815,
          29.074395621669
        ],
        [
          -113.44513332517,
          -141.53042321095,
          31.071996177089
        ],
        [
          -113.46622314722,
          -141.43478016744,
          33.069596732509
        ],
        [
          -113.48731299908,
          -141.33913712392,
          35.067197287929
        ],
        [
          -113.50840282113,
          -141.24349312673,
          37.064797843349
        ],
        [
          -113.52949264319,
          -141.14785008321,
          39.062398398769
        ],
        [
          -113.55058249504,
          -141.05220608602,
          41.059998954189
        ],
        [
          -113.5716723171,
          -140.9565630425,
          43.057599509609
        ],
        [
          -113.59276213915,
          -140.8609190453,
          45.055200065028
        ],
        [
          -113.61385197611,
          -140.76527600179,
          47.052800620448
        ],
        [
          -113.63494181306,
          -140.66963200459,
          49.050401175868
        ],
        [
          -113.65603163511,
          -140.57398896108,
          51.048001731288
        ],
        [
          -113.67712147207,
          -140.47834591756,
          53.045602286708
        ]
      ],
      "SliceLocation": [
        -78.537242360296,
        -76.537246127235,
        -74.537242183977,
        -72.53724586096,
        -70.537242007657,
        -68.53724568464,
        -66.537241741383,
        -64.537245417109,
        -62.537245375184,
        -60.537245242046,
        -58.537245107652,
        -56.537244974514,
        -54.53724493259,
        -52.537244798195,
        -50.537244665058,
        -48.537244623133,
        -46.537244488738,
        -44.537244355601,
        -42.537244222463,
        -40.537244179282,
        -38.537244046144,
        -36.537243913007,
        -34.537243778612,
        -32.537243736688,
        -30.53724360355,
        -28.537243469784,
        -26.537243427231,
        -24.537243294093,
        -22.537243160327,
        -20.537243026561,
        -18.537244889697,
        -16.537243803401,
        -14.537243669635,
        -12.53724362771,
        -10.537243493944,
        -8.5372438370717,
        -6.5372437033057,
        -4.5372438988849,
        -2.53724400388,
        -0.5372439296471,
        1.4627560255194,
        3.4627558293116,
        5.4627559630776,
        7.4627556205786,
        9.4627556625033,
        11.462755796269,
        13.462755929721,
        15.462757016017,
        17.462755153196,
        19.462755286648,
        21.462755420414,
        23.462755508259,
        25.462755641711,
        27.462755729556,
        29.462755817716,
        31.462755951167,
        33.462756039013,
        35.462756172779,
        37.462756260624,
        39.462756394076,
        41.462756482078,
        43.462756615687,
        45.462756703533,
        47.462756791535
      ]
    }
  }
}
