{
  "AcquisitionMatrixPE": 120,
  "AcquisitionNumber": 1,
  "BandwidthPerPixelPhaseEncode": 13.021,
  "BaseResolution": 120,
  "BodyPartExamined": "BRAIN",
  "ConsistencyInfo": "N4_VE11C_LATEST_20160120",
  "ConversionSoftware": "dcm2niix",
  "ConversionSoftwareVersion": "v1.0.20170923 (OpenJPEG build) GCC6.3.0",
  "DerivedVendorReportedEchoSpacing": 0.000639992,
  "DeviceSerialNumber": "66112",
  "DwellTime": 2.4e-06,
  "EchoTime": 0.096,
  "EchoTrainLength": 120,
  "EffectiveEchoSpacing": 0.000639992,
  "FlipAngle": 90,
  "ImageType": [
    "ORIGINAL",
    "PRIMARY",
    "DIFFUSION",
    "NONE",
    "ND",
    "NORM"
  ],
  "InstitutionAddress": "Maynard_3_Hanover_NH_US_03755",
  "InstitutionName": "Dartmouth_College_-_PBS",
  "MagneticFieldStrength": 3,
  "Manufacturer": "Siemens",
  "ManufacturersModelName": "Prisma",
  "Modality": "MR",
  "PartialFourier": 1,
  "PercentPhaseFOV": 100,
  "PhaseEncodingDirection": "j",
  "PhaseEncodingSteps": 120,
  "PhaseResolution": 1,
  "ProcedureStepDescription": "Gobbini_Matteo_1038_hyperface",
  "ProtocolName": "fmap_acq-2.0mmX4b0_dir-PA",
  "PulseSequenceDetails": "%SiemensSeq%_ep2d_diff",
  "ReceiveCoilActiveElements": "HEA;HEP",
  "ReceiveCoilName": "Head_32",
  "ReconMatrixPE": 120,
  "RepetitionTime": 9.7,
  "ScanOptions": "FS",
  "ScanningSequence": "EP",
  "SequenceName": "_ep_b0",
  "SequenceVariant": "SK_SP",
  "SeriesDescription": "fmap_acq-2.0mmX4b0_dir-PA",
  "SoftwareVersions": "syngo_MR_E11",
  "StationName": "AWP66112",
  "TotalReadoutTime": 0.076159,
  "time": {
    "samples": {
      "AcquisitionNumber": [
        1,
        2,
        3,
        4,
        5,
        6
      ],
      "SequenceName": [
        "*ep_b0",
        "*ep_b0",
        "*ep_b0",
        "*ep_b0",
        "*ep_b1000#5",
        "*ep_b650#6"
      ]
    },
    "slices": {
      "CsaImage.ProtocolSliceNumber": [
        0,
        1,
        2,
        3,
        4,
        5,
        6,
        7,
        8,
        9,
        10,
        11,
        12,
        13,
        14,
        15,
        16,
        17,
        18,
        19,
        20,
        21,
        22,
        23,
        24,
        25,
        26,
        27,
        28,
        29,
        30,
        31,
        32,
        33,
        34,
        35,
        36,
        37,
        38,
        39,
        40,
        41,
        42,
        43,
        44,
        45,
        46,
        47,
        48,
        49,
        50,
        51,
        52,
        53,
        54,
        55,
        56,
        57,
        58,
        59,
        60,
        61,
        62,
        63
      ],
      "CsaImage.SlicePosition_PCS": [
        [
          -115.21076519,
          -138.55362133,
          -83.8280461
        ],
        [
          -115.33553279,
          -138.6050711,
          -81.83260847
        ],
        [
          -115.46030039,
          -138.65652183,
          -79.83716322
        ],
        [
          -115.58506806,
          -138.70797256,
          -77.8417256
        ],
        [
          -115.7098356,
          -138.75942234,
          -75.84628035
        ],
        [
          -115.83460326,
          -138.81087307,
          -73.85084273
        ],
        [
          -115.95937092,
          -138.86232284,
          -71.85540129
        ],
        [
          -116.08413846,
          -138.91377357,
          -69.85995985
        ],
        [
          -116.20890612,
          -138.96522335,
          -67.86451842
        ],
        [
          -116.33367378,
          -139.01667408,
          -65.86907698
        ],
        [
          -116.45844133,
          -139.06812481,
          -63.87363554
        ],
        [
          -116.58320887,
          -139.11957458,
          -61.87819411
        ],
        [
          -116.70797665,
          -139.17102531,
          -59.88275267
        ],
        [
          -116.83274419,
          -139.22247509,
          -57.88731123
        ],
        [
          -116.95751173,
          -139.27392582,
          -55.8918698
        ],
        [
          -117.08227951,
          -139.32537559,
          -53.89642836
        ],
        [
          -117.20704705,
          -139.37682632,
          -51.90098692
        ],
        [
          -117.3318146,
          -139.4282761,
          -49.90554548
        ],
        [
          -117.45658238,
          -139.47972683,
          -47.91010405
        ],
        [
          -117.58134992,
          -139.53117756,
          -45.91466261
        ],
        [
          -117.70611746,
          -139.58262733,
          -43.91922117
        ],
        [
          -117.830885,
          -139.63407806,
          -41.92378165
        ],
        [
          -117.95565278,
          -139.68552784,
          -39.92834021
        ],
        [
          -118.08042032,
          -139.73697857,
          -37.93289877
        ],
        [
          -118.20518787,
          -139.78842834,
          -35.93745733
        ],
        [
          -118.32995565,
          -139.83987907,
          -33.9420159
        ],
        [
          -118.45472319,
          -139.8913298,
          -31.94657446
        ],
        [
          -118.57949097,
          -139.94277958,
          -29.95113302
        ],
        [
          -118.70425827,
          -139.99423031,
          -27.9556935
        ],
        [
          -118.82902605,
          -140.04568008,
          -25.9602511
        ],
        [
          -118.95379383,
          -140.09713081,
          -23.96480967
        ],
        [
          -119.07856114,
          -140.14858059,
          -21.96936918
        ],
        [
          -119.20332892,
          -140.20003132,
          -19.97392775
        ],
        [
          -119.3280967,
          -140.25148205,
          -17.97848631
        ],
        [
          -119.452864,
          -140.30293182,
          -15.98304487
        ],
        [
          -119.57763178,
          -140.35438255,
          -13.98760368
        ],
        [
          -119.70239956,
          -140.40583233,
          -11.99216236
        ],
        [
          -119.82716686,
          -140.45728306,
          -9.99672104
        ],
        [
          -119.95193464,
          -140.50873283,
          -8.00127984
        ],
        [
          -120.07670242,
          -140.56018356,
          -6.00583864
        ],
        [
          -120.20146973,
          -140.61163429,
          -4.01039721
        ],
        [
          -120.32623751,
          -140.66308407,
          -2.01495577
        ],
        [
          -120.45100481,
          -140.7145348,
          -0.01951433
        ],
        [
          -120.57577259,
          -140.76598457,
          1.9759271
        ],
        [
          -120.70054037,
          -140.8174353,
          3.97136759
        ],
        [
          -120.82530768,
          -140.86888508,
          5.96680902
        ],
        [
          -120.95007546,
          -140.92033581,
          7.96225046
        ],
        [
          -121.07484324,
          -140.97178558,
          9.9576919
        ],
        [
          -121.19961054,
          -141.02323726,
          11.95313333
        ],
        [
          -121.32437832,
          -141.07468609,
          13.94857477
        ],
        [
          -121.4491461,
          -141.12613682,
          15.94401621
        ],
        [
          -121.5739134,
          -141.17758754,
          17.93945764
        ],
        [
          -121.69868118,
          -141.22903827,
          19.93489908
        ],
        [
          -121.82344896,
          -141.2804871,
          21.93033861
        ],
        [
          -121.94821627,
          -141.33193783,
          23.92578005
        ],
        [
          -122.07298405,
          -141.38338855,
          25.92122148
        ],
        [
          -122.19775183,
          -141.43483928,
          27.91666292
        ],
        [
          -122.32251913,
          -141.48629001,
          29.91210436
        ],
        [
          -122.44728644,
          -141.53773884,
          31.90754579
        ],
        [
          -122.57205469,
          -141.58918956,
          33.90298723
        ],
        [
          -122.696822,
          -141.64064029,
          35.89842867
        ],
        [
          -122.8215893,
          -141.69209102,
          37.8938701
        ],
        [
          -122.94635756,
          -141.74353985,
          39.88931154
        ],
        [
          -123.07112486,
          -141.79499058,
          41.88475298
        ]
      ],
      "ImagePositionPatient": [
        [
          -115.21076519151,
          -138.5536213276,
          -83.828046095197
        ],
        [
          -115.335532793,
          -138.6050711033,
          -81.832608473127
        ],
        [
          -115.46030039449,
          -138.65652183267,
          -79.837163221662
        ],
        [
          -115.58506805558,
          -138.70797256204,
          -77.841725599592
        ],
        [
          -115.70983559747,
          -138.75942233773,
          -75.846280348127
        ],
        [
          -115.83460325856,
          -138.81087306711,
          -73.850842726056
        ],
        [
          -115.95937091966,
          -138.8623228428,
          -71.855401289289
        ],
        [
          -116.08413846154,
          -138.91377357217,
          -69.859959852521
        ],
        [
          -116.20890612264,
          -138.96522334787,
          -67.864518415754
        ],
        [
          -116.33367378373,
          -139.01667407724,
          -65.869076978986
        ],
        [
          -116.45844132562,
          -139.06812480661,
          -63.873635542219
        ],
        [
          -116.5832088675,
          -139.1195745823,
          -61.878194105451
        ],
        [
          -116.70797664781,
          -139.17102531167,
          -59.882752668683
        ],
        [
          -116.83274418969,
          -139.22247508737,
          -57.887311231916
        ],
        [
          -116.95751173158,
          -139.27392581674,
          -55.891869795148
        ],
        [
          -117.08227951188,
          -139.32537559243,
          -53.896428358381
        ],
        [
          -117.20704705377,
          -139.3768263218,
          -51.900986921613
        ],
        [
          -117.33181459565,
          -139.4282760975,
          -49.905545484846
        ],
        [
          -117.45658237595,
          -139.47972682687,
          -47.910104048078
        ],
        [
          -117.58134991784,
          -139.53117755624,
          -45.91466261131
        ],
        [
          -117.70611745973,
          -139.58262733194,
          -43.919221174543
        ],
        [
          -117.83088500161,
          -139.63407806131,
          -41.923781645124
        ],
        [
          -117.95565278192,
          -139.685527837,
          -39.928340208356
        ],
        [
          -118.0804203238,
          -139.73697856637,
          -37.932898771589
        ],
        [
          -118.20518786569,
          -139.78842834207,
          -35.937457334821
        ],
        [
          -118.32995564599,
          -139.83987907144,
          -33.942015898054
        ],
        [
          -118.45472318788,
          -139.89132980081,
          -31.946574461286
        ],
        [
          -118.57949096818,
          -139.9427795765,
          -29.951133024518
        ],
        [
          -118.70425827165,
          -139.99423030587,
          -27.955693495099
        ],
        [
          -118.82902605195,
          -140.04568008157,
          -25.960251104658
        ],
        [
          -118.95379383225,
          -140.09713081094,
          -23.96480966789
        ],
        [
          -119.07856113572,
          -140.14858058664,
          -21.969369184797
        ],
        [
          -119.20332891602,
          -140.20003131601,
          -19.973927748029
        ],
        [
          -119.32809669633,
          -140.25148204538,
          -17.978486311262
        ],
        [
          -119.4528639998,
          -140.30293182107,
          -15.983044874494
        ],
        [
          -119.5776317801,
          -140.35438255044,
          -13.987603676145
        ],
        [
          -119.7023995604,
          -140.40583232614,
          -11.992162358587
        ],
        [
          -119.82716686387,
          -140.45728305551,
          -9.9967210410284
        ],
        [
          -119.95193464417,
          -140.5087328312,
          -8.0012798426794
        ],
        [
          -120.07670242448,
          -140.56018356057,
          -6.0058386443304
        ],
        [
          -120.20146972794,
          -140.61163428994,
          -4.0103972075628
        ],
        [
          -120.32623750825,
          -140.66308406564,
          -2.0149557707953
        ],
        [
          -120.45100481172,
          -140.71453479501,
          -0.0195143340277
        ],
        [
          -120.57577259202,
          -140.76598457071,
          1.9759271027399
        ],
        [
          -120.70054037232,
          -140.81743530008,
          3.9713675858332
        ],
        [
          -120.82530767579,
          -140.86888507577,
          5.9668090226007
        ],
        [
          -120.95007545609,
          -140.92033580514,
          7.9622504593683
        ],
        [
          -121.0748432364,
          -140.97178558084,
          9.9576918961359
        ],
        [
          -121.19961053986,
          -141.02323726388,
          11.953133332903
        ],
        [
          -121.32437832017,
          -141.0746860859,
          13.948574769671
        ],
        [
          -121.44914610047,
          -141.12613681527,
          15.944016206439
        ],
        [
          -121.57391340394,
          -141.17758754464,
          17.939457643206
        ],
        [
          -121.69868118424,
          -141.22903827401,
          19.934899079974
        ],
        [
          -121.82344896455,
          -141.28048709604,
          21.930338609393
        ],
        [
          -121.94821626801,
          -141.33193782541,
          23.92578004616
        ],
        [
          -122.07298404832,
          -141.38338855478,
          25.921221482928
        ],
        [
          -122.19775182862,
          -141.43483928415,
          27.916662919695
        ],
        [
          -122.32251913209,
          -141.48629001352,
          29.912104356463
        ],
        [
          -122.44728643556,
          -141.53773883554,
          31.907545793231
        ],
        [
          -122.5720546927,
          -141.58918956491,
          33.902987229998
        ],
        [
          -122.69682199616,
          -141.64064029428,
          35.898428666766
        ],
        [
          -122.82158929963,
          -141.69209102365,
          37.893870103533
        ],
        [
          -122.94635755677,
          -141.74353984567,
          39.889311540301
        ],
        [
          -123.07112486024,
          -141.79499057504,
          41.884752977069
        ]
      ],
      "SliceLocation": [
        -72.885371766141,
        -70.885375431801,
        -68.885371460923,
        -66.885375098331,
        -64.885371155705,
        -62.885374793113,
        -60.885374649052,
        -58.885374487895,
        -56.885374343834,
        -54.88537417524,
        -52.885374014082,
        -50.885373877458,
        -48.885373701428,
        -46.885373564804,
        -44.885373403646,
        -42.885373252149,
        -40.885373090991,
        -38.885372954367,
        -36.885372778336,
        -34.885372617179,
        -32.885372480555,
        -30.885374222399,
        -28.885374070901,
        -26.885373909744,
        -24.88537377312,
        -22.885373597089,
        -20.885373435931,
        -18.885373284434,
        -16.885375041151,
        -14.885373938153,
        -12.885373762122,
        -10.885374591872,
        -8.8853744158414,
        -6.8853742398105,
        -4.8853741180599,
        -2.8853741799042,
        -0.8853741473443,
        1.1146258800021,
        3.1146257936244,
        5.1146257317802,
        7.1146258780641,
        9.1146260295616,
        11.114626175846,
        13.114626327343,
        15.114625551873,
        17.114625673624,
        19.114625849655,
        21.114626001152,
        23.11462617197,
        25.114626298934,
        27.114626474965,
        29.114626621248,
        31.114626797279,
        33.114625021242,
        35.114625167526,
        37.114625343557,
        39.114625519588,
        41.114625665872,
        43.114625763089,
        45.114625968867,
        47.114626115151,
        49.114626261435,
        51.114626418146,
        53.11462656443
      ]
    }
  }
}
