{
  "AcquisitionMatrixPE": 96,
  "AcquisitionNumber": 1,
  "BaseResolution": 96,
  "BodyPartExamined": "BRAIN",
  "ConsistencyInfo": "N4_VE11C_LATEST_20160120",
  "ConversionSoftware": "dcm2niix",
  "ConversionSoftwareVersion": "v1.0.20170923 (OpenJPEG build) GCC6.3.0",
  "DeviceSerialNumber": "66112",
  "DwellTime": 8.8e-06,
  "EchoNumber": 2,
  "EchoTime": 0.00738,
  "EchoTime1": 0.00492,
  "EchoTime2": 0.00738,
  "FlipAngle": 60,
  "ImageType": [
    "ORIGINAL",
    "PRIMARY",
    "P",
    "ND"
  ],
  "InstitutionAddress": "Maynard_3_Hanover_NH_US_03755",
  "InstitutionName": "Dartmouth_College_-_PBS",
  "IntendedFor": [
    "ses-2/func/sub-sid000007_ses-2_task-localizer_run-01_bold.nii.gz",
    "ses-2/func/sub-sid000007_ses-2_task-localizer_run-05_bold.nii.gz",
    "ses-2/func/sub-sid000007_ses-2_task-visualmemory_run-02_bold.nii.gz",
    "ses-2/func/sub-sid000007_ses-2_task-visualmemory_run-03_bold.nii.gz",
    "ses-2/func/sub-sid000007_ses-2_task-visualmemory_run-04_bold.nii.gz",
    "ses-2/func/sub-sid000007_ses-2_task-visualmemory_run-06_bold.nii.gz",
    "ses-2/func/sub-sid000007_ses-2_task-visualmemory_run-07_bold.nii.gz",
    "ses-2/func/sub-sid000007_ses-2_task-visualmemory_run-08_bold.nii.gz"
  ],
  "MagneticFieldStrength": 3,
  "Manufacturer": "Siemens",
  "ManufacturersModelName": "Prisma",
  "Modality": "MR",
  "PartialFourier": 1,
  "PercentPhaseFOV": 100,
  "PhaseEncodingDirection": "j-",
  "PhaseEncodingSteps": 96,
  "PhaseResolution": 1,
  "ProcedureStepDescription": "Gobbini_Matteo_1038_hyperface",
  "ProtocolName": "fmap_acq-2.5mm",
  "PulseSequenceDetails": "%SiemensSeq%_gre_field_mapping",
  "ReceiveCoilActiveElements": "HEA;HEP",
  "ReceiveCoilName": "Head_32",
  "ReconMatrixPE": 96,
  "RepetitionTime": 0.675,
  "ScanningSequence": "GR",
  "SequenceName": "_fm2d2r",
  "SequenceVariant": "SP",
  "SeriesDescription": "fmap_acq-2.5mm",
  "SoftwareVersions": "syngo_MR_E11",
  "StationName": "AWP66112"
}
