{
  "AcquisitionMatrixPE": 120,
  "AcquisitionNumber": 1,
  "BandwidthPerPixelPhaseEncode": 13.889,
  "BaseResolution": 120,
  "BodyPartExamined": "BRAIN",
  "ConsistencyInfo": "N4_VE11C_LATEST_20160120",
  "ConversionSoftware": "dcm2niix",
  "ConversionSoftwareVersion": "v1.0.20170923 (OpenJPEG build) GCC6.3.0",
  "DerivedVendorReportedEchoSpacing": 0.000599995,
  "DeviceSerialNumber": "66112",
  "DwellTime": 2e-06,
  "EchoTime": 0.103,
  "EchoTrainLength": 120,
  "EffectiveEchoSpacing": 0.000599995,
  "FlipAngle": 90,
  "ImageType": [
    "ORIGINAL",
    "PRIMARY",
    "DIFFUSION",
    "NONE",
    "ND",
    "NORM",
    "MOSAIC"
  ],
  "InstitutionAddress": "Maynard_3_Hanover_NH_US_03755",
  "InstitutionName": "Dartmouth_College_-_PBS",
  "MagneticFieldStrength": 3,
  "Manufacturer": "Siemens",
  "ManufacturersModelName": "Prisma",
  "Modality": "MR",
  "MultibandAccelerationFactor": 4,
  "PercentPhaseFOV": 100,
  "PhaseEncodingDirection": "j-",
  "PhaseEncodingSteps": 120,
  "PhaseResolution": 1,
  "ProcedureStepDescription": "Gobbini_Matteo_1038_hyperface",
  "ProtocolName": "dwi_acq-2.0mmXhardi96Xsms4X11b0",
  "PulseSequenceDetails": "%SiemensSeq%_ep2d_diff",
  "ReceiveCoilActiveElements": "HEA;HEP",
  "ReceiveCoilName": "Head_32",
  "ReconMatrixPE": 120,
  "RepetitionTime": 2.6,
  "ScanOptions": "FS",
  "ScanningSequence": "EP",
  "SequenceName": "_ep_b0",
  "SequenceVariant": "SK_SP",
  "SeriesDescription": "dwi_acq-2.0mmXhardi96Xsms4X11b0",
  "SliceTiming": [
    1.935,
    0,
    1.29,
    0.1625,
    1.4525,
    0.3225,
    1.6125,
    0.485,
    1.775,
    0.8075,
    2.0975,
    0.9675,
    2.2575,
    1.13,
    2.42,
    0.645,
    1.935,
    0,
    1.29,
    0.1625,
    1.4525,
    0.3225,
    1.6125,
    0.485,
    1.775,
    0.8075,
    2.0975,
    0.9675,
    2.2575,
    1.13,
    2.42,
    0.645,
    1.935,
    0,
    1.29,
    0.1625,
    1.4525,
    0.3225,
    1.6125,
    0.485,
    1.775,
    0.8075,
    2.0975,
    0.9675,
    2.2575,
    1.13,
    2.42,
    0.645,
    1.935,
    0,
    1.29,
    0.1625,
    1.4525,
    0.3225,
    1.6125,
    0.485,
    1.775,
    0.8075,
    2.0975,
    0.9675,
    2.2575,
    1.13,
    2.42,
    0.645
  ],
  "SoftwareVersions": "syngo_MR_E11",
  "StationName": "AWP66112",
  "TotalReadoutTime": 0.0713994,
  "time": {
    "samples": {
      "AcquisitionNumber": [
        1,
        2,
        3,
        4,
        5,
        6,
        7,
        8,
        9,
        10,
        11,
        12,
        13,
        14,
        15,
        16,
        17,
        18,
        19,
        20,
        21,
        22,
        23,
        24,
        25,
        26,
        27,
        28,
        29,
        30,
        31,
        32,
        33,
        34,
        35,
        36,
        37,
        38,
        39,
        40,
        41,
        42,
        43,
        44,
        45,
        46,
        47,
        48,
        49,
        50,
        51,
        52,
        53,
        54,
        55,
        56,
        57,
        58,
        59,
        60,
        61,
        62,
        63,
        64,
        65,
        66,
        67,
        68,
        69,
        70,
        71,
        72,
        73,
        74,
        75,
        76,
        77,
        78,
        79,
        80,
        81,
        82,
        83,
        84,
        85,
        86,
        87,
        88,
        89,
        90,
        91,
        92,
        93,
        94,
        95,
        96,
        97,
        98,
        99,
        100,
        101,
        102,
        103,
        104,
        105,
        106,
        107
      ],
      "AcquisitionTime": [
        "170726.512500",
        "170729.112500",
        "170731.712500",
        "170734.312500",
        "170736.912500",
        "170739.512500",
        "170742.112500",
        "170744.712500",
        "170747.312500",
        "170749.912500",
        "170752.512500",
        "170755.112500",
        "170757.712500",
        "170800.312500",
        "170802.912500",
        "170805.512500",
        "170808.112500",
        "170810.712500",
        "170813.312500",
        "170815.912500",
        "170818.512500",
        "170821.112500",
        "170823.712500",
        "170826.312500",
        "170828.912500",
        "170831.512500",
        "170834.112500",
        "170836.712500",
        "170839.312500",
        "170841.912500",
        "170844.512500",
        "170847.112500",
        "170849.712500",
        "170852.312500",
        "170854.912500",
        "170857.512500",
        "170900.112500",
        "170902.712500",
        "170905.312500",
        "170907.912500",
        "170910.512500",
        "170913.112500",
        "170915.712500",
        "170918.312500",
        "170920.912500",
        "170923.512500",
        "170926.112500",
        "170928.712500",
        "170931.312500",
        "170933.912500",
        "170936.512500",
        "170939.112500",
        "170941.712500",
        "170944.312500",
        "170946.912500",
        "170949.512500",
        "170952.112500",
        "170954.712500",
        "170957.312500",
        "170959.912500",
        "171002.512500",
        "171005.112500",
        "171007.712500",
        "171010.312500",
        "171012.912500",
        "171015.512500",
        "171018.112500",
        "171020.712500",
        "171023.312500",
        "171025.912500",
        "171028.512500",
        "171031.112500",
        "171033.712500",
        "171036.312500",
        "171038.912500",
        "171041.512500",
        "171044.112500",
        "171046.712500",
        "171049.312500",
        "171051.912500",
        "171054.512500",
        "171057.112500",
        "171059.712500",
        "171102.312500",
        "171104.912500",
        "171107.512500",
        "171110.112500",
        "171112.712500",
        "171115.312500",
        "171117.912500",
        "171120.512500",
        "171123.112500",
        "171125.712500",
        "171128.312500",
        "171130.912500",
        "171133.512500",
        "171136.112500",
        "171138.712500",
        "171141.312500",
        "171143.912500",
        "171146.512500",
        "171149.112500",
        "171151.712500",
        "171154.312500",
        "171156.912500",
        "171159.512500",
        "171202.112500"
      ],
      "ContentTime": [
        "170817.748000",
        "170817.752000",
        "170817.755000",
        "170817.767000",
        "170817.773000",
        "170817.776000",
        "170817.779000",
        "170817.782000",
        "170817.786000",
        "170817.789000",
        "170817.792000",
        "170817.795000",
        "170817.798000",
        "170817.801000",
        "170817.804000",
        "170817.807000",
        "170817.811000",
        "170817.814000",
        "170817.817000",
        "170817.820000",
        "170917.743000",
        "170917.747000",
        "170917.750000",
        "170917.753000",
        "170917.756000",
        "170917.759000",
        "170917.762000",
        "170917.765000",
        "170917.768000",
        "170917.772000",
        "170917.775000",
        "170917.778000",
        "170917.781000",
        "170917.784000",
        "170917.787000",
        "170917.790000",
        "170917.793000",
        "170917.797000",
        "170917.800000",
        "170917.803000",
        "170917.806000",
        "170917.809000",
        "170917.812000",
        "171017.743000",
        "171017.746000",
        "171017.749000",
        "171017.753000",
        "171017.756000",
        "171017.759000",
        "171017.762000",
        "171017.765000",
        "171017.781000",
        "171017.784000",
        "171017.787000",
        "171017.790000",
        "171017.798000",
        "171017.801000",
        "171017.804000",
        "171017.808000",
        "171017.811000",
        "171017.814000",
        "171017.817000",
        "171017.820000",
        "171017.824000",
        "171017.828000",
        "171017.831000",
        "171117.744000",
        "171117.747000",
        "171117.750000",
        "171117.754000",
        "171117.757000",
        "171117.760000",
        "171117.763000",
        "171117.766000",
        "171117.769000",
        "171117.773000",
        "171117.776000",
        "171117.779000",
        "171117.782000",
        "171117.785000",
        "171117.788000",
        "171117.792000",
        "171117.795000",
        "171117.798000",
        "171117.801000",
        "171117.804000",
        "171117.807000",
        "171117.810000",
        "171117.813000",
        "171206.087000",
        "171206.091000",
        "171206.094000",
        "171206.097000",
        "171206.100000",
        "171206.104000",
        "171206.107000",
        "171206.110000",
        "171206.113000",
        "171206.116000",
        "171206.119000",
        "171206.122000",
        "171206.125000",
        "171206.128000",
        "171206.132000",
        "171206.135000",
        "171206.138000",
        "171206.141000"
      ],
      "InstanceCreationTime": [
        "170817.748000",
        "170817.752000",
        "170817.755000",
        "170817.767000",
        "170817.773000",
        "170817.776000",
        "170817.779000",
        "170817.782000",
        "170817.786000",
        "170817.789000",
        "170817.792000",
        "170817.795000",
        "170817.798000",
        "170817.801000",
        "170817.804000",
        "170817.807000",
        "170817.811000",
        "170817.814000",
        "170817.817000",
        "170817.820000",
        "170917.743000",
        "170917.747000",
        "170917.750000",
        "170917.753000",
        "170917.756000",
        "170917.759000",
        "170917.762000",
        "170917.765000",
        "170917.768000",
        "170917.772000",
        "170917.775000",
        "170917.778000",
        "170917.781000",
        "170917.784000",
        "170917.787000",
        "170917.790000",
        "170917.793000",
        "170917.797000",
        "170917.800000",
        "170917.803000",
        "170917.806000",
        "170917.809000",
        "170917.812000",
        "171017.743000",
        "171017.746000",
        "171017.749000",
        "171017.753000",
        "171017.756000",
        "171017.759000",
        "171017.762000",
        "171017.765000",
        "171017.781000",
        "171017.784000",
        "171017.787000",
        "171017.790000",
        "171017.798000",
        "171017.801000",
        "171017.804000",
        "171017.808000",
        "171017.811000",
        "171017.814000",
        "171017.817000",
        "171017.820000",
        "171017.824000",
        "171017.828000",
        "171017.831000",
        "171117.744000",
        "171117.747000",
        "171117.750000",
        "171117.754000",
        "171117.757000",
        "171117.760000",
        "171117.763000",
        "171117.766000",
        "171117.769000",
        "171117.773000",
        "171117.776000",
        "171117.779000",
        "171117.782000",
        "171117.785000",
        "171117.788000",
        "171117.792000",
        "171117.795000",
        "171117.798000",
        "171117.801000",
        "171117.804000",
        "171117.807000",
        "171117.810000",
        "171117.813000",
        "171206.087000",
        "171206.091000",
        "171206.094000",
        "171206.097000",
        "171206.100000",
        "171206.104000",
        "171206.107000",
        "171206.110000",
        "171206.113000",
        "171206.116000",
        "171206.119000",
        "171206.122000",
        "171206.125000",
        "171206.128000",
        "171206.132000",
        "171206.135000",
        "171206.138000",
        "171206.141000"
      ],
      "InstanceNumber": [
        1,
        2,
        3,
        4,
        5,
        6,
        7,
        8,
        9,
        10,
        11,
        12,
        13,
        14,
        15,
        16,
        17,
        18,
        19,
        20,
        21,
        22,
        23,
        24,
        25,
        26,
        27,
        28,
        29,
        30,
        31,
        32,
        33,
        34,
        35,
        36,
        37,
        38,
        39,
        40,
        41,
        42,
        43,
        44,
        45,
        46,
        47,
        48,
        49,
        50,
        51,
        52,
        53,
        54,
        55,
        56,
        57,
        58,
        59,
        60,
        61,
        62,
        63,
        64,
        65,
        66,
        67,
        68,
        69,
        70,
        71,
        72,
        73,
        74,
        75,
        76,
        77,
        78,
        79,
        80,
        81,
        82,
        83,
        84,
        85,
        86,
        87,
        88,
        89,
        90,
        91,
        92,
        93,
        94,
        95,
        96,
        97,
        98,
        99,
        100,
        101,
        102,
        103,
        104,
        105,
        106,
        107
      ],
      "LargestImagePixelValue": [
        2355,
        2500,
        416,
        441,
        442,
        486,
        515,
        488,
        449,
        452,
        468,
        2288,
        480,
        509,
        484,
        452,
        475,
        461,
        484,
        501,
        463,
        541,
        1994,
        465,
        515,
        465,
        539,
        495,
        500,
        449,
        421,
        418,
        440,
        2087,
        455,
        471,
        481,
        461,
        483,
        458,
        509,
        472,
        465,
        471,
        2251,
        438,
        448,
        477,
        483,
        520,
        461,
        433,
        483,
        448,
        443,
        2578,
        496,
        491,
        407,
        454,
        483,
        439,
        464,
        421,
        475,
        455,
        2513,
        541,
        519,
        475,
        527,
        448,
        454,
        483,
        464,
        515,
        532,
        1811,
        483,
        504,
        447,
        449,
        474,
        550,
        487,
        459,
        486,
        2321,
        495,
        460,
        461,
        440,
        452,
        543,
        500,
        464,
        509,
        2432,
        452,
        453,
        484,
        506,
        493,
        474,
        505,
        493,
        457
      ],
      "SequenceName": [
        "*ep_b0",
        "*ep_b0",
        "*ep_b1000#2",
        "*ep_b1000#3",
        "*ep_b1000#4",
        "*ep_b1000#5",
        "*ep_b1000#6",
        "*ep_b1000#7",
        "*ep_b1000#8",
        "*ep_b1000#9",
        "*ep_b1000#10",
        "*ep_b0",
        "*ep_b1000#12",
        "*ep_b1000#13",
        "*ep_b1000#14",
        "*ep_b1000#15",
        "*ep_b1000#16",
        "*ep_b1000#17",
        "*ep_b1000#18",
        "*ep_b1000#19",
        "*ep_b1000#20",
        "*ep_b1000#21",
        "*ep_b0",
        "*ep_b1000#23",
        "*ep_b1000#24",
        "*ep_b1000#25",
        "*ep_b1000#26",
        "*ep_b1000#27",
        "*ep_b1000#28",
        "*ep_b1000#29",
        "*ep_b1000#30",
        "*ep_b1000#31",
        "*ep_b1000#32",
        "*ep_b0",
        "*ep_b1000#34",
        "*ep_b1000#35",
        "*ep_b1000#36",
        "*ep_b1000#37",
        "*ep_b1000#38",
        "*ep_b1000#39",
        "*ep_b1000#40",
        "*ep_b1000#41",
        "*ep_b1000#42",
        "*ep_b1000#43",
        "*ep_b0",
        "*ep_b1000#45",
        "*ep_b1000#46",
        "*ep_b1000#47",
        "*ep_b1000#48",
        "*ep_b1000#49",
        "*ep_b1000#50",
        "*ep_b1000#51",
        "*ep_b1000#52",
        "*ep_b1000#53",
        "*ep_b1000#54",
        "*ep_b0",
        "*ep_b1000#56",
        "*ep_b1000#57",
        "*ep_b1000#58",
        "*ep_b1000#59",
        "*ep_b1000#60",
        "*ep_b1000#61",
        "*ep_b1000#62",
        "*ep_b1000#63",
        "*ep_b1000#64",
        "*ep_b1000#65",
        "*ep_b0",
        "*ep_b1000#67",
        "*ep_b1000#68",
        "*ep_b1000#69",
        "*ep_b1000#70",
        "*ep_b1000#71",
        "*ep_b1000#72",
        "*ep_b1000#73",
        "*ep_b1000#74",
        "*ep_b1000#75",
        "*ep_b1000#76",
        "*ep_b0",
        "*ep_b1000#78",
        "*ep_b1000#79",
        "*ep_b1000#80",
        "*ep_b1000#81",
        "*ep_b1000#82",
        "*ep_b1000#83",
        "*ep_b1000#84",
        "*ep_b1000#85",
        "*ep_b1000#86",
        "*ep_b0",
        "*ep_b1000#88",
        "*ep_b1000#89",
        "*ep_b1000#90",
        "*ep_b1000#91",
        "*ep_b1000#92",
        "*ep_b1000#93",
        "*ep_b1000#94",
        "*ep_b1000#95",
        "*ep_b1000#96",
        "*ep_b0",
        "*ep_b1000#98",
        "*ep_b1000#99",
        "*ep_b1000#100",
        "*ep_b1000#101",
        "*ep_b1000#102",
        "*ep_b1000#103",
        "*ep_b1000#104",
        "*ep_b1000#105",
        "*ep_b1000#106"
      ],
      "WindowCenter": [
        239,
        243,
        101,
        107,
        104,
        106,
        104,
        103,
        106,
        101,
        106,
        235,
        106,
        103,
        103,
        105,
        106,
        101,
        106,
        106,
        103,
        106,
        229,
        105,
        105,
        104,
        104,
        106,
        103,
        106,
        101,
        103,
        107,
        229,
        104,
        105,
        101,
        107,
        102,
        105,
        106,
        105,
        103,
        106,
        231,
        102,
        103,
        107,
        103,
        105,
        104,
        104,
        104,
        104,
        105,
        244,
        104,
        102,
        104,
        102,
        107,
        105,
        105,
        102,
        103,
        103,
        242,
        104,
        107,
        104,
        103,
        104,
        102,
        106,
        102,
        105,
        104,
        229,
        106,
        104,
        105,
        104,
        104,
        104,
        105,
        105,
        104,
        235,
        104,
        105,
        106,
        105,
        103,
        102,
        105,
        105,
        103,
        237,
        105,
        104,
        102,
        105,
        105,
        105,
        104,
        106,
        102
      ],
      "WindowWidth": [
        562,
        566,
        257,
        269,
        263,
        267,
        263,
        262,
        267,
        256,
        268,
        553,
        267,
        261,
        261,
        265,
        267,
        257,
        267,
        267,
        261,
        267,
        545,
        265,
        266,
        263,
        263,
        267,
        261,
        267,
        257,
        261,
        269,
        543,
        263,
        266,
        256,
        269,
        259,
        265,
        267,
        265,
        262,
        267,
        546,
        259,
        260,
        269,
        261,
        265,
        263,
        262,
        263,
        263,
        265,
        567,
        264,
        259,
        263,
        258,
        269,
        265,
        265,
        259,
        261,
        262,
        566,
        262,
        269,
        263,
        261,
        263,
        258,
        267,
        259,
        264,
        263,
        543,
        267,
        263,
        265,
        263,
        263,
        264,
        264,
        265,
        263,
        552,
        264,
        265,
        267,
        264,
        261,
        259,
        266,
        265,
        261,
        555,
        265,
        263,
        259,
        265,
        265,
        265,
        263,
        267,
        258
      ]
    },
    "slices": {}
  },
  "CoilCombinationMethod": "Adaptive Combine",
  "NonlinearGradientCorrection": false,
  "MRAcquisitionType": "2D",
  "InstitutionalDepartmentName": "Department",
  "PulseSequenceType": "Spin Echo EPI",
  "B0FieldSource": "pepolar_ses-1"
}
