{
  "AcquisitionMatrixPE": 120,
  "AcquisitionNumber": 1,
  "AcquisitionTime": "22:13:40.092500",
  "BandwidthPerPixelPhaseEncode": 13.021,
  "BaseResolution": 120,
  "BodyPartExamined": "BRAIN",
  "ConsistencyInfo": "N4_VE11C_LATEST_20160120",
  "ConversionSoftware": "dcm2niix",
  "ConversionSoftwareVersion": "v1.0.20171215 (OpenJPEG build) GCC6.3.0",
  "DerivedVendorReportedEchoSpacing": 0.000639992,
  "DeviceSerialNumber": "66112",
  "DwellTime": 2.4e-06,
  "EchoTime": 0.096,
  "EchoTrainLength": 120,
  "EffectiveEchoSpacing": 0.000639992,
  "FlipAngle": 90,
  "ImageOrientationPatientDICOM": [
    0.999081,
    -0.0296143,
    -0.0309727,
    0.0273834,
    0.997162,
    -0.0701268
  ],
  "ImageType": [
    "ORIGINAL",
    "PRIMARY",
    "DIFFUSION",
    "NONE",
    "ND",
    "NORM"
  ],
  "InPlanePhaseEncodingDirectionDICOM": "COL",
  "InstitutionAddress": "Maynard_3_Hanover_NH_US_03755",
  "InstitutionName": "Dartmouth_College_-_PBS",
  "InstitutionalDepartmentName": "Department",
  "MRAcquisitionType": "2D",
  "MagneticFieldStrength": 3,
  "Manufacturer": "Siemens",
  "ManufacturersModelName": "Prisma",
  "Modality": "MR",
  "PatientPosition": "HFS",
  "PercentPhaseFOV": 100,
  "PhaseEncodingDirection": "j",
  "PhaseEncodingSteps": 120,
  "PhaseResolution": 1,
  "PixelBandwidth": 1735,
  "ProcedureStepDescription": "Gobbini_Matteo_1038_hyperface",
  "ProtocolName": "fmap_acq-2.0mmX4b0_dir-PA",
  "PulseSequenceDetails": "%SiemensSeq%_ep2d_diff",
  "ReceiveCoilActiveElements": "HEA;HEP",
  "ReceiveCoilName": "Head_32",
  "ReconMatrixPE": 120,
  "RepetitionTime": 9.7,
  "SAR": 0.107687,
  "ScanOptions": "FS",
  "ScanningSequence": "EP",
  "SequenceName": "_ep_b0",
  "SequenceVariant": "SK_SP",
  "SeriesDescription": "fmap_acq-2.0mmX4b0_dir-PA",
  "SeriesNumber": 65,
  "ShimSetting": [
    4138,
    -7692,
    -7373,
    636,
    -97,
    -32,
    44,
    91
  ],
  "SliceThickness": 2,
  "SoftwareVersions": "syngo_MR_E11",
  "SpacingBetweenSlices": 2,
  "StationName": "AWP66112",
  "TotalReadoutTime": 0.076159,
  "TxRefAmp": 261.52,
  "MatrixCoilMode": "SENSE",
  "CoilCombinationMethod": "Sum of Squares",
  "NonlinearGradientCorrection": false,
  "PulseSequenceType": "Spin Echo EPI",
  "SliceTiming": [
    4.83594,
    0,
    4.99219,
    0.14844,
    5.14062,
    0.30469,
    5.29688,
    0.45312,
    5.44531,
    0.60156,
    5.59375,
    0.75781,
    5.74219,
    0.90625,
    5.89844,
    1.05469,
    6.04688,
    1.21094,
    6.20312,
    1.35938,
    6.35156,
    1.50781,
    6.5,
    1.66406,
    6.65625,
    1.8125,
    6.80469,
    1.96875,
    6.95312,
    2.11719,
    7.10938,
    2.26562,
    7.25781,
    2.42188,
    7.41406,
    2.57031,
    7.5625,
    2.71875,
    7.71094,
    2.875,
    7.86719,
    3.02344,
    8.01562,
    3.17969,
    8.16406,
    3.32812,
    8.32031,
    3.47656,
    8.46875,
    3.625,
    8.61719,
    3.78125,
    8.77344,
    3.92969,
    8.92188,
    4.08594,
    9.07031,
    4.23438,
    9.22656,
    4.38281,
    9.375,
    4.53906,
    9.53125,
    4.6875
  ],
  "B0FieldIdentifier": "pepolar_ses-1"
}
