{
  "AcquisitionMatrixPE": 120,
  "AcquisitionNumber": 1,
  "BandwidthPerPixelPhaseEncode": 13.021,
  "BaseResolution": 120,
  "BodyPartExamined": "BRAIN",
  "ConsistencyInfo": "N4_VE11C_LATEST_20160120",
  "ConversionSoftware": "dcm2niix",
  "ConversionSoftwareVersion": "v1.0.20170923 (OpenJPEG build) GCC6.3.0",
  "DerivedVendorReportedEchoSpacing": 0.000639992,
  "DeviceSerialNumber": "66112",
  "DwellTime": 2.4e-06,
  "EchoTime": 0.096,
  "EchoTrainLength": 120,
  "EffectiveEchoSpacing": 0.000639992,
  "FlipAngle": 90,
  "ImageType": [
    "ORIGINAL",
    "PRIMARY",
    "DIFFUSION",
    "NONE",
    "ND",
    "NORM"
  ],
  "InstitutionAddress": "Maynard_3_Hanover_NH_US_03755",
  "InstitutionName": "Dartmouth_College_-_PBS",
  "MagneticFieldStrength": 3,
  "Manufacturer": "Siemens",
  "ManufacturersModelName": "Prisma",
  "Modality": "MR",
  "PercentPhaseFOV": 100,
  "PhaseEncodingDirection": "j-",
  "PhaseEncodingSteps": 120,
  "PhaseResolution": 1,
  "ProcedureStepDescription": "Gobbini_Matteo_1038_hyperface",
  "ProtocolName": "fmap_acq-2.0mmX4b0_dir-AP",
  "PulseSequenceDetails": "%SiemensSeq%_ep2d_diff",
  "ReceiveCoilActiveElements": "HEA;HEP",
  "ReceiveCoilName": "Head_32",
  "ReconMatrixPE": 120,
  "RepetitionTime": 9.7,
  "ScanOptions": "FS",
  "ScanningSequence": "EP",
  "SequenceName": "_ep_b0",
  "SequenceVariant": "SK_SP",
  "SeriesDescription": "fmap_acq-2.0mmX4b0_dir-AP",
  "SoftwareVersions": "syngo_MR_E11",
  "StationName": "AWP66112",
  "TotalReadoutTime": 0.076159,
  "time": {
    "samples": {
      "AcquisitionNumber": [
        1,
        2,
        3,
        4,
        5,
        6
      ],
      "SequenceName": [
        "*ep_b0",
        "*ep_b0",
        "*ep_b0",
        "*ep_b0",
        "*ep_b1000#5",
        "*ep_b650#6"
      ]
    },
    "slices": {
      "CsaImage.ProtocolSliceNumber": [
        0,
        1,
        2,
        3,
        4,
        5,
        6,
        7,
        8,
        9,
        10,
        11,
        12,
        13,
        14,
        15,
        16,
        17,
        18,
        19,
        20,
        21,
        22,
        23,
        24,
        25,
        26,
        27,
        28,
        29,
        30,
        31,
        32,
        33,
        34,
        35,
        36,
        37,
        38,
        39,
        40,
        41,
        42,
        43,
        44,
        45,
        46,
        47,
        48,
        49,
        50,
        51,
        52,
        53,
        54,
        55,
        56,
        57,
        58,
        59,
        60,
        61,
        62,
        63
      ],
      "CsaImage.SlicePosition_PCS": [
        [
          -115.24226774,
          -138.58146671,
          -83.80965162
        ],
        [
          -115.36703534,
          -138.63291744,
          -81.81420637
        ],
        [
          -115.491803,
          -138.68436722,
          -79.81876875
        ],
        [
          -115.61657054,
          -138.73581794,
          -77.8233235
        ],
        [
          -115.7413382,
          -138.78726867,
          -75.82788588
        ],
        [
          -115.86610574,
          -138.83871845,
          -73.83244444
        ],
        [
          -115.9908734,
          -138.89016918,
          -71.837003
        ],
        [
          -116.11564107,
          -138.94161895,
          -69.84156157
        ],
        [
          -116.24040861,
          -138.99306968,
          -67.84612013
        ],
        [
          -116.36517627,
          -139.04451946,
          -65.85067869
        ],
        [
          -116.48994381,
          -139.09597019,
          -63.85523726
        ],
        [
          -116.61471159,
          -139.14741996,
          -61.85979582
        ],
        [
          -116.73947913,
          -139.19887069,
          -59.86435438
        ],
        [
          -116.86424667,
          -139.25032142,
          -57.86891295
        ],
        [
          -116.98901422,
          -139.3017712,
          -55.87347151
        ],
        [
          -117.113782,
          -139.35322193,
          -53.87803007
        ],
        [
          -117.23854954,
          -139.4046717,
          -51.88258864
        ],
        [
          -117.36331708,
          -139.45612243,
          -49.8871472
        ],
        [
          -117.48808486,
          -139.50757221,
          -47.89170576
        ],
        [
          -117.6128524,
          -139.55902294,
          -45.89626433
        ],
        [
          -117.73761995,
          -139.61047367,
          -43.90082289
        ],
        [
          -117.86238773,
          -139.66192344,
          -41.90538145
        ],
        [
          -117.98715527,
          -139.71337417,
          -39.90994002
        ],
        [
          -118.11192281,
          -139.76482395,
          -37.91450049
        ],
        [
          -118.23669059,
          -139.81627468,
          -35.91905905
        ],
        [
          -118.36145813,
          -139.86772445,
          -33.92361761
        ],
        [
          -118.48622591,
          -139.91917518,
          -31.92817618
        ],
        [
          -118.61099322,
          -139.97062591,
          -29.93273474
        ],
        [
          -118.735761,
          -140.02207569,
          -27.9372933
        ],
        [
          -118.86052878,
          -140.07352642,
          -25.94185187
        ],
        [
          -118.98529608,
          -140.12497619,
          -23.94641043
        ],
        [
          -119.11006386,
          -140.17642692,
          -21.95096899
        ],
        [
          -119.23483164,
          -140.2278767,
          -19.95552756
        ],
        [
          -119.35959894,
          -140.27932743,
          -17.9600866
        ],
        [
          -119.48436672,
          -140.33077816,
          -15.96464564
        ],
        [
          -119.60913403,
          -140.38222793,
          -13.9692042
        ],
        [
          -119.73390181,
          -140.43367866,
          -11.97376288
        ],
        [
          -119.85866959,
          -140.48512844,
          -9.97832162
        ],
        [
          -119.98343689,
          -140.53657917,
          -7.98288037
        ],
        [
          -120.10820467,
          -140.58802894,
          -5.98743893
        ],
        [
          -120.23297245,
          -140.63947967,
          -3.99199797
        ],
        [
          -120.35773976,
          -140.69092945,
          -1.99655653
        ],
        [
          -120.48250754,
          -140.74238018,
          -0.0011151
        ],
        [
          -120.60727532,
          -140.79383091,
          1.99432634
        ],
        [
          -120.73204262,
          -140.84528068,
          3.98976778
        ],
        [
          -120.8568104,
          -140.89673141,
          5.98520921
        ],
        [
          -120.98157818,
          -140.94818119,
          7.98065065
        ],
        [
          -121.10634548,
          -140.99963192,
          9.97609209
        ],
        [
          -121.23111326,
          -141.05108265,
          11.97153162
        ],
        [
          -121.35588104,
          -141.10253338,
          13.96697305
        ],
        [
          -121.48064835,
          -141.1539822,
          15.96241449
        ],
        [
          -121.60541613,
          -141.20543293,
          17.95785593
        ],
        [
          -121.73018391,
          -141.25688366,
          19.95329736
        ],
        [
          -121.85495121,
          -141.30833439,
          21.94874071
        ],
        [
          -121.97971899,
          -141.35978321,
          23.94417833
        ],
        [
          -122.10448677,
          -141.41123394,
          25.93961977
        ],
        [
          -122.22925408,
          -141.46268467,
          27.9350612
        ],
        [
          -122.35402186,
          -141.5141354,
          29.93050264
        ],
        [
          -122.47878916,
          -141.56558613,
          31.92594408
        ],
        [
          -122.60355742,
          -141.61703495,
          33.92138551
        ],
        [
          -122.72832472,
          -141.66848568,
          35.91682695
        ],
        [
          -122.85309202,
          -141.71993641,
          37.91226839
        ],
        [
          -122.97786028,
          -141.77138714,
          39.90770983
        ],
        [
          -123.10262758,
          -141.82283596,
          41.90315126
        ]
      ],
      "ImagePositionPatient": [
        [
          -115.24226773639,
          -138.58146671029,
          -83.809651624982
        ],
        [
          -115.36703533788,
          -138.63291743966,
          -81.814206373517
        ],
        [
          -115.49180299897,
          -138.68436721536,
          -79.818768751447
        ],
        [
          -115.61657054086,
          -138.73581794473,
          -77.823323499982
        ],
        [
          -115.74133820195,
          -138.7872686741,
          -75.827885877912
        ],
        [
          -115.86610574384,
          -138.8387184498,
          -73.832444441144
        ],
        [
          -115.99087340493,
          -138.89016917917,
          -71.837003004377
        ],
        [
          -116.11564106603,
          -138.94161895486,
          -69.841561567609
        ],
        [
          -116.24040860791,
          -138.99306968423,
          -67.846120130842
        ],
        [
          -116.36517626901,
          -139.04451945993,
          -65.850678694074
        ],
        [
          -116.48994381089,
          -139.0959701893,
          -63.855237257306
        ],
        [
          -116.6147115912,
          -139.14741996499,
          -61.859795820539
        ],
        [
          -116.73947913308,
          -139.19887069436,
          -59.864354383771
        ],
        [
          -116.86424667497,
          -139.25032142373,
          -57.868912947004
        ],
        [
          -116.98901421685,
          -139.30177119943,
          -55.873471510236
        ],
        [
          -117.11378199716,
          -139.3532219288,
          -53.878030073469
        ],
        [
          -117.23854953904,
          -139.4046717045,
          -51.882588636701
        ],
        [
          -117.36331708093,
          -139.45612243387,
          -49.887147199933
        ],
        [
          -117.48808486123,
          -139.50757220956,
          -47.891705763166
        ],
        [
          -117.61285240312,
          -139.55902293893,
          -45.896264326398
        ],
        [
          -117.737619945,
          -139.6104736683,
          -43.900822889631
        ],
        [
          -117.8623877253,
          -139.661923444,
          -41.905381452863
        ],
        [
          -117.98715526719,
          -139.71337417337,
          -39.909940016096
        ],
        [
          -118.11192280908,
          -139.76482394906,
          -37.914500486677
        ],
        [
          -118.23669058938,
          -139.81627467843,
          -35.919059049909
        ],
        [
          -118.36145813126,
          -139.86772445413,
          -33.923617613141
        ],
        [
          -118.48622591157,
          -139.9191751835,
          -31.928176176374
        ],
        [
          -118.61099321504,
          -139.97062591287,
          -29.932734739606
        ],
        [
          -118.73576099534,
          -140.02207568857,
          -27.937293302839
        ],
        [
          -118.86052877564,
          -140.07352641794,
          -25.941851866071
        ],
        [
          -118.98529607911,
          -140.12497619363,
          -23.946410429304
        ],
        [
          -119.11006385941,
          -140.176426923,
          -21.950968992536
        ],
        [
          -119.23483163972,
          -140.2278766987,
          -19.955527555768
        ],
        [
          -119.35959894319,
          -140.27932742807,
          -17.960086595838
        ],
        [
          -119.48436672349,
          -140.33077815744,
          -15.964645635908
        ],
        [
          -119.60913402696,
          -140.38222793313,
          -13.96920419914
        ],
        [
          -119.73390180726,
          -140.4336786625,
          -11.973762881582
        ],
        [
          -119.85866958756,
          -140.4851284382,
          -9.978321623628
        ],
        [
          -119.98343689103,
          -140.53657916757,
          -7.9828803656744
        ],
        [
          -120.10820467133,
          -140.58802894326,
          -5.9874389289068
        ],
        [
          -120.23297245164,
          -140.63947967263,
          -3.9919979689764
        ],
        [
          -120.35773975511,
          -140.69092944833,
          -1.9965565322088
        ],
        [
          -120.48250753541,
          -140.7423801777,
          -0.0011150954412
        ],
        [
          -120.60727531571,
          -140.79383090707,
          1.9943263413263
        ],
        [
          -120.73204261918,
          -140.84528068277,
          3.9897677780939
        ],
        [
          -120.85681039948,
          -140.89673141214,
          5.9852092148615
        ],
        [
          -120.98157817979,
          -140.94818118783,
          7.9806506516291
        ],
        [
          -121.10634548325,
          -140.9996319172,
          9.9760920883966
        ],
        [
          -121.23111326356,
          -141.05108264657,
          11.971531617816
        ],
        [
          -121.35588104386,
          -141.10253337594,
          13.966973054583
        ],
        [
          -121.48064834733,
          -141.15398219796,
          15.962414491351
        ],
        [
          -121.60541612763,
          -141.20543292733,
          17.957855928118
        ],
        [
          -121.73018390794,
          -141.2568836567,
          19.953297364886
        ],
        [
          -121.8549512114,
          -141.30833438607,
          21.948740709002
        ],
        [
          -121.97971899171,
          -141.3597832081,
          23.944178331072
        ],
        [
          -122.10448677201,
          -141.41123393747,
          25.93961976784
        ],
        [
          -122.22925407548,
          -141.46268466684,
          27.935061204608
        ],
        [
          -122.35402185578,
          -141.51413539621,
          29.930502641375
        ],
        [
          -122.47878915925,
          -141.56558612558,
          31.925944078143
        ],
        [
          -122.60355741639,
          -141.6170349476,
          33.92138551491
        ],
        [
          -122.72832471986,
          -141.66848567697,
          35.916826951678
        ],
        [
          -122.85309202332,
          -141.71993640634,
          37.912268388445
        ],
        [
          -122.97786028047,
          -141.77138713571,
          39.907709825213
        ],
        [
          -123.10262758393,
          -141.82283595773,
          41.903151261981
        ]
      ],
      "SliceLocation": [
        -72.86433764794,
        -70.864333677062,
        -68.864337339004,
        -66.864333371844,
        -64.864337009252,
        -62.864336872628,
        -60.864336704034,
        -58.864336559973,
        -56.864336398816,
        -54.864336254755,
        -52.864336093598,
        -50.8643359421,
        -48.864335780943,
        -46.864335619785,
        -44.864335483161,
        -42.864335307131,
        -40.864335170507,
        -38.864335009349,
        -36.864334857852,
        -34.864334696694,
        -32.864334535537,
        -30.864334384039,
        -28.864334222882,
        -26.864335989259,
        -24.864335813228,
        -22.864335676604,
        -20.864335500573,
        -18.864335354289,
        -16.864335202792,
        -14.864335026761,
        -12.86433490501,
        -10.86433472898,
        -8.8643345774821,
        -6.8643349069484,
        -4.8643352066678,
        -2.8643350849173,
        -0.864335027824,
        1.1356649452671,
        3.1356649131447,
        5.1356650646422,
        7.1356647649228,
        9.1356648866733,
        11.135665062704,
        13.135665238735,
        15.135665360486,
        17.135665536517,
        19.135665688014,
        21.135665834298,
        23.135664107328,
        25.135664283359,
        27.135664380576,
        29.135664556607,
        31.135664732638,
        33.135666781923,
        35.135663102884,
        37.135663278915,
        39.135663425199,
        41.13566360123,
        43.135663747514,
        45.135663904225,
        47.135664050509,
        49.135664196793,
        51.135664402571,
        53.135664499788
      ]
    }
  },
  "MatrixCoilMode": "SENSE",
  "CoilCombinationMethod": "Sum of Squares",
  "NonlinearGradientCorrection": false,
  "MRAcquisitionType": "2D",
  "InstitutionalDepartmentName": "Department",
  "PulseSequenceType": "Spin Echo EPI",
  "SliceTiming": [
    4.83594,
    0,
    4.99219,
    0.14844,
    5.14062,
    0.30469,
    5.29688,
    0.45312,
    5.44531,
    0.60156,
    5.59375,
    0.75781,
    5.74219,
    0.90625,
    5.89844,
    1.05469,
    6.04688,
    1.21094,
    6.20312,
    1.35938,
    6.35156,
    1.50781,
    6.5,
    1.66406,
    6.65625,
    1.8125,
    6.80469,
    1.96875,
    6.95312,
    2.11719,
    7.10938,
    2.26562,
    7.25781,
    2.42188,
    7.41406,
    2.57031,
    7.5625,
    2.71875,
    7.71094,
    2.875,
    7.86719,
    3.02344,
    8.01562,
    3.17969,
    8.16406,
    3.32812,
    8.32031,
    3.47656,
    8.46875,
    3.625,
    8.61719,
    3.78125,
    8.77344,
    3.92969,
    8.92188,
    4.08594,
    9.07031,
    4.23438,
    9.22656,
    4.38281,
    9.375,
    4.53906,
    9.53125,
    4.6875
  ],
  "B0FieldIdentifier": "pepolar_ses-2"
}
