{
  "AcquisitionMatrixPE": 120,
  "AcquisitionNumber": 1,
  "AcquisitionTime": "18:36:37.520000",
  "BandwidthPerPixelPhaseEncode": 13.889,
  "BaseResolution": 120,
  "BodyPartExamined": "BRAIN",
  "ConsistencyInfo": "N4_VE11C_LATEST_20160120",
  "ConversionSoftware": "dcm2niix",
  "ConversionSoftwareVersion": "v1.0.20180622 GCC6.3.0",
  "DerivedVendorReportedEchoSpacing": 0.000599995,
  "DeviceSerialNumber": "66112",
  "DwellTime": 2e-06,
  "EchoTime": 0.103,
  "EchoTrainLength": 120,
  "EffectiveEchoSpacing": 0.000599995,
  "FlipAngle": 90,
  "ImageOrientationPatientDICOM": [
    0.997831,
    0.061773,
    -0.0227535,
    -0.0622537,
    0.997838,
    -0.0210606
  ],
  "ImageType": [
    "ORIGINAL",
    "PRIMARY",
    "DIFFUSION",
    "NONE",
    "ND",
    "NORM",
    "MOSAIC"
  ],
  "InPlanePhaseEncodingDirectionDICOM": "COL",
  "InstitutionAddress": "Maynard_3_Hanover_NH_US_03755",
  "InstitutionName": "Dartmouth_College_-_PBS",
  "InstitutionalDepartmentName": "Department",
  "MRAcquisitionType": "2D",
  "MagneticFieldStrength": 3,
  "Manufacturer": "Siemens",
  "ManufacturersModelName": "Prisma",
  "Modality": "MR",
  "MultibandAccelerationFactor": 4,
  "PartialFourier": 1,
  "PatientPosition": "HFS",
  "PercentPhaseFOV": 100,
  "PhaseEncodingDirection": "j-",
  "PhaseEncodingSteps": 120,
  "PhaseResolution": 1,
  "PixelBandwidth": 2085,
  "ProcedureStepDescription": "Gobbini_Matteo_1038_hyperface",
  "ProtocolName": "dwi_acq-2.0mmXhardi96Xsms4X11b0",
  "PulseSequenceDetails": "%SiemensSeq%_ep2d_diff",
  "ReceiveCoilActiveElements": "HEA;HEP",
  "ReceiveCoilName": "Head_32",
  "ReconMatrixPE": 120,
  "RepetitionTime": 2.6,
  "SAR": 0.330542,
  "ScanOptions": "FS",
  "ScanningSequence": "EP",
  "SequenceName": "_ep_b0",
  "SequenceVariant": "SK_SP",
  "SeriesDescription": "dwi_acq-2.0mmXhardi96Xsms4X11b0",
  "SeriesNumber": 80,
  "ShimSetting": [
    4131,
    -7709,
    -7256,
    578,
    -49,
    -25,
    -42,
    97
  ],
  "SliceThickness": 2,
  "SliceTiming": [
    1.9325,
    0,
    1.2875,
    0.16,
    1.45,
    0.3225,
    1.61,
    0.4825,
    1.7725,
    0.805,
    2.095,
    0.965,
    2.255,
    1.1275,
    2.4175,
    0.645,
    1.9325,
    0,
    1.2875,
    0.16,
    1.45,
    0.3225,
    1.61,
    0.4825,
    1.7725,
    0.805,
    2.095,
    0.965,
    2.255,
    1.1275,
    2.4175,
    0.645,
    1.9325,
    0,
    1.2875,
    0.16,
    1.45,
    0.3225,
    1.61,
    0.4825,
    1.7725,
    0.805,
    2.095,
    0.965,
    2.255,
    1.1275,
    2.4175,
    0.645,
    1.9325,
    0,
    1.2875,
    0.16,
    1.45,
    0.3225,
    1.61,
    0.4825,
    1.7725,
    0.805,
    2.095,
    0.965,
    2.255,
    1.1275,
    2.4175,
    0.645
  ],
  "SoftwareVersions": "syngo_MR_E11",
  "SpacingBetweenSlices": 2,
  "StationName": "AWP66112",
  "TotalReadoutTime": 0.0713994,
  "TxRefAmp": 272.628
}