{
  "AcquisitionMatrixPE": 120,
  "AcquisitionNumber": 1,
  "AcquisitionTime": "12:03:17.600000",
  "BandwidthPerPixelPhaseEncode": 13.889,
  "BaseResolution": 120,
  "BodyPartExamined": "BRAIN",
  "ConsistencyInfo": "N4_VE11C_LATEST_20160120",
  "ConversionSoftware": "dcm2niix",
  "ConversionSoftwareVersion": "v1.0.20171215 (OpenJPEG build) GCC6.3.0",
  "DerivedVendorReportedEchoSpacing": 0.000599995,
  "DeviceSerialNumber": "66112",
  "DwellTime": 2e-06,
  "EchoTime": 0.103,
  "EchoTrainLength": 120,
  "EffectiveEchoSpacing": 0.000599995,
  "FlipAngle": 90,
  "ImageOrientationPatientDICOM": [
    0.997541,
    0.0419104,
    0.0561695,
    -0.0367525,
    0.995272,
    -0.0899078
  ],
  "ImageType": [
    "ORIGINAL",
    "PRIMARY",
    "DIFFUSION",
    "NONE",
    "ND",
    "NORM",
    "MOSAIC"
  ],
  "InPlanePhaseEncodingDirectionDICOM": "COL",
  "InstitutionAddress": "Maynard_3_Hanover_NH_US_03755",
  "InstitutionName": "Dartmouth_College_-_PBS",
  "InstitutionalDepartmentName": "Department",
  "MRAcquisitionType": "2D",
  "MagneticFieldStrength": 3,
  "Manufacturer": "Siemens",
  "ManufacturersModelName": "Prisma",
  "Modality": "MR",
  "MultibandAccelerationFactor": 4,
  "PatientPosition": "HFS",
  "PercentPhaseFOV": 100,
  "PhaseEncodingDirection": "j-",
  "PhaseEncodingSteps": 120,
  "PhaseResolution": 1,
  "PixelBandwidth": 2085,
  "ProcedureStepDescription": "Gobbini_Matteo_1038_hyperface",
  "ProtocolName": "dwi_acq-2.0mmXhardi96Xsms4X11b0",
  "PulseSequenceDetails": "%SiemensSeq%_ep2d_diff",
  "ReceiveCoilActiveElements": "HEA;HEP",
  "ReceiveCoilName": "Head_32",
  "ReconMatrixPE": 120,
  "RepetitionTime": 2.6,
  "SAR": 0.312104,
  "ScanOptions": "FS",
  "ScanningSequence": "EP",
  "SequenceName": "_ep_b0",
  "SequenceVariant": "SK_SP",
  "SeriesDescription": "dwi_acq-2.0mmXhardi96Xsms4X11b0",
  "SeriesNumber": 66,
  "ShimSetting": [
    4149,
    -7690,
    -7411,
    670,
    50,
    -228,
    -20,
    26
  ],
  "SliceThickness": 2,
  "SliceTiming": [
    1.935,
    0,
    1.29,
    0.16,
    1.45,
    0.3225,
    1.6125,
    0.4825,
    1.7725,
    0.805,
    2.095,
    0.9675,
    2.2575,
    1.1275,
    2.4175,
    0.645,
    1.935,
    0,
    1.29,
    0.16,
    1.45,
    0.3225,
    1.6125,
    0.4825,
    1.7725,
    0.805,
    2.095,
    0.9675,
    2.2575,
    1.1275,
    2.4175,
    0.645,
    1.935,
    0,
    1.29,
    0.16,
    1.45,
    0.3225,
    1.6125,
    0.4825,
    1.7725,
    0.805,
    2.095,
    0.9675,
    2.2575,
    1.1275,
    2.4175,
    0.645,
    1.935,
    0,
    1.29,
    0.16,
    1.45,
    0.3225,
    1.6125,
    0.4825,
    1.7725,
    0.805,
    2.095,
    0.9675,
    2.2575,
    1.1275,
    2.4175,
    0.645
  ],
  "SoftwareVersions": "syngo_MR_E11",
  "SpacingBetweenSlices": 2,
  "StationName": "AWP66112",
  "TotalReadoutTime": 0.0713994,
  "TxRefAmp": 244.569,
  "dcmmeta_affine": [
    [
      -1.9950824975967407,
      -0.07350505888462067,
      0.119344063103199,
      123.56241607666016
    ],
    [
      -0.08382081240415573,
      1.9905434846878052,
      -0.17524468898773193,
      -94.99002075195312
    ],
    [
      0.112339086830616,
      0.17981556057929993,
      1.9887298345565796,
      -127.53622436523438
    ],
    [
      0.0,
      0.0,
      0.0,
      1.0
    ]
  ],
  "dcmmeta_reorient_transform": [
    [
      0.0,
      -1.0,
      0.0,
      119.0
    ],
    [
      1.0,
      0.0,
      0.0,
      0.0
    ],
    [
      0.0,
      0.0,
      1.0,
      0.0
    ],
    [
      0.0,
      0.0,
      0.0,
      1.0
    ]
  ],
  "dcmmeta_shape": [
    120,
    120,
    64,
    107
  ],
  "dcmmeta_slice_dim": 2,
  "dcmmeta_version": 0.6,
  "global": {
    "const": {
      "AccessionNumber": "A001333",
      "AcquisitionMatrix": [
        120,
        0,
        0,
        120
      ],
      "AngioFlag": "N",
      "BitsAllocated": 16,
      "BitsStored": 12,
      "BodyPartExamined": "BRAIN",
      "Columns": 960,
      "EchoNumbers": 1,
      "EchoTime": 103.0,
      "EchoTrainLength": 120,
      "FlipAngle": 90.0,
      "HighBit": 11,
      "ImageOrientationPatient": [
        0.997541227356,
        0.04191040590784,
        0.05616954336401,
        -0.036752529813,
        0.99527174297112,
        -0.0899077816186
      ],
      "ImagePositionPatient": [
        -921.87782169435,
        -1013.1176591732,
        -77.798051224333
      ],
      "ImageType": [
        "ORIGINAL",
        "PRIMARY",
        "DIFFUSION",
        "NONE",
        "ND",
        "NORM",
        "MOSAIC"
      ],
      "ImagedNucleus": "1H",
      "ImagingFrequency": 123.252335,
      "InPlanePhaseEncodingDirection": "COL",
      "MRAcquisitionType": "2D",
      "MagneticFieldStrength": 3.0,
      "Manufacturer": "SIEMENS",
      "ManufacturerModelName": "Prisma",
      "Modality": "MR",
      "NumberOfAverages": 1.0,
      "NumberOfPhaseEncodingSteps": 120,
      "PercentPhaseFieldOfView": 100.0,
      "PercentSampling": 100.0,
      "PerformedProcedureStepStartTime": "104616.171000",
      "PhotometricInterpretation": "MONOCHROME2",
      "PixelBandwidth": 2085.0,
      "PixelRepresentation": 0,
      "PixelSpacing": [
        2.0,
        2.0
      ],
      "PositionReferenceIndicator": "",
      "ProtocolName": "dwi_acq-2.0mmXhardi96Xsms4X11b0",
      "RepetitionTime": 2600.0,
      "Rows": 960,
      "SAR": 0.31210353949184,
      "SamplesPerPixel": 1,
      "ScanOptions": "FS",
      "ScanningSequence": "EP",
      "SequenceVariant": [
        "SK",
        "SP"
      ],
      "SeriesDescription": "dwi_acq-2.0mmXhardi96Xsms4X11b0",
      "SeriesNumber": 66,
      "SeriesTime": "120414.341000",
      "SliceLocation": -111.12107633564,
      "SliceThickness": 2.0,
      "SmallestImagePixelValue": 0,
      "SoftwareVersions": "syngo MR E11",
      "SpacingBetweenSlices": 2.0000000067109,
      "SpecificCharacterSet": "ISO_IR 100",
      "StudyID": "2",
      "StudyTime": "104616.033000",
      "TransmitCoilName": "Body",
      "VariableFlipAngleFlag": "N",
      "WindowCenterWidthExplanation": "Algo1",
      "dBdt": 0.0
    },
