{
  "AcquisitionMatrixPE": 120,
  "AcquisitionNumber": 1,
  "BandwidthPerPixelPhaseEncode": 13.021,
  "BaseResolution": 120,
  "BodyPartExamined": "BRAIN",
  "ConsistencyInfo": "N4_VE11C_LATEST_20160120",
  "ConversionSoftware": "dcm2niix",
  "ConversionSoftwareVersion": "v1.0.20171215 (OpenJPEG build) GCC6.3.0",
  "DerivedVendorReportedEchoSpacing": 0.000639992,
  "DeviceSerialNumber": "66112",
  "DwellTime": 2.4e-06,
  "EchoTime": 0.096,
  "EchoTrainLength": 120,
  "EffectiveEchoSpacing": 0.000639992,
  "FlipAngle": 90,
  "ImageOrientationPatientDICOM": [
    0.999234,
    0.0366571,
    -0.0137073,
    -0.0380374,
    0.992072,
    -0.11978
  ],
  "ImageType": [
    "ORIGINAL",
    "PRIMARY",
    "DIFFUSION",
    "NONE",
    "ND",
    "NORM"
  ],
  "InPlanePhaseEncodingDirectionDICOM": "COL",
  "InstitutionAddress": "Maynard_3_Hanover_NH_US_03755",
  "InstitutionName": "Dartmouth_College_-_PBS",
  "InstitutionalDepartmentName": "Department",
  "MRAcquisitionType": "2D",
  "MagneticFieldStrength": 3,
  "Manufacturer": "Siemens",
  "ManufacturersModelName": "Prisma",
  "Modality": "MR",
  "PartialFourier": 1,
  "PatientPosition": "HFS",
  "PercentPhaseFOV": 100,
  "PhaseEncodingDirection": "j",
  "PhaseEncodingSteps": 120,
  "PhaseResolution": 1,
  "PixelBandwidth": 1735,
  "ProcedureStepDescription": "Gobbini_Matteo_1038_hyperface",
  "ProtocolName": "fmap_acq-2.0mmX4b0_dir-PA",
  "PulseSequenceDetails": "%SiemensSeq%_ep2d_diff",
  "ReceiveCoilActiveElements": "HEA;HEP",
  "ReceiveCoilName": "Head_32",
  "ReconMatrixPE": 120,
  "RepetitionTime": 9.7,
  "SAR": 0.112057,
  "ScanOptions": "FS",
  "ScanningSequence": "EP",
  "SequenceName": "_ep_b0",
  "SequenceVariant": "SK_SP",
  "SeriesDescription": "fmap_acq-2.0mmX4b0_dir-PA",
  "SeriesNumber": 64,
  "ShimSetting": [
    4150,
    -7685,
    -7282,
    505,
    -32,
    25,
    88,
    112
  ],
  "SliceThickness": 2,
  "SoftwareVersions": "syngo_MR_E11",
  "SpacingBetweenSlices": 2,
  "StationName": "AWP66112",
  "TotalReadoutTime": 0.076159,
  "TxRefAmp": 240.049,
  "time": {
    "samples": {
      "AcquisitionNumber": [
        1,
        2,
        3,
        4,
        5,
        6
      ],
      "SequenceName": [
        "*ep_b0",
        "*ep_b0",
        "*ep_b0",
        "*ep_b0",
        "*ep_b1000#5",
        "*ep_b650#6"
      ]
    },
    "slices": {
      "CsaImage.ProtocolSliceNumber": [
        0,
        1,
        2,
        3,
        4,
        5,
        6,
        7,
        8,
        9,
        10,
        11,
        12,
        13,
        14,
        15,
        16,
        17,
        18,
        19,
        20,
        21,
        22,
        23,
        24,
        25,
        26,
        27,
        28,
        29,
        30,
        31,
        32,
        33,
        34,
        35,
        36,
        37,
        38,
        39,
        40,
        41,
        42,
        43,
        44,
        45,
        46,
        47,
        48,
        49,
        50,
        51,
        52,
        53,
        54,
        55,
        56,
        57,
        58,
        59,
        60,
        61,
        62,
        63
      ],
      "CsaImage.SlicePosition_PCS": [
        [
          -119.72367035,
          -144.92062757,
          -53.72201462
        ],
        [
          -119.7052549,
          -144.68021009,
          -51.73660202
        ],
        [
          -119.68683897,
          -144.43979071,
          -49.75118942
        ],
        [
          -119.66842352,
          -144.19937132,
          -47.76577682
        ],
        [
          -119.65000807,
          -143.95895193,
          -45.78036423
        ],
        [
          -119.63159214,
          -143.71853254,
          -43.79495544
        ],
        [
          -119.61317669,
          -143.47811506,
          -41.80954285
        ],
        [
          -119.59476076,
          -143.23769567,
          -39.82413025
        ],
        [
          -119.57634531,
          -142.99727629,
          -37.83871765
        ],
        [
          -119.55792939,
          -142.7568569,
          -35.85330505
        ],
        [
          -119.53951393,
          -142.51643942,
          -33.86789627
        ],
        [
          -119.52109801,
          -142.27602003,
          -31.88248367
        ],
        [
          -119.50268256,
          -142.03560064,
          -29.89707107
        ],
        [
          -119.48426663,
          -141.79518125,
          -27.91165848
        ],
        [
          -119.46585118,
          -141.55476377,
          -25.92624969
        ],
        [
          -119.44743525,
          -141.31434439,
          -23.9408371
        ],
        [
          -119.4290198,
          -141.073925,
          -21.9554245
        ],
        [
          -119.41060387,
          -140.83350561,
          -19.9700119
        ],
        [
          -119.39218842,
          -140.59308813,
          -17.98460312
        ],
        [
          -119.37377249,
          -140.35266874,
          -15.99919052
        ],
        [
          -119.35535704,
          -140.11224935,
          -14.01377792
        ],
        [
          -119.33694135,
          -139.87182997,
          -12.02836723
        ],
        [
          -119.31852566,
          -139.63141058,
          -10.04295463
        ],
        [
          -119.30010997,
          -139.39099214,
          -8.05754394
        ],
        [
          -119.28169428,
          -139.15057371,
          -6.07213135
        ],
        [
          -119.26327859,
          -138.91015432,
          -4.08672066
        ],
        [
          -119.2448629,
          -138.66973589,
          -2.10130806
        ],
        [
          -119.22644721,
          -138.4293165,
          -0.11589546
        ],
        [
          -119.20803152,
          -138.18889807,
          1.86951523
        ],
        [
          -119.18961607,
          -137.94847868,
          3.85492687
        ],
        [
          -119.17120038,
          -137.70806024,
          5.84033852
        ],
        [
          -119.15278469,
          -137.46764086,
          7.82575016
        ],
        [
          -119.134369,
          -137.22722242,
          9.81116228
        ],
        [
          -119.11595331,
          -136.98680303,
          11.79657393
        ],
        [
          -119.09753763,
          -136.7463846,
          13.78198557
        ],
        [
          -119.07912194,
          -136.50596521,
          15.76739721
        ],
        [
          -119.06070625,
          -136.26554678,
          17.75280886
        ],
        [
          -119.04229056,
          -136.02512739,
          19.7382205
        ],
        [
          -119.02387487,
          -135.784708,
          21.72363215
        ],
        [
          -119.00545918,
          -135.54428957,
          23.70904379
        ],
        [
          -118.98704349,
          -135.30387018,
          25.69445591
        ],
        [
          -118.9686278,
          -135.06345175,
          27.67986756
        ],
        [
          -118.95021211,
          -134.82303236,
          29.6652792
        ],
        [
          -118.93179642,
          -134.58261393,
          31.65069084
        ],
        [
          -118.91338073,
          -134.34219454,
          33.63610153
        ],
        [
          -118.89496504,
          -134.1017761,
          35.62151413
        ],
        [
          -118.87654959,
          -133.86135672,
          37.60692673
        ],
        [
          -118.8581339,
          -133.62093828,
          39.59233742
        ],
        [
          -118.83971821,
          -133.38051889,
          41.57775002
        ],
        [
          -118.82130252,
          -133.14010046,
          43.56316071
        ],
        [
          -118.80288683,
          -132.89968107,
          45.5485733
        ],
        [
          -118.78447114,
          -132.65926264,
          47.533984
        ],
        [
          -118.76605545,
          -132.41884325,
          49.51939469
        ],
        [
          -118.74763976,
          -132.17842386,
          51.50480728
        ],
        [
          -118.72922407,
          -131.93800543,
          53.49021988
        ],
        [
          -118.71080838,
          -131.69758604,
          55.47563248
        ],
        [
          -118.6923927,
          -131.45716761,
          57.46104126
        ],
        [
          -118.67397701,
          -131.21674869,
          59.44645386
        ],
        [
          -118.65556132,
          -130.97632978,
          61.43186646
        ],
        [
          -118.63714563,
          -130.73591087,
          63.41727905
        ],
        [
          -118.61872994,
          -130.49549196,
          65.40268784
        ],
        [
          -118.60031425,
          -130.25507257,
          67.38810043
        ],
        [
          -118.58189856,
          -130.01465366,
          69.37351303
        ],
        [
          -118.56348311,
          -129.77423475,
          71.35892563
        ]
      ],
      "ImagePositionPatient": [
        [
          -119.72367035201,
          -144.92062757405,
          -53.722014616343
        ],
        [
          -119.70525490096,
          -144.68021009358,
          -51.736602018687
        ],
        [
          -119.68683897307,
          -144.43979070576,
          -49.75118942103
        ],
        [
          -119.66842352202,
          -144.19937131795,
          -47.765776823374
        ],
        [
          -119.65000807097,
          -143.95895193013,
          -45.780364225718
        ],
        [
          -119.63159214309,
          -143.71853254231,
          -43.794955442759
        ],
        [
          -119.61317669204,
          -143.47811506184,
          -41.809542845103
        ],
        [
          -119.59476076415,
          -143.23769567403,
          -39.824130247446
        ],
        [
          -119.5763453131,
          -142.99727628621,
          -37.83871764979
        ],
        [
          -119.55792938521,
          -142.75685689839,
          -35.853305052134
        ],
        [
          -119.53951393416,
          -142.51643941792,
          -33.867896269175
        ],
        [
          -119.52109800628,
          -142.2760200301,
          -31.882483671519
        ],
        [
          -119.50268255523,
          -142.03560064229,
          -29.897071073862
        ],
        [
          -119.48426662734,
          -141.79518125447,
          -27.911658476206
        ],
        [
          -119.46585117629,
          -141.554763774,
          -25.926249693247
        ],
        [
          -119.4474352484,
          -141.31434438618,
          -23.940837095591
        ],
        [
          -119.42901979735,
          -141.07392499837,
          -21.955424497935
        ],
        [
          -119.41060386947,
          -140.83350561055,
          -19.970011900278
        ],
        [
          -119.39218841842,
          -140.59308813008,
          -17.98460311732
        ],
        [
          -119.37377249053,
          -140.35266874226,
          -15.999190519663
        ],
        [
          -119.35535703948,
          -140.11224935445,
          -14.013777922007
        ],
        [
          -119.33694135001,
          -139.87182996663,
          -12.028367231699
        ],
        [
          -119.31852566054,
          -139.63141057881,
          -10.042954634043
        ],
        [
          -119.30010997107,
          -139.39099214467,
          -8.0575439437355
        ],
        [
          -119.2816942816,
          -139.15057371052,
          -6.0721313460793
        ],
        [
          -119.26327859214,
          -138.91015432271,
          -4.0867206557717
        ],
        [
          -119.24486290267,
          -138.66973588856,
          -2.1013080581154
        ],
        [
          -119.2264472132,
          -138.42931650075,
          -0.1158954604592
        ],
        [
          -119.20803152373,
          -138.1888980666,
          1.8695152298485
        ],
        [
          -119.18961607268,
          -137.94847867879,
          3.8549268738304
        ],
        [
          -119.17120038321,
          -137.70806024464,
          5.8403385178123
        ],
        [
          -119.15278469374,
          -137.46764085683,
          7.8257501617943
        ],
        [
          -119.13436900428,
          -137.22722242268,
          9.8111622826134
        ],
        [
          -119.11595331481,
          -136.98680303487,
          11.796573926595
        ],
        [
          -119.09753762534,
          -136.74638460072,
          13.781985570577
        ],
        [
          -119.07912193587,
          -136.5059652129,
          15.767397214559
        ],
        [
          -119.0607062464,
          -136.26554677876,
          17.752808858541
        ],
        [
          -119.04229055693,
          -136.02512739094,
          19.738220502523
        ],
        [
          -119.02387486747,
          -135.78470800313,
          21.723632146505
        ],
        [
          -119.005459178,
          -135.54428956898,
          23.709043790487
        ],
        [
          -118.98704348853,
          -135.30387018117,
          25.694455911306
        ],
        [
          -118.96862779906,
          -135.06345174702,
          27.679867555288
        ],
        [
          -118.95021210959,
          -134.82303235921,
          29.66527919927
        ],
        [
          -118.93179642012,
          -134.58261392506,
          31.650690843252
        ],
        [
          -118.91338073066,
          -134.34219453725,
          33.636101533559
        ],
        [
          -118.89496504119,
          -134.1017761031,
          35.621514131216
        ],
        [
          -118.87654959014,
          -133.86135671529,
          37.606926728872
        ],
        [
          -118.85813390067,
          -133.62093828114,
          39.59233741918
        ],
        [
          -118.8397182112,
          -133.38051889332,
          41.577750016836
        ],
        [
          -118.82130252173,
          -133.14010045918,
          43.563160707143
        ],
        [
          -118.80288683226,
          -132.89968107136,
          45.5485733048
        ],
        [
          -118.7844711428,
          -132.65926263722,
          47.533983995107
        ],
        [
          -118.76605545333,
          -132.4188432494,
          49.519394685415
        ],
        [
          -118.74763976386,
          -132.17842386159,
          51.504807283071
        ],
        [
          -118.72922407439,
          -131.93800542744,
          53.490219880727
        ],
        [
          -118.71080838492,
          -131.69758603963,
          55.475632478384
        ],
        [
          -118.69239269545,
          -131.45716760548,
          57.461041261343
        ],
        [
          -118.67397700599,
          -131.2167486945,
          59.446453858999
        ],
        [
          -118.65556131652,
          -130.97632978352,
          61.431866456655
        ],
        [
          -118.63714562705,
          -130.73591087254,
          63.417279054311
        ],
        [
          -118.61872993758,
          -130.49549196156,
          65.40268783727
        ],
        [
          -118.60031424811,
          -130.25507257374,
          67.388100434927
        ],
        [
          -118.58189855864,
          -130.01465366276,
          69.373513032583
        ],
        [
          -118.56348310759,
          -129.77423475178,
          71.358925630239
        ]
      ],
      "SliceLocation": [
        -71.853385930268,
        -69.853385211097,
        -67.853384258255,
        -65.853383309803,
        -63.853382361352,
        -61.853385195381,
        -59.853384476211,
        -57.853383523369,
        -55.853382574917,
        -53.853381622075,
        -51.853384689777,
        -49.853383736934,
        -47.853382788482,
        -45.85338183564,
        -43.853384903342,
        -41.8533839505,
        -39.853383002048,
        -37.853382049206,
        -35.853385116907,
        -33.853384164065,
        -31.853383215613,
        -29.853384158402,
        -27.853383207755,
        -25.853384265185,
        -23.853383429179,
        -21.853384371968,
        -19.853383535962,
        -17.853382585314,
        -15.853383642744,
        -13.853383641011,
        -11.853383751722,
        -9.8533837477933,
        -7.853383385146,
        -5.853383381217,
        -3.8533834919287,
        -1.8533834879997,
        0.14661640128858,
        2.1466164052176,
        4.1466164091465,
        6.1466162984348,
        8.1466167757229,
        10.146616665011,
        12.14661666894,
        14.146616558228,
        16.146615615439,
        18.146616451446,
        20.146617399897,
        22.146616342468,
        24.146617293115,
        26.146616235685,
        28.146617186332,
        30.146616128902,
        32.146615186113,
        34.14661613676,
        36.146616972767,
        38.146617923414,
        40.146614972548,
        42.146615865874,
        44.146616759201,
        46.146617652528,
        48.146614758982,
        50.146615709629,
        52.146616602956,
        54.146617494087
      ]
    }
  }
}
