{
  "AcquisitionMatrixPE": 256,
  "AcquisitionNumber": 1,
  "AcquisitionTime": "13:10:57.545000",
  "BaseResolution": 256,
  "BodyPartExamined": "BRAIN",
  "ConsistencyInfo": "N4_VE11C_LATEST_20160120",
  "ConversionSoftware": "dcm2niix",
  "ConversionSoftwareVersion": "v1.0.20170923 (OpenJPEG build) GCC6.3.0",
  "DeviceSerialNumber": "66112",
  "DwellTime": 3.3e-06,
  "EchoTime": 0.563,
  "EchoTrainLength": 282,
  "FlipAngle": 120,
  "ImageType": [
    "ORIGINAL",
    "PRIMARY",
    "M",
    "ND",
    "NORM"
  ],
  "InstitutionAddress": "Maynard_3_Hanover_NH_US_03755",
  "InstitutionName": "Dartmouth_College_-_PBS",
  "MagneticFieldStrength": 3,
  "Manufacturer": "Siemens",
  "ManufacturersModelName": "Prisma",
  "Modality": "MR",
  "ParallelReductionFactorInPlane": 4,
  "PercentPhaseFOV": 100,
  "PhaseEncodingSteps": 249,
  "PhaseResolution": 1,
  "ProcedureStepDescription": "Gobbini_Matteo_1038_hyperface",
  "ProtocolName": "anat_T2w",
  "PulseSequenceDetails": "%SiemensSeq%_tse_vfl",
  "ReceiveCoilActiveElements": "HEA;HEP",
  "ReceiveCoilName": "Head_32",
  "ReconMatrixPE": 256,
  "RepetitionTime": 3.2,
  "ScanOptions": "PFP",
  "ScanningSequence": "SE",
  "SequenceName": "_spcR_282ns",
  "SequenceVariant": "SK_SP",
  "SeriesDescription": "anat_T2w",
  "SoftwareVersions": "syngo_MR_E11",
  "StationName": "AWP66112",
  "dcmmeta_affine": [
    [
      0.8997503519058228,
      -0.01998017728328705,
      0.009397853165864944,
      -79.23646545410156
    ],
    [
      0.017672114074230194,
      0.9274196028709412,
      0.13586851954460144,
      -117.50829315185547
    ],
    [
      -0.011704760603606701,
      -0.1356462985277176,
      0.9275546669960022,
      -149.13565063476562
    ],
    [
      0.0,
      0.0,
      0.0,
      1.0
    ]
  ],
  "dcmmeta_reorient_transform": [
    [
      0.0,
      0.0,
      -1.0,
      255.0
    ],
    [
      0.0,
      -1.0,
      0.0,
      255.0
    ],
    [
      -1.0,
      0.0,
      0.0,
      191.0
    ],
    [
      0.0,
      0.0,
      0.0,
      1.0
    ]
  ],
  "dcmmeta_shape": [
    192,
    256,
    256
  ],
  "dcmmeta_slice_dim": 0,
  "dcmmeta_version": 0.6,
  "global": {
    "const": {
      "AccessionNumber": "A001140",
      "AcquisitionMatrix": [
        0,
        256,
        256,
        0
      ],
      "AcquisitionNumber": 1,
      "AcquisitionTime": "131057.545000",
      "AngioFlag": "N",
      "BitsAllocated": 16,
      "BitsStored": 12,
      "BodyPartExamined": "BRAIN",
      "Columns": 256,
      "EchoNumbers": 1,
      "EchoTime": 563.0,
      "EchoTrainLength": 282,
      "FlipAngle": 120.0,
      "HighBit": 11,
      "ImageOrientationPatient": [
        -0.0213121890724,
        0.98924757858032,
        0.14468938755113,
        0.01002437653625,
        0.1449264237519,
        -0.9893916532767
      ],
      "ImageType": [
        "ORIGINAL",
        "PRIMARY",
        "M",
        "ND",
        "NORM"
      ],
      "ImagedNucleus": "1H",
      "ImagingFrequency": 123.252231,
      "InPlanePhaseEncodingDirection": "ROW",
      "MRAcquisitionType": "3D",
      "MagneticFieldStrength": 3.0,
      "Manufacturer": "SIEMENS",
      "ManufacturerModelName": "Prisma",
      "Modality": "MR",
      "NumberOfAverages": 2.0,
      "NumberOfPhaseEncodingSteps": 249,
      "PercentPhaseFieldOfView": 100.0,
      "PercentSampling": 100.0,
      "PerformedProcedureStepStartTime": "125856.985000",
      "PhotometricInterpretation": "MONOCHROME2",
      "PixelBandwidth": 590.0,
      "PixelRepresentation": 0,
      "PixelSpacing": [
        0.9375,
        0.9375
      ],
      "PositionReferenceIndicator": "",
      "ProtocolName": "anat_T2w",
      "RepetitionTime": 3200.0,
      "Rows": 256,
      "SAR": 0.1900650736326,
      "SamplesPerPixel": 1,
      "ScanOptions": "PFP",
      "ScanningSequence": "SE",
      "SequenceName": "*spcR_282ns",
      "SequenceVariant": [
        "SK",
        "SP"
      ],
      "SeriesDescription": "anat_T2w",
      "SeriesNumber": 5,
      "SeriesTime": "131438.763000",
      "SliceThickness": 0.90000003576279,
      "SmallestImagePixelValue": 0,
      "SoftwareVersions": "syngo MR E11",
      "SpecificCharacterSet": "ISO_IR 100",
      "StudyID": "2",
      "StudyTime": "125856.843000",
      "TransmitCoilName": "Body",
      "VariableFlipAngleFlag": "Y",
      "WindowCenterWidthExplanation": "Algo1",
      "dBdt": 0.0
    },
