{
  "AcquisitionMatrixPE": 120,
  "AcquisitionNumber": 1,
  "BandwidthPerPixelPhaseEncode": 13.021,
  "BaseResolution": 120,
  "BodyPartExamined": "BRAIN",
  "ConsistencyInfo": "N4_VE11C_LATEST_20160120",
  "ConversionSoftware": "dcm2niix",
  "ConversionSoftwareVersion": "v1.0.20171215 (OpenJPEG build) GCC6.3.0",
  "DerivedVendorReportedEchoSpacing": 0.000639992,
  "DeviceSerialNumber": "66112",
  "DwellTime": 2.4e-06,
  "EchoTime": 0.096,
  "EchoTrainLength": 120,
  "EffectiveEchoSpacing": 0.000639992,
  "FlipAngle": 90,
  "ImageOrientationPatientDICOM": [
    0.998759,
    0.0444654,
    0.0224395,
    -0.0450041,
    0.998696,
    0.0240982
  ],
  "ImageType": [
    "ORIGINAL",
    "PRIMARY",
    "DIFFUSION",
    "NONE",
    "ND",
    "NORM"
  ],
  "InPlanePhaseEncodingDirectionDICOM": "COL",
  "InstitutionAddress": "Maynard_3_Hanover_NH_US_03755",
  "InstitutionName": "Dartmouth_College_-_PBS",
  "InstitutionalDepartmentName": "Department",
  "MRAcquisitionType": "2D",
  "MagneticFieldStrength": 3,
  "Manufacturer": "Siemens",
  "ManufacturersModelName": "Prisma",
  "Modality": "MR",
  "PatientPosition": "HFS",
  "PercentPhaseFOV": 100,
  "PhaseEncodingDirection": "j-",
  "PhaseEncodingSteps": 120,
  "PhaseResolution": 1,
  "PixelBandwidth": 1735,
  "ProcedureStepDescription": "Gobbini_Matteo_1038_hyperface",
  "ProtocolName": "fmap_acq-2.0mmX4b0_dir-AP",
  "PulseSequenceDetails": "%SiemensSeq%_ep2d_diff",
  "ReceiveCoilActiveElements": "HEA;HEP",
  "ReceiveCoilName": "Head_32",
  "ReconMatrixPE": 120,
  "RepetitionTime": 9.7,
  "SAR": 0.106202,
  "ScanOptions": "FS",
  "ScanningSequence": "EP",
  "SequenceName": "_ep_b0",
  "SequenceVariant": "SK_SP",
  "SeriesDescription": "fmap_acq-2.0mmX4b0_dir-AP",
  "SeriesNumber": 63,
  "ShimSetting": [
    4141,
    -7713,
    -7321,
    625,
    -38,
    -4,
    4,
    62
  ],
  "SliceThickness": 2,
  "SoftwareVersions": "syngo_MR_E11",
  "SpacingBetweenSlices": 2,
  "StationName": "AWP66112",
  "TotalReadoutTime": 0.076159,
  "TxRefAmp": 224.91,
  "time": {
    "samples": {
      "AcquisitionNumber": [
        1,
        2,
        3,
        4,
        5,
        6
      ],
      "SequenceName": [
        "*ep_b0",
        "*ep_b0",
        "*ep_b0",
        "*ep_b0",
        "*ep_b1000#5",
        "*ep_b650#6"
      ]
    },
    "slices": {
      "CsaImage.ProtocolSliceNumber": [
        0,
        1,
        2,
        3,
        4,
        5,
        6,
        7,
        8,
        9,
        10,
        11,
        12,
        13,
        14,
        15,
        16,
        17,
        18,
        19,
        20,
        21,
        22,
        23,
        24,
        25,
        26,
        27,
        28,
        29,
        30,
        31,
        32,
        33,
        34,
        35,
        36,
        37,
        38,
        39,
        40,
        41,
        42,
        43,
        44,
        45,
        46,
        47,
        48,
        49,
        50,
        51,
        52,
        53,
        54,
        55,
        56,
        57,
        58,
        59,
        60,
        61,
        62,
        63
      ],
      "CsaImage.SlicePosition_PCS": [
        [
          -115.45740294,
          -140.03230628,
          -84.2906201
        ],
        [
          -115.50008034,
          -140.08246287,
          -82.29170347
        ],
        [
          -115.54275762,
          -140.13261851,
          -80.29278685
        ],
        [
          -115.58543503,
          -140.18277511,
          -78.29387022
        ],
        [
          -115.62811243,
          -140.2329317,
          -76.29495359
        ],
        [
          -115.67078983,
          -140.28308734,
          -74.29603697
        ],
        [
          -115.71346711,
          -140.33324393,
          -72.29712797
        ],
        [
          -115.75614452,
          -140.38340053,
          -70.29821135
        ],
        [
          -115.79882192,
          -140.43355617,
          -68.29929472
        ],
        [
          -115.84149932,
          -140.48371276,
          -66.30037809
        ],
        [
          -115.88417661,
          -140.53386935,
          -64.30146147
        ],
        [
          -115.92685401,
          -140.58402499,
          -62.30254866
        ],
        [
          -115.96953141,
          -140.63418159,
          -60.30363203
        ],
        [
          -116.01220881,
          -140.68433818,
          -58.3047154
        ],
        [
          -116.0548861,
          -140.73449382,
          -56.30580259
        ],
        [
          -116.0975635,
          -140.78465041,
          -54.30688597
        ],
        [
          -116.1402409,
          -140.834807,
          -52.30796934
        ],
        [
          -116.1829183,
          -140.88496264,
          -50.30905272
        ],
        [
          -116.22559559,
          -140.93511924,
          -48.3101399
        ],
        [
          -116.26827299,
          -140.98527583,
          -46.31122328
        ],
        [
          -116.31095039,
          -141.03543147,
          -44.31230665
        ],
        [
          -116.35362779,
          -141.08558806,
          -42.31339384
        ],
        [
          -116.39630508,
          -141.13574466,
          -40.31447722
        ],
        [
          -116.43898248,
          -141.18590125,
          -38.31556059
        ],
        [
          -116.48165988,
          -141.23605689,
          -36.31664587
        ],
        [
          -116.52433728,
          -141.28621253,
          -34.31773115
        ],
        [
          -116.56701469,
          -141.33637008,
          -32.31881643
        ],
        [
          -116.60969209,
          -141.38652572,
          -30.31989981
        ],
        [
          -116.65236925,
          -141.43668136,
          -28.32098509
        ],
        [
          -116.69504666,
          -141.4868389,
          -26.32206846
        ],
        [
          -116.73772406,
          -141.53699454,
          -24.32315374
        ],
        [
          -116.78040146,
          -141.58715018,
          -22.32423903
        ],
        [
          -116.82307886,
          -141.63730773,
          -20.3253224
        ],
        [
          -116.86575627,
          -141.68746337,
          -18.32640768
        ],
        [
          -116.90843367,
          -141.73761901,
          -16.32749201
        ],
        [
          -116.95111107,
          -141.78777656,
          -14.32857634
        ],
        [
          -116.99378824,
          -141.8379322,
          -12.32966114
        ],
        [
          -117.03646564,
          -141.88808784,
          -10.33074547
        ],
        [
          -117.07914304,
          -141.93824538,
          -8.33183003
        ],
        [
          -117.12182044,
          -141.98840102,
          -6.3329146
        ],
        [
          -117.16449785,
          -142.03855666,
          -4.33399917
        ],
        [
          -117.20717525,
          -142.08871421,
          -2.33508373
        ],
        [
          -117.24985265,
          -142.13886985,
          -0.33616806
        ],
        [
          -117.29253005,
          -142.1890274,
          1.66274713
        ],
        [
          -117.33520722,
          -142.23918303,
          3.66166281
        ],
        [
          -117.37788462,
          -142.28933867,
          5.66057848
        ],
        [
          -117.42056202,
          -142.33949622,
          7.6594932
        ],
        [
          -117.46323942,
          -142.38965186,
          9.65840887
        ],
        [
          -117.50591683,
          -142.4398075,
          11.65732454
        ],
        [
          -117.54859423,
          -142.48996505,
          13.65623926
        ],
        [
          -117.59127163,
          -142.54012069,
          15.65515589
        ],
        [
          -117.63394903,
          -142.59027633,
          17.65407061
        ],
        [
          -117.6766262,
          -142.64043387,
          19.65298532
        ],
        [
          -117.7193036,
          -142.69058951,
          21.65190195
        ],
        [
          -117.761981,
          -142.74074515,
          23.65081667
        ],
        [
          -117.80465841,
          -142.7909027,
          25.6497333
        ],
        [
          -117.84733581,
          -142.84105834,
          27.64864992
        ],
        [
          -117.89001321,
          -142.89121398,
          29.64756273
        ],
        [
          -117.93269061,
          -142.94137153,
          31.64647936
        ],
        [
          -117.97536802,
          -142.99152717,
          33.64539598
        ],
        [
          -118.01804518,
          -143.04168281,
          35.6443088
        ],
        [
          -118.06072258,
          -143.09184035,
          37.64322542
        ],
        [
          -118.10339999,
          -143.14199599,
          39.64214205
        ],
        [
          -118.14607739,
          -143.19215163,
          41.64105486
        ]
      ],
      "ImagePositionPatient": [
        [
          -115.45740293784,
          -140.03230628006,
          -84.290620098426
        ],
        [
          -115.50008034034,
          -140.08246287338,
          -82.291703472449
        ],
        [
          -115.54275762363,
          -140.13261851303,
          -80.292786846473
        ],
        [
          -115.58543502612,
          -140.18277510636,
          -78.293870220496
        ],
        [
          -115.62811242862,
          -140.23293169968,
          -76.29495359452
        ],
        [
          -115.67078983112,
          -140.28308733933,
          -74.296036968543
        ],
        [
          -115.7134671144,
          -140.33324393265,
          -72.297127971961
        ],
        [
          -115.7561445169,
          -140.38340052597,
          -70.298211345985
        ],
        [
          -115.7988219194,
          -140.43355616562,
          -68.299294720008
        ],
        [
          -115.84149932189,
          -140.48371275894,
          -66.300378094032
        ],
        [
          -115.88417660518,
          -140.53386935227,
          -64.301461468055
        ],
        [
          -115.92685400768,
          -140.58402499191,
          -62.302548656776
        ],
        [
          -115.96953141017,
          -140.63418158524,
          -60.303632030799
        ],
        [
          -116.01220881267,
          -140.68433817856,
          -58.304715404823
        ],
        [
          -116.05488609596,
          -140.73449381821,
          -56.305802593543
        ],
        [
          -116.09756349845,
          -140.78465041153,
          -54.306885967567
        ],
        [
          -116.14024090095,
          -140.83480700485,
          -52.30796934159
        ],
        [
          -116.18291830345,
          -140.8849626445,
          -50.309052715614
        ],
        [
          -116.22559558673,
          -140.93511923782,
          -48.310139904334
        ],
        [
          -116.26827298923,
          -140.98527583115,
          -46.311223278358
        ],
        [
          -116.31095039173,
          -141.0354314708,
          -44.312306652381
        ],
        [
          -116.35362779422,
          -141.08558806412,
          -42.313393841102
        ],
        [
          -116.39630507751,
          -141.13574465744,
          -40.314477215125
        ],
        [
          -116.43898248,
          -141.18590125076,
          -38.315560589149
        ],
        [
          -116.4816598825,
          -141.23605689041,
          -36.316645870521
        ],
        [
          -116.524337285,
          -141.28621253006,
          -34.317731151893
        ],
        [
          -116.56701468749,
          -141.33637007706,
          -32.318816433265
        ],
        [
          -116.60969208999,
          -141.38652571671,
          -30.319899807288
        ],
        [
          -116.65236925407,
          -141.43668135636,
          -28.32098508866
        ],
        [
          -116.69504665656,
          -141.48683890335,
          -26.322068462684
        ],
        [
          -116.73772405906,
          -141.536994543,
          -24.323153744056
        ],
        [
          -116.78040146156,
          -141.58715018265,
          -22.324239025428
        ],
        [
          -116.82307886405,
          -141.63730772965,
          -20.325322399451
        ],
        [
          -116.86575626655,
          -141.68746336929,
          -18.326407680824
        ],
        [
          -116.90843366905,
          -141.73761900894,
          -16.327492008521
        ],
        [
          -116.95111107154,
          -141.78777655594,
          -14.328576336219
        ],
        [
          -116.99378823562,
          -141.83793219559,
          -12.329661140754
        ],
        [
          -117.03646563812,
          -141.88808783524,
          -10.330745468452
        ],
        [
          -117.07914304061,
          -141.93824538223,
          -8.331830034568
        ],
        [
          -117.12182044311,
          -141.98840102188,
          -6.3329146006844
        ],
        [
          -117.16449784561,
          -142.03855666153,
          -4.3339991668007
        ],
        [
          -117.2071752481,
          -142.08871420853,
          -2.335083732917
        ],
        [
          -117.2498526506,
          -142.13886984818,
          -0.3361680606148
        ],
        [
          -117.29253005309,
          -142.18902739517,
          1.6627471348503
        ],
        [
          -117.33520721717,
          -142.23918303482,
          3.6616628071525
        ],
        [
          -117.37788461967,
          -142.28933867447,
          5.6605784794548
        ],
        [
          -117.42056202216,
          -142.33949622147,
          7.6594931980827
        ],
        [
          -117.46323942466,
          -142.38965186112,
          9.658408870385
        ],
        [
          -117.50591682716,
          -142.43980750076,
          11.657324542687
        ],
        [
          -117.54859422965,
          -142.48996504776,
          13.656239261315
        ],
        [
          -117.59127163215,
          -142.54012068741,
          15.655155887292
        ],
        [
          -117.63394903465,
          -142.59027632706,
          17.65407060592
        ],
        [
          -117.67662619872,
          -142.64043387406,
          19.652985324548
        ],
        [
          -117.71930360122,
          -142.6905895137,
          21.651901950524
        ],
        [
          -117.76198100372,
          -142.74074515335,
          23.650816669152
        ],
        [
          -117.80465840621,
          -142.79090270035,
          25.649733295129
        ],
        [
          -117.84733580871,
          -142.84105834,
          27.648649921105
        ],
        [
          -117.89001321121,
          -142.89121397965,
          29.647562732384
        ],
        [
          -117.9326906137,
          -142.94137152664,
          31.646479358361
        ],
        [
          -117.9753680162,
          -142.99152716629,
          33.645395984338
        ],
        [
          -118.01804518028,
          -143.04168280594,
          35.644308795617
        ],
        [
          -118.06072258277,
          -143.09184035294,
          37.643225421593
        ],
        [
          -118.10339998527,
          -143.14199599259,
          39.64214204757
        ],
        [
          -118.14607738777,
          -143.19215163223,
          41.641054858849
        ]
      ],
      "SliceLocation": [
        -78.269452232853,
        -76.269451052317,
        -74.269449898242,
        -72.269448717707,
        -70.269447537171,
        -68.269446380552,
        -66.269452827818,
        -64.269451647283,
        -62.269450490664,
        -60.269449310128,
        -58.269448132137,
        -56.269450788146,
        -54.269449607611,
        -52.269448427075,
        -50.269451085629,
        -48.269449905093,
        -46.269448724558,
        -44.269447567939,
        -42.269450202576,
        -40.269449022041,
        -38.269447865422,
        -36.269450497515,
        -34.269449319523,
        -32.269448138988,
        -30.269448888683,
        -28.269449638378,
        -26.269450340241,
        -24.269449183622,
        -22.269449938405,
        -20.269448733953,
        -18.269449483648,
        -16.269450233343,
        -14.269449028892,
        -12.269449778587,
        -10.269449575125,
        -8.2694493238305,
        -6.2694496020348,
        -4.2694493985729,
        -2.2694493855676,
        -0.269449420395,
        1.7305505447776,
        3.7305505577829,
        5.7305507612448,
        7.7305505359608,
        9.7305507343351,
        11.730550937797,
        13.730550235934,
        15.730550439396,
        17.730550642858,
        19.730549940996,
        21.730551097615,
        23.730550347919,
        25.730549640969,
        27.730550797588,
        29.730550047893,
        31.730551252345,
        33.730552408964,
        35.730549752954,
        37.730550957406,
        39.730552114025,
        41.730549452928,
        43.73055065738,
        45.730551813999,
        47.730549157989
      ]
    }
  },
  "MatrixCoilMode": "SENSE",
  "CoilCombinationMethod": "Sum of Squares",
  "NonlinearGradientCorrection": false,
  "PulseSequenceType": "Spin Echo EPI",
  "SliceTiming": [
    4.83594,
    0,
    4.99219,
    0.14844,
    5.14062,
    0.30469,
    5.29688,
    0.45312,
    5.44531,
    0.60156,
    5.59375,
    0.75781,
    5.74219,
    0.90625,
    5.89844,
    1.05469,
    6.04688,
    1.21094,
    6.20312,
    1.35938,
    6.35156,
    1.50781,
    6.5,
    1.66406,
    6.65625,
    1.8125,
    6.80469,
    1.96875,
    6.95312,
    2.11719,
    7.10938,
    2.26562,
    7.25781,
    2.42188,
    7.41406,
    2.57031,
    7.5625,
    2.71875,
    7.71094,
    2.875,
    7.86719,
    3.02344,
    8.01562,
    3.17969,
    8.16406,
    3.32812,
    8.32031,
    3.47656,
    8.46875,
    3.625,
    8.61719,
    3.78125,
    8.77344,
    3.92969,
    8.92188,
    4.08594,
    9.07031,
    4.23438,
    9.22656,
    4.38281,
    9.375,
    4.53906,
    9.53125,
    4.6875
  ],
  "B0FieldIdentifier": "pepolar_ses-2"
}
