{
  "AcquisitionMatrixPE": 120,
  "AcquisitionNumber": 1,
  "BandwidthPerPixelPhaseEncode": 13.021,
  "BaseResolution": 120,
  "BodyPartExamined": "BRAIN",
  "ConsistencyInfo": "N4_VE11C_LATEST_20160120",
  "ConversionSoftware": "dcm2niix",
  "ConversionSoftwareVersion": "v1.0.20170923 (OpenJPEG build) GCC6.3.0",
  "DerivedVendorReportedEchoSpacing": 0.000639992,
  "DeviceSerialNumber": "66112",
  "DwellTime": 2.4e-06,
  "EchoTime": 0.096,
  "EchoTrainLength": 120,
  "EffectiveEchoSpacing": 0.000639992,
  "FlipAngle": 90,
  "ImageType": [
    "ORIGINAL",
    "PRIMARY",
    "DIFFUSION",
    "NONE",
    "ND",
    "NORM"
  ],
  "InstitutionAddress": "Maynard_3_Hanover_NH_US_03755",
  "InstitutionName": "Dartmouth_College_-_PBS",
  "MagneticFieldStrength": 3,
  "Manufacturer": "Siemens",
  "ManufacturersModelName": "Prisma",
  "Modality": "MR",
  "PercentPhaseFOV": 100,
  "PhaseEncodingDirection": "j",
  "PhaseEncodingSteps": 120,
  "PhaseResolution": 1,
  "ProcedureStepDescription": "Gobbini_Matteo_1038_hyperface",
  "ProtocolName": "fmap_acq-2.0mmX4b0_dir-PA",
  "PulseSequenceDetails": "%SiemensSeq%_ep2d_diff",
  "ReceiveCoilActiveElements": "HEA;HEP",
  "ReceiveCoilName": "Head_32",
  "ReconMatrixPE": 120,
  "RepetitionTime": 9.7,
  "ScanOptions": "FS",
  "ScanningSequence": "EP",
  "SequenceName": "_ep_b0",
  "SequenceVariant": "SK_SP",
  "SeriesDescription": "fmap_acq-2.0mmX4b0_dir-PA",
  "SoftwareVersions": "syngo_MR_E11",
  "StationName": "AWP66112",
  "TotalReadoutTime": 0.076159,
  "time": {
    "samples": {
      "AcquisitionNumber": [
        1,
        2,
        3,
        4,
        5,
        6
      ],
      "SequenceName": [
        "*ep_b0",
        "*ep_b0",
        "*ep_b0",
        "*ep_b0",
        "*ep_b1000#5",
        "*ep_b650#6"
      ]
    },
    "slices": {
      "CsaImage.ProtocolSliceNumber": [
        0,
        1,
        2,
        3,
        4,
        5,
        6,
        7,
        8,
        9,
        10,
        11,
        12,
        13,
        14,
        15,
        16,
        17,
        18,
        19,
        20,
        21,
        22,
        23,
        24,
        25,
        26,
        27,
        28,
        29,
        30,
        31,
        32,
        33,
        34,
        35,
        36,
        37,
        38,
        39,
        40,
        41,
        42,
        43,
        44,
        45,
        46,
        47,
        48,
        49,
        50,
        51,
        52,
        53,
        54,
        55,
        56,
        57,
        58,
        59,
        60,
        61,
        62,
        63
      ],
      "CsaImage.SlicePosition_PCS": [
        [
          -118.88034702,
          -128.34038476,
          -95.74698829
        ],
        [
          -118.92262174,
          -128.59711818,
          -93.76398658
        ],
        [
          -118.96489645,
          -128.85385159,
          -91.78098487
        ],
        [
          -119.00717116,
          -129.11058501,
          -89.79798317
        ],
        [
          -119.04944588,
          -129.36731843,
          -87.81498146
        ],
        [
          -119.09172059,
          -129.62405185,
          -85.83197212
        ],
        [
          -119.13399554,
          -129.88078526,
          -83.84897041
        ],
        [
          -119.17627026,
          -130.13751868,
          -81.8659687
        ],
        [
          -119.21854497,
          -130.39425162,
          -79.88296699
        ],
        [
          -119.26081968,
          -130.65098552,
          -77.89996147
        ],
        [
          -119.3030944,
          -130.90771846,
          -75.91695976
        ],
        [
          -119.34536911,
          -131.16445235,
          -73.93395805
        ],
        [
          -119.38764382,
          -131.42118529,
          -71.95095253
        ],
        [
          -119.42991878,
          -131.67791919,
          -69.96795082
        ],
        [
          -119.47219349,
          -131.93465213,
          -67.98494911
        ],
        [
          -119.5144682,
          -132.19138602,
          -66.00194358
        ],
        [
          -119.55674292,
          -132.44811896,
          -64.01894188
        ],
        [
          -119.59901763,
          -132.70485286,
          -62.03594017
        ],
        [
          -119.64129234,
          -132.9615858,
          -60.05293464
        ],
        [
          -119.6835673,
          -133.21831969,
          -58.06993293
        ],
        [
          -119.72584201,
          -133.47505263,
          -56.08693122
        ],
        [
          -119.76811672,
          -133.73178557,
          -54.1039257
        ],
        [
          -119.81039144,
          -133.98851947,
          -52.12092399
        ],
        [
          -119.85266615,
          -134.24525241,
          -50.13792228
        ],
        [
          -119.89494086,
          -134.5019863,
          -48.15491867
        ],
        [
          -119.93721558,
          -134.75871924,
          -46.17191505
        ],
        [
          -119.97949053,
          -135.01545314,
          -44.18891334
        ],
        [
          -120.02176524,
          -135.27218608,
          -42.20590972
        ],
        [
          -120.06403996,
          -135.52891997,
          -40.22290611
        ],
        [
          -120.10631467,
          -135.78565291,
          -38.2399044
        ],
        [
          -120.14858938,
          -136.04238681,
          -36.25690078
        ],
        [
          -120.1908641,
          -136.29911975,
          -34.27389812
        ],
        [
          -120.23313881,
          -136.55585364,
          -32.2908945
        ],
        [
          -120.27541376,
          -136.81258658,
          -30.30789184
        ],
        [
          -120.31768848,
          -137.06932048,
          -28.32488918
        ],
        [
          -120.35996319,
          -137.32605342,
          -26.34188556
        ],
        [
          -120.4022379,
          -137.58278731,
          -24.3588829
        ],
        [
          -120.44451262,
          -137.83952025,
          -22.37587976
        ],
        [
          -120.48678733,
          -138.09625415,
          -20.39287686
        ],
        [
          -120.52906228,
          -138.35298709,
          -18.40987397
        ],
        [
          -120.57133676,
          -138.60972003,
          -16.42687094
        ],
        [
          -120.61361171,
          -138.86645297,
          -14.44386792
        ],
        [
          -120.65588618,
          -139.12318782,
          -12.46086502
        ],
        [
          -120.69816114,
          -139.37992076,
          -10.47786188
        ],
        [
          -120.74043609,
          -139.6366537,
          -8.49485874
        ],
        [
          -120.78271056,
          -139.89338664,
          -6.51185608
        ],
        [
          -120.82498551,
          -140.15012149,
          -4.52885341
        ],
        [
          -120.86725999,
          -140.40685443,
          -2.5458498
        ],
        [
          -120.90953494,
          -140.66358737,
          -0.56284713
        ],
        [
          -120.95180942,
          -140.92032031,
          1.42015648
        ],
        [
          -120.99408437,
          -141.17705516,
          3.40315819
        ],
        [
          -121.03635932,
          -141.4337881,
          5.38616181
        ],
        [
          -121.0786338,
          -141.69052104,
          7.36916542
        ],
        [
          -121.12090875,
          -141.94725398,
          9.35216713
        ],
        [
          -121.16318322,
          -142.20398883,
          11.33517075
        ],
        [
          -121.20545817,
          -142.46072177,
          13.31817437
        ],
        [
          -121.24773265,
          -142.71745471,
          15.30117608
        ],
        [
          -121.2900076,
          -142.97418765,
          17.28417778
        ],
        [
          -121.33228255,
          -143.23092059,
          19.26718331
        ],
        [
          -121.37455703,
          -143.48765544,
          21.25018502
        ],
        [
          -121.41683198,
          -143.74438838,
          23.23318673
        ],
        [
          -121.45910646,
          -144.00112132,
          25.21619225
        ],
        [
          -121.50138141,
          -144.25785426,
          27.19919396
        ],
        [
          -121.54365588,
          -144.51458911,
          29.18219567
        ]
      ],
      "ImagePositionPatient": [
        [
          -118.88034702404,
          -128.3403847582,
          -95.746988292485
        ],
        [
          -118.92262173755,
          -128.59711817571,
          -93.7639865835
        ],
        [
          -118.96489645107,
          -128.85385159322,
          -91.780984874516
        ],
        [
          -119.00717116459,
          -129.11058501073,
          -89.797983165532
        ],
        [
          -119.0494458781,
          -129.36731842824,
          -87.814981456547
        ],
        [
          -119.09172059162,
          -129.62405184575,
          -85.831972118168
        ],
        [
          -119.13399554355,
          -129.88078526327,
          -83.848970409184
        ],
        [
          -119.17627025707,
          -130.13751868078,
          -81.8659687002
        ],
        [
          -119.21854497059,
          -130.39425162145,
          -79.882966991215
        ],
        [
          -119.2608196841,
          -130.6509855158,
          -77.899961467534
        ],
        [
          -119.30309439762,
          -130.90771845647,
          -75.916959758549
        ],
        [
          -119.34536911114,
          -131.16445235082,
          -73.933958049565
        ],
        [
          -119.38764382465,
          -131.42118529149,
          -71.950952525883
        ],
        [
          -119.42991877659,
          -131.67791918584,
          -69.967950816899
        ],
        [
          -119.4721934901,
          -131.93465212652,
          -67.984949107915
        ],
        [
          -119.51446820362,
          -132.19138602086,
          -66.001943584233
        ],
        [
          -119.55674291714,
          -132.44811896154,
          -64.018941875249
        ],
        [
          -119.59901763065,
          -132.70485285589,
          -62.035940166264
        ],
        [
          -119.64129234417,
          -132.96158579656,
          -60.052934642582
        ],
        [
          -119.6835672961,
          -133.21831969091,
          -58.069932933598
        ],
        [
          -119.72584200962,
          -133.47505263158,
          -56.086931224614
        ],
        [
          -119.76811672313,
          -133.73178557226,
          -54.103925700932
        ],
        [
          -119.81039143665,
          -133.9885194666,
          -52.120923991948
        ],
        [
          -119.85266615017,
          -134.24525240728,
          -50.137922282963
        ],
        [
          -119.89494086368,
          -134.50198630163,
          -48.15491866663
        ],
        [
          -119.9372155772,
          -134.7587192423,
          -46.171915050297
        ],
        [
          -119.97949052913,
          -135.01545313665,
          -44.188913341313
        ],
        [
          -120.02176524265,
          -135.27218607732,
          -42.20590972498
        ],
        [
          -120.06403995617,
          -135.52891997167,
          -40.222906108647
        ],
        [
          -120.10631466968,
          -135.78565291234,
          -38.239904399663
        ],
        [
          -120.1485893832,
          -136.04238680669,
          -36.25690078333
        ],
        [
          -120.19086409672,
          -136.29911974737,
          -34.273898120671
        ],
        [
          -120.23313881023,
          -136.55585364171,
          -32.290894504338
        ],
        [
          -120.27541376217,
          -136.81258658239,
          -30.307891841679
        ],
        [
          -120.31768847568,
          -137.06932047674,
          -28.32488917902
        ],
        [
          -120.3599631892,
          -137.32605341741,
          -26.341885562687
        ],
        [
          -120.40223790272,
          -137.58278731176,
          -24.358882900029
        ],
        [
          -120.44451261623,
          -137.83952025243,
          -22.375879760533
        ],
        [
          -120.48678732975,
          -138.09625414678,
          -20.392876859456
        ],
        [
          -120.52906228168,
          -138.35298708745,
          -18.40987397328
        ],
        [
          -120.57133675678,
          -138.60972002813,
          -16.426870938092
        ],
        [
          -120.61361170872,
          -138.8664529688,
          -14.443867917805
        ],
        [
          -120.65588618381,
          -139.12318781682,
          -12.460865016728
        ],
        [
          -120.69816113575,
          -139.3799207575,
          -10.477861877232
        ],
        [
          -120.74043608768,
          -139.63665369817,
          -8.4948587377363
        ],
        [
          -120.78271056278,
          -139.89338663884,
          -6.5118560750776
        ],
        [
          -120.82498551472,
          -140.15012148687,
          -4.5288534124189
        ],
        [
          -120.86725998981,
          -140.40685442754,
          -2.5458497960859
        ],
        [
          -120.90953494175,
          -140.66358736822,
          -0.5628471334272
        ],
        [
          -120.95180941685,
          -140.92032030889,
          1.4201564829058
        ],
        [
          -120.99408436878,
          -141.17705515691,
          3.4031581918902
        ],
        [
          -121.03635932071,
          -141.43378809759,
          5.3861618082232
        ],
        [
          -121.07863379581,
          -141.69052103826,
          7.3691654245562
        ],
        [
          -121.12090874775,
          -141.94725397893,
          9.3521671335406
        ],
        [
          -121.16318322285,
          -142.20398882696,
          11.335170749874
        ],
        [
          -121.20545817478,
          -142.46072176763,
          13.318174366207
        ],
        [
          -121.24773264988,
          -142.7174547083,
          15.301176075191
        ],
        [
          -121.29000760181,
          -142.97418764898,
          17.284177784175
        ],
        [
          -121.33228255375,
          -143.23092058965,
          19.267183307857
        ],
        [
          -121.37455702884,
          -143.48765543767,
          21.250185016841
        ],
        [
          -121.41683198078,
          -143.74438837835,
          23.233186725826
        ],
        [
          -121.45910645588,
          -144.00112131902,
          25.216192249507
        ],
        [
          -121.50138140781,
          -144.25785425969,
          27.199193958492
        ],
        [
          -121.54365588291,
          -144.51458910772,
          29.182195667476
        ]
      ],
      "SliceLocation": [
        -75.945831777851,
        -73.945833033625,
        -71.945834289399,
        -69.945835545173,
        -67.945836800948,
        -65.945830492166,
        -63.9458317429,
        -61.945832998675,
        -59.945834315659,
        -57.945831727945,
        -55.945833044929,
        -53.945834239494,
        -51.9458317742,
        -49.945832963724,
        -47.945834280709,
        -45.945831692995,
        -43.945833009979,
        -41.945834204543,
        -39.94583173925,
        -37.945832928774,
        -35.945834245758,
        -33.945831780465,
        -31.945832975029,
        -29.945834292013,
        -27.945833595438,
        -25.945833021284,
        -23.945834210808,
        -21.945833636653,
        -19.945832940079,
        -17.945834257063,
        -15.945833560488,
        -13.945833931903,
        -11.945833235328,
        -9.9458336017033,
        -7.945833850698,
        -5.9458332765432,
        -3.9458335255379,
        -1.9458334241679,
        0.05416656322977,
        2.0541664184724,
        4.0541664113812,
        6.0541663995946,
        8.0541665043728,
        10.054166610782,
        12.054166717192,
        14.054166340738,
        16.054166219202,
        18.054166788318,
        20.054166421942,
        22.054166991058,
        24.054165923953,
        26.054166503147,
        28.054167072263,
        30.054165760318,
        32.054166574273,
        34.054167153468,
        36.054165831444,
        38.054164519499,
        40.054166989832,
        42.054165912649,
        44.054164600704,
        46.054167060958,
        48.054165749013,
        50.05416467183
      ]
    }
  },
  "MatrixCoilMode": "SENSE",
  "CoilCombinationMethod": "Sum of Squares",
  "NonlinearGradientCorrection": false,
  "MRAcquisitionType": "2D",
  "InstitutionalDepartmentName": "Department",
  "PulseSequenceType": "Spin Echo EPI",
  "SliceTiming": [
    4.83594,
    0,
    4.99219,
    0.14844,
    5.14062,
    0.30469,
    5.29688,
    0.45312,
    5.44531,
    0.60156,
    5.59375,
    0.75781,
    5.74219,
    0.90625,
    5.89844,
    1.05469,
    6.04688,
    1.21094,
    6.20312,
    1.35938,
    6.35156,
    1.50781,
    6.5,
    1.66406,
    6.65625,
    1.8125,
    6.80469,
    1.96875,
    6.95312,
    2.11719,
    7.10938,
    2.26562,
    7.25781,
    2.42188,
    7.41406,
    2.57031,
    7.5625,
    2.71875,
    7.71094,
    2.875,
    7.86719,
    3.02344,
    8.01562,
    3.17969,
    8.16406,
    3.32812,
    8.32031,
    3.47656,
    8.46875,
    3.625,
    8.61719,
    3.78125,
    8.77344,
    3.92969,
    8.92188,
    4.08594,
    9.07031,
    4.23438,
    9.22656,
    4.38281,
    9.375,
    4.53906,
    9.53125,
    4.6875
  ],
  "B0FieldIdentifier": "pepolar_ses-2"
}
