{
  "AcquisitionMatrixPE": 120,
  "AcquisitionNumber": 1,
  "BandwidthPerPixelPhaseEncode": 13.889,
  "BaseResolution": 120,
  "BodyPartExamined": "BRAIN",
  "ConsistencyInfo": "N4_VE11C_LATEST_20160120",
  "ConversionSoftware": "dcm2niix",
  "ConversionSoftwareVersion": "v1.0.20171215 (OpenJPEG build) GCC6.3.0",
  "DerivedVendorReportedEchoSpacing": 0.000599995,
  "DeviceSerialNumber": "66112",
  "DwellTime": 2e-06,
  "EchoTime": 0.103,
  "EchoTrainLength": 120,
  "EffectiveEchoSpacing": 0.000599995,
  "FlipAngle": 90,
  "ImageOrientationPatientDICOM": [
    0.998778,
    0.0474279,
    0.0139095,
    -0.0474506,
    0.998873,
    0.00130639
  ],
  "ImageType": [
    "ORIGINAL",
    "PRIMARY",
    "DIFFUSION",
    "NONE",
    "ND",
    "NORM",
    "MOSAIC"
  ],
  "InPlanePhaseEncodingDirectionDICOM": "COL",
  "InstitutionAddress": "Maynard_3_Hanover_NH_US_03755",
  "InstitutionName": "Dartmouth_College_-_PBS",
  "InstitutionalDepartmentName": "Department",
  "MRAcquisitionType": "2D",
  "MagneticFieldStrength": 3,
  "Manufacturer": "Siemens",
  "ManufacturersModelName": "Prisma",
  "Modality": "MR",
  "MultibandAccelerationFactor": 4,
  "PatientPosition": "HFS",
  "PercentPhaseFOV": 100,
  "PhaseEncodingDirection": "j-",
  "PhaseEncodingSteps": 120,
  "PhaseResolution": 1,
  "PixelBandwidth": 2085,
  "ProcedureStepDescription": "Gobbini_Matteo_1038_hyperface",
  "ProtocolName": "dwi_acq-2.0mmXhardi96Xsms4X11b0",
  "PulseSequenceDetails": "%SiemensSeq%_ep2d_diff",
  "ReceiveCoilActiveElements": "HEA;HEP",
  "ReceiveCoilName": "Head_32",
  "ReconMatrixPE": 120,
  "RepetitionTime": 2.6,
  "SAR": 0.272652,
  "ScanOptions": "FS",
  "ScanningSequence": "EP",
  "SequenceName": "_ep_b0",
  "SequenceVariant": "SK_SP",
  "SeriesDescription": "dwi_acq-2.0mmXhardi96Xsms4X11b0",
  "SeriesNumber": 66,
  "ShimSetting": [
    4139,
    -7706,
    -7317,
    585,
    -30,
    -35,
    -5,
    58
  ],
  "SliceThickness": 2,
  "SliceTiming": [
    1.9325,
    0,
    1.2875,
    0.16,
    1.45,
    0.3225,
    1.61,
    0.4825,
    1.7725,
    0.805,
    2.095,
    0.965,
    2.255,
    1.1275,
    2.4175,
    0.645,
    1.9325,
    0,
    1.2875,
    0.16,
    1.45,
    0.3225,
    1.61,
    0.4825,
    1.7725,
    0.805,
    2.095,
    0.965,
    2.255,
    1.1275,
    2.4175,
    0.645,
    1.9325,
    0,
    1.2875,
    0.16,
    1.45,
    0.3225,
    1.61,
    0.4825,
    1.7725,
    0.805,
    2.095,
    0.965,
    2.255,
    1.1275,
    2.4175,
    0.645,
    1.9325,
    0,
    1.2875,
    0.16,
    1.45,
    0.3225,
    1.61,
    0.4825,
    1.7725,
    0.805,
    2.095,
    0.965,
    2.255,
    1.1275,
    2.4175,
    0.645
  ],
  "SoftwareVersions": "syngo_MR_E11",
  "SpacingBetweenSlices": 2,
  "StationName": "AWP66112",
  "TotalReadoutTime": 0.0713994,
  "TxRefAmp": 222.057,
  "time": {
    "samples": {
      "AcquisitionNumber": [
        1,
        2,
        3,
        4,
        5,
        6,
        7,
        8,
        9,
        10,
        11,
        12,
        13,
        14,
        15,
        16,
        17,
        18,
        19,
        20,
        21,
        22,
        23,
        24,
        25,
        26,
        27,
        28,
        29,
        30,
        31,
        32,
        33,
        34,
        35,
        36,
        37,
        38,
        39,
        40,
        41,
        42,
        43,
        44,
        45,
        46,
        47,
        48,
        49,
        50,
        51,
        52,
        53,
        54,
        55,
        56,
        57,
        58,
        59,
        60,
        61,
        62,
        63,
        64,
        65,
        66,
        67,
        68,
        69,
        70,
        71,
        72,
        73,
        74,
        75,
        76,
        77,
        78,
        79,
        80,
        81,
        82,
        83,
        84,
        85,
        86,
        87,
        88,
        89,
        90,
        91,
        92,
        93,
        94,
        95,
        96,
        97,
        98,
        99,
        100,
        101,
        102,
        103,
        104,
        105,
        106,
        107
      ],
      "AcquisitionTime": [
        "180228.532500",
        "180231.132500",
        "180233.732500",
        "180236.332500",
        "180238.932500",
        "180241.532500",
        "180244.132500",
        "180246.732500",
        "180249.332500",
        "180251.932500",
        "180254.532500",
        "180257.132500",
        "180259.732500",
        "180302.332500",
        "180304.932500",
        "180307.532500",
        "180310.132500",
        "180312.732500",
        "180315.332500",
        "180317.932500",
        "180320.532500",
        "180323.132500",
        "180325.732500",
        "180328.332500",
        "180330.932500",
        "180333.532500",
        "180336.132500",
        "180338.732500",
        "180341.332500",
        "180343.932500",
        "180346.532500",
        "180349.132500",
        "180351.732500",
        "180354.332500",
        "180356.932500",
        "180359.532500",
        "180402.132500",
        "180404.732500",
        "180407.332500",
        "180409.932500",
        "180412.532500",
        "180415.132500",
        "180417.732500",
        "180420.332500",
        "180422.932500",
        "180425.532500",
        "180428.132500",
        "180430.732500",
        "180433.332500",
        "180435.932500",
        "180438.532500",
        "180441.132500",
        "180443.732500",
        "180446.332500",
        "180448.932500",
        "180451.532500",
        "180454.132500",
        "180456.732500",
        "180459.332500",
        "180501.932500",
        "180504.532500",
        "180507.132500",
        "180509.732500",
        "180512.332500",
        "180514.932500",
        "180517.532500",
        "180520.132500",
        "180522.732500",
        "180525.332500",
        "180527.932500",
        "180530.532500",
        "180533.132500",
        "180535.732500",
        "180538.332500",
        "180540.932500",
        "180543.532500",
        "180546.132500",
        "180548.732500",
        "180551.332500",
        "180553.932500",
        "180556.532500",
        "180559.132500",
        "180601.732500",
        "180604.332500",
        "180606.932500",
        "180609.532500",
        "180612.132500",
        "180614.732500",
        "180617.332500",
        "180619.932500",
        "180622.532500",
        "180625.132500",
        "180627.732500",
        "180630.332500",
        "180632.932500",
        "180635.532500",
        "180638.132500",
        "180640.732500",
        "180643.332500",
        "180645.932500",
        "180648.532500",
        "180651.132500",
        "180653.732500",
        "180656.332500",
        "180658.932500",
        "180701.532500",
        "180704.132500"
      ],
      "ContentTime": [
        "180330.154000",
        "180330.158000",
        "180330.164000",
        "180330.167000",
        "180330.171000",
        "180330.174000",
        "180330.177000",
        "180330.180000",
        "180330.183000",
        "180330.187000",
        "180330.190000",
        "180330.193000",
        "180330.196000",
        "180330.199000",
        "180330.202000",
        "180330.208000",
        "180330.211000",
        "180330.214000",
        "180330.217000",
        "180330.226000",
        "180330.230000",
        "180330.233000",
        "180330.236000",
        "180330.239000",
        "180430.149000",
        "180430.153000",
        "180430.156000",
        "180430.159000",
        "180430.162000",
        "180430.165000",
        "180430.169000",
        "180430.172000",
        "180430.175000",
        "180430.178000",
        "180430.181000",
        "180430.184000",
        "180430.188000",
        "180430.198000",
        "180430.201000",
        "180430.204000",
        "180430.207000",
        "180430.211000",
        "180430.214000",
        "180430.217000",
        "180430.220000",
        "180430.223000",
        "180430.226000",
        "180530.149000",
        "180530.153000",
        "180530.156000",
        "180530.159000",
        "180530.162000",
        "180530.166000",
        "180530.169000",
        "180530.172000",
        "180530.175000",
        "180530.178000",
        "180530.181000",
        "180530.184000",
        "180530.188000",
        "180530.191000",
        "180530.194000",
        "180530.197000",
        "180530.200000",
        "180530.204000",
        "180530.207000",
        "180530.210000",
        "180530.213000",
        "180530.216000",
        "180530.220000",
        "180630.148000",
        "180630.152000",
        "180630.160000",
        "180630.163000",
        "180630.166000",
        "180630.169000",
        "180630.173000",
        "180630.176000",
        "180630.179000",
        "180630.182000",
        "180630.185000",
        "180630.188000",
        "180630.192000",
        "180630.195000",
        "180630.198000",
        "180630.201000",
        "180630.204000",
        "180630.207000",
        "180630.211000",
        "180630.214000",
        "180630.217000",
        "180630.220000",
        "180630.223000",
        "180705.471000",
        "180705.475000",
        "180705.478000",
        "180705.481000",
        "180705.484000",
        "180705.487000",
        "180705.491000",
        "180705.494000",
        "180705.497000",
        "180705.500000",
        "180705.503000",
        "180705.507000",
        "180705.510000",
        "180705.513000"
      ],
      "InstanceCreationTime": [
        "180330.154000",
        "180330.158000",
        "180330.164000",
        "180330.167000",
        "180330.171000",
        "180330.174000",
        "180330.177000",
        "180330.180000",
        "180330.183000",
        "180330.187000",
        "180330.190000",
        "180330.193000",
        "180330.196000",
        "180330.199000",
        "180330.202000",
        "180330.208000",
        "180330.211000",
        "180330.214000",
        "180330.217000",
        "180330.226000",
        "180330.230000",
        "180330.233000",
        "180330.236000",
        "180330.239000",
        "180430.149000",
        "180430.153000",
        "180430.156000",
        "180430.159000",
        "180430.162000",
        "180430.165000",
        "180430.169000",
        "180430.172000",
        "180430.175000",
        "180430.178000",
        "180430.181000",
        "180430.184000",
        "180430.188000",
        "180430.198000",
        "180430.201000",
        "180430.204000",
        "180430.207000",
        "180430.211000",
        "180430.214000",
        "180430.217000",
        "180430.220000",
        "180430.223000",
        "180430.226000",
        "180530.149000",
        "180530.153000",
        "180530.156000",
        "180530.159000",
        "180530.162000",
        "180530.166000",
        "180530.169000",
        "180530.172000",
        "180530.175000",
        "180530.178000",
        "180530.181000",
        "180530.184000",
        "180530.188000",
        "180530.191000",
        "180530.194000",
        "180530.197000",
        "180530.200000",
        "180530.204000",
        "180530.207000",
        "180530.210000",
        "180530.213000",
        "180530.216000",
        "180530.220000",
        "180630.148000",
        "180630.152000",
        "180630.160000",
        "180630.163000",
        "180630.166000",
        "180630.169000",
        "180630.173000",
        "180630.176000",
        "180630.179000",
        "180630.182000",
        "180630.185000",
        "180630.188000",
        "180630.192000",
        "180630.195000",
        "180630.198000",
        "180630.201000",
        "180630.204000",
        "180630.207000",
        "180630.211000",
        "180630.214000",
        "180630.217000",
        "180630.220000",
        "180630.223000",
        "180705.471000",
        "180705.475000",
        "180705.478000",
        "180705.481000",
        "180705.484000",
        "180705.487000",
        "180705.491000",
        "180705.494000",
        "180705.497000",
        "180705.500000",
        "180705.503000",
        "180705.507000",
        "180705.510000",
        "180705.513000"
      ],
      "InstanceNumber": [
        1,
        2,
        3,
        4,
        5,
        6,
        7,
        8,
        9,
        10,
        11,
        12,
        13,
        14,
        15,
        16,
        17,
        18,
        19,
        20,
        21,
        22,
        23,
        24,
        25,
        26,
        27,
        28,
        29,
        30,
        31,
        32,
        33,
        34,
        35,
        36,
        37,
        38,
        39,
        40,
        41,
        42,
        43,
        44,
        45,
        46,
        47,
        48,
        49,
        50,
        51,
        52,
        53,
        54,
        55,
        56,
        57,
        58,
        59,
        60,
        61,
        62,
        63,
        64,
        65,
        66,
        67,
        68,
        69,
        70,
        71,
        72,
        73,
        74,
        75,
        76,
        77,
        78,
        79,
        80,
        81,
        82,
        83,
        84,
        85,
        86,
        87,
        88,
        89,
        90,
        91,
        92,
        93,
        94,
        95,
        96,
        97,
        98,
        99,
        100,
        101,
        102,
        103,
        104,
        105,
        106,
        107
      ],
      "LargestImagePixelValue": [
        2653,
        2691,
        330,
        366,
        426,
        372,
        439,
        452,
        358,
        342,
        357,
        2604,
        427,
        397,
        441,
        510,
        407,
        343,
        460,
        401,
        381,
        328,
        2499,
        423,
        458,
        398,
        373,
        449,
        474,
        379,
        343,
        342,
        435,
        2401,
        436,
        382,
        355,
        349,
        413,
        408,
        500,
        393,
        352,
        399,
        2610,
        436,
        348,
        439,
        355,
        402,
        369,
        370,
        368,
        363,
        364,
        2534,
        396,
        378,
        419,
        365,
        392,
        399,
        374,
        419,
        396,
        372,
        2541,
        378,
        479,
        374,
        419,
        496,
        342,
        469,
        357,
        393,
        432,
        2648,
        416,
        367,
        419,
        395,
        371,
        387,
        474,
        469,
        366,
        2559,
        441,
        395,
        420,
        365,
        400,
        441,
        378,
        401,
        369,
        2756,
        366,
        352,
        344,
        417,
        349,
        401,
        424,
        352,
        353
      ],
      "SequenceName": [
        "*ep_b0",
        "*ep_b0",
        "*ep_b1000#2",
        "*ep_b1000#3",
        "*ep_b1000#4",
        "*ep_b1000#5",
        "*ep_b1000#6",
        "*ep_b1000#7",
        "*ep_b1000#8",
        "*ep_b1000#9",
        "*ep_b1000#10",
        "*ep_b0",
        "*ep_b1000#12",
        "*ep_b1000#13",
        "*ep_b1000#14",
        "*ep_b1000#15",
        "*ep_b1000#16",
        "*ep_b1000#17",
        "*ep_b1000#18",
        "*ep_b1000#19",
        "*ep_b1000#20",
        "*ep_b1000#21",
        "*ep_b0",
        "*ep_b1000#23",
        "*ep_b1000#24",
        "*ep_b1000#25",
        "*ep_b1000#26",
        "*ep_b1000#27",
        "*ep_b1000#28",
        "*ep_b1000#29",
        "*ep_b1000#30",
        "*ep_b1000#31",
        "*ep_b1000#32",
        "*ep_b0",
        "*ep_b1000#34",
        "*ep_b1000#35",
        "*ep_b1000#36",
        "*ep_b1000#37",
        "*ep_b1000#38",
        "*ep_b1000#39",
        "*ep_b1000#40",
        "*ep_b1000#41",
        "*ep_b1000#42",
        "*ep_b1000#43",
        "*ep_b0",
        "*ep_b1000#45",
        "*ep_b1000#46",
        "*ep_b1000#47",
        "*ep_b1000#48",
        "*ep_b1000#49",
        "*ep_b1000#50",
        "*ep_b1000#51",
        "*ep_b1000#52",
        "*ep_b1000#53",
        "*ep_b1000#54",
        "*ep_b0",
        "*ep_b1000#56",
        "*ep_b1000#57",
        "*ep_b1000#58",
        "*ep_b1000#59",
        "*ep_b1000#60",
        "*ep_b1000#61",
        "*ep_b1000#62",
        "*ep_b1000#63",
        "*ep_b1000#64",
        "*ep_b1000#65",
        "*ep_b0",
        "*ep_b1000#67",
        "*ep_b1000#68",
        "*ep_b1000#69",
        "*ep_b1000#70",
        "*ep_b1000#71",
        "*ep_b1000#72",
        "*ep_b1000#73",
        "*ep_b1000#74",
        "*ep_b1000#75",
        "*ep_b1000#76",
        "*ep_b0",
        "*ep_b1000#78",
        "*ep_b1000#79",
        "*ep_b1000#80",
        "*ep_b1000#81",
        "*ep_b1000#82",
        "*ep_b1000#83",
        "*ep_b1000#84",
        "*ep_b1000#85",
        "*ep_b1000#86",
        "*ep_b0",
        "*ep_b1000#88",
        "*ep_b1000#89",
        "*ep_b1000#90",
        "*ep_b1000#91",
        "*ep_b1000#92",
        "*ep_b1000#93",
        "*ep_b1000#94",
        "*ep_b1000#95",
        "*ep_b1000#96",
        "*ep_b0",
        "*ep_b1000#98",
        "*ep_b1000#99",
        "*ep_b1000#100",
        "*ep_b1000#101",
        "*ep_b1000#102",
        "*ep_b1000#103",
        "*ep_b1000#104",
        "*ep_b1000#105",
        "*ep_b1000#106"
      ],
      "WindowCenter": [
        272,
        273,
        95,
        99,
        96,
        97,
        98,
        96,
        98,
        94,
        98,
        265,
        99,
        96,
        96,
        98,
        98,
        95,
        98,
        99,
        96,
        97,
        259,
        97,
        100,
        96,
        96,
        99,
        96,
        98,
        96,
        96,
        100,
        254,
        98,
        97,
        95,
        98,
        96,
        98,
        98,
        97,
        96,
        98,
        266,
        97,
        96,
        99,
        97,
        97,
        96,
        97,
        97,
        97,
        97,
        262,
        99,
        95,
        98,
        95,
        99,
        97,
        97,
        96,
        97,
        96,
        261,
        97,
        100,
        97,
        96,
        97,
        96,
        98,
        96,
        98,
        96,
        268,
        98,
        96,
        99,
        96,
        98,
        97,
        99,
        99,
        96,
        263,
        97,
        98,
        99,
        97,
        98,
        96,
        99,
        97,
        97,
        274,
        97,
        96,
        96,
        97,
        97,
        98,
        97,
        97,
        95
      ],
      "WindowWidth": [
        611,
        612,
        244,
        252,
        245,
        248,
        249,
        246,
        250,
        242,
        249,
        600,
        252,
        246,
        245,
        250,
        250,
        244,
        249,
        252,
        246,
        248,
        591,
        248,
        253,
        245,
        247,
        252,
        246,
        249,
        246,
        246,
        253,
        584,
        250,
        248,
        243,
        250,
        245,
        250,
        250,
        248,
        246,
        250,
        599,
        247,
        246,
        251,
        248,
        248,
        246,
        248,
        248,
        248,
        248,
        595,
        251,
        244,
        250,
        244,
        252,
        248,
        248,
        246,
        248,
        246,
        595,
        247,
        253,
        247,
        246,
        247,
        245,
        250,
        246,
        250,
        245,
        604,
        250,
        246,
        251,
        245,
        250,
        247,
        250,
        251,
        245,
        597,
        248,
        249,
        251,
        247,
        250,
        245,
        252,
        248,
        248,
        609,
        248,
        245,
        246,
        247,
        248,
        250,
        247,
        248,
        244
      ]
    },
    "slices": {}
  },
  "CoilCombinationMethod": "Adaptive Combine",
  "NonlinearGradientCorrection": false,
  "PulseSequenceType": "Spin Echo EPI",
  "B0FieldSource": "pepolar_ses-1"
}
