{
  "AcquisitionMatrixPE": 96,
  "AcquisitionNumber": 1,
  "AcquisitionTime": "09:15:58.655000",
  "BandwidthPerPixelPhaseEncode": 18.939,
  "BaseResolution": 96,
  "BodyPartExamined": "BRAIN",
  "ConsistencyInfo": "N4_VE11C_LATEST_20160120",
  "ConversionSoftware": "dcm2niix",
  "ConversionSoftwareVersion": "v1.0.20170923 (OpenJPEG build) GCC6.3.0",
  "DerivedVendorReportedEchoSpacing": 0.000550011,
  "DeviceSerialNumber": "66112",
  "DwellTime": 2.2e-06,
  "EchoTime": 0.033,
  "EchoTrainLength": 96,
  "EffectiveEchoSpacing": 0.000550011,
  "FlipAngle": 59,
  "ImageType": [
    "ORIGINAL",
    "PRIMARY",
    "FMRI",
    "NONE",
    "ND",
    "NORM",
    "MOSAIC"
  ],
  "InstitutionAddress": "Maynard_3_Hanover_NH_US_03755",
  "InstitutionName": "Dartmouth_College_-_PBS",
  "MagneticFieldStrength": 3,
  "Manufacturer": "Siemens",
  "ManufacturersModelName": "Prisma",
  "Modality": "MR",
  "MultibandAccelerationFactor": 4,
  "PercentPhaseFOV": 100,
  "PhaseEncodingDirection": "j-",
  "PhaseEncodingSteps": 96,
  "PhaseResolution": 1,
  "ProcedureStepDescription": "Gobbini_Matteo_1038_hyperface",
  "ProtocolName": "func_run-05_task-localizer",
  "PulseSequenceDetails": "%SiemensSeq%_ep2d_bold",
  "ReceiveCoilActiveElements": "HEA;HEP",
  "ReceiveCoilName": "Head_32",
  "ReconMatrixPE": 96,
  "RepetitionTime": 1,
  "ScanOptions": "FS",
  "ScanningSequence": "EP",
  "SequenceName": "_epfid2d1_96",
  "SequenceVariant": "SK",
  "SeriesDescription": "func_run-05_task-localizer",
  "SliceTiming": [
    0.735,
    0,
    0.49,
    0.0825,
    0.5725,
    0.165,
    0.655,
    0.3275,
    0.8175,
    0.41,
    0.9,
    0.245,
    0.735,
    0,
    0.49,
    0.0825,
    0.5725,
    0.165,
    0.655,
    0.3275,
    0.8175,
    0.41,
    0.9,
    0.245,
    0.735,
    0,
    0.49,
    0.0825,
    0.5725,
    0.165,
    0.655,
    0.3275,
    0.8175,
    0.41,
    0.9,
    0.245,
    0.735,
    0,
    0.49,
    0.0825,
    0.5725,
    0.165,
    0.655,
    0.3275,
    0.8175,
    0.41,
    0.9,
    0.245
  ],
  "SoftwareVersions": "syngo_MR_E11",
  "StationName": "AWP66112",
  "TotalReadoutTime": 0.0522511,
  "dcmmeta_affine": [
    [
      -2.499285936355591,
      -0.05715314298868179,
      -0.017417434602975845,
      126.14576721191406
    ],
    [
      -0.057159487158060074,
      2.4993462562561035,
      0.0007119124056771398,
      -104.74909973144531
    ],
    [
      -0.017396604642271996,
      -0.00110993767157197,
      2.499939203262329,
      -47.61795425415039
    ],
    [
      0.0,
      0.0,
      0.0,
      1.0
    ]
  ],
  "dcmmeta_reorient_transform": [
    [
      0.0,
      -1.0,
      0.0,
      95.0
    ],
    [
      1.0,
      0.0,
      0.0,
      0.0
    ],
    [
      0.0,
      0.0,
      1.0,
      0.0
    ],
    [
      0.0,
      0.0,
      0.0,
      1.0
    ]
  ],
  "dcmmeta_shape": [
    96,
    96,
    48,
    236
  ],
  "dcmmeta_slice_dim": 2,
  "dcmmeta_version": 0.6,
  "global": {
    "const": {
      "AccessionNumber": "A001149",
      "AcquisitionMatrix": [
        96,
        0,
        0,
        96
      ],
      "AngioFlag": "N",
      "BitsAllocated": 16,
      "BitsStored": 12,
      "BodyPartExamined": "BRAIN",
      "Columns": 672,
      "EchoNumbers": 1,
      "EchoTime": 33.0,
      "EchoTrainLength": 96,
      "FlipAngle": 59.0,
      "HighBit": 11,
      "ImageOrientationPatient": [
        0.99971437130224,
        0.02286379486794,
        -0.0069586418223,
        -0.0228612574671,
        0.99973854871819,
        0.00044397507976
      ],
      "ImagePositionPatient": [
        -824.05045870013,
        -868.96249487272,
        -43.032837406998
      ],
      "ImageType": [
        "ORIGINAL",
        "PRIMARY",
        "FMRI",
        "NONE",
        "ND",
        "NORM",
        "MOSAIC"
      ],
      "ImagedNucleus": "1H",
      "ImagingFrequency": 123.252296,
      "InPlanePhaseEncodingDirection": "COL",
      "MRAcquisitionType": "2D",
      "MagneticFieldStrength": 3.0,
      "Manufacturer": "SIEMENS",
      "ManufacturerModelName": "Prisma",
      "Modality": "MR",
      "NumberOfAverages": 1.0,
      "NumberOfPhaseEncodingSteps": 96,
      "PercentPhaseFieldOfView": 100.0,
      "PercentSampling": 100.0,
      "PerformedProcedureStepStartTime": "084206.738000",
      "PhotometricInterpretation": "MONOCHROME2",
      "PixelBandwidth": 2365.0,
      "PixelRepresentation": 0,
      "PixelSpacing": [
        2.5,
        2.5
      ],
      "PositionReferenceIndicator": "",
      "ProtocolName": "func_run-05_task-localizer",
      "RepetitionTime": 1000.0,
      "Rows": 672,
      "SAR": 0.05353437966147,
      "SamplesPerPixel": 1,
      "ScanOptions": "FS",
      "ScanningSequence": "EP",
      "SequenceName": "*epfid2d1_96",
      "SequenceVariant": "SK",
      "SeriesDescription": "func_run-05_task-localizer",
      "SeriesNumber": 36,
      "SeriesTime": "091559.555000",
      "SliceLocation": -48.52547884735,
      "SliceThickness": 2.5,
      "SmallestImagePixelValue": 0,
      "SoftwareVersions": "syngo MR E11",
      "SpacingBetweenSlices": 2.5000000650135,
      "SpecificCharacterSet": "ISO_IR 100",
      "StudyID": "1",
      "StudyTime": "084206.617000",
      "TransmitCoilName": "Body",
      "VariableFlipAngleFlag": "N",
      "WindowCenterWidthExplanation": "Algo1",
      "dBdt": 0.0
    },
