{
  "AcquisitionMatrixPE": 120,
  "AcquisitionNumber": 1,
  "BandwidthPerPixelPhaseEncode": 13.021,
  "BaseResolution": 120,
  "BodyPartExamined": "BRAIN",
  "ConsistencyInfo": "N4_VE11C_LATEST_20160120",
  "ConversionSoftware": "dcm2niix",
  "ConversionSoftwareVersion": "v1.0.20171215 (OpenJPEG build) GCC6.3.0",
  "DerivedVendorReportedEchoSpacing": 0.000639992,
  "DeviceSerialNumber": "66112",
  "DwellTime": 2.4e-06,
  "EchoTime": 0.096,
  "EchoTrainLength": 120,
  "EffectiveEchoSpacing": 0.000639992,
  "FlipAngle": 90,
  "ImageOrientationPatientDICOM": [
    0.998759,
    0.0444654,
    0.0224395,
    -0.0450041,
    0.998696,
    0.0240982
  ],
  "ImageType": [
    "ORIGINAL",
    "PRIMARY",
    "DIFFUSION",
    "NONE",
    "ND",
    "NORM"
  ],
  "InPlanePhaseEncodingDirectionDICOM": "COL",
  "InstitutionAddress": "Maynard_3_Hanover_NH_US_03755",
  "InstitutionName": "Dartmouth_College_-_PBS",
  "InstitutionalDepartmentName": "Department",
  "MRAcquisitionType": "2D",
  "MagneticFieldStrength": 3,
  "Manufacturer": "Siemens",
  "ManufacturersModelName": "Prisma",
  "Modality": "MR",
  "PartialFourier": 1,
  "PatientPosition": "HFS",
  "PercentPhaseFOV": 100,
  "PhaseEncodingDirection": "j",
  "PhaseEncodingSteps": 120,
  "PhaseResolution": 1,
  "PixelBandwidth": 1735,
  "ProcedureStepDescription": "Gobbini_Matteo_1038_hyperface",
  "ProtocolName": "fmap_acq-2.0mmX4b0_dir-PA",
  "PulseSequenceDetails": "%SiemensSeq%_ep2d_diff",
  "ReceiveCoilActiveElements": "HEA;HEP",
  "ReceiveCoilName": "Head_32",
  "ReconMatrixPE": 120,
  "RepetitionTime": 9.7,
  "SAR": 0.106202,
  "ScanOptions": "FS",
  "ScanningSequence": "EP",
  "SequenceName": "_ep_b0",
  "SequenceVariant": "SK_SP",
  "SeriesDescription": "fmap_acq-2.0mmX4b0_dir-PA",
  "SeriesNumber": 64,
  "ShimSetting": [
    4141,
    -7713,
    -7321,
    625,
    -38,
    -4,
    4,
    62
  ],
  "SliceThickness": 2,
  "SoftwareVersions": "syngo_MR_E11",
  "SpacingBetweenSlices": 2,
  "StationName": "AWP66112",
  "TotalReadoutTime": 0.076159,
  "TxRefAmp": 224.91,
  "time": {
    "samples": {
      "AcquisitionNumber": [
        1,
        2,
        3,
        4,
        5,
        6
      ],
      "SequenceName": [
        "*ep_b0",
        "*ep_b0",
        "*ep_b0",
        "*ep_b0",
        "*ep_b1000#5",
        "*ep_b650#6"
      ]
    },
    "slices": {
      "CsaImage.ProtocolSliceNumber": [
        0,
        1,
        2,
        3,
        4,
        5,
        6,
        7,
        8,
        9,
        10,
        11,
        12,
        13,
        14,
        15,
        16,
        17,
        18,
        19,
        20,
        21,
        22,
        23,
        24,
        25,
        26,
        27,
        28,
        29,
        30,
        31,
        32,
        33,
        34,
        35,
        36,
        37,
        38,
        39,
        40,
        41,
        42,
        43,
        44,
        45,
        46,
        47,
        48,
        49,
        50,
        51,
        52,
        53,
        54,
        55,
        56,
        57,
        58,
        59,
        60,
        61,
        62,
        63
      ],
      "CsaImage.SlicePosition_PCS": [
        [
          -115.51404273,
          -139.99946269,
          -84.25035978
        ],
        [
          -115.55672013,
          -140.04961928,
          -82.25144316
        ],
        [
          -115.59939753,
          -140.09977492,
          -80.25252653
        ],
        [
          -115.64207482,
          -140.14993152,
          -78.25360991
        ],
        [
          -115.68475222,
          -140.20008811,
          -76.25469328
        ],
        [
          -115.72742962,
          -140.25024375,
          -74.25577665
        ],
        [
          -115.77010702,
          -140.30040034,
          -72.25686003
        ],
        [
          -115.81278431,
          -140.35055694,
          -70.25795103
        ],
        [
          -115.85546171,
          -140.40071258,
          -68.25903441
        ],
        [
          -115.89813911,
          -140.45086917,
          -66.26011778
        ],
        [
          -115.94081651,
          -140.50102576,
          -64.26120115
        ],
        [
          -115.9834938,
          -140.5511814,
          -62.26228453
        ],
        [
          -116.0261712,
          -140.601338,
          -60.26337172
        ],
        [
          -116.0688486,
          -140.65149459,
          -58.26445509
        ],
        [
          -116.11152601,
          -140.70165118,
          -56.26553846
        ],
        [
          -116.15420329,
          -140.75180682,
          -54.26662565
        ],
        [
          -116.19688069,
          -140.80196342,
          -52.26770903
        ],
        [
          -116.23955809,
          -140.85212001,
          -50.2687924
        ],
        [
          -116.2822355,
          -140.90227565,
          -48.26987959
        ],
        [
          -116.32491278,
          -140.95243224,
          -46.27096296
        ],
        [
          -116.36759018,
          -141.00258883,
          -44.27204634
        ],
        [
          -116.41026758,
          -141.05274447,
          -42.27313353
        ],
        [
          -116.45294499,
          -141.10290107,
          -40.2742169
        ],
        [
          -116.49562239,
          -141.15305766,
          -38.27530027
        ],
        [
          -116.53829979,
          -141.20321425,
          -36.27638556
        ],
        [
          -116.58097696,
          -141.25336989,
          -34.27747084
        ],
        [
          -116.62365436,
          -141.30352553,
          -32.27855421
        ],
        [
          -116.66633176,
          -141.35368308,
          -30.27963949
        ],
        [
          -116.70900916,
          -141.40383872,
          -28.28072287
        ],
        [
          -116.75168657,
          -141.45399436,
          -26.28180815
        ],
        [
          -116.79436397,
          -141.50415191,
          -24.28289343
        ],
        [
          -116.83704137,
          -141.55430755,
          -22.2839768
        ],
        [
          -116.87971877,
          -141.60446319,
          -20.28506208
        ],
        [
          -116.92239594,
          -141.65462073,
          -18.28614641
        ],
        [
          -116.96507334,
          -141.70477637,
          -16.28723074
        ],
        [
          -117.00775074,
          -141.75493201,
          -14.28831602
        ],
        [
          -117.05042815,
          -141.80508956,
          -12.28939987
        ],
        [
          -117.09310555,
          -141.8552452,
          -10.29048468
        ],
        [
          -117.13578295,
          -141.90540084,
          -8.29156924
        ],
        [
          -117.17846035,
          -141.95555839,
          -6.29265375
        ],
        [
          -117.22113776,
          -142.00571403,
          -4.29373826
        ],
        [
          -117.26381516,
          -142.05586967,
          -2.29482294
        ],
        [
          -117.30649232,
          -142.10602721,
          -0.29590727
        ],
        [
          -117.34916972,
          -142.15618285,
          1.70300793
        ],
        [
          -117.39184713,
          -142.20633849,
          3.70192312
        ],
        [
          -117.43452453,
          -142.25649604,
          5.70083879
        ],
        [
          -117.47720193,
          -142.30665168,
          7.69975447
        ],
        [
          -117.51987933,
          -142.35680732,
          9.69867014
        ],
        [
          -117.56255674,
          -142.40696486,
          11.69758486
        ],
        [
          -117.60523414,
          -142.4571205,
          13.69650148
        ],
        [
          -117.6479113,
          -142.50727614,
          15.6954162
        ],
        [
          -117.69058871,
          -142.55743369,
          17.69433092
        ],
        [
          -117.73326611,
          -142.60758933,
          19.69324755
        ],
        [
          -117.77594351,
          -142.65774497,
          21.69216227
        ],
        [
          -117.81862091,
          -142.70790252,
          23.69107889
        ],
        [
          -117.86129832,
          -142.75805816,
          25.68999361
        ],
        [
          -117.90397572,
          -142.8082157,
          27.68891024
        ],
        [
          -117.94665312,
          -142.85837134,
          29.68782305
        ],
        [
          -117.98933029,
          -142.90852698,
          31.68673967
        ],
        [
          -118.03200769,
          -142.95868453,
          33.6856563
        ],
        [
          -118.07468509,
          -143.00884017,
          35.68456911
        ],
        [
          -118.11736249,
          -143.05899581,
          37.68348574
        ],
        [
          -118.1600399,
          -143.10915336,
          39.68240236
        ],
        [
          -118.2027173,
          -143.159309,
          41.68131899
        ]
      ],
      "ImagePositionPatient": [
        [
          -115.51404272838,
          -139.99946269028,
          -84.250359783485
        ],
        [
          -115.55672013088,
          -140.0496192836,
          -82.251443157508
        ],
        [
          -115.59939753337,
          -140.09977492325,
          -80.252526531532
        ],
        [
          -115.64207481666,
          -140.14993151657,
          -78.253609905555
        ],
        [
          -115.68475221916,
          -140.2000881099,
          -76.254693279578
        ],
        [
          -115.72742962165,
          -140.25024374954,
          -74.255776653602
        ],
        [
          -115.77010702415,
          -140.30040034287,
          -72.256860027625
        ],
        [
          -115.81278430744,
          -140.35055693619,
          -70.257951031043
        ],
        [
          -115.85546170993,
          -140.40071257584,
          -68.259034405067
        ],
        [
          -115.89813911243,
          -140.45086916916,
          -66.26011777909
        ],
        [
          -115.94081651492,
          -140.50102576248,
          -64.261201153114
        ],
        [
          -115.98349379821,
          -140.55118140213,
          -62.262284527137
        ],
        [
          -116.02617120071,
          -140.60133799545,
          -60.263371715858
        ],
        [
          -116.0688486032,
          -140.65149458878,
          -58.264455089881
        ],
        [
          -116.1115260057,
          -140.7016511821,
          -56.265538463905
        ],
        [
          -116.15420328899,
          -140.75180682175,
          -54.266625652625
        ],
        [
          -116.19688069148,
          -140.80196341507,
          -52.267709026649
        ],
        [
          -116.23955809398,
          -140.85212000839,
          -50.268792400672
        ],
        [
          -116.28223549648,
          -140.90227564804,
          -48.269879589393
        ],
        [
          -116.32491277976,
          -140.95243224136,
          -46.270962963416
        ],
        [
          -116.36759018226,
          -141.00258883469,
          -44.27204633744
        ],
        [
          -116.41026758476,
          -141.05274447434,
          -42.27313352616
        ],
        [
          -116.45294498725,
          -141.10290106766,
          -40.274216900184
        ],
        [
          -116.49562238975,
          -141.15305766098,
          -38.275300274207
        ],
        [
          -116.53829979225,
          -141.2032142543,
          -36.276385555579
        ],
        [
          -116.58097695632,
          -141.25336989395,
          -34.277470836951
        ],
        [
          -116.62365435882,
          -141.3035255336,
          -32.278554210975
        ],
        [
          -116.66633176132,
          -141.3536830806,
          -30.279639492347
        ],
        [
          -116.70900916381,
          -141.40383872025,
          -28.28072286637
        ],
        [
          -116.75168656631,
          -141.4539943599,
          -26.281808147742
        ],
        [
          -116.7943639688,
          -141.50415190689,
          -24.282893429115
        ],
        [
          -116.8370413713,
          -141.55430754654,
          -22.283976803138
        ],
        [
          -116.8797187738,
          -141.60446318619,
          -20.28506208451
        ],
        [
          -116.92239593788,
          -141.65462073319,
          -18.286146412208
        ],
        [
          -116.96507334037,
          -141.70477637283,
          -16.287230739906
        ],
        [
          -117.00775074287,
          -141.75493201248,
          -14.288316021278
        ],
        [
          -117.05042814536,
          -141.80508955948,
          -12.289399872138
        ],
        [
          -117.09310554786,
          -141.85524519913,
          -10.290484676673
        ],
        [
          -117.13578295036,
          -141.90540083878,
          -8.2915692427895
        ],
        [
          -117.17846035285,
          -141.95555838577,
          -6.2926537493012
        ],
        [
          -117.22113775535,
          -142.00571402542,
          -4.2937382558128
        ],
        [
          -117.26381515785,
          -142.05586966507,
          -2.2948229411385
        ],
        [
          -117.30649232192,
          -142.10602721207,
          -0.2959072688362
        ],
        [
          -117.34916972442,
          -142.15618285172,
          1.7030079266289
        ],
        [
          -117.39184712692,
          -142.20633849136,
          3.701923122094
        ],
        [
          -117.43452452941,
          -142.25649603836,
          5.7008387943962
        ],
        [
          -117.47720193191,
          -142.30665167801,
          7.6997544666984
        ],
        [
          -117.51987933441,
          -142.35680731766,
          9.6986701390007
        ],
        [
          -117.5625567369,
          -142.40696486466,
          11.697584857629
        ],
        [
          -117.6052341394,
          -142.4571205043,
          13.696501483605
        ],
        [
          -117.64791130348,
          -142.50727614395,
          15.695416202233
        ],
        [
          -117.69058870597,
          -142.55743369095,
          17.694330920861
        ],
        [
          -117.73326610847,
          -142.6075893306,
          19.693247546838
        ],
        [
          -117.77594351096,
          -142.65774497025,
          21.692162265466
        ],
        [
          -117.81862091346,
          -142.70790251724,
          23.691078891442
        ],
        [
          -117.86129831596,
          -142.75805815689,
          25.68999361007
        ],
        [
          -117.90397571845,
          -142.80821570389,
          27.688910236047
        ],
        [
          -117.94665312095,
          -142.85837134354,
          29.687823047326
        ],
        [
          -117.98933028503,
          -142.90852698319,
          31.686739673302
        ],
        [
          -118.03200768752,
          -142.95868453018,
          33.685656299279
        ],
        [
          -118.07468509002,
          -143.00884016983,
          35.684569110558
        ],
        [
          -118.11736249252,
          -143.05899580948,
          37.683485736535
        ],
        [
          -118.16003989501,
          -143.10915335648,
          39.682402362511
        ],
        [
          -118.20271729751,
          -143.15930899613,
          41.681318988488
        ]
      ],
      "SliceLocation": [
        -78.228828787597,
        -76.228827607062,
        -74.228826450443,
        -72.228825272451,
        -70.228824091916,
        -68.228822935297,
        -66.228821754761,
        -64.228828202027,
        -62.228827045408,
        -60.228825864872,
        -58.228824684337,
        -56.228823530262,
        -54.228826162355,
        -52.22882498182,
        -50.228823801284,
        -48.228826459838,
        -46.228825279302,
        -44.228824098767,
        -42.228826754776,
        -40.228825576785,
        -38.228824396249,
        -36.228827052259,
        -34.228825871724,
        -32.228824691188,
        -30.228825416967,
        -28.22882617175,
        -26.228825015131,
        -24.228825716993,
        -22.228824560374,
        -20.22882531007,
        -18.228826011932,
        -16.228824855313,
        -14.228825605009,
        -12.228825358801,
        -10.22882515534,
        -8.2288259050349,
        -6.2288251771617,
        -4.2288254502784,
        -2.2288254851058,
        -0.2288254125282,
        1.7711746122167,
        3.7711744582447,
        5.7711747044517,
        7.771174431335,
        9.7711741582183,
        11.771174409513,
        13.771174612975,
        15.771174816437,
        17.771174114574,
        19.771175271193,
        21.77117451641,
        23.771173814548,
        25.771174971167,
        27.771174221471,
        29.771175425923,
        31.771174676228,
        33.77117588068,
        35.77117322467,
        37.771174376202,
        39.771175580653,
        41.771172924644,
        43.771174081263,
        45.771175285715,
        47.771176442334
      ]
    }
  }
}
