{
  "AcquisitionMatrixPE": 120,
  "AcquisitionNumber": 1,
  "AcquisitionTime": "17:08:2.495000",
  "BandwidthPerPixelPhaseEncode": 13.889,
  "BaseResolution": 120,
  "BodyPartExamined": "BRAIN",
  "ConsistencyInfo": "N4_VE11C_LATEST_20160120",
  "ConversionSoftware": "dcm2niix",
  "ConversionSoftwareVersion": "v1.0.20170923 (OpenJPEG build) GCC6.3.0",
  "DerivedVendorReportedEchoSpacing": 0.000599995,
  "DeviceSerialNumber": "66112",
  "DwellTime": 2e-06,
  "EchoTime": 0.103,
  "EchoTrainLength": 120,
  "EffectiveEchoSpacing": 0.000599995,
  "FlipAngle": 90,
  "ImageType": [
    "ORIGINAL",
    "PRIMARY",
    "DIFFUSION",
    "NONE",
    "ND",
    "NORM",
    "MOSAIC"
  ],
  "InstitutionAddress": "Maynard_3_Hanover_NH_US_03755",
  "InstitutionName": "Dartmouth_College_-_PBS",
  "MagneticFieldStrength": 3,
  "Manufacturer": "Siemens",
  "ManufacturersModelName": "Prisma",
  "Modality": "MR",
  "MultibandAccelerationFactor": 4,
  "PercentPhaseFOV": 100,
  "PhaseEncodingDirection": "j-",
  "PhaseEncodingSteps": 120,
  "PhaseResolution": 1,
  "ProcedureStepDescription": "Gobbini_Matteo_1038_hyperface",
  "ProtocolName": "dwi_acq-2.0mmXhardi96Xsms4X11b0",
  "PulseSequenceDetails": "%SiemensSeq%_ep2d_diff",
  "ReceiveCoilActiveElements": "HEA;HEP",
  "ReceiveCoilName": "Head_32",
  "ReconMatrixPE": 120,
  "RepetitionTime": 2.6,
  "ScanOptions": "FS",
  "ScanningSequence": "EP",
  "SequenceName": "_ep_b0",
  "SequenceVariant": "SK_SP",
  "SeriesDescription": "dwi_acq-2.0mmXhardi96Xsms4X11b0",
  "SliceTiming": [
    1.935,
    0,
    1.29,
    0.1625,
    1.4525,
    0.3225,
    1.6125,
    0.485,
    1.7725,
    0.8075,
    2.095,
    0.9675,
    2.2575,
    1.13,
    2.4175,
    0.645,
    1.935,
    0,
    1.29,
    0.1625,
    1.4525,
    0.3225,
    1.6125,
    0.485,
    1.7725,
    0.8075,
    2.095,
    0.9675,
    2.2575,
    1.13,
    2.4175,
    0.645,
    1.935,
    0,
    1.29,
    0.1625,
    1.4525,
    0.3225,
    1.6125,
    0.485,
    1.7725,
    0.8075,
    2.095,
    0.9675,
    2.2575,
    1.13,
    2.4175,
    0.645,
    1.935,
    0,
    1.29,
    0.1625,
    1.4525,
    0.3225,
    1.6125,
    0.485,
    1.7725,
    0.8075,
    2.095,
    0.9675,
    2.2575,
    1.13,
    2.4175,
    0.645
  ],
  "SoftwareVersions": "syngo_MR_E11",
  "StationName": "AWP66112",
  "TotalReadoutTime": 0.0713994,
  "dcmmeta_affine": [
    [
      -1.9970569610595703,
      0.036253396421670914,
      0.10222020000219345,
      117.5362777709961
    ],
    [
      0.05208103731274605,
      1.9739649295806885,
      0.3174116015434265,
      -106.28612518310547
    ],
    [
      0.09513591974973679,
      -0.31960636377334595,
      1.9720042943954468,
      -57.630165100097656
    ],
    [
      0.0,
      0.0,
      0.0,
      1.0
    ]
  ],
  "dcmmeta_reorient_transform": [
    [
      0.0,
      -1.0,
      0.0,
      119.0
    ],
    [
      1.0,
      0.0,
      0.0,
      0.0
    ],
    [
      0.0,
      0.0,
      1.0,
      0.0
    ],
    [
      0.0,
      0.0,
      0.0,
      1.0
    ]
  ],
  "dcmmeta_shape": [
    120,
    120,
    64,
    107
  ],
  "dcmmeta_slice_dim": 2,
  "dcmmeta_version": 0.6,
  "global": {
    "const": {
      "AccessionNumber": "A001173",
      "AcquisitionMatrix": [
        120,
        0,
        0,
        120
      ],
      "AngioFlag": "N",
      "BitsAllocated": 16,
      "BitsStored": 12,
      "BodyPartExamined": "BRAIN",
      "Columns": 960,
      "EchoNumbers": 1,
      "EchoTime": 103.0,
      "EchoTrainLength": 120,
      "FlipAngle": 90.0,
      "HighBit": 11,
      "ImageOrientationPatient": [
        0.99852850767904,
        -0.0260405195249,
        0.04756795870282,
        0.01812669767366,
        0.98698245361245,
        0.15980318861838
      ],
      "ImagePositionPatient": [
        -975.84080173775,
        -935.80692052717,
        -269.85508713392
      ],
      "ImageType": [
        "ORIGINAL",
        "PRIMARY",
        "DIFFUSION",
        "NONE",
        "ND",
        "NORM",
        "MOSAIC"
      ],
      "ImagedNucleus": "1H",
      "ImagingFrequency": 123.252314,
      "InPlanePhaseEncodingDirection": "COL",
      "MRAcquisitionType": "2D",
      "MagneticFieldStrength": 3.0,
      "Manufacturer": "SIEMENS",
      "ManufacturerModelName": "Prisma",
      "Modality": "MR",
      "NumberOfAverages": 1.0,
      "NumberOfPhaseEncodingSteps": 120,
      "PercentPhaseFieldOfView": 100.0,
      "PercentSampling": 100.0,
      "PerformedProcedureStepStartTime": "161024.008000",
      "PhotometricInterpretation": "MONOCHROME2",
      "PixelBandwidth": 2085.0,
      "PixelRepresentation": 0,
      "PixelSpacing": [
        2.0,
        2.0
      ],
      "PositionReferenceIndicator": "",
      "ProtocolName": "dwi_acq-2.0mmXhardi96Xsms4X11b0",
      "RepetitionTime": 2600.0,
      "Rows": 960,
      "SAR": 0.25751460840981,
      "SamplesPerPixel": 1,
      "ScanOptions": "FS",
      "ScanningSequence": "EP",
      "SequenceVariant": [
        "SK",
        "SP"
      ],
      "SeriesDescription": "dwi_acq-2.0mmXhardi96Xsms4X11b0",
      "SeriesNumber": 66,
      "SeriesTime": "170905.148000",
      "SliceLocation": -67.684399056725,
      "SliceThickness": 2.0,
      "SmallestImagePixelValue": 0,
      "SoftwareVersions": "syngo MR E11",
      "SpacingBetweenSlices": 2.0000000633902,
      "SpecificCharacterSet": "ISO_IR 100",
      "StudyID": "1",
      "StudyTime": "161023.913000",
      "TransmitCoilName": "Body",
      "VariableFlipAngleFlag": "N",
      "WindowCenterWidthExplanation": "Algo1",
      "dBdt": 0.0
    },
