{
  "AcquisitionMatrixPE": 96,
  "AcquisitionNumber": 1,
  "AcquisitionTime": "10:24:44.177500",
  "BandwidthPerPixelPhaseEncode": 18.939,
  "BaseResolution": 96,
  "BodyPartExamined": "BRAIN",
  "ConsistencyInfo": "N4_VE11C_LATEST_20160120",
  "ConversionSoftware": "dcm2niix",
  "ConversionSoftwareVersion": "v1.0.20171215 (OpenJPEG build) GCC6.3.0",
  "DerivedVendorReportedEchoSpacing": 0.000550011,
  "DeviceSerialNumber": "66112",
  "DwellTime": 2.2e-06,
  "EchoTime": 0.033,
  "EchoTrainLength": 96,
  "EffectiveEchoSpacing": 0.000550011,
  "FlipAngle": 59,
  "ImageOrientationPatientDICOM": [
    0.999058,
    0.0360579,
    0.0241418,
    -0.0345387,
    0.997562,
    -0.0606344
  ],
  "ImageType": [
    "ORIGINAL",
    "PRIMARY",
    "FMRI",
    "NONE",
    "ND",
    "NORM",
    "MOSAIC"
  ],
  "InPlanePhaseEncodingDirectionDICOM": "COL",
  "InstitutionAddress": "Maynard_3_Hanover_NH_US_03755",
  "InstitutionName": "Dartmouth_College_-_PBS",
  "InstitutionalDepartmentName": "Department",
  "MRAcquisitionType": "2D",
  "MagneticFieldStrength": 3,
  "Manufacturer": "Siemens",
  "ManufacturersModelName": "Prisma",
  "Modality": "MR",
  "MultibandAccelerationFactor": 4,
  "PatientPosition": "HFS",
  "PercentPhaseFOV": 100,
  "PhaseEncodingDirection": "j-",
  "PhaseEncodingSteps": 96,
  "PhaseResolution": 1,
  "PixelBandwidth": 2365,
  "ProcedureStepDescription": "Gobbini_Matteo_1038_hyperface",
  "ProtocolName": "func_run-02_task-visualmemory",
  "PulseSequenceDetails": "%SiemensSeq%_ep2d_bold",
  "ReceiveCoilActiveElements": "HEA;HEP",
  "ReceiveCoilName": "Head_32",
  "ReconMatrixPE": 96,
  "RepetitionTime": 1,
  "SAR": 0.050534,
  "ScanOptions": "FS",
  "ScanningSequence": "EP",
  "SequenceName": "_epfid2d1_96",
  "SequenceVariant": "SK",
  "SeriesDescription": "func_run-02_task-visualmemory",
  "SeriesNumber": 15,
  "ShimSetting": [
    4149,
    -7704,
    -7303,
    443,
    -26,
    41,
    23,
    93
  ],
  "SliceThickness": 2.5,
  "SliceTiming": [
    0.735,
    0,
    0.49,
    0.0825,
    0.5725,
    0.165,
    0.655,
    0.3275,
    0.8175,
    0.41,
    0.9,
    0.245,
    0.735,
    0,
    0.49,
    0.0825,
    0.5725,
    0.165,
    0.655,
    0.3275,
    0.8175,
    0.41,
    0.9,
    0.245,
    0.735,
    0,
    0.49,
    0.0825,
    0.5725,
    0.165,
    0.655,
    0.3275,
    0.8175,
    0.41,
    0.9,
    0.245,
    0.735,
    0,
    0.49,
    0.0825,
    0.5725,
    0.165,
    0.655,
    0.3275,
    0.8175,
    0.41,
    0.9,
    0.245
  ],
  "SoftwareVersions": "syngo_MR_E11",
  "SpacingBetweenSlices": 2.5,
  "StationName": "AWP66112",
  "TotalReadoutTime": 0.0522511,
  "TxRefAmp": 252.014,
  "CoilCombinationMethod": "Sum of Squares",
  "NonlinearGradientCorrection": false,
  "PulseSequenceType": "Gradient Echo EPI",
  "B0FieldSource": "gre_ses-1"
}
