{
  "AcquisitionMatrixPE": 96,
  "AcquisitionNumber": 1,
  "AcquisitionTime": "16:22:43.665000",
  "BandwidthPerPixelPhaseEncode": 18.939,
  "BaseResolution": 96,
  "BodyPartExamined": "BRAIN",
  "ConsistencyInfo": "N4_VE11C_LATEST_20160120",
  "ConversionSoftware": "dcm2niix",
  "ConversionSoftwareVersion": "v1.0.20170923 (OpenJPEG build) GCC6.3.0",
  "DerivedVendorReportedEchoSpacing": 0.000550011,
  "DeviceSerialNumber": "66112",
  "DwellTime": 2.2e-06,
  "EchoTime": 0.033,
  "EchoTrainLength": 96,
  "EffectiveEchoSpacing": 0.000550011,
  "FlipAngle": 59,
  "ImageType": [
    "ORIGINAL",
    "PRIMARY",
    "FMRI",
    "NONE",
    "ND",
    "NORM",
    "MOSAIC"
  ],
  "InstitutionAddress": "Maynard_3_Hanover_NH_US_03755",
  "InstitutionName": "Dartmouth_College_-_PBS",
  "MagneticFieldStrength": 3,
  "Manufacturer": "Siemens",
  "ManufacturersModelName": "Prisma",
  "Modality": "MR",
  "MultibandAccelerationFactor": 4,
  "PercentPhaseFOV": 100,
  "PhaseEncodingDirection": "j-",
  "PhaseEncodingSteps": 96,
  "PhaseResolution": 1,
  "ProcedureStepDescription": "Gobbini_Matteo_1038_hyperface",
  "ProtocolName": "func_run-01_task-localizer",
  "PulseSequenceDetails": "%SiemensSeq%_ep2d_bold",
  "ReceiveCoilActiveElements": "HEA;HEP",
  "ReceiveCoilName": "Head_32",
  "ReconMatrixPE": 96,
  "RepetitionTime": 1,
  "ScanOptions": "FS",
  "ScanningSequence": "EP",
  "SequenceName": "_epfid2d1_96",
  "SequenceVariant": "SK",
  "SeriesDescription": "func_run-01_task-localizer",
  "SliceTiming": [
    0.735,
    0,
    0.49,
    0.08,
    0.57,
    0.1625,
    0.6525,
    0.325,
    0.815,
    0.4075,
    0.8975,
    0.245,
    0.735,
    0,
    0.49,
    0.08,
    0.57,
    0.1625,
    0.6525,
    0.325,
    0.815,
    0.4075,
    0.8975,
    0.245,
    0.735,
    0,
    0.49,
    0.08,
    0.57,
    0.1625,
    0.6525,
    0.325,
    0.815,
    0.4075,
    0.8975,
    0.245,
    0.735,
    0,
    0.49,
    0.08,
    0.57,
    0.1625,
    0.6525,
    0.325,
    0.815,
    0.4075,
    0.8975,
    0.245
  ],
  "SoftwareVersions": "syngo_MR_E11",
  "StationName": "AWP66112",
  "TotalReadoutTime": 0.0522511,
  "dcmmeta_affine": [
    [
      -2.496321201324463,
      0.04531674459576607,
      0.12777525186538696,
      117.61424255371094
    ],
    [
      0.06510129570960999,
      2.467456102371216,
      0.39676445722579956,
      -111.07263946533203
    ],
    [
      0.11891989409923553,
      -0.39950796961784363,
      2.465005397796631,
      -46.509521484375
    ],
    [
      0.0,
      0.0,
      0.0,
      1.0
    ]
  ],
  "dcmmeta_reorient_transform": [
    [
      0.0,
      -1.0,
      0.0,
      95.0
    ],
    [
      1.0,
      0.0,
      0.0,
      0.0
    ],
    [
      0.0,
      0.0,
      1.0,
      0.0
    ],
    [
      0.0,
      0.0,
      0.0,
      1.0
    ]
  ],
  "dcmmeta_shape": [
    96,
    96,
    48,
    236
  ],
  "dcmmeta_slice_dim": 2,
  "dcmmeta_version": 0.6,
  "global": {
    "const": {
      "AccessionNumber": "A001173",
      "AcquisitionMatrix": [
        96,
        0,
        0,
        96
      ],
      "AngioFlag": "N",
      "BitsAllocated": 16,
      "BitsStored": 12,
      "BodyPartExamined": "BRAIN",
      "Columns": 672,
      "EchoNumbers": 1,
      "EchoTime": 33.0,
      "EchoTrainLength": 96,
      "FlipAngle": 59.0,
      "HighBit": 11,
      "ImageOrientationPatient": [
        0.99852850767904,
        -0.0260405195249,
        0.04756795870282,
        0.01812669767366,
        0.98698245361245,
        0.15980318861838
      ],
      "ImagePositionPatient": [
        -853.91107850762,
        -815.21388393532,
        -233.77000319073
      ],
      "ImageType": [
        "ORIGINAL",
        "PRIMARY",
        "FMRI",
        "NONE",
        "ND",
        "NORM",
        "MOSAIC"
      ],
      "ImagedNucleus": "1H",
      "ImagingFrequency": 123.252319,
      "InPlanePhaseEncodingDirection": "COL",
      "MRAcquisitionType": "2D",
      "MagneticFieldStrength": 3.0,
      "Manufacturer": "SIEMENS",
      "ManufacturerModelName": "Prisma",
      "Modality": "MR",
      "NumberOfAverages": 1.0,
      "NumberOfPhaseEncodingSteps": 96,
      "PercentPhaseFieldOfView": 100.0,
      "PercentSampling": 100.0,
      "PerformedProcedureStepStartTime": "161024.008000",
      "PhotometricInterpretation": "MONOCHROME2",
      "PixelBandwidth": 2365.0,
      "PixelRepresentation": 0,
      "PixelSpacing": [
        2.5,
        2.5
      ],
      "PositionReferenceIndicator": "",
      "ProtocolName": "func_run-01_task-localizer",
      "RepetitionTime": 1000.0,
      "Rows": 672,
      "SAR": 0.04136856921846,
      "SamplesPerPixel": 1,
      "ScanOptions": "FS",
      "ScanningSequence": "EP",
      "SequenceName": "*epfid2d1_96",
      "SequenceVariant": "SK",
      "SeriesDescription": "func_run-01_task-localizer",
      "SeriesNumber": 8,
      "SeriesTime": "162245.285000",
      "SliceLocation": -57.475082137786,
      "SliceThickness": 2.5,
      "SmallestImagePixelValue": 0,
      "SoftwareVersions": "syngo MR E11",
      "SpacingBetweenSlices": 2.4999999831241,
      "SpecificCharacterSet": "ISO_IR 100",
      "StudyID": "1",
      "StudyTime": "161023.913000",
      "TransmitCoilName": "Body",
      "VariableFlipAngleFlag": "N",
      "WindowCenterWidthExplanation": "Algo1",
      "dBdt": 0.0
    },
