{
  "AcquisitionMatrixPE": 120,
  "AcquisitionNumber": 1,
  "BandwidthPerPixelPhaseEncode": 13.021,
  "BaseResolution": 120,
  "BodyPartExamined": "BRAIN",
  "ConsistencyInfo": "N4_VE11C_LATEST_20160120",
  "ConversionSoftware": "dcm2niix",
  "ConversionSoftwareVersion": "v1.0.20171215 (OpenJPEG build) GCC6.3.0",
  "DerivedVendorReportedEchoSpacing": 0.000639992,
  "DeviceSerialNumber": "66112",
  "DwellTime": 2.4e-06,
  "EchoTime": 0.096,
  "EchoTrainLength": 120,
  "EffectiveEchoSpacing": 0.000639992,
  "FlipAngle": 90,
  "ImageOrientationPatientDICOM": [
    0.996673,
    -0.00532555,
    0.0813251,
    0.0071322,
    0.999734,
    -0.0219408
  ],
  "ImageType": [
    "ORIGINAL",
    "PRIMARY",
    "DIFFUSION",
    "NONE",
    "ND",
    "NORM"
  ],
  "InPlanePhaseEncodingDirectionDICOM": "COL",
  "InstitutionAddress": "Maynard_3_Hanover_NH_US_03755",
  "InstitutionName": "Dartmouth_College_-_PBS",
  "InstitutionalDepartmentName": "Department",
  "MRAcquisitionType": "2D",
  "MagneticFieldStrength": 3,
  "Manufacturer": "Siemens",
  "ManufacturersModelName": "Prisma",
  "Modality": "MR",
  "PartialFourier": 1,
  "PatientPosition": "HFS",
  "PercentPhaseFOV": 100,
  "PhaseEncodingDirection": "j",
  "PhaseEncodingSteps": 120,
  "PhaseResolution": 1,
  "PixelBandwidth": 1735,
  "ProcedureStepDescription": "Gobbini_Matteo_1038_hyperface",
  "ProtocolName": "fmap_acq-2.0mmX4b0_dir-PA",
  "PulseSequenceDetails": "%SiemensSeq%_ep2d_diff",
  "ReceiveCoilActiveElements": "HEA;HEP",
  "ReceiveCoilName": "Head_32",
  "ReconMatrixPE": 120,
  "RepetitionTime": 9.7,
  "SAR": 0.11288,
  "ScanOptions": "FS",
  "ScanningSequence": "EP",
  "SequenceName": "_ep_b0",
  "SequenceVariant": "SK_SP",
  "SeriesDescription": "fmap_acq-2.0mmX4b0_dir-PA",
  "SeriesNumber": 64,
  "ShimSetting": [
    4160,
    -7690,
    -7339,
    722,
    -44,
    -99,
    -19,
    39
  ],
  "SliceThickness": 2,
  "SoftwareVersions": "syngo_MR_E11",
  "SpacingBetweenSlices": 2,
  "StationName": "AWP66112",
  "TotalReadoutTime": 0.076159,
  "TxRefAmp": 229.511,
  "time": {
    "samples": {
      "AcquisitionNumber": [
        1,
        2,
        3,
        4,
        5,
        6
      ],
      "SequenceName": [
        "*ep_b0",
        "*ep_b0",
        "*ep_b0",
        "*ep_b0",
        "*ep_b1000#5",
        "*ep_b650#6"
      ]
    },
    "slices": {
      "CsaImage.ProtocolSliceNumber": [
        0,
        1,
        2,
        3,
        4,
        5,
        6,
        7,
        8,
        9,
        10,
        11,
        12,
        13,
        14,
        15,
        16,
        17,
        18,
        19,
        20,
        21,
        22,
        23,
        24,
        25,
        26,
        27,
        28,
        29,
        30,
        31,
        32,
        33,
        34,
        35,
        36,
        37,
        38,
        39,
        40,
        41,
        42,
        43,
        44,
        45,
        46,
        47,
        48,
        49,
        50,
        51,
        52,
        53,
        54,
        55,
        56,
        57,
        58,
        59,
        60,
        61,
        62,
        63
      ],
      "CsaImage.SlicePosition_PCS": [
        [
          -117.64191574,
          -139.84320916,
          -85.60221602
        ],
        [
          -117.8042888,
          -139.79831399,
          -83.60932661
        ],
        [
          -117.96666211,
          -139.75341881,
          -81.61642958
        ],
        [
          -118.12903517,
          -139.70852173,
          -79.62354017
        ],
        [
          -118.29140848,
          -139.66362656,
          -77.63064314
        ],
        [
          -118.45378178,
          -139.61873139,
          -75.63775374
        ],
        [
          -118.61615497,
          -139.57383622,
          -73.64486433
        ],
        [
          -118.77852815,
          -139.52893914,
          -71.6519673
        ],
        [
          -118.94090134,
          -139.48404397,
          -69.65907789
        ],
        [
          -119.10327452,
          -139.43914879,
          -67.66618467
        ],
        [
          -119.26564783,
          -139.39425171,
          -65.67329527
        ],
        [
          -119.42802101,
          -139.34935654,
          -63.68040205
        ],
        [
          -119.5903942,
          -139.30446137,
          -61.68750883
        ],
        [
          -119.75276744,
          -139.25956429,
          -59.69461561
        ],
        [
          -119.91514063,
          -139.21466912,
          -57.70172621
        ],
        [
          -120.07751384,
          -139.16977395,
          -55.70883299
        ],
        [
          -120.23988707,
          -139.12487877,
          -53.71593977
        ],
        [
          -120.40226028,
          -139.07998169,
          -51.72304655
        ],
        [
          -120.5646335,
          -139.03508652,
          -49.73015715
        ],
        [
          -120.7270067,
          -138.99019135,
          -47.73726393
        ],
        [
          -120.88937992,
          -138.94529427,
          -45.74437071
        ],
        [
          -121.05175316,
          -138.9003991,
          -43.75147749
        ],
        [
          -121.21412635,
          -138.85550393,
          -41.75858809
        ],
        [
          -121.37649959,
          -138.81060685,
          -39.76569487
        ],
        [
          -121.53887278,
          -138.76571167,
          -37.77280356
        ],
        [
          -121.70124596,
          -138.7208165,
          -35.77991034
        ],
        [
          -121.86361927,
          -138.67591942,
          -33.78701903
        ],
        [
          -122.02599245,
          -138.63102425,
          -31.79412581
        ],
        [
          -122.18836564,
          -138.58612908,
          -29.80123449
        ],
        [
          -122.35073882,
          -138.54123391,
          -27.80834128
        ],
        [
          -122.51311201,
          -138.49633683,
          -25.81544996
        ],
        [
          -122.67548531,
          -138.45144166,
          -23.82255674
        ],
        [
          -122.83785862,
          -138.40654648,
          -21.82966543
        ],
        [
          -123.00023168,
          -138.3616494,
          -19.83677317
        ],
        [
          -123.16260499,
          -138.31675423,
          -17.8438809
        ],
        [
          -123.32497805,
          -138.27185906,
          -15.85098864
        ],
        [
          -123.48735136,
          -138.22696198,
          -13.85809637
        ],
        [
          -123.64972466,
          -138.18206681,
          -11.86520411
        ],
        [
          -123.81209773,
          -138.13717164,
          -9.87231208
        ],
        [
          -123.97447103,
          -138.09227646,
          -7.87941981
        ],
        [
          -124.1368441,
          -138.04737938,
          -5.88652755
        ],
        [
          -124.2992174,
          -138.00248421,
          -3.89363552
        ],
        [
          -124.46159047,
          -137.95758904,
          -1.90074326
        ],
        [
          -124.62396401,
          -137.91269196,
          0.09214901
        ],
        [
          -124.78633708,
          -137.86779679,
          2.0850408
        ],
        [
          -124.94871014,
          -137.82290162,
          4.07793306
        ],
        [
          -125.11108369,
          -137.77800454,
          6.07082533
        ],
        [
          -125.27345675,
          -137.73310936,
          8.06371759
        ],
        [
          -125.43582982,
          -137.68821419,
          10.05661081
        ],
        [
          -125.59820336,
          -137.64331711,
          12.04950212
        ],
        [
          -125.76057643,
          -137.59842194,
          14.04239344
        ],
        [
          -125.92294949,
          -137.55352677,
          16.03528665
        ],
        [
          -126.08532256,
          -137.5086316,
          18.02817797
        ],
        [
          -126.2476961,
          -137.46373452,
          20.02107118
        ],
        [
          -126.41006917,
          -137.41883935,
          22.0139625
        ],
        [
          -126.57244223,
          -137.37394417,
          24.00685572
        ],
        [
          -126.73481578,
          -137.32904709,
          25.99974703
        ],
        [
          -126.89718884,
          -137.28415192,
          27.99264025
        ],
        [
          -127.05956191,
          -137.23925675,
          29.98553346
        ],
        [
          -127.22193545,
          -137.19435967,
          31.97842287
        ],
        [
          -127.38430852,
          -137.1494645,
          33.97131609
        ],
        [
          -127.54668158,
          -137.10456933,
          35.96420931
        ],
        [
          -127.70905512,
          -137.05967415,
          37.95710253
        ],
        [
          -127.87142819,
          -137.01477707,
          39.94999193
        ]
      ],
      "ImagePositionPatient": [
        [
          -117.64191573772,
          -139.84320915721,
          -85.602216016214
        ],
        [
          -117.80428880366,
          -139.79831398509,
          -83.609326611917
        ],
        [
          -117.96666210803,
          -139.75341881297,
          -81.616429578225
        ],
        [
          -118.12903517398,
          -139.7085217335,
          -79.623540173928
        ],
        [
          -118.29140847835,
          -139.66362656138,
          -77.630643140237
        ],
        [
          -118.45378178271,
          -139.61873138926,
          -75.63775373594
        ],
        [
          -118.61615496787,
          -139.57383621714,
          -73.644864331643
        ],
        [
          -118.77852815303,
          -139.52893913768,
          -71.651967297952
        ],
        [
          -118.94090133819,
          -139.48404396556,
          -69.659077893655
        ],
        [
          -119.10327452334,
          -139.43914879344,
          -67.666184674661
        ],
        [
          -119.26564782771,
          -139.39425171397,
          -65.673295270364
        ],
        [
          -119.42802101287,
          -139.34935654185,
          -63.68040205137
        ],
        [
          -119.59039419803,
          -139.30446136973,
          -61.687508832376
        ],
        [
          -119.75276744279,
          -139.25956429026,
          -59.694615613382
        ],
        [
          -119.91514062795,
          -139.21466911814,
          -57.701726209085
        ],
        [
          -120.07751384291,
          -139.16977394603,
          -55.708832990091
        ],
        [
          -120.23988707277,
          -139.12487877391,
          -53.715939771096
        ],
        [
          -120.402260284,
          -139.07998169444,
          -51.723046552102
        ],
        [
          -120.56463350269,
          -139.03508652232,
          -49.730157147805
        ],
        [
          -120.72700670275,
          -138.9901913502,
          -47.737263928811
        ],
        [
          -120.88937991771,
          -138.94529427073,
          -45.744370709817
        ],
        [
          -121.05175316247,
          -138.90039909861,
          -43.751477490823
        ],
        [
          -121.21412634763,
          -138.85550392649,
          -41.758588086526
        ],
        [
          -121.37649959239,
          -138.81060684703,
          -39.765694867532
        ],
        [
          -121.53887277755,
          -138.76571167491,
          -37.772803555886
        ],
        [
          -121.70124596271,
          -138.72081650279,
          -35.779910336892
        ],
        [
          -121.86361926707,
          -138.67591942332,
          -33.787019025247
        ],
        [
          -122.02599245223,
          -138.6310242512,
          -31.794125806253
        ],
        [
          -122.18836563739,
          -138.58612907908,
          -29.801234494607
        ],
        [
          -122.35073882255,
          -138.54123390696,
          -27.808341275613
        ],
        [
          -122.5131120077,
          -138.4963368275,
          -25.815449963967
        ],
        [
          -122.67548531207,
          -138.45144165538,
          -23.822556744973
        ],
        [
          -122.83785861644,
          -138.40654648326,
          -21.829665433328
        ],
        [
          -123.00023168239,
          -138.36164940379,
          -19.836773168008
        ],
        [
          -123.16260498675,
          -138.31675423167,
          -17.843880902688
        ],
        [
          -123.3249780527,
          -138.27185905955,
          -15.850988637368
        ],
        [
          -123.48735135707,
          -138.22696198008,
          -13.858096372049
        ],
        [
          -123.64972466144,
          -138.18206680796,
          -11.865204106729
        ],
        [
          -123.81209772739,
          -138.13717163584,
          -9.8723120798275
        ],
        [
          -123.97447103175,
          -138.09227646373,
          -7.8794198145076
        ],
        [
          -124.1368440977,
          -138.04737938426,
          -5.8865275491878
        ],
        [
          -124.29921740207,
          -138.00248421214,
          -3.8936355222866
        ],
        [
          -124.46159046802,
          -137.95758904002,
          -1.9007432569667
        ],
        [
          -124.6239640108,
          -137.91269196055,
          0.09214900835308
        ],
        [
          -124.78633707675,
          -137.86779678843,
          2.0850407968358
        ],
        [
          -124.9487101427,
          -137.82290161631,
          4.0779330621556
        ],
        [
          -125.11108368548,
          -137.77800453685,
          6.0708253274754
        ],
        [
          -125.27345675143,
          -137.73310936473,
          8.0637175927952
        ],
        [
          -125.43582981738,
          -137.68821419261,
          10.056610811789
        ],
        [
          -125.59820336017,
          -137.64331711314,
          12.049502123435
        ],
        [
          -125.76057642612,
          -137.59842194102,
          14.04239343508
        ],
        [
          -125.92294949206,
          -137.5535267689,
          16.035286654075
        ],
        [
          -126.08532255801,
          -137.50863159678,
          18.02817796572
        ],
        [
          -126.2476961008,
          -137.46373451731,
          20.021071184714
        ],
        [
          -126.41006916675,
          -137.4188393452,
          22.01396249636
        ],
        [
          -126.5724422327,
          -137.37394417308,
          24.006855715354
        ],
        [
          -126.73481577548,
          -137.32904709361,
          25.999747026999
        ],
        [
          -126.89718884143,
          -137.28415192149,
          27.992640245993
        ],
        [
          -127.05956190738,
          -137.23925674937,
          29.985533464988
        ],
        [
          -127.22193545016,
          -137.1943596699,
          31.978422869284
        ],
        [
          -127.38430851611,
          -137.14946449778,
          33.971316088279
        ],
        [
          -127.54668158206,
          -137.10456932566,
          35.964209307273
        ],
        [
          -127.70905512485,
          -137.05967415354,
          37.957102526267
        ],
        [
          -127.87142819079,
          -137.01477707408,
          39.949991930564
        ]
      ],
      "SliceLocation": [
        -78.886229526007,
        -76.886232334313,
        -74.886227520982,
        -72.886230286472,
        -70.886225473142,
        -68.886228262091,
        -66.886231060719,
        -64.886226214251,
        -62.886229012879,
        -60.886228010366,
        -58.8862307565,
        -56.886229753988,
        -54.886228751475,
        -52.886227701308,
        -50.886230499936,
        -48.886229495004,
        -46.886228488862,
        -44.886227441417,
        -42.886230237323,
        -40.886229233601,
        -38.886228185853,
        -36.886227178501,
        -34.886229977129,
        -32.886228926962,
        -30.88622982502,
        -28.886228822507,
        -26.886229668071,
        -24.886228665559,
        -22.886229563616,
        -20.886228561104,
        -18.886229416346,
        -16.886228404155,
        -14.886229292535,
        -12.88622920717,
        -10.886229145265,
        -8.8862291027154,
        -6.886228997994,
        -4.8862289360886,
        -2.8862291311107,
        -0.8862290692053,
        1.1137710161598,
        3.113770840494,
        5.113770883043,
        7.1137710071209,
        9.1137705745274,
        11.113770617076,
        13.113770741154,
        15.113770783703,
        17.113771776538,
        19.11377095033,
        21.113770042594,
        23.113771035428,
        25.113770127692,
        27.113771202055,
        29.113770294319,
        31.113771287153,
        33.113770460946,
        35.11377145378,
        37.113772446614,
        39.113769719837,
        41.113770712671,
        43.113771705505,
        45.113772737052,
        47.113769971562
      ]
    }
  }
}
