{
  "AcquisitionMatrixPE": 120,
  "AcquisitionNumber": 1,
  "BandwidthPerPixelPhaseEncode": 13.021,
  "BaseResolution": 120,
  "BodyPartExamined": "BRAIN",
  "ConsistencyInfo": "N4_VE11C_LATEST_20160120",
  "ConversionSoftware": "dcm2niix",
  "ConversionSoftwareVersion": "v1.0.20171215 (OpenJPEG build) GCC6.3.0",
  "DerivedVendorReportedEchoSpacing": 0.000639992,
  "DeviceSerialNumber": "66112",
  "DwellTime": 2.4e-06,
  "EchoTime": 0.096,
  "EchoTrainLength": 120,
  "EffectiveEchoSpacing": 0.000639992,
  "FlipAngle": 90,
  "ImageOrientationPatientDICOM": [
    0.996673,
    -0.00532555,
    0.0813251,
    0.0071322,
    0.999734,
    -0.0219408
  ],
  "ImageType": [
    "ORIGINAL",
    "PRIMARY",
    "DIFFUSION",
    "NONE",
    "ND",
    "NORM"
  ],
  "InPlanePhaseEncodingDirectionDICOM": "COL",
  "InstitutionAddress": "Maynard_3_Hanover_NH_US_03755",
  "InstitutionName": "Dartmouth_College_-_PBS",
  "InstitutionalDepartmentName": "Department",
  "MRAcquisitionType": "2D",
  "MagneticFieldStrength": 3,
  "Manufacturer": "Siemens",
  "ManufacturersModelName": "Prisma",
  "Modality": "MR",
  "PatientPosition": "HFS",
  "PercentPhaseFOV": 100,
  "PhaseEncodingDirection": "j-",
  "PhaseEncodingSteps": 120,
  "PhaseResolution": 1,
  "PixelBandwidth": 1735,
  "ProcedureStepDescription": "Gobbini_Matteo_1038_hyperface",
  "ProtocolName": "fmap_acq-2.0mmX4b0_dir-AP",
  "PulseSequenceDetails": "%SiemensSeq%_ep2d_diff",
  "ReceiveCoilActiveElements": "HEA;HEP",
  "ReceiveCoilName": "Head_32",
  "ReconMatrixPE": 120,
  "RepetitionTime": 9.7,
  "SAR": 0.11288,
  "ScanOptions": "FS",
  "ScanningSequence": "EP",
  "SequenceName": "_ep_b0",
  "SequenceVariant": "SK_SP",
  "SeriesDescription": "fmap_acq-2.0mmX4b0_dir-AP",
  "SeriesNumber": 63,
  "ShimSetting": [
    4160,
    -7690,
    -7339,
    722,
    -44,
    -99,
    -20,
    40
  ],
  "SliceThickness": 2,
  "SoftwareVersions": "syngo_MR_E11",
  "SpacingBetweenSlices": 2,
  "StationName": "AWP66112",
  "TotalReadoutTime": 0.076159,
  "TxRefAmp": 229.511,
  "time": {
    "samples": {
      "AcquisitionNumber": [
        1,
        2,
        3,
        4,
        5,
        6
      ],
      "SequenceName": [
        "*ep_b0",
        "*ep_b0",
        "*ep_b0",
        "*ep_b0",
        "*ep_b1000#5",
        "*ep_b650#6"
      ]
    },
    "slices": {
      "CsaImage.ProtocolSliceNumber": [
        0,
        1,
        2,
        3,
        4,
        5,
        6,
        7,
        8,
        9,
        10,
        11,
        12,
        13,
        14,
        15,
        16,
        17,
        18,
        19,
        20,
        21,
        22,
        23,
        24,
        25,
        26,
        27,
        28,
        29,
        30,
        31,
        32,
        33,
        34,
        35,
        36,
        37,
        38,
        39,
        40,
        41,
        42,
        43,
        44,
        45,
        46,
        47,
        48,
        49,
        50,
        51,
        52,
        53,
        54,
        55,
        56,
        57,
        58,
        59,
        60,
        61,
        62,
        63
      ],
      "CsaImage.SlicePosition_PCS": [
        [
          -117.67558569,
          -139.89019669,
          -85.56772352
        ],
        [
          -117.83795875,
          -139.84530152,
          -83.57483412
        ],
        [
          -118.00033206,
          -139.80040444,
          -81.58193709
        ],
        [
          -118.16270536,
          -139.75550927,
          -79.58904768
        ],
        [
          -118.32507843,
          -139.71061409,
          -77.59615828
        ],
        [
          -118.48745173,
          -139.66571702,
          -75.60326124
        ],
        [
          -118.64982492,
          -139.62082184,
          -73.61037184
        ],
        [
          -118.8121981,
          -139.57592667,
          -71.61748243
        ],
        [
          -118.97457129,
          -139.53102959,
          -69.6245854
        ],
        [
          -119.13694447,
          -139.48613442,
          -67.631696
        ],
        [
          -119.29931778,
          -139.44123925,
          -65.63880278
        ],
        [
          -119.46169096,
          -139.39634217,
          -63.64590956
        ],
        [
          -119.62406415,
          -139.351447,
          -61.65301634
        ],
        [
          -119.78643739,
          -139.30655182,
          -59.66012694
        ],
        [
          -119.94881058,
          -139.26165665,
          -57.66723372
        ],
        [
          -120.11118382,
          -139.21675957,
          -55.6743405
        ],
        [
          -120.27355704,
          -139.1718644,
          -53.68145109
        ],
        [
          -120.43593025,
          -139.12696923,
          -51.68855787
        ],
        [
          -120.59830347,
          -139.08207215,
          -49.69566466
        ],
        [
          -120.76067668,
          -139.03717698,
          -47.70277144
        ],
        [
          -120.9230499,
          -138.9922818,
          -45.70988203
        ],
        [
          -121.08542311,
          -138.94738472,
          -43.71698881
        ],
        [
          -121.2477963,
          -138.90248955,
          -41.72409559
        ],
        [
          -121.41016954,
          -138.85759438,
          -39.73120237
        ],
        [
          -121.57254273,
          -138.81269921,
          -37.73831106
        ],
        [
          -121.73491591,
          -138.76780213,
          -35.74541975
        ],
        [
          -121.89728922,
          -138.72290696,
          -33.75252653
        ],
        [
          -122.0596624,
          -138.67801178,
          -31.75963522
        ],
        [
          -122.22203559,
          -138.63311471,
          -29.76674391
        ],
        [
          -122.38440877,
          -138.58821953,
          -27.77385069
        ],
        [
          -122.54678196,
          -138.54332436,
          -25.78095938
        ],
        [
          -122.70915526,
          -138.49842728,
          -23.78806616
        ],
        [
          -122.87152857,
          -138.45353211,
          -21.79517389
        ],
        [
          -123.03390163,
          -138.40863694,
          -19.80228163
        ],
        [
          -123.19627494,
          -138.36373986,
          -17.80938936
        ],
        [
          -123.358648,
          -138.31884469,
          -15.81649805
        ],
        [
          -123.52102131,
          -138.27394951,
          -13.82360531
        ],
        [
          -123.68339461,
          -138.22905434,
          -11.83071304
        ],
        [
          -123.84576768,
          -138.18415726,
          -9.83782102
        ],
        [
          -124.00814098,
          -138.13926209,
          -7.84492881
        ],
        [
          -124.17051428,
          -138.09436692,
          -5.85203661
        ],
        [
          -124.33288735,
          -138.04946984,
          -3.85914446
        ],
        [
          -124.49526042,
          -138.00457467,
          -1.86625219
        ],
        [
          -124.65763396,
          -137.95967949,
          0.12664007
        ],
        [
          -124.82000703,
          -137.91478241,
          2.11953234
        ],
        [
          -124.98238009,
          -137.86988724,
          4.1124246
        ],
        [
          -125.14475363,
          -137.82499207,
          6.10531687
        ],
        [
          -125.3071267,
          -137.7800969,
          8.09820913
        ],
        [
          -125.46949977,
          -137.73519982,
          10.0911014
        ],
        [
          -125.63187331,
          -137.69030465,
          12.08399271
        ],
        [
          -125.79424637,
          -137.64540947,
          14.07688593
        ],
        [
          -125.95661944,
          -137.6005124,
          16.06977724
        ],
        [
          -126.11899251,
          -137.55561722,
          18.06267046
        ],
        [
          -126.28136605,
          -137.51072205,
          20.05556177
        ],
        [
          -126.44373912,
          -137.46582497,
          22.04845499
        ],
        [
          -126.60611218,
          -137.4209298,
          24.0413463
        ],
        [
          -126.76848572,
          -137.37603463,
          26.03423952
        ],
        [
          -126.93085879,
          -137.33113755,
          28.02712892
        ],
        [
          -127.09323186,
          -137.28624238,
          30.02002214
        ],
        [
          -127.2556054,
          -137.2413472,
          32.01291536
        ],
        [
          -127.41797846,
          -137.19645203,
          34.00580858
        ],
        [
          -127.58035153,
          -137.15155495,
          35.99869799
        ],
        [
          -127.74272507,
          -137.10665978,
          37.9915912
        ],
        [
          -127.90509814,
          -137.06176461,
          39.98448442
        ]
      ],
      "ImagePositionPatient": [
        [
          -117.67558568629,
          -139.89019669078,
          -85.567723523538
        ],
        [
          -117.83795875224,
          -139.84530151866,
          -83.574834119241
        ],
        [
          -118.00033205661,
          -139.80040443919,
          -81.58193708555
        ],
        [
          -118.16270536098,
          -139.75550926707,
          -79.589047681253
        ],
        [
          -118.32507842692,
          -139.71061409495,
          -77.596158276956
        ],
        [
          -118.48745173129,
          -139.66571701548,
          -75.603261243264
        ],
        [
          -118.64982491645,
          -139.62082184336,
          -73.610371838967
        ],
        [
          -118.81219810161,
          -139.57592667125,
          -71.617482434671
        ],
        [
          -118.97457128676,
          -139.53102959178,
          -69.624585400979
        ],
        [
          -119.13694447192,
          -139.48613441966,
          -67.631695996682
        ],
        [
          -119.29931777629,
          -139.44123924754,
          -65.638802777688
        ],
        [
          -119.46169096145,
          -139.39634216807,
          -63.645909558694
        ],
        [
          -119.62406414661,
          -139.35144699595,
          -61.6530163397
        ],
        [
          -119.78643739137,
          -139.30655182383,
          -59.660126935403
        ],
        [
          -119.94881057653,
          -139.26165665171,
          -57.667233716409
        ],
        [
          -120.11118382129,
          -139.21675957225,
          -55.674340497415
        ],
        [
          -120.27355703625,
          -139.17186440013,
          -53.681451093118
        ],
        [
          -120.43593024562,
          -139.12696922801,
          -51.688557874124
        ],
        [
          -120.59830346617,
          -139.08207214854,
          -49.69566465513
        ],
        [
          -120.76067668113,
          -139.03717697642,
          -47.702771436135
        ],
        [
          -120.92304989609,
          -138.9922818043,
          -45.709882031839
        ],
        [
          -121.08542311105,
          -138.94738472483,
          -43.716988812844
        ],
        [
          -121.24779629621,
          -138.90248955271,
          -41.72409559385
        ],
        [
          -121.41016954097,
          -138.8575943806,
          -39.731202374856
        ],
        [
          -121.57254272613,
          -138.81269920848,
          -37.738311063211
        ],
        [
          -121.73491591128,
          -138.76780212901,
          -35.745419751565
        ],
        [
          -121.89728921565,
          -138.72290695689,
          -33.752526532571
        ],
        [
          -122.05966240081,
          -138.67801178477,
          -31.759635220925
        ],
        [
          -122.22203558597,
          -138.6331147053,
          -29.76674390928
        ],
        [
          -122.38440877112,
          -138.58821953318,
          -27.773850690286
        ],
        [
          -122.54678195628,
          -138.54332436106,
          -25.78095937864
        ],
        [
          -122.70915526065,
          -138.4984272816,
          -23.788066159646
        ],
        [
          -122.87152856502,
          -138.45353210948,
          -21.795173894326
        ],
        [
          -123.03390163097,
          -138.40863693736,
          -19.802281629007
        ],
        [
          -123.19627493533,
          -138.36373985789,
          -17.809389363687
        ],
        [
          -123.35864800128,
          -138.31884468577,
          -15.816498052041
        ],
        [
          -123.52102130565,
          -138.27394951365,
          -13.823605309884
        ],
        [
          -123.68339461001,
          -138.22905434153,
          -11.830713044564
        ],
        [
          -123.84576767596,
          -138.18415726207,
          -9.8378210176632
        ],
        [
          -124.00814098033,
          -138.13926208995,
          -7.844928811948
        ],
        [
          -124.1705142847,
          -138.09436691783,
          -5.8520366062328
        ],
        [
          -124.33288735065,
          -138.04946983836,
          -3.8591444601223
        ],
        [
          -124.49526041659,
          -138.00457466624,
          -1.8662521948024
        ],
        [
          -124.65763395938,
          -137.95967949412,
          0.12664007051739
        ],
        [
          -124.82000702533,
          -137.91478241465,
          2.1195323358372
        ],
        [
          -124.98238009128,
          -137.86988724253,
          4.112424601157
        ],
        [
          -125.14475363406,
          -137.82499207042,
          6.1053168664769
        ],
        [
          -125.30712670001,
          -137.7800968983,
          8.0982091317967
        ],
        [
          -125.46949976596,
          -137.73519981883,
          10.091101397117
        ],
        [
          -125.63187330875,
          -137.69030464671,
          12.083992708762
        ],
        [
          -125.79424637469,
          -137.64540947459,
          14.076885927756
        ],
        [
          -125.95661944064,
          -137.60051239512,
          16.069777239402
        ],
        [
          -126.11899250659,
          -137.555617223,
          18.062670458396
        ],
        [
          -126.28136604938,
          -137.51072205088,
          20.055561770041
        ],
        [
          -126.44373911532,
          -137.46582497142,
          22.048454989035
        ],
        [
          -126.60611218127,
          -137.4209297993,
          24.041346300681
        ],
        [
          -126.76848572406,
          -137.37603462718,
          26.034239519675
        ],
        [
          -126.93085879001,
          -137.33113754771,
          28.027128923972
        ],
        [
          -127.09323185596,
          -137.28624237559,
          30.020022142966
        ],
        [
          -127.25560539874,
          -137.24134720347,
          32.01291536196
        ],
        [
          -127.41797846469,
          -137.19645203135,
          34.005808580954
        ],
        [
          -127.58035153064,
          -137.15155495188,
          35.998697985251
        ],
        [
          -127.74272507342,
          -137.10665977977,
          37.991591204245
        ],
        [
          -127.90509813937,
          -137.06176460765,
          39.98448442324
        ]
      ],
      "SliceLocation": [
        -78.850180837799,
        -76.850183646105,
        -74.850178789958,
        -72.850181578908,
        -70.850184387214,
        -68.850179531068,
        -66.850182329695,
        -64.850185128323,
        -62.850180281855,
        -60.850183080483,
        -58.850182068292,
        -56.850181022964,
        -54.850180020452,
        -52.85018281424,
        -50.850181811728,
        -48.850180761561,
        -46.850183557769,
        -44.850182553291,
        -42.850181505089,
        -40.850180500157,
        -38.850183296366,
        -36.850182248618,
        -34.850181246106,
        -32.850180238754,
        -30.850181136812,
        -28.850181992054,
        -26.850180979863,
        -24.850181877921,
        -22.850182733163,
        -20.850181730651,
        -18.850182628708,
        -16.850181573702,
        -14.850181511796,
        -12.850181469247,
        -10.850181364526,
        -8.8501822722618,
        -6.8501817352138,
        -4.8501816733084,
        -2.8501818255146,
        -0.850181823002,
        1.1498181795107,
        3.1498181460901,
        5.1498181886392,
        7.149818269901,
        9.1498183552661,
        11.149818397815,
        13.149818479077,
        15.149818521626,
        17.149818606991,
        19.149817737968,
        21.149818730802,
        23.149817865882,
        25.149818858716,
        27.149817989693,
        29.149819025343,
        31.149818117607,
        33.149819149154,
        35.149816383664,
        37.149817376498,
        39.149818408045,
        41.149819400879,
        43.149816635389,
        45.149817666936,
        47.14981865977
      ]
    }
  },
  "MatrixCoilMode": "SENSE",
  "CoilCombinationMethod": "Sum of Squares",
  "NonlinearGradientCorrection": false,
  "PulseSequenceType": "Spin Echo EPI",
  "SliceTiming": [
    4.83594,
    0,
    4.99219,
    0.14844,
    5.14062,
    0.30469,
    5.29688,
    0.45312,
    5.44531,
    0.60156,
    5.59375,
    0.75781,
    5.74219,
    0.90625,
    5.89844,
    1.05469,
    6.04688,
    1.21094,
    6.20312,
    1.35938,
    6.35156,
    1.50781,
    6.5,
    1.66406,
    6.65625,
    1.8125,
    6.80469,
    1.96875,
    6.95312,
    2.11719,
    7.10938,
    2.26562,
    7.25781,
    2.42188,
    7.41406,
    2.57031,
    7.5625,
    2.71875,
    7.71094,
    2.875,
    7.86719,
    3.02344,
    8.01562,
    3.17969,
    8.16406,
    3.32812,
    8.32031,
    3.47656,
    8.46875,
    3.625,
    8.61719,
    3.78125,
    8.77344,
    3.92969,
    8.92188,
    4.08594,
    9.07031,
    4.23438,
    9.22656,
    4.38281,
    9.375,
    4.53906,
    9.53125,
    4.6875
  ],
  "B0FieldIdentifier": "pepolar_ses-2"
}
