{
  "AcquisitionMatrixPE": 120,
  "AcquisitionNumber": 1,
  "AcquisitionTime": "11:07:55.497500",
  "BandwidthPerPixelPhaseEncode": 13.889,
  "BaseResolution": 120,
  "BodyPartExamined": "BRAIN",
  "ConsistencyInfo": "N4_VE11C_LATEST_20160120",
  "ConversionSoftware": "dcm2niix",
  "ConversionSoftwareVersion": "v1.0.20170923 (OpenJPEG build) GCC6.3.0",
  "DerivedVendorReportedEchoSpacing": 0.000599995,
  "DeviceSerialNumber": "66112",
  "DwellTime": 2e-06,
  "EchoTime": 0.103,
  "EchoTrainLength": 120,
  "EffectiveEchoSpacing": 0.000599995,
  "FlipAngle": 90,
  "ImageType": [
    "ORIGINAL",
    "PRIMARY",
    "DIFFUSION",
    "NONE",
    "ND",
    "NORM",
    "MOSAIC"
  ],
  "InstitutionAddress": "Maynard_3_Hanover_NH_US_03755",
  "InstitutionName": "Dartmouth_College_-_PBS",
  "MagneticFieldStrength": 3,
  "Manufacturer": "Siemens",
  "ManufacturersModelName": "Prisma",
  "Modality": "MR",
  "MultibandAccelerationFactor": 4,
  "PercentPhaseFOV": 100,
  "PhaseEncodingDirection": "j-",
  "PhaseEncodingSteps": 120,
  "PhaseResolution": 1,
  "ProcedureStepDescription": "Gobbini_Matteo_1038_hyperface",
  "ProtocolName": "dwi_acq-2.0mmXhardi96Xsms4X11b0",
  "PulseSequenceDetails": "%SiemensSeq%_ep2d_diff",
  "ReceiveCoilActiveElements": "HEA;HEP",
  "ReceiveCoilName": "Head_32",
  "ReconMatrixPE": 120,
  "RepetitionTime": 2.6,
  "ScanOptions": "FS",
  "ScanningSequence": "EP",
  "SequenceName": "_ep_b0",
  "SequenceVariant": "SK_SP",
  "SeriesDescription": "dwi_acq-2.0mmXhardi96Xsms4X11b0",
  "SliceTiming": [
    1.935,
    0,
    1.29,
    0.1625,
    1.4525,
    0.3225,
    1.6125,
    0.485,
    1.775,
    0.8075,
    2.0975,
    0.9675,
    2.2575,
    1.13,
    2.42,
    0.645,
    1.935,
    0,
    1.29,
    0.1625,
    1.4525,
    0.3225,
    1.6125,
    0.485,
    1.775,
    0.8075,
    2.0975,
    0.9675,
    2.2575,
    1.13,
    2.42,
    0.645,
    1.935,
    0,
    1.29,
    0.1625,
    1.4525,
    0.3225,
    1.6125,
    0.485,
    1.775,
    0.8075,
    2.0975,
    0.9675,
    2.2575,
    1.13,
    2.42,
    0.645,
    1.935,
    0,
    1.29,
    0.1625,
    1.4525,
    0.3225,
    1.6125,
    0.485,
    1.775,
    0.8075,
    2.0975,
    0.9675,
    2.2575,
    1.13,
    2.42,
    0.645
  ],
  "SoftwareVersions": "syngo_MR_E11",
  "StationName": "AWP66112",
  "TotalReadoutTime": 0.0713994,
  "dcmmeta_affine": [
    [
      -1.999437928199768,
      0.005234390031546354,
      0.047122493386268616,
      120.19570922851562
    ],
    [
      0.011188806034624577,
      1.9837232828140259,
      0.2543953061103821,
      -103.60685729980469
    ],
    [
      0.04607319086790085,
      -0.25458744168281555,
      1.9831949472427368,
      -74.28842163085938
    ],
    [
      0.0,
      0.0,
      0.0,
      1.0
    ]
  ],
  "dcmmeta_reorient_transform": [
    [
      0.0,
      -1.0,
      0.0,
      119.0
    ],
    [
      1.0,
      0.0,
      0.0,
      0.0
    ],
    [
      0.0,
      0.0,
      1.0,
      0.0
    ],
    [
      0.0,
      0.0,
      0.0,
      1.0
    ]
  ],
  "dcmmeta_shape": [
    120,
    120,
    64,
    107
  ],
  "dcmmeta_slice_dim": 2,
  "dcmmeta_version": 0.6,
  "global": {
    "const": {
      "AccessionNumber": "A001178",
      "AcquisitionMatrix": [
        120,
        0,
        0,
        120
      ],
      "AngioFlag": "N",
      "BitsAllocated": 16,
      "BitsStored": 12,
      "BodyPartExamined": "BRAIN",
      "Columns": 960,
      "EchoNumbers": 1,
      "EchoTime": 103.0,
      "EchoTrainLength": 120,
      "FlipAngle": 90.0,
      "HighBit": 11,
      "ImageOrientationPatient": [
        0.99971896945541,
        -0.0055944028935,
        0.02303659626074,
        0.00261719493057,
        0.99186161276698,
        0.12729372101552
      ],
      "ImagePositionPatient": [
        -962.78097987977,
        -960.92066271389,
        -230.86178994898
      ],
      "ImageType": [
        "ORIGINAL",
        "PRIMARY",
        "DIFFUSION",
        "NONE",
        "ND",
        "NORM",
        "MOSAIC"
      ],
      "ImagedNucleus": "1H",
      "ImagingFrequency": 123.252327,
      "InPlanePhaseEncodingDirection": "COL",
      "MRAcquisitionType": "2D",
      "MagneticFieldStrength": 3.0,
      "Manufacturer": "SIEMENS",
      "ManufacturerModelName": "Prisma",
      "Modality": "MR",
      "NumberOfAverages": 1.0,
      "NumberOfPhaseEncodingSteps": 120,
      "PercentPhaseFieldOfView": 100.0,
      "PercentSampling": 100.0,
      "PerformedProcedureStepStartTime": "101828.004000",
      "PhotometricInterpretation": "MONOCHROME2",
      "PixelBandwidth": 2085.0,
      "PixelRepresentation": 0,
      "PixelSpacing": [
        2.0,
        2.0
      ],
      "PositionReferenceIndicator": "",
      "ProtocolName": "dwi_acq-2.0mmXhardi96Xsms4X11b0",
      "RepetitionTime": 2600.0,
      "Rows": 960,
      "SAR": 0.26405533408652,
      "SamplesPerPixel": 1,
      "ScanOptions": "FS",
      "ScanningSequence": "EP",
      "SequenceVariant": [
        "SK",
        "SP"
      ],
      "SeriesDescription": "dwi_acq-2.0mmXhardi96Xsms4X11b0",
      "SeriesNumber": 65,
      "SeriesTime": "110858.549000",
      "SliceLocation": -84.010798761345,
      "SliceThickness": 2.0,
      "SmallestImagePixelValue": 0,
      "SoftwareVersions": "syngo MR E11",
      "SpacingBetweenSlices": 1.9999999662431,
      "SpecificCharacterSet": "ISO_IR 100",
      "StudyID": "2",
      "StudyTime": "101827.965000",
      "TransmitCoilName": "Body",
      "VariableFlipAngleFlag": "N",
      "WindowCenterWidthExplanation": "Algo1",
      "dBdt": 0.0
    },
