{
  "AcquisitionMatrixPE": 120,
  "AcquisitionNumber": 1,
  "BandwidthPerPixelPhaseEncode": 13.021,
  "BaseResolution": 120,
  "BodyPartExamined": "BRAIN",
  "ConsistencyInfo": "N4_VE11C_LATEST_20160120",
  "ConversionSoftware": "dcm2niix",
  "ConversionSoftwareVersion": "v1.0.20170923 (OpenJPEG build) GCC6.3.0",
  "DerivedVendorReportedEchoSpacing": 0.000639992,
  "DeviceSerialNumber": "66112",
  "DwellTime": 2.4e-06,
  "EchoTime": 0.096,
  "EchoTrainLength": 120,
  "EffectiveEchoSpacing": 0.000639992,
  "FlipAngle": 90,
  "ImageType": [
    "ORIGINAL",
    "PRIMARY",
    "DIFFUSION",
    "NONE",
    "ND",
    "NORM"
  ],
  "InstitutionAddress": "Maynard_3_Hanover_NH_US_03755",
  "InstitutionName": "Dartmouth_College_-_PBS",
  "MagneticFieldStrength": 3,
  "Manufacturer": "Siemens",
  "ManufacturersModelName": "Prisma",
  "Modality": "MR",
  "PartialFourier": 1,
  "PercentPhaseFOV": 100,
  "PhaseEncodingDirection": "j-",
  "PhaseEncodingSteps": 120,
  "PhaseResolution": 1,
  "ProcedureStepDescription": "Gobbini_Matteo_1038_hyperface",
  "ProtocolName": "fmap_acq-2.0mmX4b0_dir-AP",
  "PulseSequenceDetails": "%SiemensSeq%_ep2d_diff",
  "ReceiveCoilActiveElements": "HEA;HEP",
  "ReceiveCoilName": "Head_32",
  "ReconMatrixPE": 120,
  "RepetitionTime": 9.7,
  "ScanOptions": "FS",
  "ScanningSequence": "EP",
  "SequenceName": "_ep_b0",
  "SequenceVariant": "SK_SP",
  "SeriesDescription": "fmap_acq-2.0mmX4b0_dir-AP",
  "SoftwareVersions": "syngo_MR_E11",
  "StationName": "AWP66112",
  "TotalReadoutTime": 0.076159,
  "time": {
    "samples": {
      "AcquisitionNumber": [
        1,
        2,
        3,
        4,
        5,
        6
      ],
      "SequenceName": [
        "*ep_b0",
        "*ep_b0",
        "*ep_b0",
        "*ep_b0",
        "*ep_b1000#5",
        "*ep_b650#6"
      ]
    },
    "slices": {
      "CsaImage.ProtocolSliceNumber": [
        0,
        1,
        2,
        3,
        4,
        5,
        6,
        7,
        8,
        9,
        10,
        11,
        12,
        13,
        14,
        15,
        16,
        17,
        18,
        19,
        20,
        21,
        22,
        23,
        24,
        25,
        26,
        27,
        28,
        29,
        30,
        31,
        32,
        33,
        34,
        35,
        36,
        37,
        38,
        39,
        40,
        41,
        42,
        43,
        44,
        45,
        46,
        47,
        48,
        49,
        50,
        51,
        52,
        53,
        54,
        55,
        56,
        57,
        58,
        59,
        60,
        61,
        62,
        63
      ],
      "CsaImage.SlicePosition_PCS": [
        [
          -116.17639492,
          -138.21968001,
          -72.19845759
        ],
        [
          -116.29238222,
          -138.30910891,
          -70.20382868
        ],
        [
          -116.40836976,
          -138.39853781,
          -68.20919596
        ],
        [
          -116.52435706,
          -138.48796576,
          -66.21456706
        ],
        [
          -116.64034436,
          -138.57739466,
          -64.21993815
        ],
        [
          -116.75633166,
          -138.66682357,
          -62.22530543
        ],
        [
          -116.87231896,
          -138.75625151,
          -60.23067652
        ],
        [
          -116.98830626,
          -138.84568041,
          -58.23604762
        ],
        [
          -117.10429356,
          -138.93510932,
          -56.24141489
        ],
        [
          -117.22028086,
          -139.02453726,
          -54.24678599
        ],
        [
          -117.33626816,
          -139.11396617,
          -52.25215708
        ],
        [
          -117.45225546,
          -139.20339507,
          -50.25752436
        ],
        [
          -117.568243,
          -139.29282302,
          -48.26289545
        ],
        [
          -117.6842303,
          -139.38225192,
          -46.26826655
        ],
        [
          -117.8002176,
          -139.47168082,
          -44.27363383
        ],
        [
          -117.91620491,
          -139.56110877,
          -42.27900492
        ],
        [
          -118.03219221,
          -139.65053767,
          -40.28437602
        ],
        [
          -118.14817951,
          -139.73996657,
          -38.2897452
        ],
        [
          -118.26416681,
          -139.82939452,
          -36.29511439
        ],
        [
          -118.38015411,
          -139.91882342,
          -34.30048548
        ],
        [
          -118.49614141,
          -140.00825232,
          -32.30585467
        ],
        [
          -118.61212871,
          -140.09768027,
          -30.31122385
        ],
        [
          -118.72811601,
          -140.18710917,
          -28.31659495
        ],
        [
          -118.84410331,
          -140.27653807,
          -26.32196413
        ],
        [
          -118.96009061,
          -140.36596602,
          -24.32733427
        ],
        [
          -119.07607791,
          -140.45539492,
          -22.33270441
        ],
        [
          -119.19206522,
          -140.54482382,
          -20.3380736
        ],
        [
          -119.30805299,
          -140.63425177,
          -18.34344374
        ],
        [
          -119.42404029,
          -140.72368067,
          -16.3488134
        ],
        [
          -119.54002759,
          -140.81310958,
          -14.35418331
        ],
        [
          -119.6560149,
          -140.90253752,
          -12.35955319
        ],
        [
          -119.7720022,
          -140.99196643,
          -10.36492299
        ],
        [
          -119.8879895,
          -141.08139533,
          -8.37029277
        ],
        [
          -120.0039768,
          -141.17082328,
          -6.37566267
        ],
        [
          -120.1199641,
          -141.26025218,
          -4.38103234
        ],
        [
          -120.2359514,
          -141.34968108,
          -2.386402
        ],
        [
          -120.3519387,
          -141.43910903,
          -0.39177214
        ],
        [
          -120.467926,
          -141.52853793,
          1.60285772
        ],
        [
          -120.5839133,
          -141.61796588,
          3.59748853
        ],
        [
          -120.6999006,
          -141.70739573,
          5.59211744
        ],
        [
          -120.8158879,
          -141.79682368,
          7.58674825
        ],
        [
          -120.93187521,
          -141.88625163,
          9.58137907
        ],
        [
          -121.04786251,
          -141.97568148,
          11.57600797
        ],
        [
          -121.16384981,
          -142.06510943,
          13.57063879
        ],
        [
          -121.27983711,
          -142.15453738,
          15.5652696
        ],
        [
          -121.39582441,
          -142.24396723,
          17.55989851
        ],
        [
          -121.51181171,
          -142.33339518,
          19.55452932
        ],
        [
          -121.62779949,
          -142.42282313,
          21.54915823
        ],
        [
          -121.74378631,
          -142.51225299,
          23.54379095
        ],
        [
          -121.85977409,
          -142.60168093,
          25.53841985
        ],
        [
          -121.97576091,
          -142.69110888,
          27.53304876
        ],
        [
          -122.09174869,
          -142.78053874,
          29.52768148
        ],
        [
          -122.20773551,
          -142.86996668,
          31.52231039
        ],
        [
          -122.32372329,
          -142.95939463,
          33.51693929
        ],
        [
          -122.43971012,
          -143.04882449,
          35.51157201
        ],
        [
          -122.55569789,
          -143.13825244,
          37.50620092
        ],
        [
          -122.67168472,
          -143.22768038,
          39.50082983
        ],
        [
          -122.7876725,
          -143.31711024,
          41.49546255
        ],
        [
          -122.90366027,
          -143.40653819,
          43.49009145
        ],
        [
          -123.0196471,
          -143.49596614,
          45.48472036
        ],
        [
          -123.13563488,
          -143.58539599,
          47.47935308
        ],
        [
          -123.2516217,
          -143.67482394,
          49.47398199
        ],
        [
          -123.36760948,
          -143.76425189,
          51.46861089
        ],
        [
          -123.4835963,
          -143.85368174,
          53.4632398
        ]
      ],
      "ImagePositionPatient": [
        [
          -116.17639491557,
          -138.21968001041,
          -72.198457588488
        ],
        [
          -116.29238221644,
          -138.30910891208,
          -70.203828682238
        ],
        [
          -116.40836975573,
          -138.39853781376,
          -68.209195961291
        ],
        [
          -116.52435705661,
          -138.48796576176,
          -66.214567055041
        ],
        [
          -116.64034435748,
          -138.57739466343,
          -64.219938148791
        ],
        [
          -116.75633165835,
          -138.6668235651,
          -62.225305427843
        ],
        [
          -116.87231895923,
          -138.7562515131,
          -60.230676521593
        ],
        [
          -116.9883062601,
          -138.84568041477,
          -58.236047615343
        ],
        [
          -117.10429356097,
          -138.93510931644,
          -56.241414894396
        ],
        [
          -117.22028086184,
          -139.02453726444,
          -54.246785988146
        ],
        [
          -117.33626816272,
          -139.11396616611,
          -52.252157081896
        ],
        [
          -117.45225546359,
          -139.20339506779,
          -50.257524360949
        ],
        [
          -117.56824300288,
          -139.29282301578,
          -48.262895454699
        ],
        [
          -117.68423030375,
          -139.38225191746,
          -46.268266548449
        ],
        [
          -117.80021760463,
          -139.47168081913,
          -44.273633827502
        ],
        [
          -117.9162049055,
          -139.56110876713,
          -42.279004921252
        ],
        [
          -118.03219220637,
          -139.6505376688,
          -40.284376015002
        ],
        [
          -118.14817950725,
          -139.73996657047,
          -38.289745201403
        ],
        [
          -118.26416680812,
          -139.82939451847,
          -36.295114387804
        ],
        [
          -118.38015410899,
          -139.91882342014,
          -34.300485481554
        ],
        [
          -118.49614140986,
          -140.00825232181,
          -32.305854667956
        ],
        [
          -118.61212871074,
          -140.09768026981,
          -30.311223854357
        ],
        [
          -118.72811601161,
          -140.18710917148,
          -28.316594948107
        ],
        [
          -118.84410331248,
          -140.27653807316,
          -26.321964134509
        ],
        [
          -118.96009061335,
          -140.36596602115,
          -24.327334274584
        ],
        [
          -119.07607791423,
          -140.45539492283,
          -22.33270441466
        ],
        [
          -119.1920652151,
          -140.5448238245,
          -20.338073601061
        ],
        [
          -119.30805299281,
          -140.6342517725,
          -18.343443741137
        ],
        [
          -119.42404029368,
          -140.72368067417,
          -16.348813404375
        ],
        [
          -119.54002759456,
          -140.81310957584,
          -14.354183306033
        ],
        [
          -119.65601489543,
          -140.90253752384,
          -12.359553192789
        ],
        [
          -119.7720021963,
          -140.99196642551,
          -10.364922990137
        ],
        [
          -119.88798949717,
          -141.08139532718,
          -8.3702927725853
        ],
        [
          -120.00397679805,
          -141.17082327518,
          -6.3756626742424
        ],
        [
          -120.11996409892,
          -141.26025217686,
          -4.3810323374809
        ],
        [
          -120.23595139979,
          -141.34968107853,
          -2.3864020007195
        ],
        [
          -120.35193870067,
          -141.43910902653,
          -0.3917721407952
        ],
        [
          -120.46792600154,
          -141.5285379282,
          1.6028577191292
        ],
        [
          -120.58391330241,
          -141.6179658762,
          3.5974885327278
        ],
        [
          -120.69990060328,
          -141.70739573154,
          5.5921174389778
        ],
        [
          -120.81588790416,
          -141.79682367954,
          7.5867482525764
        ],
        [
          -120.93187520503,
          -141.88625162754,
          9.5813790661751
        ],
        [
          -121.0478625059,
          -141.97568148289,
          11.576007972425
        ],
        [
          -121.16384980678,
          -142.06510943088,
          13.570638786024
        ],
        [
          -121.27983710765,
          -142.15453737888,
          15.565269599622
        ],
        [
          -121.39582440852,
          -142.24396723423,
          17.559898505872
        ],
        [
          -121.51181170939,
          -142.33339518223,
          19.554529319471
        ],
        [
          -121.6277994871,
          -142.42282313022,
          21.549158225721
        ],
        [
          -121.74378631114,
          -142.51225298557,
          23.543790946668
        ],
        [
          -121.85977408885,
          -142.60168093357,
          25.538419852918
        ],
        [
          -121.97576091288,
          -142.69110888157,
          27.533048759168
        ],
        [
          -122.09174869059,
          -142.78053873691,
          29.527681480115
        ],
        [
          -122.20773551463,
          -142.86996668491,
          31.522310386365
        ],
        [
          -122.32372329234,
          -142.95939463291,
          33.516939292615
        ],
        [
          -122.43971011638,
          -143.04882448826,
          35.511572013563
        ],
        [
          -122.55569789409,
          -143.13825243625,
          37.506200919813
        ],
        [
          -122.67168471812,
          -143.22768038425,
          39.500829826063
        ],
        [
          -122.78767249583,
          -143.3171102396,
          41.49546254701
        ],
        [
          -122.90366027354,
          -143.4065381876,
          43.49009145326
        ],
        [
          -123.01964709758,
          -143.4959661356,
          45.48472035951
        ],
        [
          -123.13563487529,
          -143.58539599094,
          47.479353080457
        ],
        [
          -123.25162169932,
          -143.67482393894,
          49.473981986707
        ],
        [
          -123.36760947703,
          -143.76425188694,
          51.468610892957
        ],
        [
          -123.48359630107,
          -143.85368174228,
          53.463239799207
        ]
      ],
      "SliceLocation": [
        -59.086720398491,
        -57.086721634475,
        -55.086719052177,
        -53.086720330804,
        -51.086721566788,
        -49.086718998316,
        -47.086720276943,
        -45.086721512927,
        -43.086718944456,
        -41.086720223083,
        -39.086721459066,
        -37.086718890595,
        -35.086720155395,
        -33.086721391379,
        -31.086718822908,
        -29.086720101535,
        -27.086721337518,
        -25.086720671275,
        -23.086720047674,
        -21.086721283658,
        -19.086720617414,
        -17.086719993813,
        -15.086721229797,
        -13.086720563554,
        -11.086720891067,
        -9.0867211759367,
        -7.086720509693,
        -5.0867208095524,
        -3.0867206188657,
        -1.0867206659573,
        0.91327925916931,
        2.9132793161057,
        4.9132793879033,
        6.9132792981688,
        8.9132794888555,
        10.913279679542,
        12.913279352029,
        14.913279067159,
        16.91327969076,
        18.913278497419,
        20.91327912102,
        22.913279744621,
        24.91327855128,
        26.91327917488,
        28.913279798481,
        30.91327860514,
        32.913279228741,
        34.913277977768,
        36.913280561228,
        38.913279310255,
        40.913278003975,
        42.913280642743,
        44.913279336462,
        46.913278085489,
        48.91328066895,
        50.913279417976,
        52.913278111696,
        54.913280750464,
        56.913279499491,
        58.91327819321,
        60.913280831978,
        62.913279525698,
        64.913278274724,
        66.91327705373
      ]
    }
  }
}
