{
  "AcquisitionMatrixPE": 120,
  "AcquisitionNumber": 1,
  "BandwidthPerPixelPhaseEncode": 13.021,
  "BaseResolution": 120,
  "BodyPartExamined": "BRAIN",
  "ConsistencyInfo": "N4_VE11C_LATEST_20160120",
  "ConversionSoftware": "dcm2niix",
  "ConversionSoftwareVersion": "v1.0.20170923 (OpenJPEG build) GCC6.3.0",
  "DerivedVendorReportedEchoSpacing": 0.000639992,
  "DeviceSerialNumber": "66112",
  "DwellTime": 2.4e-06,
  "EchoTime": 0.096,
  "EchoTrainLength": 120,
  "EffectiveEchoSpacing": 0.000639992,
  "FlipAngle": 90,
  "ImageType": [
    "ORIGINAL",
    "PRIMARY",
    "DIFFUSION",
    "NONE",
    "ND",
    "NORM"
  ],
  "InstitutionAddress": "Maynard_3_Hanover_NH_US_03755",
  "InstitutionName": "Dartmouth_College_-_PBS",
  "MagneticFieldStrength": 3,
  "Manufacturer": "Siemens",
  "ManufacturersModelName": "Prisma",
  "Modality": "MR",
  "PercentPhaseFOV": 100,
  "PhaseEncodingDirection": "j",
  "PhaseEncodingSteps": 120,
  "PhaseResolution": 1,
  "ProcedureStepDescription": "Gobbini_Matteo_1038_hyperface",
  "ProtocolName": "fmap_acq-2.0mmX4b0_dir-PA",
  "PulseSequenceDetails": "%SiemensSeq%_ep2d_diff",
  "ReceiveCoilActiveElements": "HEA;HEP",
  "ReceiveCoilName": "Head_32",
  "ReconMatrixPE": 120,
  "RepetitionTime": 9.7,
  "ScanOptions": "FS",
  "ScanningSequence": "EP",
  "SequenceName": "_ep_b0",
  "SequenceVariant": "SK_SP",
  "SeriesDescription": "fmap_acq-2.0mmX4b0_dir-PA",
  "SoftwareVersions": "syngo_MR_E11",
  "StationName": "AWP66112",
  "TotalReadoutTime": 0.076159,
  "time": {
    "samples": {
      "AcquisitionNumber": [
        1,
        2,
        3,
        4,
        5,
        6
      ],
      "SequenceName": [
        "*ep_b0",
        "*ep_b0",
        "*ep_b0",
        "*ep_b0",
        "*ep_b1000#5",
        "*ep_b650#6"
      ]
    },
    "slices": {
      "CsaImage.ProtocolSliceNumber": [
        0,
        1,
        2,
        3,
        4,
        5,
        6,
        7,
        8,
        9,
        10,
        11,
        12,
        13,
        14,
        15,
        16,
        17,
        18,
        19,
        20,
        21,
        22,
        23,
        24,
        25,
        26,
        27,
        28,
        29,
        30,
        31,
        32,
        33,
        34,
        35,
        36,
        37,
        38,
        39,
        40,
        41,
        42,
        43,
        44,
        45,
        46,
        47,
        48,
        49,
        50,
        51,
        52,
        53,
        54,
        55,
        56,
        57,
        58,
        59,
        60,
        61,
        62,
        63
      ],
      "CsaImage.SlicePosition_PCS": [
        [
          -116.17395661,
          -138.23877638,
          -77.96303736
        ],
        [
          -116.28994391,
          -138.32820433,
          -75.96840846
        ],
        [
          -116.40593121,
          -138.41763323,
          -73.97377573
        ],
        [
          -116.52191851,
          -138.50706214,
          -71.97914683
        ],
        [
          -116.63790581,
          -138.59649008,
          -69.98451792
        ],
        [
          -116.75389311,
          -138.68591899,
          -67.9898852
        ],
        [
          -116.86988041,
          -138.77534789,
          -65.99525629
        ],
        [
          -116.98586771,
          -138.86477584,
          -64.00062739
        ],
        [
          -117.10185502,
          -138.95420474,
          -62.00599467
        ],
        [
          -117.21784256,
          -139.04363364,
          -60.01136576
        ],
        [
          -117.33382986,
          -139.13306159,
          -58.01673685
        ],
        [
          -117.44981716,
          -139.22249049,
          -56.02210413
        ],
        [
          -117.56580446,
          -139.31191939,
          -54.02747523
        ],
        [
          -117.68179176,
          -139.40134734,
          -52.03284632
        ],
        [
          -117.79777906,
          -139.49077624,
          -50.0382136
        ],
        [
          -117.91376636,
          -139.58020514,
          -48.04358469
        ],
        [
          -118.02975366,
          -139.66963309,
          -46.04895579
        ],
        [
          -118.14574096,
          -139.75906199,
          -44.05432497
        ],
        [
          -118.26172826,
          -139.84849089,
          -42.05969416
        ],
        [
          -118.37771556,
          -139.93791884,
          -40.06506335
        ],
        [
          -118.49370286,
          -140.02734774,
          -38.07043444
        ],
        [
          -118.60969017,
          -140.11677664,
          -36.07580363
        ],
        [
          -118.72567747,
          -140.20620459,
          -34.08117281
        ],
        [
          -118.84166477,
          -140.29563349,
          -32.08654391
        ],
        [
          -118.95765254,
          -140.3850624,
          -30.09191309
        ],
        [
          -119.07363985,
          -140.47449034,
          -28.09728323
        ],
        [
          -119.18962715,
          -140.56391925,
          -26.10265337
        ],
        [
          -119.30561445,
          -140.65334815,
          -24.10802256
        ],
        [
          -119.42160175,
          -140.7427761,
          -22.1133927
        ],
        [
          -119.53758905,
          -140.832205,
          -20.11876236
        ],
        [
          -119.65357635,
          -140.9216339,
          -18.1241325
        ],
        [
          -119.76956365,
          -141.01106185,
          -16.12950217
        ],
        [
          -119.88555095,
          -141.10049075,
          -14.13487207
        ],
        [
          -120.00153825,
          -141.18991965,
          -12.1402419
        ],
        [
          -120.11752555,
          -141.2793476,
          -10.14561163
        ],
        [
          -120.23351285,
          -141.3687765,
          -8.15098177
        ],
        [
          -120.34950016,
          -141.45820445,
          -6.15635144
        ],
        [
          -120.46548746,
          -141.5476343,
          -4.1617211
        ],
        [
          -120.58147476,
          -141.63706225,
          -2.16709124
        ],
        [
          -120.69746206,
          -141.7264902,
          -0.17246138
        ],
        [
          -120.81344936,
          -141.81592005,
          1.82216943
        ],
        [
          -120.92943666,
          -141.905348,
          3.81679929
        ],
        [
          -121.04542396,
          -141.99477595,
          5.81143011
        ],
        [
          -121.16141126,
          -142.08420581,
          7.80605901
        ],
        [
          -121.27739904,
          -142.17363375,
          9.80068983
        ],
        [
          -121.39338634,
          -142.2630617,
          11.79532064
        ],
        [
          -121.50937364,
          -142.35249156,
          13.78994955
        ],
        [
          -121.62536094,
          -142.4419195,
          15.78458036
        ],
        [
          -121.74134777,
          -142.53134745,
          17.77921117
        ],
        [
          -121.85733554,
          -142.62077731,
          19.77384008
        ],
        [
          -121.97332237,
          -142.71020526,
          21.76846899
        ],
        [
          -122.08931015,
          -142.7996332,
          23.76310171
        ],
        [
          -122.20529697,
          -142.88906306,
          25.75773061
        ],
        [
          -122.32128475,
          -142.97849101,
          27.75235952
        ],
        [
          -122.43727252,
          -143.06791896,
          29.74699224
        ],
        [
          -122.55325935,
          -143.15734881,
          31.74162115
        ],
        [
          -122.66924713,
          -143.24677676,
          33.73625005
        ],
        [
          -122.78523395,
          -143.33620471,
          35.73088277
        ],
        [
          -122.90122173,
          -143.42563456,
          37.72551168
        ],
        [
          -123.01720855,
          -143.51506251,
          39.72014059
        ],
        [
          -123.13319633,
          -143.60449046,
          41.71477331
        ],
        [
          -123.24918315,
          -143.69392031,
          43.70940221
        ],
        [
          -123.36517093,
          -143.78334826,
          45.70403112
        ],
        [
          -123.48115776,
          -143.87277621,
          47.69866384
        ]
      ],
      "ImagePositionPatient": [
        [
          -116.17395660876,
          -138.23877638492,
          -77.963037361437
        ],
        [
          -116.28994390963,
          -138.32820433292,
          -75.968408455187
        ],
        [
          -116.40593121051,
          -138.41763323459,
          -73.97377573424
        ],
        [
          -116.52191851138,
          -138.50706213627,
          -71.97914682799
        ],
        [
          -116.63790581225,
          -138.59649008426,
          -69.98451792174
        ],
        [
          -116.75389311313,
          -138.68591898594,
          -67.989885200793
        ],
        [
          -116.869880414,
          -138.77534788761,
          -65.995256294543
        ],
        [
          -116.98586771487,
          -138.86477583561,
          -64.000627388293
        ],
        [
          -117.10185501574,
          -138.95420473728,
          -62.005994667345
        ],
        [
          -117.21784255504,
          -139.04363363895,
          -60.011365761095
        ],
        [
          -117.33382985591,
          -139.13306158695,
          -58.016736854845
        ],
        [
          -117.44981715678,
          -139.22249048862,
          -56.022104133898
        ],
        [
          -117.56580445765,
          -139.3119193903,
          -54.027475227648
        ],
        [
          -117.68179175853,
          -139.40134733829,
          -52.032846321398
        ],
        [
          -117.7977790594,
          -139.49077623997,
          -50.038213600451
        ],
        [
          -117.91376636027,
          -139.58020514164,
          -48.043584694201
        ],
        [
          -118.02975366115,
          -139.66963308964,
          -46.048955787951
        ],
        [
          -118.14574096202,
          -139.75906199131,
          -44.054324974352
        ],
        [
          -118.26172826289,
          -139.84849089298,
          -42.059694160754
        ],
        [
          -118.37771556376,
          -139.93791884098,
          -40.065063347155
        ],
        [
          -118.49370286464,
          -140.02734774265,
          -38.070434440905
        ],
        [
          -118.60969016551,
          -140.11677664432,
          -36.075803627306
        ],
        [
          -118.72567746638,
          -140.20620459232,
          -34.081172813708
        ],
        [
          -118.84166476725,
          -140.29563349399,
          -32.086543907458
        ],
        [
          -118.95765254496,
          -140.38506239567,
          -30.091913093859
        ],
        [
          -119.07363984584,
          -140.47449034366,
          -28.097283233935
        ],
        [
          -119.18962714671,
          -140.56391924534,
          -26.10265337401
        ],
        [
          -119.30561444758,
          -140.65334814701,
          -24.108022560412
        ],
        [
          -119.42160174846,
          -140.74277609501,
          -22.113392700488
        ],
        [
          -119.53758904933,
          -140.83220499668,
          -20.118762363726
        ],
        [
          -119.6535763502,
          -140.92163389835,
          -18.124132503802
        ],
        [
          -119.76956365107,
          -141.01106184635,
          -16.12950216704
        ],
        [
          -119.88555095195,
          -141.10049074802,
          -14.134872068697
        ],
        [
          -120.00153825282,
          -141.18991964969,
          -12.140241903299
        ],
        [
          -120.11752555369,
          -141.27934759769,
          -10.145611633593
        ],
        [
          -120.23351285457,
          -141.36877649937,
          -8.1509817736687
        ],
        [
          -120.34950015544,
          -141.45820444736,
          -6.1563514369072
        ],
        [
          -120.46548745631,
          -141.54763430271,
          -4.1617211001457
        ],
        [
          -120.58147475718,
          -141.63706225071,
          -2.1670912402214
        ],
        [
          -120.69746205806,
          -141.72649019871,
          -0.1724613802971
        ],
        [
          -120.81344935893,
          -141.81592005405,
          1.8221694333015
        ],
        [
          -120.9294366598,
          -141.90534800205,
          3.8167992932258
        ],
        [
          -121.04542396068,
          -141.99477595005,
          5.8114301068245
        ],
        [
          -121.16141126155,
          -142.0842058054,
          7.8060590130745
        ],
        [
          -121.27739903926,
          -142.17363375339,
          9.8006898266731
        ],
        [
          -121.39338634013,
          -142.26306170139,
          11.795320640272
        ],
        [
          -121.509373641,
          -142.35249155674,
          13.789949546522
        ],
        [
          -121.62536094188,
          -142.44191950474,
          15.78458036012
        ],
        [
          -121.74134776591,
          -142.53134745273,
          17.779211173719
        ],
        [
          -121.85733554362,
          -142.62077730808,
          19.773840079969
        ],
        [
          -121.97332236766,
          -142.71020525608,
          21.768468986219
        ],
        [
          -122.08931014537,
          -142.79963320408,
          23.763101707166
        ],
        [
          -122.2052969694,
          -142.88906305942,
          25.757730613416
        ],
        [
          -122.32128474711,
          -142.97849100742,
          27.752359519666
        ],
        [
          -122.43727252482,
          -143.06791895542,
          29.746992240614
        ],
        [
          -122.55325934886,
          -143.15734881077,
          31.741621146864
        ],
        [
          -122.66924712657,
          -143.24677675876,
          33.736250053114
        ],
        [
          -122.7852339506,
          -143.33620470676,
          35.730882774061
        ],
        [
          -122.90122172831,
          -143.42563456211,
          37.725511680311
        ],
        [
          -123.01720855235,
          -143.51506251011,
          39.720140586561
        ],
        [
          -123.13319633006,
          -143.60449045811,
          41.714773307508
        ],
        [
          -123.2491831541,
          -143.69392031345,
          43.709402213758
        ],
        [
          -123.36517093181,
          -143.78334826145,
          45.704031120008
        ],
        [
          -123.48115775584,
          -143.87277620945,
          47.698663840955
        ]
      ],
      "SliceLocation": [
        -64.835110256049,
        -62.835111534675,
        -60.835108966204,
        -58.835110202188,
        -56.835111480815,
        -54.835108912344,
        -52.835110148327,
        -50.835111426954,
        -48.835108858483,
        -46.83511008064,
        -44.835111359267,
        -42.835108790796,
        -40.835110026779,
        -38.835111305406,
        -36.835108736935,
        -34.835109972919,
        -32.835111251546,
        -30.835110585302,
        -28.835109919058,
        -26.835109295457,
        -24.835110531441,
        -22.835109865198,
        -20.835109241597,
        -18.835110477581,
        -16.835109783684,
        -14.835110111196,
        -12.835110396067,
        -10.835109729823,
        -8.8351100573359,
        -6.8351098666491,
        -4.8351101515192,
        -2.8351100034753,
        -0.8351100505669,
        1.1648899692166,
        3.1648900503853,
        5.1648897655152,
        7.1648899135591,
        9.1648901468888,
        11.164889819376,
        13.164889491863,
        15.164890200749,
        17.164889873236,
        19.164890496837,
        21.164889303496,
        23.164889954751,
        25.164890578351,
        27.16488938501,
        29.164890008611,
        31.164890604558,
        33.164889438871,
        35.164888132591,
        37.164890686073,
        39.164889465078,
        41.164888214105,
        43.164890767587,
        45.164889546592,
        47.164888295619,
        49.164890793794,
        51.164889628106,
        53.164888321826,
        55.164890875308,
        57.164889654313,
        59.16488840334,
        61.164890901515
      ]
    }
  },
  "MatrixCoilMode": "SENSE",
  "CoilCombinationMethod": "Sum of Squares",
  "NonlinearGradientCorrection": false,
  "MRAcquisitionType": "2D",
  "InstitutionalDepartmentName": "Department",
  "PulseSequenceType": "Spin Echo EPI",
  "SliceTiming": [
    4.83594,
    0,
    4.99219,
    0.14844,
    5.14062,
    0.30469,
    5.29688,
    0.45312,
    5.44531,
    0.60156,
    5.59375,
    0.75781,
    5.74219,
    0.90625,
    5.89844,
    1.05469,
    6.04688,
    1.21094,
    6.20312,
    1.35938,
    6.35156,
    1.50781,
    6.5,
    1.66406,
    6.65625,
    1.8125,
    6.80469,
    1.96875,
    6.95312,
    2.11719,
    7.10938,
    2.26562,
    7.25781,
    2.42188,
    7.41406,
    2.57031,
    7.5625,
    2.71875,
    7.71094,
    2.875,
    7.86719,
    3.02344,
    8.01562,
    3.17969,
    8.16406,
    3.32812,
    8.32031,
    3.47656,
    8.46875,
    3.625,
    8.61719,
    3.78125,
    8.77344,
    3.92969,
    8.92188,
    4.08594,
    9.07031,
    4.23438,
    9.22656,
    4.38281,
    9.375,
    4.53906,
    9.53125,
    4.6875
  ],
  "B0FieldIdentifier": "pepolar_ses-1"
}
