{
  "ConsistencyInfo": "N4_VE11C_LATEST_20160120",
  "ProcedureStepDescription": "Gobbini_Matteo_1038_hyperface",
  "DeviceSerialNumber": "66112",
  "AcquisitionMatrixPE": 96,
  "ManufacturersModelName": "Prisma",
  "ProtocolName": "fmap_acq-2.5mm",
  "RepetitionTime": 0.675,
  "MagneticFieldStrength": 3,
  "PhaseEncodingSteps": 96,
  "AcquisitionNumber": 1,
  "InstitutionName": "Dartmouth_College_-_PBS",
  "DwellTime": 8.8e-06,
  "BodyPartExamined": "BRAIN",
  "ReceiveCoilActiveElements": "HEA;HEP",
  "PulseSequenceDetails": "%SiemensSeq%_gre_field_mapping",
  "ScanningSequence": "GR",
  "Manufacturer": "Siemens",
  "ConversionSoftware": "dcm2niix",
  "PercentPhaseFOV": 100,
  "ReconMatrixPE": 96,
  "FlipAngle": 60,
  "ConversionSoftwareVersion": "v1.0.20170923 (OpenJPEG build) GCC6.3.0",
  "SeriesDescription": "fmap_acq-2.5mm",
  "PartialFourier": 1,
  "InstitutionAddress": "Maynard_3_Hanover_NH_US_03755",
  "SequenceName": "_fm2d2r",
  "ReceiveCoilName": "Head_32",
  "ImageType": [
    "ORIGINAL",
    "PRIMARY",
    "M",
    "ND",
    "NORM"
  ],
  "EchoTime": 0.00738,
  "SequenceVariant": "SP",
  "PhaseResolution": 1,
  "BaseResolution": 96,
  "PhaseEncodingDirection": "j-",
  "SoftwareVersions": "syngo_MR_E11",
  "StationName": "AWP66112",
  "Modality": "MR",
  "EchoNumber": 2
}
