{
  "AcquisitionMatrixPE": 120,
  "AcquisitionNumber": 1,
  "BandwidthPerPixelPhaseEncode": 13.021,
  "BaseResolution": 120,
  "BodyPartExamined": "BRAIN",
  "ConsistencyInfo": "N4_VE11C_LATEST_20160120",
  "ConversionSoftware": "dcm2niix",
  "ConversionSoftwareVersion": "v1.0.20170923 (OpenJPEG build) GCC6.3.0",
  "DerivedVendorReportedEchoSpacing": 0.000639992,
  "DeviceSerialNumber": "66112",
  "DwellTime": 2.4e-06,
  "EchoTime": 0.096,
  "EchoTrainLength": 120,
  "EffectiveEchoSpacing": 0.000639992,
  "FlipAngle": 90,
  "ImageType": [
    "ORIGINAL",
    "PRIMARY",
    "DIFFUSION",
    "NONE",
    "ND",
    "NORM"
  ],
  "InstitutionAddress": "Maynard_3_Hanover_NH_US_03755",
  "InstitutionName": "Dartmouth_College_-_PBS",
  "MagneticFieldStrength": 3,
  "Manufacturer": "Siemens",
  "ManufacturersModelName": "Prisma",
  "Modality": "MR",
  "PartialFourier": 1,
  "PercentPhaseFOV": 100,
  "PhaseEncodingDirection": "j-",
  "PhaseEncodingSteps": 120,
  "PhaseResolution": 1,
  "ProcedureStepDescription": "Gobbini_Matteo_1038_hyperface",
  "ProtocolName": "fmap_acq-2.0mmX4b0_dir-AP",
  "PulseSequenceDetails": "%SiemensSeq%_ep2d_diff",
  "ReceiveCoilActiveElements": "HEA;HEP",
  "ReceiveCoilName": "Head_32",
  "ReconMatrixPE": 120,
  "RepetitionTime": 9.7,
  "ScanOptions": "FS",
  "ScanningSequence": "EP",
  "SequenceName": "_ep_b0",
  "SequenceVariant": "SK_SP",
  "SeriesDescription": "fmap_acq-2.0mmX4b0_dir-AP",
  "SoftwareVersions": "syngo_MR_E11",
  "StationName": "AWP66112",
  "TotalReadoutTime": 0.076159,
  "time": {
    "samples": {
      "AcquisitionNumber": [
        1,
        2,
        3,
        4,
        5,
        6
      ],
      "SequenceName": [
        "*ep_b0",
        "*ep_b0",
        "*ep_b0",
        "*ep_b0",
        "*ep_b1000#5",
        "*ep_b650#6"
      ]
    },
    "slices": {
      "CsaImage.ProtocolSliceNumber": [
        0,
        1,
        2,
        3,
        4,
        5,
        6,
        7,
        8,
        9,
        10,
        11,
        12,
        13,
        14,
        15,
        16,
        17,
        18,
        19,
        20,
        21,
        22,
        23,
        24,
        25,
        26,
        27,
        28,
        29,
        30,
        31,
        32,
        33,
        34,
        35,
        36,
        37,
        38,
        39,
        40,
        41,
        42,
        43,
        44,
        45,
        46,
        47,
        48,
        49,
        50,
        51,
        52,
        53,
        54,
        55,
        56,
        57,
        58,
        59,
        60,
        61,
        62,
        63
      ],
      "CsaImage.SlicePosition_PCS": [
        [
          -118.83790518,
          -128.29871539,
          -95.7968769
        ],
        [
          -118.88017989,
          -128.55544881,
          -93.81387519
        ],
        [
          -118.92245461,
          -128.81218222,
          -91.83087349
        ],
        [
          -118.96472932,
          -129.06891564,
          -89.84787178
        ],
        [
          -119.00700427,
          -129.32564906,
          -87.86487007
        ],
        [
          -119.04927899,
          -129.58238248,
          -85.88186836
        ],
        [
          -119.0915537,
          -129.83911589,
          -83.89885902
        ],
        [
          -119.13382841,
          -130.09584979,
          -81.91585731
        ],
        [
          -119.17610313,
          -130.35258273,
          -79.9328556
        ],
        [
          -119.21837784,
          -130.60931567,
          -77.94985389
        ],
        [
          -119.26065255,
          -130.86604956,
          -75.96684837
        ],
        [
          -119.3029275,
          -131.12278251,
          -73.98384666
        ],
        [
          -119.34520222,
          -131.3795164,
          -72.00084495
        ],
        [
          -119.38747693,
          -131.63624934,
          -70.01783943
        ],
        [
          -119.42975165,
          -131.89298323,
          -68.03483772
        ],
        [
          -119.47202636,
          -132.14971618,
          -66.05183601
        ],
        [
          -119.51430107,
          -132.40645007,
          -64.06883049
        ],
        [
          -119.55657579,
          -132.66318301,
          -62.08582878
        ],
        [
          -119.59885074,
          -132.9199169,
          -60.10282707
        ],
        [
          -119.64112545,
          -133.17664985,
          -58.11982154
        ],
        [
          -119.68340016,
          -133.43338374,
          -56.13681984
        ],
        [
          -119.72567488,
          -133.69011668,
          -54.15381813
        ],
        [
          -119.76794959,
          -133.94685057,
          -52.1708126
        ],
        [
          -119.81022431,
          -134.20358352,
          -50.18781089
        ],
        [
          -119.85249902,
          -134.46031741,
          -48.20480728
        ],
        [
          -119.89477397,
          -134.71705035,
          -46.22180557
        ],
        [
          -119.93704868,
          -134.97378329,
          -44.23880195
        ],
        [
          -119.9793234,
          -135.23051719,
          -42.25579834
        ],
        [
          -120.02159811,
          -135.48725013,
          -40.27279663
        ],
        [
          -120.06387282,
          -135.74398402,
          -38.28979301
        ],
        [
          -120.10614754,
          -136.00071696,
          -36.30678939
        ],
        [
          -120.14842249,
          -136.25745086,
          -34.32378769
        ],
        [
          -120.1906972,
          -136.5141838,
          -32.34078407
        ],
        [
          -120.23297192,
          -136.77091769,
          -30.35778141
        ],
        [
          -120.27524663,
          -137.02765063,
          -28.37477874
        ],
        [
          -120.31752134,
          -137.28438453,
          -26.39177513
        ],
        [
          -120.35979606,
          -137.54111747,
          -24.40877246
        ],
        [
          -120.40207077,
          -137.79785136,
          -22.42576933
        ],
        [
          -120.44434572,
          -138.0545843,
          -20.44276642
        ],
        [
          -120.48662044,
          -138.31131724,
          -18.45976342
        ],
        [
          -120.52889491,
          -138.56805209,
          -16.4767605
        ],
        [
          -120.57116986,
          -138.82478503,
          -14.49375748
        ],
        [
          -120.61344482,
          -139.08151797,
          -12.51075458
        ],
        [
          -120.65571929,
          -139.33825091,
          -10.52775144
        ],
        [
          -120.69799424,
          -139.59498385,
          -8.5447483
        ],
        [
          -120.74026872,
          -139.8517187,
          -6.56174564
        ],
        [
          -120.78254367,
          -140.10845164,
          -4.57874298
        ],
        [
          -120.82481814,
          -140.36518458,
          -2.59573936
        ],
        [
          -120.8670931,
          -140.62191752,
          -0.61273574
        ],
        [
          -120.90936805,
          -140.87865237,
          1.37026596
        ],
        [
          -120.95164252,
          -141.13538531,
          3.35326958
        ],
        [
          -120.99391748,
          -141.39211825,
          5.3362732
        ],
        [
          -121.03619195,
          -141.64885119,
          7.31927491
        ],
        [
          -121.0784669,
          -141.90558604,
          9.30227852
        ],
        [
          -121.12074138,
          -142.16231898,
          11.28528214
        ],
        [
          -121.16301633,
          -142.41905192,
          13.26828385
        ],
        [
          -121.20529128,
          -142.67578486,
          15.25128746
        ],
        [
          -121.24756576,
          -142.93251971,
          17.23428917
        ],
        [
          -121.28984071,
          -143.18925265,
          19.2172947
        ],
        [
          -121.33211518,
          -143.44598559,
          21.20029641
        ],
        [
          -121.37439014,
          -143.70271853,
          23.18329811
        ],
        [
          -121.41666461,
          -143.95945147,
          25.16630364
        ],
        [
          -121.45893956,
          -144.21618632,
          27.14930535
        ],
        [
          -121.50121451,
          -144.47291926,
          29.13230706
        ]
      ],
      "ImagePositionPatient": [
        [
          -118.8379051791,
          -128.29871538946,
          -95.796876903325
        ],
        [
          -118.88017989261,
          -128.55544880697,
          -93.81387519434
        ],
        [
          -118.92245460613,
          -128.81218222448,
          -91.830873485356
        ],
        [
          -118.96472931965,
          -129.06891564199,
          -89.847871776372
        ],
        [
          -119.00700427158,
          -129.3256490595,
          -87.864870067387
        ],
        [
          -119.0492789851,
          -129.58238247701,
          -85.881868358403
        ],
        [
          -119.09155369861,
          -129.83911589452,
          -83.898859020024
        ],
        [
          -119.13382841213,
          -130.09584978887,
          -81.91585731104
        ],
        [
          -119.17610312565,
          -130.35258272954,
          -79.932855602055
        ],
        [
          -119.21837783916,
          -130.60931567022,
          -77.949853893071
        ],
        [
          -119.26065255268,
          -130.86604956457,
          -75.966848369389
        ],
        [
          -119.30292750461,
          -131.12278250524,
          -73.983846660405
        ],
        [
          -119.34520221813,
          -131.37951639959,
          -72.00084495142
        ],
        [
          -119.38747693165,
          -131.63624934026,
          -70.017839427739
        ],
        [
          -119.42975164516,
          -131.89298323461,
          -68.034837718754
        ],
        [
          -119.47202635868,
          -132.14971617528,
          -66.05183600977
        ],
        [
          -119.5143010722,
          -132.40645006963,
          -64.068830486088
        ],
        [
          -119.55657578571,
          -132.6631830103,
          -62.085828777104
        ],
        [
          -119.59885073765,
          -132.91991690465,
          -60.10282706812
        ],
        [
          -119.64112545116,
          -133.17664984533,
          -58.119821544438
        ],
        [
          -119.68340016468,
          -133.43338373967,
          -56.136819835454
        ],
        [
          -119.72567487819,
          -133.69011668035,
          -54.153818126469
        ],
        [
          -119.76794959171,
          -133.9468505747,
          -52.170812602788
        ],
        [
          -119.81022430523,
          -134.20358351537,
          -50.187810893803
        ],
        [
          -119.85249901874,
          -134.46031740972,
          -48.20480727747
        ],
        [
          -119.89477397068,
          -134.71705035039,
          -46.221805568486
        ],
        [
          -119.93704868419,
          -134.97378329107,
          -44.238801952153
        ],
        [
          -119.97932339771,
          -135.23051718541,
          -42.25579833582
        ],
        [
          -120.02159811123,
          -135.48725012609,
          -40.272796626835
        ],
        [
          -120.06387282474,
          -135.74398402044,
          -38.289793010502
        ],
        [
          -120.10614753826,
          -136.00071696111,
          -36.306789394169
        ],
        [
          -120.14842249019,
          -136.25745085546,
          -34.323787685185
        ],
        [
          -120.19069720371,
          -136.51418379613,
          -32.340784068852
        ],
        [
          -120.23297191723,
          -136.77091769048,
          -30.357781406193
        ],
        [
          -120.27524663074,
          -137.02765063115,
          -28.374778743535
        ],
        [
          -120.31752134426,
          -137.2843845255,
          -26.391775127202
        ],
        [
          -120.35979605778,
          -137.54111746618,
          -24.408772464543
        ],
        [
          -120.40207077129,
          -137.79785136052,
          -22.425769325047
        ],
        [
          -120.44434572323,
          -138.0545843012,
          -20.44276642397
        ],
        [
          -120.48662043674,
          -138.31131724187,
          -18.459763418584
        ],
        [
          -120.52889491184,
          -138.56805208989,
          -16.476760502606
        ],
        [
          -120.57116986378,
          -138.82478503057,
          -14.493757482319
        ],
        [
          -120.61344481571,
          -139.08151797124,
          -12.510754581242
        ],
        [
          -120.65571929081,
          -139.33825091192,
          -10.527751441746
        ],
        [
          -120.69799424274,
          -139.59498385259,
          -8.5447483022505
        ],
        [
          -120.74026871784,
          -139.85171870061,
          -6.5617456395918
        ],
        [
          -120.78254366977,
          -140.10845164129,
          -4.5787429769331
        ],
        [
          -120.82481814487,
          -140.36518458196,
          -2.5957393606001
        ],
        [
          -120.86709309681,
          -140.62191752263,
          -0.6127357442671
        ],
        [
          -120.90936804874,
          -140.87865237066,
          1.3702659647173
        ],
        [
          -120.95164252384,
          -141.13538531133,
          3.3532695810503
        ],
        [
          -120.99391747577,
          -141.392118252,
          5.3362731973833
        ],
        [
          -121.03619195087,
          -141.64885119268,
          7.3192749063677
        ],
        [
          -121.07846690281,
          -141.9055860407,
          9.3022785227007
        ],
        [
          -121.1207413779,
          -142.16231898137,
          11.285282139034
        ],
        [
          -121.16301632984,
          -142.41905192205,
          13.268283848018
        ],
        [
          -121.20529128177,
          -142.67578486272,
          15.251287464351
        ],
        [
          -121.24756575687,
          -142.93251971074,
          17.234289173335
        ],
        [
          -121.28984070881,
          -143.18925265142,
          19.217294697017
        ],
        [
          -121.3321151839,
          -143.44598559209,
          21.200296406001
        ],
        [
          -121.37439013584,
          -143.70271853277,
          23.183298114986
        ],
        [
          -121.41666461094,
          -143.95945147344,
          25.166303638668
        ],
        [
          -121.45893956287,
          -144.21618632146,
          27.149305347652
        ],
        [
          -121.50121451481,
          -144.47291926214,
          29.132307056636
        ]
      ],
      "SliceLocation": [
        -76.001542478152,
        -74.001543733926,
        -72.0015449897,
        -70.001546245474,
        -68.001547496209,
        -66.001548751983,
        -64.001542443202,
        -62.001543637766,
        -60.00154495475,
        -58.001546271734,
        -56.00154368402,
        -54.001544995965,
        -52.001546190529,
        -50.001543725236,
        -48.0015449198,
        -46.001546236784,
        -44.00154364907,
        -42.001544966054,
        -40.001546155579,
        -38.001543690285,
        -36.00154488485,
        -34.001546201834,
        -32.00154361412,
        -30.001544931104,
        -28.001544234529,
        -26.001545546474,
        -24.001544972319,
        -22.001544275745,
        -20.001545592729,
        -18.001544896154,
        -16.001544321999,
        -14.001545511524,
        -12.001544937369,
        -10.001545186364,
        -8.0015455577786,
        -6.0015448612038,
        -4.0015452326185,
        -2.0015450088285,
        -0.0015451388113,
        1.998454829588,
        3.9984549491407,
        5.998454937354,
        7.9984548073712,
        9.9984549037017,
        11.998455010111,
        13.998454878497,
        15.998454512122,
        17.998455081237,
        19.998455660431,
        21.998454593327,
        23.998455162442,
        25.998455741636,
        27.998454419612,
        29.998455243647,
        31.998455812762,
        33.998454500817,
        35.998455080012,
        37.998454002828,
        39.998456473161,
        41.998455151137,
        43.998453839193,
        45.998456299447,
        47.998455232342,
        49.998453920398
      ]
    }
  }
}
