{
  "AcquisitionMatrixPE": 120,
  "AcquisitionNumber": 1,
  "AcquisitionTime": "21:07:20.547500",
  "BandwidthPerPixelPhaseEncode": 13.889,
  "BaseResolution": 120,
  "BodyPartExamined": "BRAIN",
  "ConsistencyInfo": "N4_VE11C_LATEST_20160120",
  "ConversionSoftware": "dcm2niix",
  "ConversionSoftwareVersion": "v1.0.20171215 (OpenJPEG build) GCC6.3.0",
  "DerivedVendorReportedEchoSpacing": 0.000599995,
  "DeviceSerialNumber": "66112",
  "DwellTime": 2e-06,
  "EchoTime": 0.103,
  "EchoTrainLength": 120,
  "EffectiveEchoSpacing": 0.000599995,
  "FlipAngle": 90,
  "ImageOrientationPatientDICOM": [
    0.999911,
    0.0105439,
    -0.00812342,
    -0.010646,
    0.999864,
    -0.0126262
  ],
  "ImageType": [
    "ORIGINAL",
    "PRIMARY",
    "DIFFUSION",
    "NONE",
    "ND",
    "NORM",
    "MOSAIC"
  ],
  "InPlanePhaseEncodingDirectionDICOM": "COL",
  "InstitutionAddress": "Maynard_3_Hanover_NH_US_03755",
  "InstitutionName": "Dartmouth_College_-_PBS",
  "InstitutionalDepartmentName": "Department",
  "MRAcquisitionType": "2D",
  "MagneticFieldStrength": 3,
  "Manufacturer": "Siemens",
  "ManufacturersModelName": "Prisma",
  "Modality": "MR",
  "MultibandAccelerationFactor": 4,
  "PatientPosition": "HFS",
  "PercentPhaseFOV": 100,
  "PhaseEncodingDirection": "j-",
  "PhaseEncodingSteps": 120,
  "PhaseResolution": 1,
  "PixelBandwidth": 2085,
  "ProcedureStepDescription": "Gobbini_Matteo_1038_hyperface",
  "ProtocolName": "dwi_acq-2.0mmXhardi96Xsms4X11b0",
  "PulseSequenceDetails": "%SiemensSeq%_ep2d_diff",
  "ReceiveCoilActiveElements": "HEA;HEP",
  "ReceiveCoilName": "Head_32",
  "ReconMatrixPE": 120,
  "RepetitionTime": 2.6,
  "SAR": 0.273952,
  "ScanOptions": "FS",
  "ScanningSequence": "EP",
  "SequenceName": "_ep_b0",
  "SequenceVariant": "SK_SP",
  "SeriesDescription": "dwi_acq-2.0mmXhardi96Xsms4X11b0",
  "SeriesNumber": 65,
  "ShimSetting": [
    4149,
    -7783,
    -7354,
    911,
    -107,
    -332,
    305,
    65
  ],
  "SliceThickness": 2,
  "SliceTiming": [
    1.935,
    0,
    1.29,
    0.16,
    1.45,
    0.3225,
    1.6125,
    0.4825,
    1.7725,
    0.805,
    2.095,
    0.9675,
    2.2575,
    1.1275,
    2.4175,
    0.645,
    1.935,
    0,
    1.29,
    0.16,
    1.45,
    0.3225,
    1.6125,
    0.4825,
    1.7725,
    0.805,
    2.095,
    0.9675,
    2.2575,
    1.1275,
    2.4175,
    0.645,
    1.935,
    0,
    1.29,
    0.16,
    1.45,
    0.3225,
    1.6125,
    0.4825,
    1.7725,
    0.805,
    2.095,
    0.9675,
    2.2575,
    1.1275,
    2.4175,
    0.645,
    1.935,
    0,
    1.29,
    0.16,
    1.45,
    0.3225,
    1.6125,
    0.4825,
    1.7725,
    0.805,
    2.095,
    0.9675,
    2.2575,
    1.1275,
    2.4175,
    0.645
  ],
  "SoftwareVersions": "syngo_MR_E11",
  "SpacingBetweenSlices": 2,
  "StationName": "AWP66112",
  "TotalReadoutTime": 0.0713994,
  "TxRefAmp": 230.503,
  "dcmmeta_affine": [
    [
      -1.9998228549957275,
      -0.02129194140434265,
      -0.015978364273905754,
      121.67102813720703
    ],
    [
      -0.02108779363334179,
      1.9997272491455078,
      -0.025423219427466393,
      -99.62822723388672
    ],
    [
      -0.016246838495135307,
      0.02525249309837818,
      1.9997745752334595,
      -78.27690887451172
    ],
    [
      0.0,
      0.0,
      0.0,
      1.0
    ]
  ],
  "dcmmeta_reorient_transform": [
    [
      0.0,
      -1.0,
      0.0,
      119.0
    ],
    [
      1.0,
      0.0,
      0.0,
      0.0
    ],
    [
      0.0,
      0.0,
      1.0,
      0.0
    ],
    [
      0.0,
      0.0,
      0.0,
      1.0
    ]
  ],
  "dcmmeta_shape": [
    120,
    120,
    64,
    107
  ],
  "dcmmeta_slice_dim": 2,
  "dcmmeta_version": 0.6,
  "global": {
    "const": {
      "AccessionNumber": "A001315",
      "AcquisitionMatrix": [
        120,
        0,
        0,
        120
      ],
      "AngioFlag": "N",
      "BitsAllocated": 16,
      "BitsStored": 12,
      "BodyPartExamined": "BRAIN",
      "Columns": 960,
      "EchoNumbers": 1,
      "EchoTime": 103.0,
      "EchoTrainLength": 120,
      "FlipAngle": 90.0,
      "HighBit": 11,
      "ImageOrientationPatient": [
        0.99991141422033,
        0.01054389702346,
        -0.0081234196899,
        -0.0106459703329,
        0.99986361131165,
        -0.0126262460964
      ],
      "ImagePositionPatient": [
        -950.12026122795,
        -987.08161823425,
        -57.842146406635
      ],
      "ImageType": [
        "ORIGINAL",
        "PRIMARY",
        "DIFFUSION",
        "NONE",
        "ND",
        "NORM",
        "MOSAIC"
      ],
      "ImagedNucleus": "1H",
      "ImagingFrequency": 123.252355,
      "InPlanePhaseEncodingDirection": "COL",
      "MRAcquisitionType": "2D",
      "MagneticFieldStrength": 3.0,
      "Manufacturer": "SIEMENS",
      "ManufacturerModelName": "Prisma",
      "Modality": "MR",
      "NumberOfAverages": 1.0,
      "NumberOfPhaseEncodingSteps": 120,
      "PercentPhaseFieldOfView": 100.0,
      "PercentSampling": 100.0,
      "PerformedProcedureStepStartTime": "200647.584000",
      "PhotometricInterpretation": "MONOCHROME2",
      "PixelBandwidth": 2085.0,
      "PixelRepresentation": 0,
      "PixelSpacing": [
        2.0,
        2.0
      ],
      "PositionReferenceIndicator": "",
      "ProtocolName": "dwi_acq-2.0mmXhardi96Xsms4X11b0",
      "RepetitionTime": 2600.0,
      "Rows": 960,
      "SAR": 0.2739523297371,
      "SamplesPerPixel": 1,
      "ScanOptions": "FS",
      "ScanningSequence": "EP",
      "SequenceVariant": [
        "SK",
        "SP"
      ],
      "SeriesDescription": "dwi_acq-2.0mmXhardi96Xsms4X11b0",
      "SeriesNumber": 65,
      "SeriesTime": "210826.140000",
      "SliceLocation": -77.973706337399,
      "SliceThickness": 2.0,
      "SmallestImagePixelValue": 0,
      "SoftwareVersions": "syngo MR E11",
      "SpacingBetweenSlices": 2.0000000548049,
      "SpecificCharacterSet": "ISO_IR 100",
      "StudyID": "4",
      "StudyTime": "200647.537000",
      "TransmitCoilName": "Body",
      "VariableFlipAngleFlag": "N",
      "WindowCenterWidthExplanation": "Algo1",
      "dBdt": 0.0
    },
