{
  "AcquisitionMatrixPE": 120,
  "AcquisitionNumber": 1,
  "AcquisitionTime": "14:00:22.072500",
  "BandwidthPerPixelPhaseEncode": 13.021,
  "BaseResolution": 120,
  "BodyPartExamined": "BRAIN",
  "ConsistencyInfo": "N4_VE11C_LATEST_20160120",
  "ConversionSoftware": "dcm2niix",
  "ConversionSoftwareVersion": "v1.0.20170923 (OpenJPEG build) GCC6.3.0",
  "DerivedVendorReportedEchoSpacing": 0.000639992,
  "DeviceSerialNumber": "66112",
  "DwellTime": 2.4e-06,
  "EchoTime": 0.096,
  "EchoTrainLength": 120,
  "EffectiveEchoSpacing": 0.000639992,
  "FlipAngle": 90,
  "ImageType": [
    "ORIGINAL",
    "PRIMARY",
    "DIFFUSION",
    "NONE",
    "ND",
    "NORM"
],
  "InstitutionAddress": "Maynard_3_Hanover_NH_US_03755",
  "InstitutionName": "Dartmouth_College_-_PBS",
  "MagneticFieldStrength": 3,
  "Manufacturer": "Siemens",
  "ManufacturersModelName": "Prisma",
  "Modality": "MR",
  "PartialFourier": 1,
  "PercentPhaseFOV": 100,
  "PhaseEncodingDirection": "j-",
  "PhaseEncodingSteps": 120,
  "PhaseResolution": 1,
  "ProcedureStepDescription": "Gobbini_Matteo_1038_hyperface",
  "ProtocolName": "fmap_acq-2.0mmX4b0_dir-AP",
  "PulseSequenceDetails": "%SiemensSeq%_ep2d_diff",
  "ReceiveCoilActiveElements": "HEA;HEP",
  "ReceiveCoilName": "Head_32",
  "ReconMatrixPE": 120,
  "RepetitionTime": 9.7,
  "ScanOptions": "FS",
  "ScanningSequence": "EP",
  "SequenceName": "_ep_b0",
  "SequenceVariant": "SK_SP",
  "SeriesDescription": "fmap_acq-2.0mmX4b0_dir-AP",
  "SoftwareVersions": "syngo_MR_E11",
  "StationName": "AWP66112",
  "TotalReadoutTime": 0.076159,
  "dcmmeta_affine": [
    [-1.9994465112686157, -0.03908943384885788, 0.02618694305419922, 125.06201171875],
    [-0.03920671343803406, 1.9995965957641602, -0.008729934692382812, -98.96900939941406],
    [0.026010800153017044, 0.00924160797148943, 1.9998092651367188, -76.8341064453125],
    [0.0, 0.0, 0.0, 1.0]
],
  "dcmmeta_reorient_transform": [
    [0.0, -1.0, 0.0, 119.0],
    [1.0, 0.0, 0.0, 0.0],
    [0.0, 0.0, -1.0, 63.0],
    [0.0, 0.0, 0.0, 1.0]
],
  "dcmmeta_shape": [120, 120, 64, 6],
  "dcmmeta_slice_dim": 2,
  "dcmmeta_version": 0.6,
  "global": {
    "const": {
      "AccessionNumber": "A001140",
      "AcquisitionMatrix": [120, 0, 0, 120],
      "AngioFlag": "N",
      "BitsAllocated": 16,
      "BitsStored": 12,
      "BodyPartExamined": "BRAIN",
      "Columns": 120,
      "EchoNumbers": 1,
      "EchoTime": 96.0,
      "EchoTrainLength": 120,
      "FlipAngle": 90.0,
      "HighBit": 11,
      "ImageOrientationPatient": [0.99972324567735, 0.01960335709741, 0.0130054005267, -0.0195447168917, 0.99979830576583, -0.0046208039778],
      "ImageType": [
        "ORIGINAL",
        "PRIMARY",
        "DIFFUSION",
        "NONE",
        "ND",
        "NORM"
],
      "ImagedNucleus": "1H",
      "ImagingFrequency": 123.252273,
      "InPlanePhaseEncodingDirection": "COL",
      "MRAcquisitionType": "2D",
      "MagneticFieldStrength": 3.0,
      "Manufacturer": "SIEMENS",
      "ManufacturerModelName": "Prisma",
      "Modality": "MR",
      "NumberOfAverages": 1.0,
      "NumberOfPhaseEncodingSteps": 120,
      "PercentPhaseFieldOfView": 100.0,
      "PercentSampling": 100.0,
      "PerformedProcedureStepStartTime": "125856.985000",
      "PhotometricInterpretation": "MONOCHROME2",
      "PixelBandwidth": 1735.0,
      "PixelRepresentation": 0,
      "PixelSpacing": [2.0, 2.0],
      "PositionReferenceIndicator": "",
      "ProtocolName": "fmap_acq-2.0mmX4b0_dir-AP",
      "RepetitionTime": 9700.0,
      "Rows": 120,
      "SAR": 0.16763810149953,
      "SamplesPerPixel": 1,
      "ScanOptions": "FS",
      "ScanningSequence": "EP",
      "SequenceVariant": [
        "SK",
        "SP"
],
      "SeriesDescription": "fmap_acq-2.0mmX4b0_dir-AP",
      "SeriesNumber": 64,
      "SeriesTime": "140026.172000",
      "SliceThickness": 2.0,
      "SmallestImagePixelValue": 0,
      "SoftwareVersions": "syngo MR E11",
      "SpacingBetweenSlices": 2.0,
      "SpecificCharacterSet": "ISO_IR 100",
      "StudyID": "2",
      "StudyTime": "125856.843000",
      "TransmitCoilName": "Body",
      "VariableFlipAngleFlag": "N",
      "WindowCenterWidthExplanation": "Algo1",
      "dBdt": 0.0},
