{
  "AcquisitionMatrixPE": 120,
  "AcquisitionNumber": 1,
  "AcquisitionTime": "11:12:19.117500",
  "BandwidthPerPixelPhaseEncode": 13.021,
  "BaseResolution": 120,
  "BodyPartExamined": "BRAIN",
  "ConsistencyInfo": "N4_VE11C_LATEST_20160120",
  "ConversionSoftware": "dcm2niix",
  "ConversionSoftwareVersion": "v1.0.20171215 (OpenJPEG build) GCC6.3.0",
  "DerivedVendorReportedEchoSpacing": 0.000639992,
  "DeviceSerialNumber": "66112",
  "DwellTime": 2.4e-06,
  "EchoTime": 0.096,
  "EchoTrainLength": 120,
  "EffectiveEchoSpacing": 0.000639992,
  "FlipAngle": 90,
  "ImageOrientationPatientDICOM": [0.997692, 0.0505205, -0.0453606, -0.0536838, 0.995998, -0.0714622],
  "ImageType": [
    "ORIGINAL",
    "PRIMARY",
    "DIFFUSION",
    "NONE",
    "ND",
    "NORM"
],
  "InPlanePhaseEncodingDirectionDICOM": "COL",
  "InstitutionAddress": "Maynard_3_Hanover_NH_US_03755",
  "InstitutionName": "Dartmouth_College_-_PBS",
  "InstitutionalDepartmentName": "Department",
  "MRAcquisitionType": "2D",
  "MagneticFieldStrength": 3,
  "Manufacturer": "Siemens",
  "ManufacturersModelName": "Prisma",
  "Modality": "MR",
  "PartialFourier": 1,
  "PatientPosition": "HFS",
  "PercentPhaseFOV": 100,
  "PhaseEncodingDirection": "j",
  "PhaseEncodingSteps": 120,
  "PhaseResolution": 1,
  "PixelBandwidth": 1735,
  "ProcedureStepDescription": "Gobbini_Matteo_1038_hyperface",
  "ProtocolName": "fmap_acq-2.0mmX4b0_dir-PA",
  "PulseSequenceDetails": "%SiemensSeq%_ep2d_diff",
  "ReceiveCoilActiveElements": "HEA;HEP",
  "ReceiveCoilName": "Head_32",
  "ReconMatrixPE": 120,
  "RepetitionTime": 9.7,
  "SAR": 0.115368,
  "ScanOptions": "FS",
  "ScanningSequence": "EP",
  "SequenceName": "_ep_b0",
  "SequenceVariant": "SK_SP",
  "SeriesDescription": "fmap_acq-2.0mmX4b0_dir-PA",
  "SeriesNumber": 64,
  "ShimSetting": [4132, -7691, -7291, 670, -16, -69, 62, 89],
  "SliceThickness": 2,
  "SoftwareVersions": "syngo_MR_E11",
  "SpacingBetweenSlices": 2,
  "StationName": "AWP66112",
  "TotalReadoutTime": 0.076159,
  "TxRefAmp": 259.734,
  "dcmmeta_affine": [
    [-1.9953848123550415, -0.10736757516860962, -0.0831373929977417, 129.9766082763672],
    [-0.10104109346866608, 1.9919952154159546, -0.14746475219726562, -92.52011108398438],
    [-0.09072110056877136, 0.1429244428873062, 1.9928245544433594, -79.3633041381836],
    [0.0, 0.0, 0.0, 1.0]
],
  "dcmmeta_reorient_transform": [
    [0.0, -1.0, 0.0, 119.0],
    [1.0, 0.0, 0.0, 0.0],
    [0.0, 0.0, -1.0, 63.0],
    [0.0, 0.0, 0.0, 1.0]
],
  "dcmmeta_shape": [120, 120, 64, 6],
  "dcmmeta_slice_dim": 2,
  "dcmmeta_version": 0.6,
  "global": {
    "const": {
      "AccessionNumber": "A001345",
      "AcquisitionMatrix": [120, 0, 0, 120],
      "AngioFlag": "N",
      "BitsAllocated": 16,
      "BitsStored": 12,
      "BodyPartExamined": "BRAIN",
      "Columns": 120,
      "EchoNumbers": 1,
      "EchoTime": 96.0,
      "EchoTrainLength": 120,
      "FlipAngle": 90.0,
      "HighBit": 11,
      "ImageOrientationPatient": [0.99769238499028, 0.0505205455783, -0.0453605490144, -0.0536837888293, 0.99599759120535, -0.0714622216984],
      "ImageType": [
        "ORIGINAL",
        "PRIMARY",
        "DIFFUSION",
        "NONE",
        "ND",
        "NORM"
],
      "ImagedNucleus": "1H",
      "ImagingFrequency": 123.252313,
      "InPlanePhaseEncodingDirection": "COL",
      "MRAcquisitionType": "2D",
      "MagneticFieldStrength": 3.0,
      "Manufacturer": "SIEMENS",
      "ManufacturerModelName": "Prisma",
      "Modality": "MR",
      "NumberOfAverages": 1.0,
      "NumberOfPhaseEncodingSteps": 120,
      "PercentPhaseFieldOfView": 100.0,
      "PercentSampling": 100.0,
      "PerformedProcedureStepStartTime": "101956.908000",
      "PhotometricInterpretation": "MONOCHROME2",
      "PixelBandwidth": 1735.0,
      "PixelRepresentation": 0,
      "PixelSpacing": [2.0, 2.0],
      "PositionReferenceIndicator": "",
      "ProtocolName": "fmap_acq-2.0mmX4b0_dir-PA",
      "RepetitionTime": 9700.0,
      "Rows": 120,
      "SAR": 0.11536788053413,
      "SamplesPerPixel": 1,
      "ScanOptions": "FS",
      "ScanningSequence": "EP",
      "SequenceVariant": [
        "SK",
        "SP"
],
      "SeriesDescription": "fmap_acq-2.0mmX4b0_dir-PA",
      "SeriesNumber": 64,
      "SeriesTime": "111236.357000",
      "SliceThickness": 2.0,
      "SmallestImagePixelValue": 0,
      "SoftwareVersions": "syngo MR E11",
      "SpacingBetweenSlices": 2.0,
      "SpecificCharacterSet": "ISO_IR 100",
      "StudyID": "3",
      "StudyTime": "101956.857000",
      "TransmitCoilName": "Body",
      "VariableFlipAngleFlag": "N",
      "WindowCenterWidthExplanation": "Algo1",
      "dBdt": 0.0},
