{
  "AcquisitionMatrixPE": 96,
  "AcquisitionNumber": 1,
  "AcquisitionTime": "20:20:11.257500",
  "BaseResolution": 96,
  "BodyPartExamined": "BRAIN",
  "ConsistencyInfo": "N4_VE11C_LATEST_20160120",
  "ConversionSoftware": "dcm2niix",
  "ConversionSoftwareVersion": "v1.0.20171215 (OpenJPEG build) GCC6.3.0",
  "DeviceSerialNumber": "66112",
  "DwellTime": 8.8e-06,
  "EchoNumber": 2,
  "EchoTime": 0.00738,
  "EchoTime1": 0.00492,
  "EchoTime2": 0.00738,
  "FlipAngle": 60,
  "ImageOrientationPatientDICOM": [
    0.999911,
    0.0105439,
    -0.00812342,
    -0.010646,
    0.999864,
    -0.0126262
  ],
  "ImageType": [
    "ORIGINAL",
    "PRIMARY",
    "P",
    "ND"
  ],
  "InPlanePhaseEncodingDirectionDICOM": "COL",
  "InstitutionAddress": "Maynard_3_Hanover_NH_US_03755",
  "InstitutionName": "Dartmouth_College_-_PBS",
  "InstitutionalDepartmentName": "Department",
  "IntendedFor": [
    "ses-2/func/sub-sid000142_ses-2_task-localizer_run-01_bold.nii.gz",
    "ses-2/func/sub-sid000142_ses-2_task-localizer_run-05_bold.nii.gz",
    "ses-2/func/sub-sid000142_ses-2_task-visualmemory_run-02_bold.nii.gz",
    "ses-2/func/sub-sid000142_ses-2_task-visualmemory_run-03_bold.nii.gz",
    "ses-2/func/sub-sid000142_ses-2_task-visualmemory_run-04_bold.nii.gz",
    "ses-2/func/sub-sid000142_ses-2_task-visualmemory_run-06_bold.nii.gz",
    "ses-2/func/sub-sid000142_ses-2_task-visualmemory_run-07_bold.nii.gz",
    "ses-2/func/sub-sid000142_ses-2_task-visualmemory_run-08_bold.nii.gz"
  ],
  "MRAcquisitionType": "2D",
  "MagneticFieldStrength": 3,
  "Manufacturer": "Siemens",
  "ManufacturersModelName": "Prisma",
  "Modality": "MR",
  "PartialFourier": 1,
  "PatientPosition": "HFS",
  "PercentPhaseFOV": 100,
  "PhaseEncodingDirection": "j-",
  "PhaseEncodingSteps": 96,
  "PhaseResolution": 1,
  "PixelBandwidth": 590,
  "ProcedureStepDescription": "Gobbini_Matteo_1038_hyperface",
  "ProtocolName": "fmap_acq-2.5mm",
  "PulseSequenceDetails": "%SiemensSeq%_gre_field_mapping",
  "ReceiveCoilActiveElements": "HEA;HEP",
  "ReceiveCoilName": "Head_32",
  "ReconMatrixPE": 96,
  "RepetitionTime": 0.675,
  "SAR": 0.0827991,
  "ScanningSequence": "GR",
  "SequenceName": "_fm2d2r",
  "SequenceVariant": "SP",
  "SeriesDescription": "fmap_acq-2.5mm",
  "SeriesNumber": 6,
  "ShimSetting": [
    4149,
    -7784,
    -7355,
    907,
    -111,
    -325,
    309,
    62
  ],
  "SliceThickness": 2.5,
  "SoftwareVersions": "syngo_MR_E11",
  "SpacingBetweenSlices": 2.5,
  "StationName": "AWP66112",
  "TxRefAmp": 230.503,
  "dcmmeta_affine": [
    [
      -2.4997785091400146,
      -0.026614926755428314,
      -0.019972950220108032,
      122.31197357177734
    ],
    [
      -0.026359742507338524,
      2.4996590614318848,
      -0.03177833557128906,
      -106.65828704833984
    ],
    [
      -0.02030854858458042,
      0.03156561404466629,
      2.4997177124023438,
      -73.95498657226562
    ],
    [
      0.0,
      0.0,
      0.0,
      1.0
    ]
  ],
  "dcmmeta_reorient_transform": [
    [
      0.0,
      -1.0,
      0.0,
      95.0
    ],
    [
      1.0,
      0.0,
      0.0,
      0.0
    ],
    [
      0.0,
      0.0,
      -1.0,
      47.0
    ],
    [
      0.0,
      0.0,
      0.0,
      1.0
    ]
  ],
  "dcmmeta_shape": [
    96,
    96,
    48
  ],
  "dcmmeta_slice_dim": 2,
  "dcmmeta_version": 0.6,
  "global": {
    "const": {
      "AccessionNumber": "A001315",
      "AcquisitionMatrix": [
        96,
        0,
        0,
        96
      ],
      "AcquisitionNumber": 1,
      "AngioFlag": "N",
      "BitsAllocated": 16,
      "BitsStored": 12,
      "BodyPartExamined": "BRAIN",
      "Columns": 96,
      "EchoNumbers": 2,
      "EchoTime": 7.38,
      "EchoTrainLength": 0,
      "FlipAngle": 60.0,
      "HighBit": 11,
      "ImageOrientationPatient": [
        0.99991141422033,
        0.01054389702346,
        -0.0081234196899,
        -0.0106459703329,
        0.99986361131165,
        -0.0126262460964
      ],
      "ImageType": [
        "ORIGINAL",
        "PRIMARY",
        "P",
        "ND"
      ],
      "ImagedNucleus": "1H",
      "ImagingFrequency": 123.252354,
      "InPlanePhaseEncodingDirection": "COL",
      "MRAcquisitionType": "2D",
      "MagneticFieldStrength": 3.0,
      "Manufacturer": "SIEMENS",
      "ManufacturerModelName": "Prisma",
      "Modality": "MR",
      "NumberOfAverages": 1.0,
      "NumberOfPhaseEncodingSteps": 96,
      "PercentPhaseFieldOfView": 100.0,
      "PercentSampling": 100.0,
      "PerformedProcedureStepStartTime": "200647.584000",
      "PhotometricInterpretation": "MONOCHROME2",
      "PixelBandwidth": 590.0,
      "PixelRepresentation": 0,
      "PixelSpacing": [
        2.5,
        2.5
      ],
      "PositionReferenceIndicator": "",
      "ProtocolName": "fmap_acq-2.5mm",
      "RepetitionTime": 675.0,
      "RescaleIntercept": -4096.0,
      "RescaleSlope": 2.0,
      "RescaleType": "US",
      "Rows": 96,
      "SAR": 0.08279914031174,
      "SamplesPerPixel": 1,
      "ScanningSequence": "GR",
      "SequenceName": "*fm2d2r",
      "SequenceVariant": "SP",
      "SeriesDescription": "fmap_acq-2.5mm",
      "SeriesNumber": 6,
      "SeriesTime": "202221.079000",
      "SliceThickness": 2.5,
      "SoftwareVersions": "syngo MR E11",
      "SpacingBetweenSlices": 2.5,
      "SpecificCharacterSet": "ISO_IR 100",
      "StudyID": "4",
      "StudyTime": "200647.537000",
      "TransmitCoilName": "Body",
      "VariableFlipAngleFlag": "N",
      "WindowCenterWidthExplanation": "Algo1",
      "dBdt": 0.0
    },
