{
  "AcquisitionMatrixPE": 256,
  "AcquisitionNumber": 1,
  "BaseResolution": 256,
  "BodyPartExamined": "BRAIN",
  "ConsistencyInfo": "N4_VE11C_LATEST_20160120",
  "ConversionSoftware": "dcm2niix",
  "ConversionSoftwareVersion": "v1.0.20170923 (OpenJPEG build) GCC6.3.0",
  "DeviceSerialNumber": "66112",
  "DwellTime": 3.3e-06,
  "EchoTime": 0.563,
  "EchoTrainLength": 282,
  "FlipAngle": 120,
  "ImageType": [
    "ORIGINAL",
    "PRIMARY",
    "M",
    "ND",
    "NORM"
  ],
  "InstitutionAddress": "Maynard_3_Hanover_NH_US_03755",
  "InstitutionName": "Dartmouth_College_-_PBS",
  "MagneticFieldStrength": 3,
  "Manufacturer": "Siemens",
  "ManufacturersModelName": "Prisma",
  "Modality": "MR",
  "ParallelReductionFactorInPlane": 4,
  "PercentPhaseFOV": 100,
  "PhaseEncodingSteps": 249,
  "PhaseResolution": 1,
  "ProcedureStepDescription": "Gobbini_Matteo_1038_hyperface",
  "ProtocolName": "anat_T2w",
  "PulseSequenceDetails": "%SiemensSeq%_tse_vfl",
  "ReceiveCoilActiveElements": "HEA;HEP",
  "ReceiveCoilName": "Head_32",
  "ReconMatrixPE": 256,
  "RepetitionTime": 3.2,
  "ScanOptions": "PFP",
  "ScanningSequence": "SE",
  "SequenceName": "_spcR_282ns",
  "SequenceVariant": "SK_SP",
  "SeriesDescription": "anat_T2w",
  "SoftwareVersions": "syngo_MR_E11",
  "StationName": "AWP66112",
  "MatrixCoilMode": "GRAPPA",
  "CoilCombinationMethod": "Adaptive Combine",
  "NonlinearGradientCorrection": false,
  "MRAcquisitionType": "3D",
  "InstitutionalDepartmentName": "Department",
  "PulseSequenceType": "Spin Echo (SPACE)"
}
