{
  "AcquisitionMatrixPE": 96,
  "AcquisitionNumber": 1,
  "AcquisitionTime": "10:40:3.042500",
  "BaseResolution": 96,
  "BodyPartExamined": "BRAIN",
  "ConsistencyInfo": "N4_VE11C_LATEST_20160120",
  "ConversionSoftware": "dcm2niix",
  "ConversionSoftwareVersion": "v1.0.20171215 (OpenJPEG build) GCC6.3.0",
  "DeviceSerialNumber": "66112",
  "DwellTime": 8.8e-06,
  "EchoNumber": 2,
  "EchoTime": 0.00738,
  "EchoTime1": 0.00492,
  "EchoTime2": 0.00738,
  "FlipAngle": 60,
  "ImageOrientationPatientDICOM": [
    0.999131,
    -0.0235551,
    0.0343828,
    0.0230224,
    0.99961,
    0.0158082
  ],
  "ImageType": [
    "ORIGINAL",
    "PRIMARY",
    "P",
    "ND"
  ],
  "InPlanePhaseEncodingDirectionDICOM": "COL",
  "InstitutionAddress": "Maynard_3_Hanover_NH_US_03755",
  "InstitutionName": "Dartmouth_College_-_PBS",
  "InstitutionalDepartmentName": "Department",
  "IntendedFor": [
    "ses-2/func/sub-sid000052_ses-2_task-localizer_run-01_bold.nii.gz",
    "ses-2/func/sub-sid000052_ses-2_task-localizer_run-05_bold.nii.gz",
    "ses-2/func/sub-sid000052_ses-2_task-visualmemory_run-02_bold.nii.gz",
    "ses-2/func/sub-sid000052_ses-2_task-visualmemory_run-03_bold.nii.gz",
    "ses-2/func/sub-sid000052_ses-2_task-visualmemory_run-04_bold.nii.gz",
    "ses-2/func/sub-sid000052_ses-2_task-visualmemory_run-06_bold.nii.gz",
    "ses-2/func/sub-sid000052_ses-2_task-visualmemory_run-07_bold.nii.gz",
    "ses-2/func/sub-sid000052_ses-2_task-visualmemory_run-08_bold.nii.gz"
  ],
  "MRAcquisitionType": "2D",
  "MagneticFieldStrength": 3,
  "Manufacturer": "Siemens",
  "ManufacturersModelName": "Prisma",
  "Modality": "MR",
  "PatientPosition": "HFS",
  "PercentPhaseFOV": 100,
  "PhaseEncodingDirection": "j-",
  "PhaseEncodingSteps": 96,
  "PhaseResolution": 1,
  "PixelBandwidth": 590,
  "ProcedureStepDescription": "Gobbini_Matteo_1038_hyperface",
  "ProtocolName": "fmap_acq-2.5mm",
  "PulseSequenceDetails": "%SiemensSeq%_gre_field_mapping",
  "ReceiveCoilActiveElements": "HEA;HEP",
  "ReceiveCoilName": "Head_32",
  "ReconMatrixPE": 96,
  "RepetitionTime": 0.675,
  "SAR": 0.0773353,
  "ScanningSequence": "GR",
  "SequenceName": "_fm2d2r",
  "SequenceVariant": "SP",
  "SeriesDescription": "fmap_acq-2.5mm",
  "SeriesNumber": 6,
  "ShimSetting": [
    4153,
    -7700,
    -7423,
    630,
    -67,
    -73,
    -55,
    105
  ],
  "SliceThickness": 2.5,
  "SoftwareVersions": "syngo_MR_E11",
  "SpacingBetweenSlices": 2.5,
  "StationName": "AWP66112",
  "TxRefAmp": 246.301,
  "MatrixCoilMode": "SENSE",
  "CoilCombinationMethod": "Sum of Squares",
  "NonlinearGradientCorrection": false,
  "PulseSequenceType": "Gradient Echo",
  "SliceTiming": [
    0.34375,
    0,
    0.35156,
    0.01562,
    0.36719,
    0.03125,
    0.38281,
    0.04688,
    0.39844,
    0.05469,
    0.41406,
    0.07031,
    0.42188,
    0.08594,
    0.4375,
    0.10156,
    0.45312,
    0.11719,
    0.46875,
    0.13281,
    0.47656,
    0.14062,
    0.49219,
    0.15625,
    0.50781,
    0.17188,
    0.52344,
    0.1875,
    0.53906,
    0.20312,
    0.54688,
    0.21094,
    0.5625,
    0.22656,
    0.57812,
    0.24219,
    0.59375,
    0.25781,
    0.60938,
    0.27344,
    0.61719,
    0.28125,
    0.63281,
    0.29688,
    0.64844,
    0.3125,
    0.66406,
    0.32812
  ],
  "B0FieldIdentifier": "gre_ses-2"
}
