{
  "AcquisitionMatrixPE": 120,
  "AcquisitionNumber": 1,
  "BandwidthPerPixelPhaseEncode": 13.021,
  "BaseResolution": 120,
  "BodyPartExamined": "BRAIN",
  "ConsistencyInfo": "N4_VE11C_LATEST_20160120",
  "ConversionSoftware": "dcm2niix",
  "ConversionSoftwareVersion": "v1.0.20171215 (OpenJPEG build) GCC6.3.0",
  "DerivedVendorReportedEchoSpacing": 0.000639992,
  "DeviceSerialNumber": "66112",
  "DwellTime": 2.4e-06,
  "EchoTime": 0.096,
  "EchoTrainLength": 120,
  "EffectiveEchoSpacing": 0.000639992,
  "FlipAngle": 90,
  "ImageOrientationPatientDICOM": [
    0.996363,
    -0.0139894,
    0.0840548,
    0.0142607,
    0.999895,
    -0.0026275
  ],
  "ImageType": [
    "ORIGINAL",
    "PRIMARY",
    "DIFFUSION",
    "NONE",
    "ND",
    "NORM"
  ],
  "InPlanePhaseEncodingDirectionDICOM": "COL",
  "InstitutionAddress": "Maynard_3_Hanover_NH_US_03755",
  "InstitutionName": "Dartmouth_College_-_PBS",
  "InstitutionalDepartmentName": "Department",
  "MRAcquisitionType": "2D",
  "MagneticFieldStrength": 3,
  "Manufacturer": "Siemens",
  "ManufacturersModelName": "Prisma",
  "Modality": "MR",
  "PartialFourier": 1,
  "PatientPosition": "HFS",
  "PercentPhaseFOV": 100,
  "PhaseEncodingDirection": "j",
  "PhaseEncodingSteps": 120,
  "PhaseResolution": 1,
  "PixelBandwidth": 1735,
  "ProcedureStepDescription": "Gobbini_Matteo_1038_hyperface",
  "ProtocolName": "fmap_acq-2.0mmX4b0_dir-PA",
  "PulseSequenceDetails": "%SiemensSeq%_ep2d_diff",
  "ReceiveCoilActiveElements": "HEA;HEP",
  "ReceiveCoilName": "Head_32",
  "ReconMatrixPE": 120,
  "RepetitionTime": 9.7,
  "SAR": 0.110572,
  "ScanOptions": "FS",
  "ScanningSequence": "EP",
  "SequenceName": "_ep_b0",
  "SequenceVariant": "SK_SP",
  "SeriesDescription": "fmap_acq-2.0mmX4b0_dir-PA",
  "SeriesNumber": 65,
  "ShimSetting": [
    4162,
    -7693,
    -7349,
    715,
    -34,
    -97,
    -4,
    23
  ],
  "SliceThickness": 2,
  "SoftwareVersions": "syngo_MR_E11",
  "SpacingBetweenSlices": 2,
  "StationName": "AWP66112",
  "TotalReadoutTime": 0.076159,
  "TxRefAmp": 229.552,
  "time": {
    "samples": {
      "AcquisitionNumber": [
        1,
        2,
        3,
        4,
        5,
        6
      ],
      "SequenceName": [
        "*ep_b0",
        "*ep_b0",
        "*ep_b0",
        "*ep_b0",
        "*ep_b1000#5",
        "*ep_b650#6"
      ]
    },
    "slices": {
      "CsaImage.ProtocolSliceNumber": [
        0,
        1,
        2,
        3,
        4,
        5,
        6,
        7,
        8,
        9,
        10,
        11,
        12,
        13,
        14,
        15,
        16,
        17,
        18,
        19,
        20,
        21,
        22,
        23,
        24,
        25,
        26,
        27,
        28,
        29,
        30,
        31,
        32,
        33,
        34,
        35,
        36,
        37,
        38,
        39,
        40,
        41,
        42,
        43,
        44,
        45,
        46,
        47,
        48,
        49,
        50,
        51,
        52,
        53,
        54,
        55,
        56,
        57,
        58,
        59,
        60,
        61,
        62,
        63
      ],
      "CsaImage.SlicePosition_PCS": [
        [
          -119.18224899,
          -137.84910203,
          -89.6481084
        ],
        [
          -119.35026733,
          -137.84146883,
          -87.6551961
        ],
        [
          -119.51828579,
          -137.83383562,
          -85.66227618
        ],
        [
          -119.68630425,
          -137.82620241,
          -83.66936389
        ],
        [
          -119.85432271,
          -137.8185692,
          -81.6764516
        ],
        [
          -120.02234117,
          -137.81093599,
          -79.68353167
        ],
        [
          -120.19035951,
          -137.80330278,
          -77.69061938
        ],
        [
          -120.35837803,
          -137.79566957,
          -75.69769946
        ],
        [
          -120.52639643,
          -137.78803636,
          -73.70478717
        ],
        [
          -120.69441489,
          -137.78040315,
          -71.71187106
        ],
        [
          -120.86243332,
          -137.77276994,
          -69.71895877
        ],
        [
          -121.03045177,
          -137.76513673,
          -67.72604266
        ],
        [
          -121.1984702,
          -137.75750352,
          -65.73312655
        ],
        [
          -121.36648864,
          -137.74987031,
          -63.74021045
        ],
        [
          -121.53450707,
          -137.74223711,
          -61.74729434
        ],
        [
          -121.70252553,
          -137.7346039,
          -59.75438205
        ],
        [
          -121.87054393,
          -137.72697069,
          -57.76146594
        ],
        [
          -122.03856239,
          -137.71933748,
          -55.76854983
        ],
        [
          -122.20658085,
          -137.71170427,
          -53.77563373
        ],
        [
          -122.37459925,
          -137.70407106,
          -51.78271762
        ],
        [
          -122.54261772,
          -137.69643785,
          -49.78980533
        ],
        [
          -122.71063618,
          -137.68880464,
          -47.79688922
        ],
        [
          -122.87865464,
          -137.68117143,
          -45.80397311
        ],
        [
          -123.0466731,
          -137.67353822,
          -43.811057
        ],
        [
          -123.21469144,
          -137.66590501,
          -41.8181409
        ],
        [
          -123.3827099,
          -137.6582718,
          -39.8252267
        ],
        [
          -123.55072848,
          -137.65063669,
          -37.8323125
        ],
        [
          -123.71874682,
          -137.64300348,
          -35.83939639
        ],
        [
          -123.88676516,
          -137.63537027,
          -33.84648028
        ],
        [
          -124.05478374,
          -137.62773706,
          -31.85356608
        ],
        [
          -124.22280208,
          -137.62010385,
          -29.86064998
        ],
        [
          -124.39082066,
          -137.61247064,
          -27.86773578
        ],
        [
          -124.558839,
          -137.60483743,
          -25.87481967
        ],
        [
          -124.72685734,
          -137.59720422,
          -23.88190452
        ],
        [
          -124.89487592,
          -137.58957101,
          -21.88898936
        ],
        [
          -125.06289426,
          -137.5819378,
          -19.89607325
        ],
        [
          -125.23091284,
          -137.5743046,
          -17.9031581
        ],
        [
          -125.39893142,
          -137.56667139,
          -15.91024295
        ],
        [
          -125.56694976,
          -137.55903818,
          -13.91732779
        ],
        [
          -125.7349681,
          -137.55140497,
          -11.9244124
        ],
        [
          -125.90298644,
          -137.54377176,
          -9.93149698
        ],
        [
          -126.07100478,
          -137.53613855,
          -7.93858162
        ],
        [
          -126.2390236,
          -137.52850534,
          -5.94566623
        ],
        [
          -126.40704194,
          -137.52087213,
          -3.95275107
        ],
        [
          -126.57506028,
          -137.51323892,
          -1.95983544
        ],
        [
          -126.74307863,
          -137.50560571,
          0.03307923
        ],
        [
          -126.91109697,
          -137.4979725,
          2.02599534
        ],
        [
          -127.07911578,
          -137.49033929,
          4.01891049
        ],
        [
          -127.24713413,
          -137.48270608,
          6.01182565
        ],
        [
          -127.41515247,
          -137.47507288,
          8.0047408
        ],
        [
          -127.58317081,
          -137.46743967,
          9.99765691
        ],
        [
          -127.75118915,
          -137.45980646,
          11.99057111
        ],
        [
          -127.91920797,
          -137.45217325,
          13.98348722
        ],
        [
          -128.08722631,
          -137.44454004,
          15.97640332
        ],
        [
          -128.25524465,
          -137.43690683,
          17.96931752
        ],
        [
          -128.42326299,
          -137.42927362,
          19.96223363
        ],
        [
          -128.59128133,
          -137.42164041,
          21.95514783
        ],
        [
          -128.75930015,
          -137.4140072,
          23.94806394
        ],
        [
          -128.92731849,
          -137.40637399,
          25.94098004
        ],
        [
          -129.09533683,
          -137.39874078,
          27.93389615
        ],
        [
          -129.26335517,
          -137.39110757,
          29.92680844
        ],
        [
          -129.43137351,
          -137.38347436,
          31.91972455
        ],
        [
          -129.59939185,
          -137.37584116,
          33.91264066
        ],
        [
          -129.7674102,
          -137.36820795,
          35.90555677
        ]
      ],
      "ImagePositionPatient": [
        [
          -119.18224898638,
          -137.84910203497,
          -89.648108395683
        ],
        [
          -119.35026732745,
          -137.84146882574,
          -87.655196103202
        ],
        [
          -119.51828578772,
          -137.83383561651,
          -85.662276181327
        ],
        [
          -119.68630424799,
          -137.82620240728,
          -83.669363888847
        ],
        [
          -119.85432270827,
          -137.81856919805,
          -81.676451596366
        ],
        [
          -120.02234116854,
          -137.81093598882,
          -79.683531674491
        ],
        [
          -120.19035950961,
          -137.80330277959,
          -77.690619382011
        ],
        [
          -120.35837802949,
          -137.79566957037,
          -75.697699460136
        ],
        [
          -120.52639643015,
          -137.78803636114,
          -73.704787167655
        ],
        [
          -120.69441489043,
          -137.78040315191,
          -71.711871060477
        ],
        [
          -120.8624333209,
          -137.77276994268,
          -69.718958767997
        ],
        [
          -121.03045176627,
          -137.76513673345,
          -67.726042660819
        ],
        [
          -121.19847020419,
          -137.75750352422,
          -65.733126553642
        ],
        [
          -121.36648864212,
          -137.749870315,
          -63.740210446464
        ],
        [
          -121.53450707259,
          -137.74223710577,
          -61.747294339286
        ],
        [
          -121.70252553286,
          -137.73460389654,
          -59.754382046806
        ],
        [
          -121.87054393353,
          -137.72697068731,
          -57.761465939628
        ],
        [
          -122.0385623938,
          -137.71933747808,
          -55.76854983245
        ],
        [
          -122.20658085408,
          -137.71170426885,
          -53.775633725272
        ],
        [
          -122.37459925475,
          -137.70407105962,
          -51.782717618095
        ],
        [
          -122.54261771502,
          -137.6964378504,
          -49.789805325614
        ],
        [
          -122.71063617529,
          -137.68880464117,
          -47.796889218436
        ],
        [
          -122.87865463557,
          -137.68117143194,
          -45.803973111259
        ],
        [
          -123.04667309584,
          -137.67353822271,
          -43.811057004081
        ],
        [
          -123.21469143691,
          -137.66590501348,
          -41.818140896903
        ],
        [
          -123.38270989718,
          -137.65827180425,
          -39.825226697074
        ],
        [
          -123.55072847666,
          -137.65063668768,
          -37.832312497245
        ],
        [
          -123.71874681773,
          -137.64300347845,
          -35.839396390067
        ],
        [
          -123.88676515879,
          -137.63537026922,
          -33.84648028289
        ],
        [
          -124.05478373828,
          -137.62773705999,
          -31.853566083061
        ],
        [
          -124.22280207934,
          -137.62010385076,
          -29.860649975883
        ],
        [
          -124.39082065882,
          -137.61247064153,
          -27.867735776054
        ],
        [
          -124.55883899989,
          -137.6048374323,
          -25.874819668876
        ],
        [
          -124.72685734095,
          -137.59720422308,
          -23.881904515373
        ],
        [
          -124.89487592043,
          -137.58957101385,
          -21.888989361869
        ],
        [
          -125.0628942615,
          -137.58193780462,
          -19.896073254691
        ],
        [
          -125.23091284098,
          -137.57430459539,
          -17.903158101188
        ],
        [
          -125.39893142046,
          -137.56667138616,
          -15.910242947685
        ],
        [
          -125.56694976153,
          -137.55903817693,
          -13.917327794181
        ],
        [
          -125.73496810259,
          -137.55140496771,
          -11.924412402259
        ],
        [
          -125.90298644366,
          -137.54377175848,
          -9.9314969805348
        ],
        [
          -126.07100478472,
          -137.53613854925,
          -7.9385816184151
        ],
        [
          -126.23902360262,
          -137.52850534002,
          -5.9456662264931
        ],
        [
          -126.40704194369,
          -137.52087213079,
          -3.9527510729897
        ],
        [
          -126.57506028475,
          -137.51323892156,
          -1.9598354426491
        ],
        [
          -126.74307862582,
          -137.50560571233,
          0.03307923401713
        ],
        [
          -126.91109696688,
          -137.49797250311,
          2.0259953411949
        ],
        [
          -127.07911578478,
          -137.49033929388,
          4.0189104946983
        ],
        [
          -127.24713412585,
          -137.48270608465,
          6.0118256482017
        ],
        [
          -127.41515246691,
          -137.47507287542,
          8.0047408017051
        ],
        [
          -127.58317080798,
          -137.46743966619,
          9.9976569088828
        ],
        [
          -127.75118914904,
          -137.45980645696,
          11.990571108712
        ],
        [
          -127.91920796694,
          -137.45217324773,
          13.98348721589
        ],
        [
          -128.08722630801,
          -137.44454003851,
          15.976403323067
        ],
        [
          -128.25524464907,
          -137.43690682928,
          17.969317522897
        ],
        [
          -128.42326299014,
          -137.42927362005,
          19.962233630074
        ],
        [
          -128.5912813312,
          -137.42164041082,
          21.955147829903
        ],
        [
          -128.7593001491,
          -137.41400720159,
          23.948063937081
        ],
        [
          -128.92731849017,
          -137.40637399236,
          25.940980044259
        ],
        [
          -129.09533683123,
          -137.39874078313,
          27.933896151437
        ],
        [
          -129.2633551723,
          -137.39110757391,
          29.926808443917
        ],
        [
          -129.43137351336,
          -137.38347436468,
          31.919724551095
        ],
        [
          -129.59939185442,
          -137.37584115545,
          33.912640658272
        ],
        [
          -129.76741019549,
          -137.36820794622,
          35.90555676545
        ]
      ],
      "SliceLocation": [
        -79.844255407204,
        -77.844258448622,
        -75.844253877656,
        -73.84425690906,
        -71.844259940463,
        -69.844255369498,
        -67.844258410916,
        -65.844253834943,
        -63.844256871354,
        -61.844256101573,
        -59.84425913548,
        -57.844258366951,
        -55.844257599048,
        -53.844256831145,
        -51.844256063868,
        -49.844259095271,
        -47.844258330497,
        -45.844257560717,
        -43.844256790936,
        -41.844256026162,
        -39.844259057565,
        -37.844258287784,
        -35.844257518004,
        -33.844256748223,
        -31.844255988456,
        -29.844257119268,
        -27.844258232784,
        -25.844257473018,
        -23.844256713252,
        -21.844257834049,
        -19.844257074282,
        -17.844258195079,
        -15.844257435313,
        -13.844257625842,
        -11.844257796343,
        -9.8442570365766,
        -7.8442572070771,
        -5.8442573775775,
        -3.8442575681074,
        -1.8442575210632,
        0.15574255567777,
        2.1557425730252,
        4.1557426601281,
        6.1557424695983,
        8.1557427542165,
        10.155742088539,
        12.155742848305,
        14.155742697834,
        16.155742507304,
        18.155742316774,
        20.15574307654,
        22.155741935714,
        24.155742735539,
        26.155743495306,
        28.15574235448,
        30.155743114246,
        32.15574197342,
        34.155742773245,
        36.155743533011,
        38.155744292778,
        40.15574125136,
        42.155742011126,
        44.155742770892,
        46.155743530658
      ]
    }
  }
}
