{
  "ConsistencyInfo": "N4_VE11C_LATEST_20160120",
  "ProcedureStepDescription": "Gobbini_Matteo_1038_hyperface",
  "DeviceSerialNumber": "66112",
  "AcquisitionMatrixPE": 96,
  "ManufacturersModelName": "Prisma",
  "ProtocolName": "fmap_acq-2.5mm",
  "RepetitionTime": 0.675,
  "MagneticFieldStrength": 3,
  "PhaseEncodingSteps": 96,
  "AcquisitionNumber": 1,
  "InstitutionName": "Dartmouth_College_-_PBS",
  "DwellTime": 8.8e-06,
  "BodyPartExamined": "BRAIN",
  "ReceiveCoilActiveElements": "HEA;HEP",
  "PulseSequenceDetails": "%SiemensSeq%_gre_field_mapping",
  "ScanningSequence": "GR",
  "Manufacturer": "Siemens",
  "ConversionSoftware": "dcm2niix",
  "PercentPhaseFOV": 100,
  "ReconMatrixPE": 96,
  "FlipAngle": 60,
  "ConversionSoftwareVersion": "v1.0.20170923 (OpenJPEG build) GCC6.3.0",
  "SeriesDescription": "fmap_acq-2.5mm",
  "InstitutionAddress": "Maynard_3_Hanover_NH_US_03755",
  "AcquisitionTime": "19:08:7.365000",
  "SequenceName": "_fm2d2r",
  "ReceiveCoilName": "Head_32",
  "ImageType": [
    "ORIGINAL",
    "PRIMARY",
    "M",
    "ND",
    "NORM"
  ],
  "EchoTime": 0.00492,
  "SequenceVariant": "SP",
  "PhaseResolution": 1,
  "BaseResolution": 96,
  "PhaseEncodingDirection": "j-",
  "SoftwareVersions": "syngo_MR_E11",
  "StationName": "AWP66112",
  "Modality": "MR",
  "MatrixCoilMode": "SENSE",
  "CoilCombinationMethod": "Sum of Squares",
  "NonlinearGradientCorrection": false,
  "MRAcquisitionType": "2D",
  "InstitutionalDepartmentName": "Department",
  "PulseSequenceType": "Gradient Echo",
  "SliceTiming": [
    0.34375,
    0,
    0.35156,
    0.01562,
    0.36719,
    0.03125,
    0.38281,
    0.04688,
    0.39844,
    0.05469,
    0.41406,
    0.07031,
    0.42188,
    0.08594,
    0.4375,
    0.10156,
    0.45312,
    0.11719,
    0.46875,
    0.13281,
    0.47656,
    0.14062,
    0.49219,
    0.15625,
    0.50781,
    0.17188,
    0.52344,
    0.1875,
    0.53906,
    0.20312,
    0.54688,
    0.21094,
    0.5625,
    0.22656,
    0.57812,
    0.24219,
    0.59375,
    0.25781,
    0.60938,
    0.27344,
    0.61719,
    0.28125,
    0.63281,
    0.29688,
    0.64844,
    0.3125,
    0.66406,
    0.32812
  ],
  "B0FieldIdentifier": "gre_ses-2"
}
