{
  "AcquisitionMatrixPE": 120,
  "AcquisitionNumber": 1,
  "BandwidthPerPixelPhaseEncode": 13.021,
  "BaseResolution": 120,
  "BodyPartExamined": "BRAIN",
  "ConsistencyInfo": "N4_VE11C_LATEST_20160120",
  "ConversionSoftware": "dcm2niix",
  "ConversionSoftwareVersion": "v1.0.20170923 (OpenJPEG build) GCC6.3.0",
  "DerivedVendorReportedEchoSpacing": 0.000639992,
  "DeviceSerialNumber": "66112",
  "DwellTime": 2.4e-06,
  "EchoTime": 0.096,
  "EchoTrainLength": 120,
  "EffectiveEchoSpacing": 0.000639992,
  "FlipAngle": 90,
  "ImageType": [
    "ORIGINAL",
    "PRIMARY",
    "DIFFUSION",
    "NONE",
    "ND",
    "NORM"
  ],
  "InstitutionAddress": "Maynard_3_Hanover_NH_US_03755",
  "InstitutionName": "Dartmouth_College_-_PBS",
  "MagneticFieldStrength": 3,
  "Manufacturer": "Siemens",
  "ManufacturersModelName": "Prisma",
  "Modality": "MR",
  "PartialFourier": 1,
  "PercentPhaseFOV": 100,
  "PhaseEncodingDirection": "j",
  "PhaseEncodingSteps": 120,
  "PhaseResolution": 1,
  "ProcedureStepDescription": "Gobbini_Matteo_1038_hyperface",
  "ProtocolName": "fmap_acq-2.0mmX4b0_dir-PA",
  "PulseSequenceDetails": "%SiemensSeq%_ep2d_diff",
  "ReceiveCoilActiveElements": "HEA;HEP",
  "ReceiveCoilName": "Head_32",
  "ReconMatrixPE": 120,
  "RepetitionTime": 9.7,
  "ScanOptions": "FS",
  "ScanningSequence": "EP",
  "SequenceName": "_ep_b0",
  "SequenceVariant": "SK_SP",
  "SeriesDescription": "fmap_acq-2.0mmX4b0_dir-PA",
  "SoftwareVersions": "syngo_MR_E11",
  "StationName": "AWP66112",
  "TotalReadoutTime": 0.076159,
  "time": {
    "samples": {
      "AcquisitionNumber": [
        1,
        2,
        3,
        4,
        5,
        6
      ],
      "SequenceName": [
        "*ep_b0",
        "*ep_b0",
        "*ep_b0",
        "*ep_b0",
        "*ep_b1000#5",
        "*ep_b650#6"
      ]
    },
    "slices": {
      "CsaImage.ProtocolSliceNumber": [
        0,
        1,
        2,
        3,
        4,
        5,
        6,
        7,
        8,
        9,
        10,
        11,
        12,
        13,
        14,
        15,
        16,
        17,
        18,
        19,
        20,
        21,
        22,
        23,
        24,
        25,
        26,
        27,
        28,
        29,
        30,
        31,
        32,
        33,
        34,
        35,
        36,
        37,
        38,
        39,
        40,
        41,
        42,
        43,
        44,
        45,
        46,
        47,
        48,
        49,
        50,
        51,
        52,
        53,
        54,
        55,
        56,
        57,
        58,
        59,
        60,
        61,
        62,
        63
      ],
      "CsaImage.SlicePosition_PCS": [
        [
          -118.47184071,
          -133.00843752,
          -83.87192006
        ],
        [
          -118.46287235,
          -133.28585184,
          -81.8912682
        ],
        [
          -118.45390424,
          -133.56326712,
          -79.91062397
        ],
        [
          -118.44493612,
          -133.84068144,
          -77.92997593
        ],
        [
          -118.43596801,
          -134.11809671,
          -75.94933171
        ],
        [
          -118.42699965,
          -134.39551104,
          -73.96868367
        ],
        [
          -118.41803154,
          -134.67292631,
          -71.98803944
        ],
        [
          -118.40906342,
          -134.95034063,
          -70.0073914
        ],
        [
          -118.40009531,
          -135.22775591,
          -68.02674336
        ],
        [
          -118.39112696,
          -135.50517023,
          -66.04609913
        ],
        [
          -118.38215884,
          -135.78258551,
          -64.06545109
        ],
        [
          -118.37319073,
          -136.05999983,
          -62.08480687
        ],
        [
          -118.36422261,
          -136.33741415,
          -60.10415883
        ],
        [
          -118.35525426,
          -136.61482943,
          -58.12351078
        ],
        [
          -118.34628614,
          -136.89224375,
          -56.14286656
        ],
        [
          -118.33731803,
          -137.16965902,
          -54.16221852
        ],
        [
          -118.32834991,
          -137.44707335,
          -52.18157429
        ],
        [
          -118.31938156,
          -137.72448862,
          -50.20092625
        ],
        [
          -118.31041345,
          -138.00190294,
          -48.22028012
        ],
        [
          -118.30144533,
          -138.27931822,
          -46.23963208
        ],
        [
          -118.29247722,
          -138.55673254,
          -44.25898594
        ],
        [
          -118.28350886,
          -138.83414782,
          -42.27833981
        ],
        [
          -118.27454075,
          -139.11156309,
          -40.29769368
        ],
        [
          -118.26557263,
          -139.38897741,
          -38.31704754
        ],
        [
          -118.25660452,
          -139.66639174,
          -36.3363995
        ],
        [
          -118.24763616,
          -139.94380606,
          -34.35575337
        ],
        [
          -118.23866805,
          -140.22122038,
          -32.37510724
        ],
        [
          -118.22969994,
          -140.49863661,
          -30.3944611
        ],
        [
          -118.22073182,
          -140.77605093,
          -28.41381402
        ],
        [
          -118.21176347,
          -141.05346525,
          -26.43316788
        ],
        [
          -118.20279535,
          -141.33087957,
          -24.45252127
        ],
        [
          -118.19382724,
          -141.6082958,
          -22.47187466
        ],
        [
          -118.18485912,
          -141.88571013,
          -20.49122805
        ],
        [
          -118.17589077,
          -142.16312445,
          -18.51058168
        ],
        [
          -118.16692265,
          -142.44053877,
          -16.52993511
        ],
        [
          -118.15795454,
          -142.717955,
          -14.5492887
        ],
        [
          -118.14898642,
          -142.99536932,
          -12.56864209
        ],
        [
          -118.14001807,
          -143.27278364,
          -10.58799548
        ],
        [
          -118.13104996,
          -143.55019796,
          -8.60734887
        ],
        [
          -118.12208184,
          -143.82761229,
          -6.62670273
        ],
        [
          -118.11311373,
          -144.10502852,
          -4.64605565
        ],
        [
          -118.10414537,
          -144.38244284,
          -2.66540951
        ],
        [
          -118.09517726,
          -144.65985716,
          -0.68476338
        ],
        [
          -118.08620914,
          -144.93727148,
          1.29588275
        ],
        [
          -118.07724103,
          -145.21468771,
          3.2765308
        ],
        [
          -118.06827268,
          -145.49210203,
          5.25717693
        ],
        [
          -118.05930456,
          -145.76951635,
          7.23782306
        ],
        [
          -118.05033645,
          -146.04693068,
          9.2184692
        ],
        [
          -118.04136833,
          -146.324345,
          11.19911533
        ],
        [
          -118.03239998,
          -146.60176123,
          13.17976337
        ],
        [
          -118.02343186,
          -146.87917555,
          15.1604095
        ],
        [
          -118.01446375,
          -147.15658987,
          17.14105754
        ],
        [
          -118.00549563,
          -147.43400419,
          19.12170177
        ],
        [
          -117.99652728,
          -147.71142042,
          21.10234981
        ],
        [
          -117.98755917,
          -147.98883474,
          23.08299404
        ],
        [
          -117.97859105,
          -148.26624907,
          25.06364208
        ],
        [
          -117.96962294,
          -148.54366339,
          27.04429012
        ],
        [
          -117.96065458,
          -148.82107962,
          29.02493434
        ],
        [
          -117.95168647,
          -149.09849394,
          31.00558239
        ],
        [
          -117.94271835,
          -149.37590826,
          32.98622661
        ],
        [
          -117.93375024,
          -149.65332258,
          34.96687465
        ],
        [
          -117.92478188,
          -149.9307369,
          36.94752269
        ],
        [
          -117.91581377,
          -150.20815313,
          38.92816692
        ],
        [
          -117.90684565,
          -150.48556746,
          40.90881496
        ]
      ],
      "ImagePositionPatient": [
        [
          -118.47184070505,
          -133.00843751922,
          -83.871920056035
        ],
        [
          -118.46287235178,
          -133.28585184112,
          -81.891268200566
        ],
        [
          -118.45390423693,
          -133.56326711669,
          -79.910623974492
        ],
        [
          -118.44493612207,
          -133.84068143859,
          -77.92997593372
        ],
        [
          -118.43596800722,
          -134.11809671416,
          -75.949331707646
        ],
        [
          -118.42699965395,
          -134.39551103606,
          -73.968683666874
        ],
        [
          -118.4180315391,
          -134.67292631164,
          -71.9880394408
        ],
        [
          -118.40906342424,
          -134.95034063354,
          -70.007391400029
        ],
        [
          -118.40009530939,
          -135.22775590911,
          -68.026743359257
        ],
        [
          -118.39112695612,
          -135.50517023101,
          -66.046099133183
        ],
        [
          -118.38215884127,
          -135.78258550658,
          -64.065451092412
        ],
        [
          -118.37319072641,
          -136.05999982848,
          -62.084806866337
        ],
        [
          -118.36422261156,
          -136.33741415038,
          -60.104158825566
        ],
        [
          -118.35525425829,
          -136.61482942596,
          -58.123510784794
        ],
        [
          -118.34628614344,
          -136.89224374786,
          -56.14286655872
        ],
        [
          -118.33731802858,
          -137.16965902343,
          -54.162218517949
        ],
        [
          -118.32834991373,
          -137.44707334533,
          -52.181574291874
        ],
        [
          -118.31938156046,
          -137.7244886209,
          -50.200926251103
        ],
        [
          -118.31041344561,
          -138.0019029428,
          -48.22028011768
        ],
        [
          -118.30144533075,
          -138.27931821838,
          -46.239632076909
        ],
        [
          -118.2924772159,
          -138.55673254028,
          -44.258985943486
        ],
        [
          -118.28350886263,
          -138.83414781585,
          -42.278339810063
        ],
        [
          -118.27454074778,
          -139.11156309142,
          -40.29769367664
        ],
        [
          -118.26557263292,
          -139.38897741332,
          -38.317047543217
        ],
        [
          -118.25660451807,
          -139.66639173522,
          -36.336399502446
        ],
        [
          -118.2476361648,
          -139.94380605712,
          -34.355753369023
        ],
        [
          -118.23866804994,
          -140.22122037902,
          -32.3751072356
        ],
        [
          -118.22969993509,
          -140.49863660827,
          -30.394461102177
        ],
        [
          -118.22073182024,
          -140.77605093017,
          -28.41381401508
        ],
        [
          -118.21176346697,
          -141.05346525207,
          -26.433167881657
        ],
        [
          -118.20279535211,
          -141.33087957397,
          -24.452521271397
        ],
        [
          -118.19382723726,
          -141.60829580322,
          -22.471874661137
        ],
        [
          -118.18485912241,
          -141.88571012511,
          -20.491228050877
        ],
        [
          -118.17589076914,
          -142.16312444701,
          -18.510581679036
        ],
        [
          -118.16692265428,
          -142.44053876891,
          -16.529935113479
        ],
        [
          -118.15795453943,
          -142.71795499816,
          -14.549288696934
        ],
        [
          -118.14898642458,
          -142.99536932006,
          -12.568642086674
        ],
        [
          -118.14001807131,
          -143.27278364196,
          -10.587995476414
        ],
        [
          -118.13104995645,
          -143.55019796386,
          -8.6073488661542
        ],
        [
          -118.1220818416,
          -143.82761228576,
          -6.6267027327313
        ],
        [
          -118.11311372675,
          -144.10502851501,
          -4.6460556456342
        ],
        [
          -118.10414537348,
          -144.38244283691,
          -2.6654095122113
        ],
        [
          -118.09517725862,
          -144.65985715881,
          -0.6847633787885
        ],
        [
          -118.08620914377,
          -144.93727148071,
          1.2958827546344
        ],
        [
          -118.07724102892,
          -145.21468770995,
          3.2765307954059
        ],
        [
          -118.06827267565,
          -145.49210203185,
          5.2571769288287
        ],
        [
          -118.05930456079,
          -145.76951635375,
          7.2378230622516
        ],
        [
          -118.05033644594,
          -146.04693067565,
          9.2184691956744
        ],
        [
          -118.04136833109,
          -146.32434499755,
          11.199115329097
        ],
        [
          -118.03239997782,
          -146.6017612268,
          13.179763369869
        ],
        [
          -118.02343186296,
          -146.8791755487,
          15.160409503292
        ],
        [
          -118.01446374811,
          -147.1565898706,
          17.141057544063
        ],
        [
          -118.00549563326,
          -147.4340041925,
          19.121701770137
        ],
        [
          -117.99652727999,
          -147.71142042175,
          21.102349810909
        ],
        [
          -117.98755916513,
          -147.98883474364,
          23.082994036983
        ],
        [
          -117.97859105028,
          -148.26624906554,
          25.063642077755
        ],
        [
          -117.96962293543,
          -148.54366338744,
          27.044290118526
        ],
        [
          -117.96065458216,
          -148.82107961669,
          29.0249343446
        ],
        [
          -117.9516864673,
          -149.09849393859,
          31.005582385372
        ],
        [
          -117.94271835245,
          -149.37590826049,
          32.986226611446
        ],
        [
          -117.9337502376,
          -149.65332258239,
          34.966874652217
        ],
        [
          -117.92478188433,
          -149.93073690429,
          36.947522692989
        ],
        [
          -117.91581376947,
          -150.20815313354,
          38.928166919063
        ],
        [
          -117.90684565462,
          -150.48556745544,
          40.908814959835
        ]
      ],
      "SliceLocation": [
        -65.14229885457,
        -63.142293627095,
        -61.142295823975,
        -59.142294375353,
        -57.142296572233,
        -55.142295122542,
        -53.142297319421,
        -51.142295870799,
        -49.142294289895,
        -47.142296617988,
        -45.142295037084,
        -43.142297366245,
        -41.142295917623,
        -39.14229433565,
        -37.142296664812,
        -35.142295083908,
        -33.142297413069,
        -31.142295831096,
        -29.142296271366,
        -27.142294690462,
        -25.142295130732,
        -23.142295437651,
        -21.142295745639,
        -19.142296185908,
        -17.142294737286,
        -15.142295176487,
        -13.142295616756,
        -11.142295792463,
        -9.1422952882865,
        -7.1422957274871,
        -5.1422956955338,
        -3.1422953990172,
        -1.1422953670639,
        0.85770442984707,
        2.8577044175295,
        4.8577045222055,
        6.8577045541588,
        8.8577045871812,
        10.857704619135,
        12.857704178865,
        14.857704947604,
        16.857704508404,
        18.857704068134,
        20.857703627865,
        22.85770534105,
        24.85770490185,
        26.85770446158,
        28.85770402131,
        30.857703581041,
        32.857705295295,
        34.857704855025,
        36.857706303648,
        38.857703974486,
        40.857705688741,
        42.857703359579,
        44.857704808201,
        46.857706256824,
        48.857704193295,
        50.857705641917,
        52.857703312755,
        54.857704761377,
        56.857706211069,
        58.857704146471,
        60.857705595093
      ]
    }
  }
}
