{
  "AcquisitionMatrixPE": 120,
  "AcquisitionNumber": 1,
  "BandwidthPerPixelPhaseEncode": 13.021,
  "BaseResolution": 120,
  "BodyPartExamined": "BRAIN",
  "ConsistencyInfo": "N4_VE11C_LATEST_20160120",
  "ConversionSoftware": "dcm2niix",
  "ConversionSoftwareVersion": "v1.0.20170923 (OpenJPEG build) GCC6.3.0",
  "DerivedVendorReportedEchoSpacing": 0.000639992,
  "DeviceSerialNumber": "66112",
  "DwellTime": 2.4e-06,
  "EchoTime": 0.096,
  "EchoTrainLength": 120,
  "EffectiveEchoSpacing": 0.000639992,
  "FlipAngle": 90,
  "ImageType": [
    "ORIGINAL",
    "PRIMARY",
    "DIFFUSION",
    "NONE",
    "ND",
    "NORM"
  ],
  "InstitutionAddress": "Maynard_3_Hanover_NH_US_03755",
  "InstitutionName": "Dartmouth_College_-_PBS",
  "MagneticFieldStrength": 3,
  "Manufacturer": "Siemens",
  "ManufacturersModelName": "Prisma",
  "Modality": "MR",
  "PartialFourier": 1,
  "PercentPhaseFOV": 100,
  "PhaseEncodingDirection": "j-",
  "PhaseEncodingSteps": 120,
  "PhaseResolution": 1,
  "ProcedureStepDescription": "Gobbini_Matteo_1038_hyperface",
  "ProtocolName": "fmap_acq-2.0mmX4b0_dir-AP",
  "PulseSequenceDetails": "%SiemensSeq%_ep2d_diff",
  "ReceiveCoilActiveElements": "HEA;HEP",
  "ReceiveCoilName": "Head_32",
  "ReconMatrixPE": 120,
  "RepetitionTime": 9.7,
  "ScanOptions": "FS",
  "ScanningSequence": "EP",
  "SequenceName": "_ep_b0",
  "SequenceVariant": "SK_SP",
  "SeriesDescription": "fmap_acq-2.0mmX4b0_dir-AP",
  "SoftwareVersions": "syngo_MR_E11",
  "StationName": "AWP66112",
  "TotalReadoutTime": 0.076159,
  "time": {
    "samples": {
      "AcquisitionNumber": [
        1,
        2,
        3,
        4,
        5,
        6
      ],
      "SequenceName": [
        "*ep_b0",
        "*ep_b0",
        "*ep_b0",
        "*ep_b0",
        "*ep_b1000#5",
        "*ep_b650#6"
      ]
    },
    "slices": {
      "CsaImage.ProtocolSliceNumber": [
        0,
        1,
        2,
        3,
        4,
        5,
        6,
        7,
        8,
        9,
        10,
        11,
        12,
        13,
        14,
        15,
        16,
        17,
        18,
        19,
        20,
        21,
        22,
        23,
        24,
        25,
        26,
        27,
        28,
        29,
        30,
        31,
        32,
        33,
        34,
        35,
        36,
        37,
        38,
        39,
        40,
        41,
        42,
        43,
        44,
        45,
        46,
        47,
        48,
        49,
        50,
        51,
        52,
        53,
        54,
        55,
        56,
        57,
        58,
        59,
        60,
        61,
        62,
        63
      ],
      "CsaImage.SlicePosition_PCS": [
        [
          -118.51258453,
          -133.02866972,
          -83.8233437
        ],
        [
          -118.50361642,
          -133.306085,
          -81.84269185
        ],
        [
          -118.49464806,
          -133.58349932,
          -79.86204762
        ],
        [
          -118.48567995,
          -133.86091459,
          -77.88139958
        ],
        [
          -118.47671184,
          -134.13832891,
          -75.90075535
        ],
        [
          -118.46774372,
          -134.41574419,
          -73.92010731
        ],
        [
          -118.45877537,
          -134.69315851,
          -71.93945927
        ],
        [
          -118.44980725,
          -134.97057379,
          -69.95881505
        ],
        [
          -118.44083914,
          -135.24798811,
          -67.978167
        ],
        [
          -118.43187102,
          -135.52540243,
          -65.99752278
        ],
        [
          -118.42290267,
          -135.80281771,
          -64.01687474
        ],
        [
          -118.41393455,
          -136.08023203,
          -62.0362267
        ],
        [
          -118.40496644,
          -136.3576473,
          -60.05558247
        ],
        [
          -118.39599832,
          -136.63506163,
          -58.07493443
        ],
        [
          -118.38702997,
          -136.9124769,
          -56.0942902
        ],
        [
          -118.37806186,
          -137.18989122,
          -54.11364216
        ],
        [
          -118.36909374,
          -137.4673065,
          -52.13299412
        ],
        [
          -118.36012563,
          -137.74472082,
          -50.1523499
        ],
        [
          -118.35115727,
          -138.0221361,
          -48.17170376
        ],
        [
          -118.34218916,
          -138.29955042,
          -46.19105572
        ],
        [
          -118.33322104,
          -138.57696569,
          -44.21040959
        ],
        [
          -118.32425293,
          -138.85438002,
          -42.22976346
        ],
        [
          -118.31528458,
          -139.13179434,
          -40.24911732
        ],
        [
          -118.30631646,
          -139.40920866,
          -38.26847119
        ],
        [
          -118.29734835,
          -139.68662489,
          -36.28782315
        ],
        [
          -118.28838023,
          -139.96403921,
          -34.30717701
        ],
        [
          -118.27941188,
          -140.24145353,
          -32.32653088
        ],
        [
          -118.27044376,
          -140.51886786,
          -30.34588379
        ],
        [
          -118.26147565,
          -140.79628408,
          -28.36523766
        ],
        [
          -118.25250753,
          -141.07369841,
          -26.38459153
        ],
        [
          -118.24353942,
          -141.35111273,
          -24.40394492
        ],
        [
          -118.23457107,
          -141.62852705,
          -22.42329831
        ],
        [
          -118.22560295,
          -141.90594137,
          -20.4426517
        ],
        [
          -118.21663484,
          -142.1833576,
          -18.4620052
        ],
        [
          -118.20766672,
          -142.46077192,
          -16.48135864
        ],
        [
          -118.19869837,
          -142.73818625,
          -14.5007121
        ],
        [
          -118.18973025,
          -143.01560057,
          -12.52006573
        ],
        [
          -118.18076214,
          -143.2930168,
          -10.53941912
        ],
        [
          -118.17179402,
          -143.57043112,
          -8.55877251
        ],
        [
          -118.16282567,
          -143.84784544,
          -6.57812638
        ],
        [
          -118.15385755,
          -144.12525976,
          -4.59747929
        ],
        [
          -118.14488944,
          -144.40267599,
          -2.61683316
        ],
        [
          -118.13592132,
          -144.68009031,
          -0.63618702
        ],
        [
          -118.12695297,
          -144.95750464,
          1.34445911
        ],
        [
          -118.11798486,
          -145.23491896,
          3.32510715
        ],
        [
          -118.10901674,
          -145.51233328,
          5.30575328
        ],
        [
          -118.10004863,
          -145.78974951,
          7.28639942
        ],
        [
          -118.09108027,
          -146.06716383,
          9.26704555
        ],
        [
          -118.08211216,
          -146.34457815,
          11.24769168
        ],
        [
          -118.07314404,
          -146.62199247,
          13.22833972
        ],
        [
          -118.06417593,
          -146.8994087,
          15.20898586
        ],
        [
          -118.05520758,
          -147.17682302,
          17.1896339
        ],
        [
          -118.04623946,
          -147.45423735,
          19.17027813
        ],
        [
          -118.03727135,
          -147.73165167,
          21.15092617
        ],
        [
          -118.02830323,
          -148.0090679,
          23.13157039
        ],
        [
          -118.01933488,
          -148.28648222,
          25.11221843
        ],
        [
          -118.01036676,
          -148.56389654,
          27.09286647
        ],
        [
          -118.00139865,
          -148.84131086,
          29.0735107
        ],
        [
          -117.99243053,
          -149.11872519,
          31.05415874
        ],
        [
          -117.98346218,
          -149.39614141,
          33.03480297
        ],
        [
          -117.97449407,
          -149.67355574,
          35.01545101
        ],
        [
          -117.96552595,
          -149.95097006,
          36.99609905
        ],
        [
          -117.95655784,
          -150.22838438,
          38.97674327
        ],
        [
          -117.94758948,
          -150.50580061,
          40.95739131
        ]
      ],
      "ImagePositionPatient": [
        [
          -118.51258453287,
          -133.02866971984,
          -83.823343701054
        ],
        [
          -118.50361641802,
          -133.30608499541,
          -81.842691845585
        ],
        [
          -118.49464806475,
          -133.58349931731,
          -79.862047619511
        ],
        [
          -118.48567994989,
          -133.86091459289,
          -77.88139957874
        ],
        [
          -118.47671183504,
          -134.13832891479,
          -75.900755352665
        ],
        [
          -118.46774372019,
          -134.41574419036,
          -73.920107311894
        ],
        [
          -118.45877536692,
          -134.69315851226,
          -71.939459271122
        ],
        [
          -118.44980725206,
          -134.97057378783,
          -69.958815045048
        ],
        [
          -118.44083913721,
          -135.24798810973,
          -67.978167004277
        ],
        [
          -118.43187102236,
          -135.52540243163,
          -65.997522778203
        ],
        [
          -118.42290266909,
          -135.80281770721,
          -64.016874737431
        ],
        [
          -118.41393455423,
          -136.08023202911,
          -62.03622669666
        ],
        [
          -118.40496643938,
          -136.35764730468,
          -60.055582470585
        ],
        [
          -118.39599832453,
          -136.63506162658,
          -58.074934429814
        ],
        [
          -118.38702997126,
          -136.91247690215,
          -56.09429020374
        ],
        [
          -118.3780618564,
          -137.18989122405,
          -54.113642162968
        ],
        [
          -118.36909374155,
          -137.46730649963,
          -52.132994122197
        ],
        [
          -118.3601256267,
          -137.74472082153,
          -50.152349896122
        ],
        [
          -118.35115727343,
          -138.0221360971,
          -48.1717037627
        ],
        [
          -118.34218915857,
          -138.299550419,
          -46.191055721928
        ],
        [
          -118.33322104372,
          -138.57696569457,
          -44.210409588505
        ],
        [
          -118.32425292887,
          -138.85438001647,
          -42.229763455082
        ],
        [
          -118.3152845756,
          -139.13179433837,
          -40.24911732166
        ],
        [
          -118.30631646074,
          -139.40920866027,
          -38.268471188237
        ],
        [
          -118.29734834589,
          -139.68662488952,
          -36.287823147465
        ],
        [
          -118.28838023104,
          -139.96403921142,
          -34.307177014042
        ],
        [
          -118.27941187776,
          -140.24145353332,
          -32.32653088062
        ],
        [
          -118.27044376291,
          -140.51886785522,
          -30.345883793522
        ],
        [
          -118.26147564806,
          -140.79628408447,
          -28.365237660099
        ],
        [
          -118.25250753321,
          -141.07369840636,
          -26.384591526677
        ],
        [
          -118.24353941835,
          -141.35111272826,
          -24.403944916417
        ],
        [
          -118.23457106508,
          -141.62852705016,
          -22.423298306157
        ],
        [
          -118.22560295023,
          -141.90594137206,
          -20.442651695897
        ],
        [
          -118.21663483538,
          -142.18335760131,
          -18.462005204846
        ],
        [
          -118.20766672052,
          -142.46077192321,
          -16.481358639289
        ],
        [
          -118.19869836725,
          -142.73818624511,
          -14.500712103535
        ],
        [
          -118.1897302524,
          -143.01560056701,
          -12.520065731694
        ],
        [
          -118.18076213755,
          -143.29301679626,
          -10.539419121434
        ],
        [
          -118.17179402269,
          -143.57043111816,
          -8.5587725111737
        ],
        [
          -118.16282566942,
          -143.84784544006,
          -6.5781263777509
        ],
        [
          -118.15385755457,
          -144.12525976196,
          -4.5974792906537
        ],
        [
          -118.14488943972,
          -144.4026759912,
          -2.6168331572308
        ],
        [
          -118.13592132486,
          -144.6800903131,
          -0.636187023808
        ],
        [
          -118.12695297159,
          -144.957504635,
          1.3444591096149
        ],
        [
          -118.11798485674,
          -145.2349189569,
          3.3251071503863
        ],
        [
          -118.10901674189,
          -145.5123332788,
          5.3057532838092
        ],
        [
          -118.10004862703,
          -145.78974950805,
          7.2863994172321
        ],
        [
          -118.09108027376,
          -146.06716382995,
          9.2670455506549
        ],
        [
          -118.08211215891,
          -146.34457815185,
          11.247691684078
        ],
        [
          -118.07314404406,
          -146.62199247375,
          13.228339724849
        ],
        [
          -118.0641759292,
          -146.899408703,
          15.208985858272
        ],
        [
          -118.05520757593,
          -147.17682302489,
          17.189633899044
        ],
        [
          -118.04623946108,
          -147.45423734679,
          19.170278125118
        ],
        [
          -118.03727134622,
          -147.73165166869,
          21.150926165889
        ],
        [
          -118.02830323137,
          -148.00906789794,
          23.131570391964
        ],
        [
          -118.0193348781,
          -148.28648221984,
          25.112218432735
        ],
        [
          -118.01036676325,
          -148.56389654174,
          27.092866473506
        ],
        [
          -118.00139864839,
          -148.84131086364,
          29.073510699581
        ],
        [
          -117.99243053354,
          -149.11872518554,
          31.054158740352
        ],
        [
          -117.98346218027,
          -149.39614141479,
          33.034802966426
        ],
        [
          -117.97449406542,
          -149.67355573669,
          35.015451007198
        ],
        [
          -117.96552595056,
          -149.95097005859,
          36.996099047969
        ],
        [
          -117.95655783571,
          -150.22838438049,
          38.976743274044
        ],
        [
          -117.94758948244,
          -150.50580060973,
          40.957391314815
        ]
      ],
      "SliceLocation": [
        -65.091568903698,
        -63.091563545011,
        -61.091565873103,
        -59.091564292199,
        -57.091566621361,
        -55.091565040457,
        -53.091563590766,
        -51.091565787645,
        -49.091564339023,
        -47.091566668185,
        -45.091565086212,
        -43.09156363759,
        -41.091565834469,
        -39.091564385847,
        -37.091566581658,
        -35.091565133036,
        -33.091563552132,
        -31.091565881293,
        -29.091566188212,
        -27.09156473959,
        -25.091565047578,
        -23.091565487848,
        -21.091565927048,
        -19.091566367318,
        -17.091564654133,
        -15.091565094402,
        -13.091565533603,
        -11.091565029427,
        -9.0915652051328,
        -7.0915656454024,
        -5.0915656134491,
        -3.0915655804268,
        -1.0915655484735,
        0.90843462998744,
        2.9084346176698,
        4.9084345769074,
        6.9084343727492,
        8.9084346692659,
        10.908434701219,
        12.908434262019,
        14.908434766195,
        16.908434590489,
        18.908434150219,
        20.908433711018,
        22.90843515964,
        24.908434719371,
        26.908434543665,
        28.908434104464,
        30.908433664194,
        32.908435112816,
        34.90843493711,
        36.908436386801,
        38.90843405764,
        40.908435506262,
        42.908433441664,
        44.908434891355,
        46.908436339977,
        48.908434010816,
        50.908435459438,
        52.908433395909,
        54.908434844531,
        56.908436293153,
        58.908433963992,
        60.908435678246
      ]
    }
  }
}
