{
  "AcquisitionMatrixPE": 120,
  "AcquisitionNumber": 1,
  "BandwidthPerPixelPhaseEncode": 13.021,
  "BaseResolution": 120,
  "BodyPartExamined": "BRAIN",
  "ConsistencyInfo": "N4_VE11C_LATEST_20160120",
  "ConversionSoftware": "dcm2niix",
  "ConversionSoftwareVersion": "v1.0.20171215 (OpenJPEG build) GCC6.3.0",
  "DerivedVendorReportedEchoSpacing": 0.000639992,
  "DeviceSerialNumber": "66112",
  "DwellTime": 2.4e-06,
  "EchoTime": 0.096,
  "EchoTrainLength": 120,
  "EffectiveEchoSpacing": 0.000639992,
  "FlipAngle": 90,
  "ImageOrientationPatientDICOM": [
    0.999234,
    0.0366571,
    -0.0137073,
    -0.0380374,
    0.992072,
    -0.11978
  ],
  "ImageType": [
    "ORIGINAL",
    "PRIMARY",
    "DIFFUSION",
    "NONE",
    "ND",
    "NORM"
  ],
  "InPlanePhaseEncodingDirectionDICOM": "COL",
  "InstitutionAddress": "Maynard_3_Hanover_NH_US_03755",
  "InstitutionName": "Dartmouth_College_-_PBS",
  "InstitutionalDepartmentName": "Department",
  "MRAcquisitionType": "2D",
  "MagneticFieldStrength": 3,
  "Manufacturer": "Siemens",
  "ManufacturersModelName": "Prisma",
  "Modality": "MR",
  "PatientPosition": "HFS",
  "PercentPhaseFOV": 100,
  "PhaseEncodingDirection": "j-",
  "PhaseEncodingSteps": 120,
  "PhaseResolution": 1,
  "PixelBandwidth": 1735,
  "ProcedureStepDescription": "Gobbini_Matteo_1038_hyperface",
  "ProtocolName": "fmap_acq-2.0mmX4b0_dir-AP",
  "PulseSequenceDetails": "%SiemensSeq%_ep2d_diff",
  "ReceiveCoilActiveElements": "HEA;HEP",
  "ReceiveCoilName": "Head_32",
  "ReconMatrixPE": 120,
  "RepetitionTime": 9.7,
  "SAR": 0.112057,
  "ScanOptions": "FS",
  "ScanningSequence": "EP",
  "SequenceName": "_ep_b0",
  "SequenceVariant": "SK_SP",
  "SeriesDescription": "fmap_acq-2.0mmX4b0_dir-AP",
  "SeriesNumber": 63,
  "ShimSetting": [
    4150,
    -7685,
    -7282,
    505,
    -32,
    25,
    88,
    112
  ],
  "SliceThickness": 2,
  "SoftwareVersions": "syngo_MR_E11",
  "SpacingBetweenSlices": 2,
  "StationName": "AWP66112",
  "TotalReadoutTime": 0.076159,
  "TxRefAmp": 240.049,
  "time": {
    "samples": {
      "AcquisitionNumber": [
        1,
        2,
        3,
        4,
        5,
        6
      ],
      "SequenceName": [
        "*ep_b0",
        "*ep_b0",
        "*ep_b0",
        "*ep_b0",
        "*ep_b1000#5",
        "*ep_b650#6"
      ]
    },
    "slices": {
      "CsaImage.ProtocolSliceNumber": [
        0,
        1,
        2,
        3,
        4,
        5,
        6,
        7,
        8,
        9,
        10,
        11,
        12,
        13,
        14,
        15,
        16,
        17,
        18,
        19,
        20,
        21,
        22,
        23,
        24,
        25,
        26,
        27,
        28,
        29,
        30,
        31,
        32,
        33,
        34,
        35,
        36,
        37,
        38,
        39,
        40,
        41,
        42,
        43,
        44,
        45,
        46,
        47,
        48,
        49,
        50,
        51,
        52,
        53,
        54,
        55,
        56,
        57,
        58,
        59,
        60,
        61,
        62,
        63
      ],
      "CsaImage.SlicePosition_PCS": [
        [
          -119.71853148,
          -144.94387625,
          -53.70268173
        ],
        [
          -119.70011603,
          -144.70345686,
          -51.71726913
        ],
        [
          -119.68170058,
          -144.46303747,
          -49.73185654
        ],
        [
          -119.66328465,
          -144.22261808,
          -47.74644775
        ],
        [
          -119.6448692,
          -143.9822006,
          -45.76103515
        ],
        [
          -119.62645327,
          -143.74178121,
          -43.77562256
        ],
        [
          -119.60803782,
          -143.50136183,
          -41.79020996
        ],
        [
          -119.58962189,
          -143.26094244,
          -39.80480118
        ],
        [
          -119.57120644,
          -143.02052496,
          -37.81938858
        ],
        [
          -119.55279051,
          -142.78010557,
          -35.83397598
        ],
        [
          -119.53437506,
          -142.53968618,
          -33.84856338
        ],
        [
          -119.51595913,
          -142.2992668,
          -31.8631546
        ],
        [
          -119.49754368,
          -142.05884931,
          -29.877742
        ],
        [
          -119.47912775,
          -141.81842993,
          -27.89232941
        ],
        [
          -119.4607123,
          -141.57801054,
          -25.90691681
        ],
        [
          -119.44229637,
          -141.33759115,
          -23.92150802
        ],
        [
          -119.42388092,
          -141.09717176,
          -21.93609543
        ],
        [
          -119.405465,
          -140.85675428,
          -19.95068283
        ],
        [
          -119.38704954,
          -140.6163349,
          -17.96527023
        ],
        [
          -119.36863409,
          -140.37591551,
          -15.97985954
        ],
        [
          -119.35021817,
          -140.13549612,
          -13.99444885
        ],
        [
          -119.33180248,
          -139.89507864,
          -12.00903625
        ],
        [
          -119.31338679,
          -139.65465925,
          -10.02362366
        ],
        [
          -119.2949711,
          -139.41423986,
          -8.03821297
        ],
        [
          -119.27655541,
          -139.17382143,
          -6.05280037
        ],
        [
          -119.25813972,
          -138.93340204,
          -4.06738968
        ],
        [
          -119.23972403,
          -138.69298361,
          -2.08197708
        ],
        [
          -119.22130858,
          -138.45256422,
          -0.09656639
        ],
        [
          -119.20289289,
          -138.21214579,
          1.88884525
        ],
        [
          -119.1844772,
          -137.9717264,
          3.8742569
        ],
        [
          -119.16606151,
          -137.73130796,
          5.85966854
        ],
        [
          -119.14764582,
          -137.49088858,
          7.84508114
        ],
        [
          -119.12923013,
          -137.25046919,
          9.83049231
        ],
        [
          -119.11081444,
          -137.01005075,
          11.81590395
        ],
        [
          -119.09239875,
          -136.76963137,
          13.80131583
        ],
        [
          -119.07398306,
          -136.52921293,
          15.78672748
        ],
        [
          -119.05556737,
          -136.28879354,
          17.77213912
        ],
        [
          -119.03715168,
          -136.04837511,
          19.75755077
        ],
        [
          -119.01873599,
          -135.80795572,
          21.74296265
        ],
        [
          -119.0003203,
          -135.56753729,
          23.72837429
        ],
        [
          -118.98190461,
          -135.3271179,
          25.71378594
        ],
        [
          -118.96348893,
          -135.08669947,
          27.69919758
        ],
        [
          -118.94507324,
          -134.84628008,
          29.68460922
        ],
        [
          -118.92665755,
          -134.60586164,
          31.67002087
        ],
        [
          -118.9082421,
          -134.36544226,
          33.65543251
        ],
        [
          -118.88982641,
          -134.12502382,
          35.64084511
        ],
        [
          -118.87141072,
          -133.88460443,
          37.6262558
        ],
        [
          -118.85299503,
          -133.644186,
          39.6116684
        ],
        [
          -118.83457934,
          -133.40376661,
          41.59707909
        ],
        [
          -118.81616365,
          -133.16334722,
          43.58249169
        ],
        [
          -118.79774796,
          -132.92292879,
          45.56790238
        ],
        [
          -118.77933227,
          -132.6825094,
          47.55331497
        ],
        [
          -118.76091658,
          -132.44209097,
          49.53872757
        ],
        [
          -118.74250089,
          -132.20167158,
          51.52413635
        ],
        [
          -118.7240852,
          -131.96125315,
          53.50954895
        ],
        [
          -118.70566951,
          -131.72083376,
          55.49496155
        ],
        [
          -118.68725382,
          -131.48041532,
          57.48037415
        ],
        [
          -118.66883813,
          -131.23999594,
          59.46578293
        ],
        [
          -118.65042244,
          -130.99957703,
          61.45119553
        ],
        [
          -118.63200675,
          -130.75915811,
          63.43660813
        ],
        [
          -118.61359106,
          -130.5187392,
          65.42202072
        ],
        [
          -118.59517537,
          -130.27832029,
          67.40743332
        ],
        [
          -118.57675992,
          -130.03790138,
          69.3928421
        ],
        [
          -118.55834423,
          -129.79748247,
          71.3782547
        ]
      ],
      "ImagePositionPatient": [
        [
          -119.71853147796,
          -144.94387624654,
          -53.702681730601
        ],
        [
          -119.70011602691,
          -144.70345685872,
          -51.717269132945
        ],
        [
          -119.68170057586,
          -144.4630374709,
          -49.731856535288
        ],
        [
          -119.66328464797,
          -144.22261808308,
          -47.746447752329
        ],
        [
          -119.64486919692,
          -143.98220060261,
          -45.761035154673
        ],
        [
          -119.62645326903,
          -143.7417812148,
          -43.775622557017
        ],
        [
          -119.60803781798,
          -143.50136182698,
          -41.790209959361
        ],
        [
          -119.5896218901,
          -143.26094243916,
          -39.804801176402
        ],
        [
          -119.57120643905,
          -143.02052495869,
          -37.819388578745
        ],
        [
          -119.55279051116,
          -142.78010557088,
          -35.833975981089
        ],
        [
          -119.53437506011,
          -142.53968618306,
          -33.848563383433
        ],
        [
          -119.51595913222,
          -142.29926679524,
          -31.863154600474
        ],
        [
          -119.49754368117,
          -142.05884931477,
          -29.877742002818
        ],
        [
          -119.47912775328,
          -141.81842992696,
          -27.892329405161
        ],
        [
          -119.46071230223,
          -141.57801053914,
          -25.906916807505
        ],
        [
          -119.44229637435,
          -141.33759115132,
          -23.921508024546
        ],
        [
          -119.4238809233,
          -141.0971717635,
          -21.93609542689
        ],
        [
          -119.40546499541,
          -140.85675428303,
          -19.950682829234
        ],
        [
          -119.38704954436,
          -140.61633489522,
          -17.965270231577
        ],
        [
          -119.36863409331,
          -140.3759155074,
          -15.97985954127
        ],
        [
          -119.35021816542,
          -140.13549611958,
          -13.994448850962
        ],
        [
          -119.33180247596,
          -139.89507863911,
          -12.009036253306
        ],
        [
          -119.31338678649,
          -139.6546592513,
          -10.02362365565
        ],
        [
          -119.29497109702,
          -139.41423986348,
          -8.038212965342
        ],
        [
          -119.27655540755,
          -139.17382142934,
          -6.0528003676857
        ],
        [
          -119.25813971808,
          -138.93340204152,
          -4.0673896773781
        ],
        [
          -119.23972402861,
          -138.69298360738,
          -2.0819770797219
        ],
        [
          -119.22130857756,
          -138.45256421956,
          -0.0965663894142
        ],
        [
          -119.2028928881,
          -138.21214578541,
          1.8888452545677
        ],
        [
          -119.18447719863,
          -137.9717263976,
          3.8742568985496
        ],
        [
          -119.16606150916,
          -137.73130796345,
          5.8596685425316
        ],
        [
          -119.14764581969,
          -137.49088857564,
          7.8450811401878
        ],
        [
          -119.12923013022,
          -137.25046918782,
          9.8304923073326
        ],
        [
          -119.11081444075,
          -137.01005075368,
          11.815903951315
        ],
        [
          -119.09239875129,
          -136.76963136586,
          13.801315833715
        ],
        [
          -119.07398306182,
          -136.52921293172,
          15.786727477697
        ],
        [
          -119.05556737235,
          -136.2887935439,
          17.772139121679
        ],
        [
          -119.03715168288,
          -136.04837510976,
          19.757550765661
        ],
        [
          -119.01873599341,
          -135.80795572194,
          21.742962648061
        ],
        [
          -119.00032030394,
          -135.56753728779,
          23.728374292043
        ],
        [
          -118.98190461448,
          -135.32711789998,
          25.713785936025
        ],
        [
          -118.96348892501,
          -135.08669946583,
          27.699197580007
        ],
        [
          -118.94507323554,
          -134.84628007802,
          29.684609223989
        ],
        [
          -118.92665754607,
          -134.60586164387,
          31.670020867971
        ],
        [
          -118.90824209502,
          -134.36544225606,
          33.655432511953
        ],
        [
          -118.88982640555,
          -134.12502382191,
          35.640845109609
        ],
        [
          -118.87141071608,
          -133.8846044341,
          37.626255799917
        ],
        [
          -118.85299502662,
          -133.64418599995,
          39.611668397573
        ],
        [
          -118.83457933715,
          -133.40376661214,
          41.597079087881
        ],
        [
          -118.81616364768,
          -133.16334722432,
          43.582491685537
        ],
        [
          -118.79774795821,
          -132.92292879018,
          45.567902375845
        ],
        [
          -118.77933226874,
          -132.68250940236,
          47.553314973501
        ],
        [
          -118.76091657927,
          -132.44209096821,
          49.538727571157
        ],
        [
          -118.74250088981,
          -132.2016715804,
          51.524136354116
        ],
        [
          -118.72408520034,
          -131.96125314625,
          53.509548951772
        ],
        [
          -118.70566951087,
          -131.72083375844,
          55.494961549429
        ],
        [
          -118.6872538214,
          -131.48041532429,
          57.480374147085
        ],
        [
          -118.66883813193,
          -131.23999593648,
          59.465782930044
        ],
        [
          -118.65042244246,
          -130.9995770255,
          61.4511955277
        ],
        [
          -118.63200675299,
          -130.75915811452,
          63.436608125356
        ],
        [
          -118.61359106353,
          -130.51873920354,
          65.422020723013
        ],
        [
          -118.59517537406,
          -130.27832029256,
          67.407433320669
        ],
        [
          -118.57675992301,
          -130.03790138158,
          69.392842103628
        ],
        [
          -118.55834423354,
          -129.7974824706,
          71.378254701284
        ]
      ],
      "SliceLocation": [
        -71.836941454205,
        -69.836940505753,
        -67.836939557301,
        -65.836942391331,
        -63.836941672161,
        -61.836940719318,
        -59.836939770867,
        -57.836942604897,
        -55.836941885726,
        -53.836940932884,
        -51.836939984432,
        -49.836942818462,
        -47.836942099292,
        -45.836941146449,
        -43.836940197998,
        -41.836943032027,
        -39.836942083576,
        -37.836941360015,
        -35.836940411563,
        -33.836941356547,
        -31.836942297141,
        -29.836941575775,
        -27.836940625128,
        -25.836941567917,
        -23.836940731911,
        -21.8369416747,
        -19.836940838694,
        -17.836941783678,
        -15.83694189439,
        -13.836941890461,
        -11.836942001173,
        -9.8369410505256,
        -7.8369415199557,
        -5.8369416306674,
        -3.8369413900589,
        -1.8369415007706,
        0.16305850315838,
        2.1630583924467,
        4.1630586330552,
        6.1630585223435,
        8.1630585262725,
        10.163058415561,
        12.16305841949,
        14.163058308778,
        16.163058310512,
        18.163059146518,
        20.163058203729,
        22.163059039735,
        24.163058096946,
        26.163059047593,
        28.163057990164,
        30.163058940811,
        32.163059776817,
        34.163056940592,
        36.163057776598,
        38.163058727245,
        40.163059563251,
        42.163056727026,
        44.163057620353,
        46.16305851368,
        48.163059407006,
        50.163060300333,
        52.163057404592,
        54.163058297919
      ]
    }
  },
  "MatrixCoilMode": "SENSE",
  "CoilCombinationMethod": "Sum of Squares",
  "NonlinearGradientCorrection": false,
  "PulseSequenceType": "Spin Echo EPI",
  "SliceTiming": [
    4.83594,
    0,
    4.99219,
    0.14844,
    5.14062,
    0.30469,
    5.29688,
    0.45312,
    5.44531,
    0.60156,
    5.59375,
    0.75781,
    5.74219,
    0.90625,
    5.89844,
    1.05469,
    6.04688,
    1.21094,
    6.20312,
    1.35938,
    6.35156,
    1.50781,
    6.5,
    1.66406,
    6.65625,
    1.8125,
    6.80469,
    1.96875,
    6.95312,
    2.11719,
    7.10938,
    2.26562,
    7.25781,
    2.42188,
    7.41406,
    2.57031,
    7.5625,
    2.71875,
    7.71094,
    2.875,
    7.86719,
    3.02344,
    8.01562,
    3.17969,
    8.16406,
    3.32812,
    8.32031,
    3.47656,
    8.46875,
    3.625,
    8.61719,
    3.78125,
    8.77344,
    3.92969,
    8.92188,
    4.08594,
    9.07031,
    4.23438,
    9.22656,
    4.38281,
    9.375,
    4.53906,
    9.53125,
    4.6875
  ],
  "B0FieldIdentifier": "pepolar_ses-2"
}
