{
  "AcquisitionMatrixPE": 120,
  "AcquisitionNumber": 1,
  "BandwidthPerPixelPhaseEncode": 13.021,
  "BaseResolution": 120,
  "BodyPartExamined": "BRAIN",
  "ConsistencyInfo": "N4_VE11C_LATEST_20160120",
  "ConversionSoftware": "dcm2niix",
  "ConversionSoftwareVersion": "v1.0.20171215 (OpenJPEG build) GCC6.3.0",
  "DerivedVendorReportedEchoSpacing": 0.000639992,
  "DeviceSerialNumber": "66112",
  "DwellTime": 2.4e-06,
  "EchoTime": 0.096,
  "EchoTrainLength": 120,
  "EffectiveEchoSpacing": 0.000639992,
  "FlipAngle": 90,
  "ImageOrientationPatientDICOM": [
    0.999528,
    -0.00279944,
    0.0306045,
    0.00209342,
    0.999731,
    0.0230769
  ],
  "ImageType": [
    "ORIGINAL",
    "PRIMARY",
    "DIFFUSION",
    "NONE",
    "ND",
    "NORM"
  ],
  "InPlanePhaseEncodingDirectionDICOM": "COL",
  "InstitutionAddress": "Maynard_3_Hanover_NH_US_03755",
  "InstitutionName": "Dartmouth_College_-_PBS",
  "InstitutionalDepartmentName": "Department",
  "MRAcquisitionType": "2D",
  "MagneticFieldStrength": 3,
  "Manufacturer": "Siemens",
  "ManufacturersModelName": "Prisma",
  "Modality": "MR",
  "PartialFourier": 1,
  "PatientPosition": "HFS",
  "PercentPhaseFOV": 100,
  "PhaseEncodingDirection": "j",
  "PhaseEncodingSteps": 120,
  "PhaseResolution": 1,
  "PixelBandwidth": 1735,
  "ProcedureStepDescription": "Gobbini_Matteo_1038_hyperface",
  "ProtocolName": "fmap_acq-2.0mmX4b0_dir-PA",
  "PulseSequenceDetails": "%SiemensSeq%_ep2d_diff",
  "ReceiveCoilActiveElements": "HEA;HEP",
  "ReceiveCoilName": "Head_32",
  "ReconMatrixPE": 120,
  "RepetitionTime": 9.7,
  "SAR": 0.0965535,
  "ScanOptions": "FS",
  "ScanningSequence": "EP",
  "SequenceName": "_ep_b0",
  "SequenceVariant": "SK_SP",
  "SeriesDescription": "fmap_acq-2.0mmX4b0_dir-PA",
  "SeriesNumber": 64,
  "ShimSetting": [
    4153,
    -7719,
    -7470,
    324,
    -2,
    79,
    -69,
    64
  ],
  "SliceThickness": 2,
  "SoftwareVersions": "syngo_MR_E11",
  "SpacingBetweenSlices": 2,
  "StationName": "AWP66112",
  "TotalReadoutTime": 0.076159,
  "TxRefAmp": 228.465,
  "time": {
    "samples": {
      "AcquisitionNumber": [
        1,
        2,
        3,
        4,
        5,
        6
      ],
      "SequenceName": [
        "*ep_b0",
        "*ep_b0",
        "*ep_b0",
        "*ep_b0",
        "*ep_b1000#5",
        "*ep_b650#6"
      ]
    },
    "slices": {
      "CsaImage.ProtocolSliceNumber": [
        0,
        1,
        2,
        3,
        4,
        5,
        6,
        7,
        8,
        9,
        10,
        11,
        12,
        13,
        14,
        15,
        16,
        17,
        18,
        19,
        20,
        21,
        22,
        23,
        24,
        25,
        26,
        27,
        28,
        29,
        30,
        31,
        32,
        33,
        34,
        35,
        36,
        37,
        38,
        39,
        40,
        41,
        42,
        43,
        44,
        45,
        46,
        47,
        48,
        49,
        50,
        51,
        52,
        53,
        54,
        55,
        56,
        57,
        58,
        59,
        60,
        61,
        62,
        63
      ],
      "CsaImage.SlicePosition_PCS": [
        [
          -120.76289022,
          -135.18272631,
          -78.99547523
        ],
        [
          -120.82421207,
          -135.22872965,
          -76.9969477
        ],
        [
          -120.88553387,
          -135.27473394,
          -74.99841254
        ],
        [
          -120.94685572,
          -135.32073729,
          -72.99988502
        ],
        [
          -121.00817757,
          -135.36674158,
          -71.00135749
        ],
        [
          -121.06949943,
          -135.41274588,
          -69.00282615
        ],
        [
          -121.13082122,
          -135.45874922,
          -67.00429481
        ],
        [
          -121.19214308,
          -135.50475351,
          -65.00576346
        ],
        [
          -121.25346487,
          -135.55075686,
          -63.00723212
        ],
        [
          -121.31478673,
          -135.59676115,
          -61.0087046
        ],
        [
          -121.37610858,
          -135.64276545,
          -59.01017325
        ],
        [
          -121.43743044,
          -135.68876879,
          -57.01164191
        ],
        [
          -121.49875229,
          -135.73477213,
          -55.01311057
        ],
        [
          -121.56007403,
          -135.78077547,
          -53.01458304
        ],
        [
          -121.62139588,
          -135.82678072,
          -51.0160517
        ],
        [
          -121.68271774,
          -135.87278406,
          -49.01752036
        ],
        [
          -121.74403959,
          -135.9187874,
          -47.01899283
        ],
        [
          -121.80536145,
          -135.96479265,
          -45.02046149
        ],
        [
          -121.8666833,
          -136.01079599,
          -43.02193015
        ],
        [
          -121.92800516,
          -136.05679934,
          -41.02339881
        ],
        [
          -121.98932689,
          -136.10280268,
          -39.02487128
        ],
        [
          -122.05064875,
          -136.14880793,
          -37.02633994
        ],
        [
          -122.1119706,
          -136.19481127,
          -35.02781051
        ],
        [
          -122.17329245,
          -136.24081461,
          -33.02927917
        ],
        [
          -122.23461431,
          -136.28681795,
          -31.03074973
        ],
        [
          -122.29593604,
          -136.3328232,
          -29.03221839
        ],
        [
          -122.35725802,
          -136.37882654,
          -27.03368896
        ],
        [
          -122.41857975,
          -136.42482988,
          -25.03515761
        ],
        [
          -122.47990173,
          -136.47083513,
          -23.03662818
        ],
        [
          -122.54122346,
          -136.51683847,
          -21.03809779
        ],
        [
          -122.6025452,
          -136.56284182,
          -19.0395674
        ],
        [
          -122.66386717,
          -136.60884516,
          -17.04103702
        ],
        [
          -122.72518891,
          -136.65485041,
          -15.04250663
        ],
        [
          -122.78651088,
          -136.70085375,
          -13.04397672
        ],
        [
          -122.84783262,
          -136.74685709,
          -11.04544633
        ],
        [
          -122.90915435,
          -136.79286043,
          -9.04691594
        ],
        [
          -122.97047633,
          -136.83886568,
          -7.04838567
        ],
        [
          -123.03179806,
          -136.88486902,
          -5.0498554
        ],
        [
          -123.09312003,
          -136.93087236,
          -3.05132502
        ],
        [
          -123.15444177,
          -136.97687761,
          -1.05279487
        ],
        [
          -123.21576374,
          -137.02288096,
          0.94573552
        ],
        [
          -123.27708548,
          -137.0688843,
          2.94426591
        ],
        [
          -123.33840721,
          -137.11488764,
          4.9427963
        ],
        [
          -123.39972919,
          -137.16089289,
          6.94132668
        ],
        [
          -123.46105092,
          -137.20689623,
          8.93985612
        ],
        [
          -123.5223729,
          -137.25289957,
          10.93838746
        ],
        [
          -123.58369463,
          -137.29890291,
          12.93691689
        ],
        [
          -123.64501661,
          -137.34490816,
          14.93544824
        ],
        [
          -123.70633834,
          -137.3909115,
          16.93397767
        ],
        [
          -123.76766008,
          -137.43691485,
          18.9325071
        ],
        [
          -123.82898205,
          -137.48292009,
          20.93103845
        ],
        [
          -123.89030379,
          -137.52892344,
          22.92956788
        ],
        [
          -123.95162576,
          -137.57492678,
          24.92809922
        ],
        [
          -124.0129475,
          -137.62093012,
          26.92662866
        ],
        [
          -124.07426923,
          -137.66693537,
          28.92516
        ],
        [
          -124.13559121,
          -137.71293871,
          30.92369134
        ],
        [
          -124.19691318,
          -137.75894205,
          32.92221887
        ],
        [
          -124.25823491,
          -137.80494539,
          34.92075021
        ],
        [
          -124.31955665,
          -137.85095064,
          36.91928155
        ],
        [
          -124.38087839,
          -137.89695398,
          38.91780908
        ],
        [
          -124.44220012,
          -137.94295733,
          40.91634042
        ],
        [
          -124.50352233,
          -137.98896257,
          42.91487176
        ],
        [
          -124.56484407,
          -138.03496592,
          44.9134031
        ],
        [
          -124.6261658,
          -138.08096926,
          46.91193063
        ]
      ],
      "ImagePositionPatient": [
        [
          -120.76289021599,
          -135.18272630749,
          -78.995475225799
        ],
        [
          -120.82421207058,
          -135.22872964916,
          -76.996947698943
        ],
        [
          -120.88553386557,
          -135.27473394451,
          -74.998412542693
        ],
        [
          -120.94685572016,
          -135.32073728619,
          -72.999885015838
        ],
        [
          -121.00817757475,
          -135.36674158153,
          -71.001357488982
        ],
        [
          -121.06949942934,
          -135.41274587688,
          -69.002826147429
        ],
        [
          -121.13082122433,
          -135.45874921856,
          -67.004294805877
        ],
        [
          -121.19214307892,
          -135.50475351391,
          -65.005763464324
        ],
        [
          -121.25346487391,
          -135.55075685558,
          -63.007232122771
        ],
        [
          -121.3147867285,
          -135.59676115093,
          -61.008704595916
        ],
        [
          -121.37610858309,
          -135.64276544628,
          -59.010173254363
        ],
        [
          -121.43743043768,
          -135.68876878796,
          -57.01164191281
        ],
        [
          -121.49875229227,
          -135.73477212963,
          -55.013110571258
        ],
        [
          -121.56007402766,
          -135.78077547131,
          -53.014583044402
        ],
        [
          -121.62139588225,
          -135.82678072033,
          -51.016051702849
        ],
        [
          -121.68271773684,
          -135.872784062,
          -49.017520361297
        ],
        [
          -121.74403959143,
          -135.91878740368,
          -47.018992834441
        ],
        [
          -121.80536144602,
          -135.9647926527,
          -45.020461492888
        ],
        [
          -121.86668330061,
          -136.01079599438,
          -43.021930151336
        ],
        [
          -121.9280051552,
          -136.05679933605,
          -41.023398809783
        ],
        [
          -121.98932689059,
          -136.10280267773,
          -39.024871282928
        ],
        [
          -122.05064874518,
          -136.14880792675,
          -37.026339941375
        ],
        [
          -122.11197059977,
          -136.19481126842,
          -35.027810507171
        ],
        [
          -122.17329245436,
          -136.2408146101,
          -33.029279165618
        ],
        [
          -122.23461430895,
          -136.28681795177,
          -31.030749731414
        ],
        [
          -122.29593604433,
          -136.3328232008,
          -29.032218389861
        ],
        [
          -122.35725801813,
          -136.37882654247,
          -27.033688955657
        ],
        [
          -122.41857975352,
          -136.42482988415,
          -25.035157614104
        ],
        [
          -122.47990172732,
          -136.47083513317,
          -23.0366281799
        ],
        [
          -122.5412234627,
          -136.51683847485,
          -21.038097792022
        ],
        [
          -122.60254519808,
          -136.56284181652,
          -19.039567404143
        ],
        [
          -122.66386717188,
          -136.6088451582,
          -17.041037016265
        ],
        [
          -122.72518890726,
          -136.65485040722,
          -15.042506628387
        ],
        [
          -122.78651088106,
          -136.70085374889,
          -13.043976717345
        ],
        [
          -122.84783261645,
          -136.74685709057,
          -11.045446329467
        ],
        [
          -122.90915435183,
          -136.79286043224,
          -9.0469159415884
        ],
        [
          -122.97047632563,
          -136.83886568127,
          -7.0483856729193
        ],
        [
          -123.03179806101,
          -136.88486902294,
          -5.0498554042502
        ],
        [
          -123.09312003481,
          -136.93087236462,
          -3.0513250163717
        ],
        [
          -123.15444177019,
          -136.97687761364,
          -1.0527948669119
        ],
        [
          -123.21576374399,
          -137.02288095531,
          0.94573552096651
        ],
        [
          -123.27708547938,
          -137.06888429699,
          2.9442659088449
        ],
        [
          -123.33840721476,
          -137.11488763866,
          4.9427962967233
        ],
        [
          -123.39972918856,
          -137.16089288769,
          6.9413266846018
        ],
        [
          -123.46105092394,
          -137.20689622936,
          8.9398561188059
        ],
        [
          -123.52237289774,
          -137.25289957104,
          10.938387460359
        ],
        [
          -123.58369463312,
          -137.29890291271,
          12.936916894563
        ],
        [
          -123.64501660693,
          -137.34490816174,
          14.935448236115
        ],
        [
          -123.70633834231,
          -137.39091150341,
          16.93397767032
        ],
        [
          -123.76766007769,
          -137.43691484508,
          18.932507104524
        ],
        [
          -123.82898205149,
          -137.48292009411,
          20.931038446076
        ],
        [
          -123.89030378687,
          -137.52892343578,
          22.92956788028
        ],
        [
          -123.95162576067,
          -137.57492677746,
          24.928099221833
        ],
        [
          -124.01294749605,
          -137.62093011913,
          26.926628656037
        ],
        [
          -124.07426923144,
          -137.66693536816,
          28.92515999759
        ],
        [
          -124.13559120524,
          -137.71293870983,
          30.923691339143
        ],
        [
          -124.19691317904,
          -137.75894205151,
          32.922218865998
        ],
        [
          -124.25823491442,
          -137.80494539318,
          34.920750207551
        ],
        [
          -124.3195566498,
          -137.8509506422,
          36.919281549104
        ],
        [
          -124.38087838518,
          -137.89695398388,
          38.917809075959
        ],
        [
          -124.44220012057,
          -137.94295732555,
          40.916340417512
        ],
        [
          -124.50352233279,
          -137.98896257458,
          42.914871759065
        ],
        [
          -124.56484406817,
          -138.03496591625,
          44.913403100617
        ],
        [
          -124.62616580355,
          -138.08096925793,
          46.911930627473
        ]
      ],
      "SliceLocation": [
        -72.125259715655,
        -70.125262477434,
        -68.125257595315,
        -66.125260357093,
        -64.125263096935,
        -62.125262024883,
        -60.125260976595,
        -58.125259904543,
        -56.125258856255,
        -54.125261596096,
        -52.125260524044,
        -50.125259473929,
        -48.125258423813,
        -46.125261189246,
        -44.125260095258,
        -42.125259045142,
        -40.12526180692,
        -38.125260712932,
        -36.125259662816,
        -34.1252586127,
        -32.125261378134,
        -30.125260284145,
        -28.125261139977,
        -26.125260089861,
        -24.125260945692,
        -22.125259855359,
        -20.125260707535,
        -18.125259661074,
        -16.125260469378,
        -14.125260375891,
        -12.125260282403,
        -10.125260181606,
        -8.1252600442462,
        -6.1252604199357,
        -4.1252603264485,
        -2.1252602329613,
        -0.125260207413,
        1.8747397669525,
        3.8747398677498,
        5.8747397668663,
        7.8747398676636,
        9.8747399611508,
        11.874740054638,
        13.874740199308,
        15.874739339822,
        17.874740393592,
        19.874739534106,
        21.87474063175,
        23.874739772263,
        25.874738912777,
        27.87474001042,
        29.874739150934,
        31.874740204705,
        33.874739345219,
        35.874740435552,
        37.874741489323,
        39.8747387312,
        41.87473977766,
        43.874740867994,
        45.87473810256,
        47.874739149021,
        49.874740253975,
        51.874741300435,
        53.874738535002
      ]
    }
  }
}
