{
  "AcquisitionMatrixPE": 120,
  "AcquisitionNumber": 1,
  "BandwidthPerPixelPhaseEncode": 13.021,
  "BaseResolution": 120,
  "BodyPartExamined": "BRAIN",
  "ConsistencyInfo": "N4_VE11C_LATEST_20160120",
  "ConversionSoftware": "dcm2niix",
  "ConversionSoftwareVersion": "v1.0.20171215 (OpenJPEG build) GCC6.3.0",
  "DerivedVendorReportedEchoSpacing": 0.000639992,
  "DeviceSerialNumber": "66112",
  "DwellTime": 2.4e-06,
  "EchoTime": 0.096,
  "EchoTrainLength": 120,
  "EffectiveEchoSpacing": 0.000639992,
  "FlipAngle": 90,
  "ImageOrientationPatientDICOM": [
    0.999528,
    -0.00279944,
    0.0306045,
    0.00209342,
    0.999731,
    0.0230769
  ],
  "ImageType": [
    "ORIGINAL",
    "PRIMARY",
    "DIFFUSION",
    "NONE",
    "ND",
    "NORM"
  ],
  "InPlanePhaseEncodingDirectionDICOM": "COL",
  "InstitutionAddress": "Maynard_3_Hanover_NH_US_03755",
  "InstitutionName": "Dartmouth_College_-_PBS",
  "InstitutionalDepartmentName": "Department",
  "MRAcquisitionType": "2D",
  "MagneticFieldStrength": 3,
  "Manufacturer": "Siemens",
  "ManufacturersModelName": "Prisma",
  "Modality": "MR",
  "PatientPosition": "HFS",
  "PercentPhaseFOV": 100,
  "PhaseEncodingDirection": "j-",
  "PhaseEncodingSteps": 120,
  "PhaseResolution": 1,
  "PixelBandwidth": 1735,
  "ProcedureStepDescription": "Gobbini_Matteo_1038_hyperface",
  "ProtocolName": "fmap_acq-2.0mmX4b0_dir-AP",
  "PulseSequenceDetails": "%SiemensSeq%_ep2d_diff",
  "ReceiveCoilActiveElements": "HEA;HEP",
  "ReceiveCoilName": "Head_32",
  "ReconMatrixPE": 120,
  "RepetitionTime": 9.7,
  "SAR": 0.0965535,
  "ScanOptions": "FS",
  "ScanningSequence": "EP",
  "SequenceName": "_ep_b0",
  "SequenceVariant": "SK_SP",
  "SeriesDescription": "fmap_acq-2.0mmX4b0_dir-AP",
  "SeriesNumber": 63,
  "ShimSetting": [
    4153,
    -7719,
    -7470,
    324,
    -2,
    79,
    -69,
    64
  ],
  "SliceThickness": 2,
  "SoftwareVersions": "syngo_MR_E11",
  "SpacingBetweenSlices": 2,
  "StationName": "AWP66112",
  "TotalReadoutTime": 0.076159,
  "TxRefAmp": 228.465,
  "time": {
    "samples": {
      "AcquisitionNumber": [
        1,
        2,
        3,
        4,
        5,
        6
      ],
      "SequenceName": [
        "*ep_b0",
        "*ep_b0",
        "*ep_b0",
        "*ep_b0",
        "*ep_b1000#5",
        "*ep_b650#6"
      ]
    },
    "slices": {
      "CsaImage.ProtocolSliceNumber": [
        0,
        1,
        2,
        3,
        4,
        5,
        6,
        7,
        8,
        9,
        10,
        11,
        12,
        13,
        14,
        15,
        16,
        17,
        18,
        19,
        20,
        21,
        22,
        23,
        24,
        25,
        26,
        27,
        28,
        29,
        30,
        31,
        32,
        33,
        34,
        35,
        36,
        37,
        38,
        39,
        40,
        41,
        42,
        43,
        44,
        45,
        46,
        47,
        48,
        49,
        50,
        51,
        52,
        53,
        54,
        55,
        56,
        57,
        58,
        59,
        60,
        61,
        62,
        63
      ],
      "CsaImage.SlicePosition_PCS": [
        [
          -120.76583242,
          -135.22620813,
          -78.99628394
        ],
        [
          -120.82715428,
          -135.27221243,
          -76.99775641
        ],
        [
          -120.88847613,
          -135.31821577,
          -74.99922126
        ],
        [
          -120.94979792,
          -135.36422007,
          -73.00069373
        ],
        [
          -121.01111978,
          -135.41022341,
          -71.0021662
        ],
        [
          -121.07244163,
          -135.4562277,
          -69.00363486
        ],
        [
          -121.13376343,
          -135.502232,
          -67.00510352
        ],
        [
          -121.19508534,
          -135.54823534,
          -65.00657218
        ],
        [
          -121.25640708,
          -135.59423964,
          -63.00804084
        ],
        [
          -121.31772893,
          -135.64024393,
          -61.00951331
        ],
        [
          -121.37905079,
          -135.68624727,
          -59.01098197
        ],
        [
          -121.44037264,
          -135.73225061,
          -57.01245063
        ],
        [
          -121.5016945,
          -135.77825396,
          -55.01391929
        ],
        [
          -121.56301635,
          -135.82425921,
          -53.01539176
        ],
        [
          -121.62433809,
          -135.87026255,
          -51.01686042
        ],
        [
          -121.68565994,
          -135.91626589,
          -49.01832908
        ],
        [
          -121.7469818,
          -135.96227114,
          -47.01980155
        ],
        [
          -121.80830365,
          -136.00827448,
          -45.02127021
        ],
        [
          -121.86962551,
          -136.05427782,
          -43.02273887
        ],
        [
          -121.93094736,
          -136.10028116,
          -41.02420753
        ],
        [
          -121.9922691,
          -136.14628641,
          -39.02568
        ],
        [
          -122.05359095,
          -136.19228975,
          -37.02714866
        ],
        [
          -122.1149128,
          -136.2382931,
          -35.02861732
        ],
        [
          -122.17623466,
          -136.28429644,
          -33.03008788
        ],
        [
          -122.23755639,
          -136.33030169,
          -31.03155845
        ],
        [
          -122.29887837,
          -136.37630503,
          -29.03302711
        ],
        [
          -122.3602001,
          -136.42230837,
          -27.03449767
        ],
        [
          -122.42152208,
          -136.46831362,
          -25.03596633
        ],
        [
          -122.48284381,
          -136.51431696,
          -23.0374369
        ],
        [
          -122.54416555,
          -136.5603203,
          -21.03890651
        ],
        [
          -122.60548752,
          -136.60632364,
          -19.04037612
        ],
        [
          -122.66680926,
          -136.65232889,
          -17.04184573
        ],
        [
          -122.72813123,
          -136.69833223,
          -15.04331534
        ],
        [
          -122.78945297,
          -136.74433558,
          -13.04478496
        ],
        [
          -122.85077494,
          -136.79033892,
          -11.04625505
        ],
        [
          -122.91209668,
          -136.83634417,
          -9.04772466
        ],
        [
          -122.97341841,
          -136.88234751,
          -7.04919433
        ],
        [
          -123.03474038,
          -136.92835085,
          -5.050664
        ],
        [
          -123.09606212,
          -136.9743561,
          -3.05213373
        ],
        [
          -123.15738409,
          -137.02035944,
          -1.05360358
        ],
        [
          -123.21870583,
          -137.06636278,
          0.94492681
        ],
        [
          -123.2800278,
          -137.11236612,
          2.94345719
        ],
        [
          -123.34134954,
          -137.15837137,
          4.94198758
        ],
        [
          -123.40267127,
          -137.20437471,
          6.94051797
        ],
        [
          -123.46399325,
          -137.25037806,
          8.93904836
        ],
        [
          -123.52531498,
          -137.2963814,
          10.93757874
        ],
        [
          -123.58663696,
          -137.34238665,
          12.93610818
        ],
        [
          -123.64795869,
          -137.38838999,
          14.93463952
        ],
        [
          -123.70928043,
          -137.43439333,
          16.93316895
        ],
        [
          -123.7706024,
          -137.48039858,
          18.93169839
        ],
        [
          -123.83192414,
          -137.52640192,
          20.93022973
        ],
        [
          -123.89324611,
          -137.57240526,
          22.92875916
        ],
        [
          -123.95456785,
          -137.6184086,
          24.92729051
        ],
        [
          -124.01588982,
          -137.66441385,
          26.92581994
        ],
        [
          -124.07721156,
          -137.71041719,
          28.92435128
        ],
        [
          -124.13853329,
          -137.75642054,
          30.92288262
        ],
        [
          -124.19985526,
          -137.80242388,
          32.92141015
        ],
        [
          -124.261177,
          -137.84842913,
          34.91994149
        ],
        [
          -124.32249874,
          -137.89443247,
          36.91847283
        ],
        [
          -124.38382095,
          -137.94043581,
          38.91700036
        ],
        [
          -124.44514268,
          -137.98644106,
          40.9155317
        ],
        [
          -124.50646442,
          -138.0324444,
          42.91406304
        ],
        [
          -124.56778615,
          -138.07844774,
          44.91259438
        ],
        [
          -124.62910789,
          -138.12445108,
          46.91112191
        ]
      ],
      "ImagePositionPatient": [
        [
          -120.76583242047,
          -135.22620813427,
          -78.996283941619
        ],
        [
          -120.82715427506,
          -135.27221242962,
          -76.997756414763
        ],
        [
          -120.88847612965,
          -135.31821577129,
          -74.999221258513
        ],
        [
          -120.94979792464,
          -135.36422006664,
          -73.000693731658
        ],
        [
          -121.01111977923,
          -135.41022340832,
          -71.002166204803
        ],
        [
          -121.07244163382,
          -135.45622770367,
          -69.00363486325
        ],
        [
          -121.13376342881,
          -135.50223199902,
          -67.005103521697
        ],
        [
          -121.195085343,
          -135.54823534069,
          -65.006572180144
        ],
        [
          -121.25640707838,
          -135.59423963604,
          -63.008040838592
        ],
        [
          -121.31772893298,
          -135.64024393139,
          -61.009513311736
        ],
        [
          -121.37905078757,
          -135.68624727306,
          -59.010981970183
        ],
        [
          -121.44037264216,
          -135.73225061474,
          -57.012450628631
        ],
        [
          -121.50169449675,
          -135.77825395641,
          -55.013919287078
        ],
        [
          -121.56301635134,
          -135.82425920544,
          -53.015391760222
        ],
        [
          -121.62433808672,
          -135.87026254711,
          -51.01686041867
        ],
        [
          -121.68565994131,
          -135.91626588879,
          -49.018329077117
        ],
        [
          -121.74698179591,
          -135.96227113781,
          -47.019801550262
        ],
        [
          -121.8083036505,
          -136.00827447948,
          -45.021270208709
        ],
        [
          -121.86962550509,
          -136.05427782116,
          -43.022738867156
        ],
        [
          -121.93094735968,
          -136.10028116283,
          -41.024207525603
        ],
        [
          -121.99226909506,
          -136.14628641186,
          -39.025679998748
        ],
        [
          -122.05359094965,
          -136.19228975353,
          -37.027148657195
        ],
        [
          -122.11491280424,
          -136.23829309521,
          -35.028617315642
        ],
        [
          -122.17623465884,
          -136.28429643688,
          -33.030087881438
        ],
        [
          -122.23755639422,
          -136.33030168591,
          -31.031558447234
        ],
        [
          -122.29887836802,
          -136.37630502758,
          -29.033027105681
        ],
        [
          -122.3602001034,
          -136.42230836925,
          -27.034497671477
        ],
        [
          -122.4215220772,
          -136.46831361828,
          -25.035966329925
        ],
        [
          -122.48284381258,
          -136.51431695995,
          -23.037436895721
        ],
        [
          -122.54416554797,
          -136.56032030163,
          -21.038906507842
        ],
        [
          -122.60548752177,
          -136.6063236433,
          -19.040376119964
        ],
        [
          -122.66680925715,
          -136.65232889233,
          -17.041845732085
        ],
        [
          -122.72813123095,
          -136.698332234,
          -15.043315344207
        ],
        [
          -122.78945296633,
          -136.74433557568,
          -13.044784956328
        ],
        [
          -122.85077494013,
          -136.79033891735,
          -11.046255045287
        ],
        [
          -122.91209667551,
          -136.83634416637,
          -9.0477246574087
        ],
        [
          -122.9734184109,
          -136.88234750805,
          -7.049194329135
        ],
        [
          -123.0347403847,
          -136.92835084972,
          -5.0506640008612
        ],
        [
          -123.09606212008,
          -136.97435609875,
          -3.0521337321921
        ],
        [
          -123.15738409388,
          -137.02035944042,
          -1.0536035827322
        ],
        [
          -123.21870582926,
          -137.0663627821,
          0.9449268051462
        ],
        [
          -123.28002780306,
          -137.11236612377,
          2.9434571930246
        ],
        [
          -123.34134953844,
          -137.15837137279,
          4.941987580903
        ],
        [
          -123.40267127383,
          -137.20437471447,
          6.9405179687814
        ],
        [
          -123.46399324763,
          -137.25037805614,
          8.9390483566599
        ],
        [
          -123.52531498301,
          -137.29638139782,
          10.937578744538
        ],
        [
          -123.58663695681,
          -137.34238664684,
          12.936108178742
        ],
        [
          -123.64795869219,
          -137.38838998852,
          14.934639520295
        ],
        [
          -123.70928042757,
          -137.43439333019,
          16.933168954499
        ],
        [
          -123.77060240137,
          -137.48039857922,
          18.931698388703
        ],
        [
          -123.83192413676,
          -137.52640192089,
          20.930229730256
        ],
        [
          -123.89324611056,
          -137.57240526257,
          22.92875916446
        ],
        [
          -123.95456784594,
          -137.61840860424,
          24.927290506013
        ],
        [
          -124.01588981974,
          -137.66441385326,
          26.925819940217
        ],
        [
          -124.07721155512,
          -137.71041719494,
          28.92435128177
        ],
        [
          -124.1385332905,
          -137.75642053661,
          30.922882623322
        ],
        [
          -124.1998552643,
          -137.80242387829,
          32.921410150178
        ],
        [
          -124.26117699969,
          -137.84842912731,
          34.919941491731
        ],
        [
          -124.32249873507,
          -137.89443246899,
          36.918472833283
        ],
        [
          -124.38382094729,
          -137.94043581066,
          38.917000360139
        ],
        [
          -124.44514268267,
          -137.98644105968,
          40.915531701692
        ],
        [
          -124.50646441805,
          -138.03244440136,
          42.914063043244
        ],
        [
          -124.56778615343,
          -138.07844774303,
          44.912594384797
        ],
        [
          -124.62910788882,
          -138.12445108471,
          46.911121911653
        ]
      ],
      "SliceLocation": [
        -72.124977460486,
        -70.124980200328,
        -68.124975338318,
        -66.124978079987,
        -64.124980841766,
        -62.124979769713,
        -60.124978699489,
        -58.124977647546,
        -56.124976579149,
        -54.124979318991,
        -52.124978268875,
        -50.124977218759,
        -48.124976168643,
        -46.124978886549,
        -44.124977840088,
        -42.124976789972,
        -40.124979507878,
        -38.124978457762,
        -36.124977407647,
        -34.124976357531,
        -32.124979079091,
        -30.124978028976,
        -28.12497697886,
        -26.124977834691,
        -24.124978650305,
        -22.124977596534,
        -20.12497845602,
        -18.124977358377,
        -16.124978217863,
        -14.124978124376,
        -12.124978023579,
        -10.124977886219,
        -8.1249777854216,
        -6.1249776919344,
        -4.1249780676238,
        -2.124977930264,
        -0.1249778963376,
        1.8750221448988,
        3.875022163137,
        5.8750220256909,
        7.8750221191781,
        9.8750222199754,
        11.875022357335,
        13.875022450822,
        15.87502255162,
        17.875022645107,
        19.875021836803,
        21.875022883264,
        23.875022023778,
        25.875021215474,
        27.875022261935,
        29.875021409759,
        31.875022456219,
        33.875021647916,
        35.875022694377,
        37.875023740837,
        39.875020982714,
        41.875022073047,
        43.875023119508,
        45.875020368695,
        47.875021459028,
        49.875022505489,
        51.87502355195,
        53.875020786516
      ]
    }
  },
  "MatrixCoilMode": "SENSE",
  "CoilCombinationMethod": "Sum of Squares",
  "NonlinearGradientCorrection": false,
  "PulseSequenceType": "Spin Echo EPI",
  "SliceTiming": [
    4.83594,
    0,
    4.99219,
    0.14844,
    5.14062,
    0.30469,
    5.29688,
    0.45312,
    5.44531,
    0.60156,
    5.59375,
    0.75781,
    5.74219,
    0.90625,
    5.89844,
    1.05469,
    6.04688,
    1.21094,
    6.20312,
    1.35938,
    6.35156,
    1.50781,
    6.5,
    1.66406,
    6.65625,
    1.8125,
    6.80469,
    1.96875,
    6.95312,
    2.11719,
    7.10938,
    2.26562,
    7.25781,
    2.42188,
    7.41406,
    2.57031,
    7.5625,
    2.71875,
    7.71094,
    2.875,
    7.86719,
    3.02344,
    8.01562,
    3.17969,
    8.16406,
    3.32812,
    8.32031,
    3.47656,
    8.46875,
    3.625,
    8.61719,
    3.78125,
    8.77344,
    3.92969,
    8.92188,
    4.08594,
    9.07031,
    4.23438,
    9.22656,
    4.38281,
    9.375,
    4.53906,
    9.53125,
    4.6875
  ],
  "B0FieldIdentifier": "pepolar_ses-2"
}
