{
  "AcquisitionMatrixPE": 120,
  "AcquisitionNumber": 1,
  "BandwidthPerPixelPhaseEncode": 13.021,
  "BaseResolution": 120,
  "BodyPartExamined": "BRAIN",
  "ConsistencyInfo": "N4_VE11C_LATEST_20160120",
  "ConversionSoftware": "dcm2niix",
  "ConversionSoftwareVersion": "v1.0.20171215 (OpenJPEG build) GCC6.3.0",
  "DerivedVendorReportedEchoSpacing": 0.000639992,
  "DeviceSerialNumber": "66112",
  "DwellTime": 2.4e-06,
  "EchoTime": 0.096,
  "EchoTrainLength": 120,
  "EffectiveEchoSpacing": 0.000639992,
  "FlipAngle": 90,
  "ImageOrientationPatientDICOM": [
    0.998778,
    0.0474279,
    0.0139095,
    -0.0474506,
    0.998873,
    0.00130639
  ],
  "ImageType": [
    "ORIGINAL",
    "PRIMARY",
    "DIFFUSION",
    "NONE",
    "ND",
    "NORM"
  ],
  "InPlanePhaseEncodingDirectionDICOM": "COL",
  "InstitutionAddress": "Maynard_3_Hanover_NH_US_03755",
  "InstitutionName": "Dartmouth_College_-_PBS",
  "InstitutionalDepartmentName": "Department",
  "MRAcquisitionType": "2D",
  "MagneticFieldStrength": 3,
  "Manufacturer": "Siemens",
  "ManufacturersModelName": "Prisma",
  "Modality": "MR",
  "PatientPosition": "HFS",
  "PercentPhaseFOV": 100,
  "PhaseEncodingDirection": "j-",
  "PhaseEncodingSteps": 120,
  "PhaseResolution": 1,
  "PixelBandwidth": 1735,
  "ProcedureStepDescription": "Gobbini_Matteo_1038_hyperface",
  "ProtocolName": "fmap_acq-2.0mmX4b0_dir-AP",
  "PulseSequenceDetails": "%SiemensSeq%_ep2d_diff",
  "ReceiveCoilActiveElements": "HEA;HEP",
  "ReceiveCoilName": "Head_32",
  "ReconMatrixPE": 120,
  "RepetitionTime": 9.7,
  "SAR": 0.103093,
  "ScanOptions": "FS",
  "ScanningSequence": "EP",
  "SequenceName": "_ep_b0",
  "SequenceVariant": "SK_SP",
  "SeriesDescription": "fmap_acq-2.0mmX4b0_dir-AP",
  "SeriesNumber": 64,
  "ShimSetting": [
    4139,
    -7706,
    -7317,
    585,
    -30,
    -35,
    -5,
    58
  ],
  "SliceThickness": 2,
  "SoftwareVersions": "syngo_MR_E11",
  "SpacingBetweenSlices": 2,
  "StationName": "AWP66112",
  "TotalReadoutTime": 0.076159,
  "TxRefAmp": 222.057,
  "time": {
    "samples": {
      "AcquisitionNumber": [
        1,
        2,
        3,
        4,
        5,
        6
      ],
      "SequenceName": [
        "*ep_b0",
        "*ep_b0",
        "*ep_b0",
        "*ep_b0",
        "*ep_b1000#5",
        "*ep_b650#6"
      ]
    },
    "slices": {
      "CsaImage.ProtocolSliceNumber": [
        0,
        1,
        2,
        3,
        4,
        5,
        6,
        7,
        8,
        9,
        10,
        11,
        12,
        13,
        14,
        15,
        16,
        17,
        18,
        19,
        20,
        21,
        22,
        23,
        24,
        25,
        26,
        27,
        28,
        29,
        30,
        31,
        32,
        33,
        34,
        35,
        36,
        37,
        38,
        39,
        40,
        41,
        42,
        43,
        44,
        45,
        46,
        47,
        48,
        49,
        50,
        51,
        52,
        53,
        54,
        55,
        56,
        57,
        58,
        59,
        60,
        61,
        62,
        63
      ],
      "CsaImage.SlicePosition_PCS": [
        [
          -116.11089671,
          -141.99273,
          -78.14606399
        ],
        [
          -116.13856041,
          -141.99666105,
          -76.14626236
        ],
        [
          -116.16622412,
          -142.00059019,
          -74.14645309
        ],
        [
          -116.19388783,
          -142.00451932,
          -72.14665146
        ],
        [
          -116.22155154,
          -142.00844846,
          -70.14684982
        ],
        [
          -116.24921501,
          -142.01237951,
          -68.14704055
        ],
        [
          -116.27687871,
          -142.01630865,
          -66.14723892
        ],
        [
          -116.30454242,
          -142.02023778,
          -64.14743347
        ],
        [
          -116.33220613,
          -142.02416692,
          -62.14762802
        ],
        [
          -116.35986984,
          -142.02809797,
          -60.14782257
        ],
        [
          -116.38753354,
          -142.03202711,
          -58.14801712
        ],
        [
          -116.41519725,
          -142.03595624,
          -56.14821548
        ],
        [
          -116.44286096,
          -142.03988538,
          -54.14841003
        ],
        [
          -116.47052467,
          -142.04381643,
          -52.14860458
        ],
        [
          -116.49818814,
          -142.04774557,
          -50.14879913
        ],
        [
          -116.52585185,
          -142.0516747,
          -48.14899368
        ],
        [
          -116.55351555,
          -142.05560384,
          -46.14918823
        ],
        [
          -116.58117926,
          -142.05953489,
          -44.14938659
        ],
        [
          -116.60884297,
          -142.06346403,
          -42.14958114
        ],
        [
          -116.63650668,
          -142.06739316,
          -40.14977569
        ],
        [
          -116.66417038,
          -142.0713223,
          -38.14997024
        ],
        [
          -116.69183409,
          -142.07525144,
          -36.15016479
        ],
        [
          -116.71949756,
          -142.07918249,
          -34.15035934
        ],
        [
          -116.74716127,
          -142.08311162,
          -32.1505558
        ],
        [
          -116.77482498,
          -142.08704076,
          -30.15075035
        ],
        [
          -116.80248868,
          -142.0909699,
          -28.1509468
        ],
        [
          -116.83015239,
          -142.09490095,
          -26.15114135
        ],
        [
          -116.8578161,
          -142.09883008,
          -24.1513359
        ],
        [
          -116.88547981,
          -142.10275922,
          -22.15153236
        ],
        [
          -116.91314352,
          -142.10668836,
          -20.15172691
        ],
        [
          -116.94080722,
          -142.11061941,
          -18.15192146
        ],
        [
          -116.96847069,
          -142.11454854,
          -16.15211696
        ],
        [
          -116.9961344,
          -142.11847768,
          -14.15231247
        ],
        [
          -117.02379811,
          -142.12240682,
          -12.15250797
        ],
        [
          -117.05146182,
          -142.12633787,
          -10.15270252
        ],
        [
          -117.07912552,
          -142.130267,
          -8.15289802
        ],
        [
          -117.10678923,
          -142.13419614,
          -6.15309353
        ],
        [
          -117.13445294,
          -142.13812528,
          -4.15328855
        ],
        [
          -117.16211665,
          -142.14205633,
          -2.1534837
        ],
        [
          -117.18978012,
          -142.14598546,
          -0.15367884
        ],
        [
          -117.21744382,
          -142.1499146,
          1.84612589
        ],
        [
          -117.24510753,
          -142.15384374,
          3.84593087
        ],
        [
          -117.27277124,
          -142.15777479,
          5.84573536
        ],
        [
          -117.30043495,
          -142.16170392,
          7.84554081
        ],
        [
          -117.32809865,
          -142.16563306,
          9.84534531
        ],
        [
          -117.35576236,
          -142.1695622,
          11.84514981
        ],
        [
          -117.38342607,
          -142.17349325,
          13.8449543
        ],
        [
          -117.41108978,
          -142.17742238,
          15.84475975
        ],
        [
          -117.43875325,
          -142.18135152,
          17.8445652
        ],
        [
          -117.46641695,
          -142.18528066,
          19.84436875
        ],
        [
          -117.49408066,
          -142.18921171,
          21.8441742
        ],
        [
          -117.52174437,
          -142.19314084,
          23.84397965
        ],
        [
          -117.54940808,
          -142.19706998,
          25.84378319
        ],
        [
          -117.57707179,
          -142.20099912,
          27.84358864
        ],
        [
          -117.60473549,
          -142.20493017,
          29.84339409
        ],
        [
          -117.6323992,
          -142.2088593,
          31.84319764
        ],
        [
          -117.66006267,
          -142.21278844,
          33.84300309
        ],
        [
          -117.68772638,
          -142.21671758,
          35.84280854
        ],
        [
          -117.71539009,
          -142.22064863,
          37.84261399
        ],
        [
          -117.74305379,
          -142.22457776,
          39.84241562
        ],
        [
          -117.7707175,
          -142.2285069,
          41.84222107
        ],
        [
          -117.79838121,
          -142.23243604,
          43.84202652
        ],
        [
          -117.82604492,
          -142.23636709,
          45.84183197
        ],
        [
          -117.85370862,
          -142.24029623,
          47.84163742
        ]
      ],
      "ImagePositionPatient": [
        [
          -116.11089670604,
          -141.99273000186,
          -78.146063991867
        ],
        [
          -116.13856041377,
          -141.99666104739,
          -76.146262356124
        ],
        [
          -116.1662241215,
          -142.00059018558,
          -74.146453090988
        ],
        [
          -116.19388782924,
          -142.00451932376,
          -72.146651455245
        ],
        [
          -116.22155153697,
          -142.00844846194,
          -70.146849819503
        ],
        [
          -116.24921500628,
          -142.01237950748,
          -68.147040554367
        ],
        [
          -116.27687871402,
          -142.01630864566,
          -66.147238918624
        ],
        [
          -116.30454242175,
          -142.02023778384,
          -64.147433468185
        ],
        [
          -116.33220612948,
          -142.02416692203,
          -62.147628017745
        ],
        [
          -116.35986983722,
          -142.02809796756,
          -60.147822567306
        ],
        [
          -116.38753354495,
          -142.03202710574,
          -58.148017116867
        ],
        [
          -116.41519725268,
          -142.03595624393,
          -56.148215481124
        ],
        [
          -116.44286096042,
          -142.03988538211,
          -54.148410030685
        ],
        [
          -116.47052466815,
          -142.04381642764,
          -52.148604580245
        ],
        [
          -116.49818813746,
          -142.04774556583,
          -50.148799129806
        ],
        [
          -116.5258518452,
          -142.05167470401,
          -48.148993679367
        ],
        [
          -116.55351555293,
          -142.05560384219,
          -46.149188228927
        ],
        [
          -116.58117926066,
          -142.05953488773,
          -44.149386593185
        ],
        [
          -116.6088429684,
          -142.06346402591,
          -42.149581142745
        ],
        [
          -116.63650667613,
          -142.06739316409,
          -40.149775692306
        ],
        [
          -116.66417038386,
          -142.07132230228,
          -38.149970241867
        ],
        [
          -116.6918340916,
          -142.07525144046,
          -36.150164791427
        ],
        [
          -116.71949756091,
          -142.07918248599,
          -34.150359340988
        ],
        [
          -116.74716126864,
          -142.08311162418,
          -32.150555797897
        ],
        [
          -116.77482497638,
          -142.08704076236,
          -30.150750347457
        ],
        [
          -116.80248868411,
          -142.09096990054,
          -28.150946804367
        ],
        [
          -116.83015239184,
          -142.09490094607,
          -26.151141353927
        ],
        [
          -116.85781609958,
          -142.09883008426,
          -24.151335903488
        ],
        [
          -116.88547980731,
          -142.10275922244,
          -22.151532360397
        ],
        [
          -116.91314351504,
          -142.10668836063,
          -20.151726909957
        ],
        [
          -116.94080722278,
          -142.11061940616,
          -18.151921459518
        ],
        [
          -116.96847069209,
          -142.11454854434,
          -16.152116962753
        ],
        [
          -116.99613439982,
          -142.11847768252,
          -14.152312465988
        ],
        [
          -117.02379810756,
          -142.12240682071,
          -12.152507969223
        ],
        [
          -117.05146181529,
          -142.12633786624,
          -10.152702518783
        ],
        [
          -117.07912552302,
          -142.13026700442,
          -8.1528980220179
        ],
        [
          -117.10678923076,
          -142.13419614261,
          -6.1530935252528
        ],
        [
          -117.13445293849,
          -142.13812528079,
          -4.1532885516505
        ],
        [
          -117.16211664622,
          -142.14205632632,
          -2.1534836972575
        ],
        [
          -117.18978011554,
          -142.14598546451,
          -0.1536788428645
        ],
        [
          -117.21744382327,
          -142.14991460269,
          1.8461258923192
        ],
        [
          -117.245107531,
          -142.15384374087,
          3.8459308659215
        ],
        [
          -117.27277123874,
          -142.15777478641,
          5.8457353626866
        ],
        [
          -117.30043494647,
          -142.16170392459,
          7.8455408131261
        ],
        [
          -117.3280986542,
          -142.16563306277,
          9.8453453098912
        ],
        [
          -117.35576236194,
          -142.16956220096,
          11.845149806656
        ],
        [
          -117.38342606967,
          -142.17349324649,
          13.844954303422
        ],
        [
          -117.4110897774,
          -142.17742238467,
          15.844759753861
        ],
        [
          -117.43875324672,
          -142.18135152286,
          17.8445652043
        ],
        [
          -117.46641695445,
          -142.18528066104,
          19.844368747391
        ],
        [
          -117.49408066218,
          -142.18921170657,
          21.844174197831
        ],
        [
          -117.52174436992,
          -142.19314084476,
          23.84397964827
        ],
        [
          -117.54940807765,
          -142.19706998294,
          25.843783191361
        ],
        [
          -117.57707178538,
          -142.20099912112,
          27.8435886418
        ],
        [
          -117.60473549312,
          -142.20493016666,
          29.84339409224
        ],
        [
          -117.63239920085,
          -142.20885930484,
          31.843197635331
        ],
        [
          -117.66006267016,
          -142.21278844302,
          33.84300308577
        ],
        [
          -117.6877263779,
          -142.21671758121,
          35.84280853621
        ],
        [
          -117.71539008563,
          -142.22064862674,
          37.842613986649
        ],
        [
          -117.74305379336,
          -142.22457776492,
          39.842415622391
        ],
        [
          -117.7707175011,
          -142.22850690311,
          41.842221072831
        ],
        [
          -117.79838120883,
          -142.23243604129,
          43.84202652327
        ],
        [
          -117.82604491656,
          -142.23636708682,
          45.84183197371
        ],
        [
          -117.8537086243,
          -142.24029622501,
          47.841637424149
        ]
      ],
      "SliceLocation": [
        -76.253421906855,
        -74.253425077818,
        -72.253420623878,
        -70.253423798588,
        -68.253426973299,
        -66.253422518909,
        -64.253425693619,
        -62.253425054004,
        -60.25342441439,
        -58.253423771027,
        -56.253423131413,
        -54.253426306123,
        -52.253425666508,
        -50.253425023146,
        -48.253424386829,
        -46.253423747214,
        -44.253423107599,
        -42.253426278562,
        -40.253425638947,
        -38.253424999332,
        -36.253424359717,
        -34.253423720103,
        -32.253423080038,
        -30.253424347586,
        -28.253423707971,
        -26.253424975519,
        -24.253424332156,
        -22.253423692541,
        -20.253424960089,
        -18.253424320474,
        -16.253423677112,
        -14.253423994376,
        -12.253424308343,
        -10.253424622309,
        -8.2534239789468,
        -6.2534242929133,
        -4.2534246068797,
        -2.2534244440556,
        -0.2534243966815,
        1.7465756436472,
        3.7465755680761,
        5.7465757309002,
        7.7465754206813,
        9.7465760602961,
        11.74657574633,
        13.746575432363,
        15.746575122144,
        17.746575761759,
        19.746576398076,
        21.746575130528,
        23.746575773891,
        25.746576413506,
        27.746575145958,
        29.746575785573,
        31.746576428935,
        33.746575161387,
        35.746575797704,
        37.746576437319,
        39.746577080681,
        41.746573905971,
        43.746574545586,
        45.746575185201,
        47.746575828563,
        49.746576468178
      ]
    }
  },
  "MatrixCoilMode": "SENSE",
  "CoilCombinationMethod": "Sum of Squares",
  "NonlinearGradientCorrection": false,
  "PulseSequenceType": "Spin Echo EPI",
  "SliceTiming": [
    4.83594,
    0,
    4.99219,
    0.14844,
    5.14062,
    0.30469,
    5.29688,
    0.45312,
    5.44531,
    0.60156,
    5.59375,
    0.75781,
    5.74219,
    0.90625,
    5.89844,
    1.05469,
    6.04688,
    1.21094,
    6.20312,
    1.35938,
    6.35156,
    1.50781,
    6.5,
    1.66406,
    6.65625,
    1.8125,
    6.80469,
    1.96875,
    6.95312,
    2.11719,
    7.10938,
    2.26562,
    7.25781,
    2.42188,
    7.41406,
    2.57031,
    7.5625,
    2.71875,
    7.71094,
    2.875,
    7.86719,
    3.02344,
    8.01562,
    3.17969,
    8.16406,
    3.32812,
    8.32031,
    3.47656,
    8.46875,
    3.625,
    8.61719,
    3.78125,
    8.77344,
    3.92969,
    8.92188,
    4.08594,
    9.07031,
    4.23438,
    9.22656,
    4.38281,
    9.375,
    4.53906,
    9.53125,
    4.6875
  ],
  "B0FieldIdentifier": "pepolar_ses-1"
}
