{
  "AcquisitionMatrixPE": 120,
  "AcquisitionNumber": 1,
  "BandwidthPerPixelPhaseEncode": 13.021,
  "BaseResolution": 120,
  "BodyPartExamined": "BRAIN",
  "ConsistencyInfo": "N4_VE11C_LATEST_20160120",
  "ConversionSoftware": "dcm2niix",
  "ConversionSoftwareVersion": "v1.0.20171215 (OpenJPEG build) GCC6.3.0",
  "DerivedVendorReportedEchoSpacing": 0.000639992,
  "DeviceSerialNumber": "66112",
  "DwellTime": 2.4e-06,
  "EchoTime": 0.096,
  "EchoTrainLength": 120,
  "EffectiveEchoSpacing": 0.000639992,
  "FlipAngle": 90,
  "ImageOrientationPatientDICOM": [
    0.998778,
    0.0474279,
    0.0139095,
    -0.0474506,
    0.998873,
    0.00130639
  ],
  "ImageType": [
    "ORIGINAL",
    "PRIMARY",
    "DIFFUSION",
    "NONE",
    "ND",
    "NORM"
  ],
  "InPlanePhaseEncodingDirectionDICOM": "COL",
  "InstitutionAddress": "Maynard_3_Hanover_NH_US_03755",
  "InstitutionName": "Dartmouth_College_-_PBS",
  "InstitutionalDepartmentName": "Department",
  "MRAcquisitionType": "2D",
  "MagneticFieldStrength": 3,
  "Manufacturer": "Siemens",
  "ManufacturersModelName": "Prisma",
  "Modality": "MR",
  "PatientPosition": "HFS",
  "PercentPhaseFOV": 100,
  "PhaseEncodingDirection": "j",
  "PhaseEncodingSteps": 120,
  "PhaseResolution": 1,
  "PixelBandwidth": 1735,
  "ProcedureStepDescription": "Gobbini_Matteo_1038_hyperface",
  "ProtocolName": "fmap_acq-2.0mmX4b0_dir-PA",
  "PulseSequenceDetails": "%SiemensSeq%_ep2d_diff",
  "ReceiveCoilActiveElements": "HEA;HEP",
  "ReceiveCoilName": "Head_32",
  "ReconMatrixPE": 120,
  "RepetitionTime": 9.7,
  "SAR": 0.103093,
  "ScanOptions": "FS",
  "ScanningSequence": "EP",
  "SequenceName": "_ep_b0",
  "SequenceVariant": "SK_SP",
  "SeriesDescription": "fmap_acq-2.0mmX4b0_dir-PA",
  "SeriesNumber": 65,
  "ShimSetting": [
    4139,
    -7706,
    -7317,
    584,
    -30,
    -34,
    -5,
    58
  ],
  "SliceThickness": 2,
  "SoftwareVersions": "syngo_MR_E11",
  "SpacingBetweenSlices": 2,
  "StationName": "AWP66112",
  "TotalReadoutTime": 0.076159,
  "TxRefAmp": 222.057,
  "time": {
    "samples": {
      "AcquisitionNumber": [
        1,
        2,
        3,
        4,
        5,
        6
      ],
      "SequenceName": [
        "*ep_b0",
        "*ep_b0",
        "*ep_b0",
        "*ep_b0",
        "*ep_b1000#5",
        "*ep_b650#6"
      ]
    },
    "slices": {
      "CsaImage.ProtocolSliceNumber": [
        0,
        1,
        2,
        3,
        4,
        5,
        6,
        7,
        8,
        9,
        10,
        11,
        12,
        13,
        14,
        15,
        16,
        17,
        18,
        19,
        20,
        21,
        22,
        23,
        24,
        25,
        26,
        27,
        28,
        29,
        30,
        31,
        32,
        33,
        34,
        35,
        36,
        37,
        38,
        39,
        40,
        41,
        42,
        43,
        44,
        45,
        46,
        47,
        48,
        49,
        50,
        51,
        52,
        53,
        54,
        55,
        56,
        57,
        58,
        59,
        60,
        61,
        62,
        63
      ],
      "CsaImage.SlicePosition_PCS": [
        [
          -116.10078728,
          -142.03229795,
          -78.11975784
        ],
        [
          -116.12845099,
          -142.03622709,
          -76.11994857
        ],
        [
          -116.15611458,
          -142.04015623,
          -74.12014694
        ],
        [
          -116.1837784,
          -142.04408727,
          -72.12033767
        ],
        [
          -116.21144187,
          -142.04801641,
          -70.12053604
        ],
        [
          -116.23910558,
          -142.05194555,
          -68.1207344
        ],
        [
          -116.26676929,
          -142.05587469,
          -66.12092514
        ],
        [
          -116.294433,
          -142.05980573,
          -64.1211235
        ],
        [
          -116.3220967,
          -142.06373487,
          -62.12131805
        ],
        [
          -116.34976041,
          -142.06766401,
          -60.1215126
        ],
        [
          -116.37742412,
          -142.07159315,
          -58.12170715
        ],
        [
          -116.40508783,
          -142.07552419,
          -56.1219017
        ],
        [
          -116.4327513,
          -142.07945333,
          -54.12209625
        ],
        [
          -116.46041501,
          -142.08338247,
          -52.12229461
        ],
        [
          -116.48807871,
          -142.08731161,
          -50.12248916
        ],
        [
          -116.51574242,
          -142.09124265,
          -48.12268371
        ],
        [
          -116.54340613,
          -142.09517179,
          -46.12287826
        ],
        [
          -116.57106984,
          -142.09910093,
          -44.12307281
        ],
        [
          -116.59873354,
          -142.10303007,
          -42.12326736
        ],
        [
          -116.62639725,
          -142.10696111,
          -40.12346573
        ],
        [
          -116.65406096,
          -142.11089025,
          -38.12366027
        ],
        [
          -116.68172443,
          -142.11481939,
          -36.12385482
        ],
        [
          -116.70938814,
          -142.11874853,
          -34.12404937
        ],
        [
          -116.73705184,
          -142.12267957,
          -32.12424583
        ],
        [
          -116.76471555,
          -142.12660871,
          -30.12444038
        ],
        [
          -116.79237926,
          -142.13053785,
          -28.12463493
        ],
        [
          -116.82004297,
          -142.13446699,
          -26.12483139
        ],
        [
          -116.84770667,
          -142.13839803,
          -24.12502594
        ],
        [
          -116.87537038,
          -142.14232717,
          -22.12522049
        ],
        [
          -116.90303385,
          -142.14625631,
          -20.12541694
        ],
        [
          -116.93069756,
          -142.15018545,
          -18.12561149
        ],
        [
          -116.95836127,
          -142.15411649,
          -16.12580604
        ],
        [
          -116.98602498,
          -142.15804563,
          -14.12600155
        ],
        [
          -117.01368868,
          -142.16197477,
          -12.12619705
        ],
        [
          -117.04135239,
          -142.16590391,
          -10.1263916
        ],
        [
          -117.0690161,
          -142.16983495,
          -8.1265871
        ],
        [
          -117.09667981,
          -142.17376409,
          -6.1267826
        ],
        [
          -117.12434351,
          -142.17769323,
          -4.12697763
        ],
        [
          -117.15200698,
          -142.18162237,
          -2.12717281
        ],
        [
          -117.17967069,
          -142.18555341,
          -0.12736804
        ],
        [
          -117.2073344,
          -142.18948255,
          1.87243681
        ],
        [
          -117.23499811,
          -142.19341169,
          3.87224179
        ],
        [
          -117.26266181,
          -142.19734083,
          5.87204628
        ],
        [
          -117.29032552,
          -142.20127187,
          7.87185078
        ],
        [
          -117.31798923,
          -142.20520101,
          9.87165623
        ],
        [
          -117.34565294,
          -142.20913015,
          11.87146073
        ],
        [
          -117.37331641,
          -142.21305929,
          13.87126522
        ],
        [
          -117.40098011,
          -142.21699033,
          15.87106972
        ],
        [
          -117.42864382,
          -142.22091947,
          17.87087517
        ],
        [
          -117.45630753,
          -142.22484861,
          19.87068062
        ],
        [
          -117.48397124,
          -142.22877775,
          21.87048416
        ],
        [
          -117.51163495,
          -142.23270879,
          23.87028962
        ],
        [
          -117.53929865,
          -142.23663793,
          25.87009507
        ],
        [
          -117.56696236,
          -142.24056707,
          27.86989861
        ],
        [
          -117.59462607,
          -142.24449621,
          29.86970406
        ],
        [
          -117.62228954,
          -142.24842725,
          31.8695076
        ],
        [
          -117.64995325,
          -142.25235639,
          33.86931305
        ],
        [
          -117.67761695,
          -142.25628553,
          35.8691185
        ],
        [
          -117.70528066,
          -142.26021467,
          37.86892395
        ],
        [
          -117.73294437,
          -142.26414571,
          39.8687294
        ],
        [
          -117.76060808,
          -142.26807485,
          41.86853485
        ],
        [
          -117.78827178,
          -142.27200399,
          43.86833649
        ],
        [
          -117.81593549,
          -142.27593313,
          45.86814194
        ],
        [
          -117.84359896,
          -142.27986417,
          47.86794739
        ]
      ],
      "ImagePositionPatient": [
        [
          -116.10078728145,
          -142.03229794925,
          -78.119757839523
        ],
        [
          -116.12845098918,
          -142.03622708743,
          -76.119948574386
        ],
        [
          -116.1561145777,
          -142.04015622562,
          -74.120146938644
        ],
        [
          -116.18377840465,
          -142.04408727115,
          -72.120337673507
        ],
        [
          -116.21144187396,
          -142.04801640933,
          -70.120536037765
        ],
        [
          -116.23910558169,
          -142.05194554752,
          -68.120734402023
        ],
        [
          -116.26676928943,
          -142.0558746857,
          -66.120925136886
        ],
        [
          -116.29443299716,
          -142.05980573123,
          -64.121123501144
        ],
        [
          -116.32209670489,
          -142.06373486941,
          -62.121318050704
        ],
        [
          -116.34976041263,
          -142.0676640076,
          -60.121512600265
        ],
        [
          -116.37742412036,
          -142.07159314578,
          -58.121707149826
        ],
        [
          -116.40508782809,
          -142.07552419131,
          -56.121901699386
        ],
        [
          -116.43275129741,
          -142.0794533295,
          -54.122096248947
        ],
        [
          -116.46041500514,
          -142.08338246768,
          -52.122294613204
        ],
        [
          -116.48807871287,
          -142.08731160586,
          -50.122489162765
        ],
        [
          -116.51574242061,
          -142.0912426514,
          -48.122683712326
        ],
        [
          -116.54340612834,
          -142.09517178958,
          -46.122878261886
        ],
        [
          -116.57106983607,
          -142.09910092776,
          -44.123072811447
        ],
        [
          -116.59873354381,
          -142.10303006595,
          -42.123267361007
        ],
        [
          -116.62639725154,
          -142.10696111148,
          -40.123465725265
        ],
        [
          -116.65406095927,
          -142.11089024966,
          -38.123660274826
        ],
        [
          -116.68172442859,
          -142.11481938785,
          -36.123854824386
        ],
        [
          -116.70938813632,
          -142.11874852603,
          -34.124049373947
        ],
        [
          -116.73705184405,
          -142.12267957156,
          -32.124245830856
        ],
        [
          -116.76471555179,
          -142.12660870975,
          -30.124440380416
        ],
        [
          -116.79237925952,
          -142.13053784793,
          -28.124634929977
        ],
        [
          -116.82004296725,
          -142.13446698611,
          -26.124831386886
        ],
        [
          -116.84770667499,
          -142.13839803165,
          -24.125025936447
        ],
        [
          -116.87537038272,
          -142.14232716983,
          -22.125220486007
        ],
        [
          -116.90303385203,
          -142.14625630801,
          -20.125416942916
        ],
        [
          -116.93069755977,
          -142.1501854462,
          -18.125611492477
        ],
        [
          -116.9583612675,
          -142.15411649173,
          -16.125806042037
        ],
        [
          -116.98602497523,
          -142.15804562991,
          -14.126001545272
        ],
        [
          -117.01368868297,
          -142.1619747681,
          -12.126197048507
        ],
        [
          -117.0413523907,
          -142.16590390628,
          -10.126391598068
        ],
        [
          -117.06901609843,
          -142.16983495181,
          -8.1265871013026
        ],
        [
          -117.09667980617,
          -142.17376409,
          -6.1267826045375
        ],
        [
          -117.1243435139,
          -142.17769322818,
          -4.1269776309352
        ],
        [
          -117.15200698321,
          -142.18162236636,
          -2.1271728063445
        ],
        [
          -117.17967069095,
          -142.1855534119,
          -0.1273680413585
        ],
        [
          -117.20733439868,
          -142.18948255008,
          1.8724368130345
        ],
        [
          -117.23499810641,
          -142.19341168826,
          3.8722417866368
        ],
        [
          -117.26266181415,
          -142.19734082645,
          5.872046283402
        ],
        [
          -117.29032552188,
          -142.20127187198,
          7.8718507801671
        ],
        [
          -117.31798922961,
          -142.20520101016,
          9.8716562306066
        ],
        [
          -117.34565293734,
          -142.20913014835,
          11.871460727372
        ],
        [
          -117.37331640666,
          -142.21305928653,
          13.871265224137
        ],
        [
          -117.40098011439,
          -142.21699033206,
          15.871069720902
        ],
        [
          -117.42864382213,
          -142.22091947024,
          17.870875171341
        ],
        [
          -117.45630752986,
          -142.22484860843,
          19.870680621781
        ],
        [
          -117.48397123759,
          -142.22877774661,
          21.870484164872
        ],
        [
          -117.51163494533,
          -142.23270879214,
          23.870289615311
        ],
        [
          -117.53929865306,
          -142.23663793033,
          25.870095065751
        ],
        [
          -117.56696236079,
          -142.24056706851,
          27.869898608841
        ],
        [
          -117.59462606852,
          -142.24449620669,
          29.869704059281
        ],
        [
          -117.62228953784,
          -142.24842725223,
          31.869507602372
        ],
        [
          -117.64995324557,
          -142.25235639041,
          33.869313052811
        ],
        [
          -117.67761695331,
          -142.25628552859,
          35.869118503251
        ],
        [
          -117.70528066104,
          -142.26021466678,
          37.86892395369
        ],
        [
          -117.73294436877,
          -142.26414571231,
          39.86872940413
        ],
        [
          -117.76060807651,
          -142.26807485049,
          41.868534854569
        ],
        [
          -117.78827178424,
          -142.27200398868,
          43.868336490311
        ],
        [
          -117.81593549197,
          -142.27593312686,
          45.868141940751
        ],
        [
          -117.84359896129,
          -142.27986417239,
          47.86794739119
        ]
      ],
      "SliceLocation": [
        -76.227180410462,
        -74.227175956522,
        -72.227179132881,
        -70.227174673545,
        -68.227177851553,
        -66.227181026263,
        -64.227176572323,
        -62.227179743286,
        -60.227179103671,
        -58.227178464056,
        -56.227177824441,
        -54.227177181079,
        -52.227176544762,
        -50.227179719472,
        -48.227179079857,
        -46.227178436495,
        -44.22717779688,
        -42.227177157266,
        -40.227176517651,
        -38.227179688613,
        -36.227179048999,
        -34.227178412682,
        -32.227177773067,
        -30.227179036867,
        -28.227178397252,
        -26.227177757637,
        -24.227179025185,
        -22.227178381823,
        -20.227177742208,
        -18.227179013053,
        -16.227178373439,
        -14.227177730076,
        -12.227178044043,
        -10.227178358009,
        -8.2271777183945,
        -6.2271780286134,
        -4.2271783425798,
        -2.2271781797557,
        -0.2271781692264,
        1.7728217887495,
        3.772821832376,
        5.7728219952001,
        7.7728216812337,
        9.7728213710148,
        11.77282201063,
        13.772821696663,
        15.772821379399,
        17.77282106918,
        19.772821708795,
        21.77282234841,
        23.772821080862,
        25.772821724224,
        27.772822363839,
        29.772821096291,
        31.772821735906,
        33.772820468808,
        35.772821108423,
        37.772821748038,
        39.772822387652,
        41.772823031015,
        43.77282367063,
        45.772820495919,
        47.772821135534,
        49.772821775599
      ]
    }
  },
  "MatrixCoilMode": "SENSE",
  "CoilCombinationMethod": "Sum of Squares",
  "NonlinearGradientCorrection": false,
  "PulseSequenceType": "Spin Echo EPI",
  "SliceTiming": [
    4.83594,
    0,
    4.99219,
    0.14844,
    5.14062,
    0.30469,
    5.29688,
    0.45312,
    5.44531,
    0.60156,
    5.59375,
    0.75781,
    5.74219,
    0.90625,
    5.89844,
    1.05469,
    6.04688,
    1.21094,
    6.20312,
    1.35938,
    6.35156,
    1.50781,
    6.5,
    1.66406,
    6.65625,
    1.8125,
    6.80469,
    1.96875,
    6.95312,
    2.11719,
    7.10938,
    2.26562,
    7.25781,
    2.42188,
    7.41406,
    2.57031,
    7.5625,
    2.71875,
    7.71094,
    2.875,
    7.86719,
    3.02344,
    8.01562,
    3.17969,
    8.16406,
    3.32812,
    8.32031,
    3.47656,
    8.46875,
    3.625,
    8.61719,
    3.78125,
    8.77344,
    3.92969,
    8.92188,
    4.08594,
    9.07031,
    4.23438,
    9.22656,
    4.38281,
    9.375,
    4.53906,
    9.53125,
    4.6875
  ],
  "B0FieldIdentifier": "pepolar_ses-1"
}
