{
  "AcquisitionMatrixPE": 120,
  "AcquisitionNumber": 1,
  "BandwidthPerPixelPhaseEncode": 13.889,
  "BaseResolution": 120,
  "BodyPartExamined": "BRAIN",
  "ConsistencyInfo": "N4_VE11C_LATEST_20160120",
  "ConversionSoftware": "dcm2niix",
  "ConversionSoftwareVersion": "v1.0.20171215 (OpenJPEG build) GCC6.3.0",
  "DerivedVendorReportedEchoSpacing": 0.000599995,
  "DeviceSerialNumber": "66112",
  "DwellTime": 2e-06,
  "EchoTime": 0.103,
  "EchoTrainLength": 120,
  "EffectiveEchoSpacing": 0.000599995,
  "FlipAngle": 90,
  "ImageOrientationPatientDICOM": [
    0.998681,
    0.0506905,
    0.00811664,
    -0.0502415,
    0.997569,
    -0.0482932
  ],
  "ImageType": [
    "ORIGINAL",
    "PRIMARY",
    "DIFFUSION",
    "NONE",
    "ND",
    "NORM",
    "MOSAIC"
  ],
  "InPlanePhaseEncodingDirectionDICOM": "COL",
  "InstitutionAddress": "Maynard_3_Hanover_NH_US_03755",
  "InstitutionName": "Dartmouth_College_-_PBS",
  "InstitutionalDepartmentName": "Department",
  "MRAcquisitionType": "2D",
  "MagneticFieldStrength": 3,
  "Manufacturer": "Siemens",
  "ManufacturersModelName": "Prisma",
  "Modality": "MR",
  "MultibandAccelerationFactor": 4,
  "PatientPosition": "HFS",
  "PercentPhaseFOV": 100,
  "PhaseEncodingDirection": "j-",
  "PhaseEncodingSteps": 120,
  "PhaseResolution": 1,
  "PixelBandwidth": 2085,
  "ProcedureStepDescription": "Gobbini_Matteo_1038_hyperface",
  "ProtocolName": "dwi_acq-2.0mmXhardi96Xsms4X11b0",
  "PulseSequenceDetails": "%SiemensSeq%_ep2d_diff",
  "ReceiveCoilActiveElements": "HEA;HEP",
  "ReceiveCoilName": "Head_32",
  "ReconMatrixPE": 120,
  "RepetitionTime": 2.6,
  "SAR": 0.267779,
  "ScanOptions": "FS",
  "ScanningSequence": "EP",
  "SequenceName": "_ep_b0",
  "SequenceVariant": "SK_SP",
  "SeriesDescription": "dwi_acq-2.0mmXhardi96Xsms4X11b0",
  "SeriesNumber": 66,
  "ShimSetting": [
    4150,
    -7722,
    -7311,
    692,
    -49,
    -126,
    44,
    107
  ],
  "SliceThickness": 2,
  "SliceTiming": [
    1.935,
    0,
    1.29,
    0.16,
    1.45,
    0.3225,
    1.6125,
    0.4825,
    1.7725,
    0.805,
    2.095,
    0.9675,
    2.2575,
    1.1275,
    2.4175,
    0.645,
    1.935,
    0,
    1.29,
    0.16,
    1.45,
    0.3225,
    1.6125,
    0.4825,
    1.7725,
    0.805,
    2.095,
    0.9675,
    2.2575,
    1.1275,
    2.4175,
    0.645,
    1.935,
    0,
    1.29,
    0.16,
    1.45,
    0.3225,
    1.6125,
    0.4825,
    1.7725,
    0.805,
    2.095,
    0.9675,
    2.2575,
    1.1275,
    2.4175,
    0.645,
    1.935,
    0,
    1.29,
    0.16,
    1.45,
    0.3225,
    1.6125,
    0.4825,
    1.7725,
    0.805,
    2.095,
    0.9675,
    2.2575,
    1.1275,
    2.4175,
    0.645
  ],
  "SoftwareVersions": "syngo_MR_E11",
  "SpacingBetweenSlices": 2,
  "StationName": "AWP66112",
  "TotalReadoutTime": 0.0713994,
  "TxRefAmp": 229.228,
  "time": {
    "samples": {
      "AcquisitionNumber": [
        1,
        2,
        3,
        4,
        5,
        6,
        7,
        8,
        9,
        10,
        11,
        12,
        13,
        14,
        15,
        16,
        17,
        18,
        19,
        20,
        21,
        22,
        23,
        24,
        25,
        26,
        27,
        28,
        29,
        30,
        31,
        32,
        33,
        34,
        35,
        36,
        37,
        38,
        39,
        40,
        41,
        42,
        43,
        44,
        45,
        46,
        47,
        48,
        49,
        50,
        51,
        52,
        53,
        54,
        55,
        56,
        57,
        58,
        59,
        60,
        61,
        62,
        63,
        64,
        65,
        66,
        67,
        68,
        69,
        70,
        71,
        72,
        73,
        74,
        75,
        76,
        77,
        78,
        79,
        80,
        81,
        82,
        83,
        84,
        85,
        86,
        87,
        88,
        89,
        90,
        91,
        92,
        93,
        94,
        95,
        96,
        97,
        98,
        99,
        100,
        101,
        102,
        103,
        104,
        105,
        106,
        107
      ],
      "AcquisitionTime": [
        "135111.540000",
        "135114.140000",
        "135116.740000",
        "135119.340000",
        "135121.940000",
        "135124.540000",
        "135127.140000",
        "135129.740000",
        "135132.340000",
        "135134.940000",
        "135137.540000",
        "135140.140000",
        "135142.740000",
        "135145.340000",
        "135147.940000",
        "135150.540000",
        "135153.140000",
        "135155.740000",
        "135158.340000",
        "135200.940000",
        "135203.540000",
        "135206.140000",
        "135208.740000",
        "135211.340000",
        "135213.940000",
        "135216.540000",
        "135219.140000",
        "135221.740000",
        "135224.340000",
        "135226.940000",
        "135229.540000",
        "135232.140000",
        "135234.740000",
        "135237.340000",
        "135239.940000",
        "135242.540000",
        "135245.140000",
        "135247.740000",
        "135250.340000",
        "135252.940000",
        "135255.540000",
        "135258.140000",
        "135300.740000",
        "135303.340000",
        "135305.940000",
        "135308.540000",
        "135311.140000",
        "135313.740000",
        "135316.340000",
        "135318.940000",
        "135321.540000",
        "135324.140000",
        "135326.740000",
        "135329.340000",
        "135331.940000",
        "135334.540000",
        "135337.140000",
        "135339.740000",
        "135342.340000",
        "135344.940000",
        "135347.540000",
        "135350.140000",
        "135352.740000",
        "135355.340000",
        "135357.940000",
        "135400.540000",
        "135403.140000",
        "135405.740000",
        "135408.340000",
        "135410.940000",
        "135413.540000",
        "135416.140000",
        "135418.740000",
        "135421.340000",
        "135423.940000",
        "135426.540000",
        "135429.140000",
        "135431.740000",
        "135434.340000",
        "135436.940000",
        "135439.540000",
        "135442.140000",
        "135444.740000",
        "135447.340000",
        "135449.940000",
        "135452.540000",
        "135455.140000",
        "135457.740000",
        "135500.340000",
        "135502.940000",
        "135505.540000",
        "135508.140000",
        "135510.740000",
        "135513.340000",
        "135515.940000",
        "135518.540000",
        "135521.140000",
        "135523.740000",
        "135526.340000",
        "135528.940000",
        "135531.540000",
        "135534.140000",
        "135536.740000",
        "135539.340000",
        "135541.940000",
        "135544.540000",
        "135547.140000"
      ],
      "ContentTime": [
        "135204.392000",
        "135204.395000",
        "135204.409000",
        "135204.412000",
        "135204.415000",
        "135204.423000",
        "135204.426000",
        "135204.429000",
        "135204.432000",
        "135204.436000",
        "135204.439000",
        "135204.442000",
        "135204.445000",
        "135204.448000",
        "135204.451000",
        "135204.454000",
        "135204.457000",
        "135204.460000",
        "135204.463000",
        "135204.466000",
        "135304.386000",
        "135304.390000",
        "135304.393000",
        "135304.405000",
        "135304.408000",
        "135304.412000",
        "135304.415000",
        "135304.418000",
        "135304.421000",
        "135304.424000",
        "135304.427000",
        "135304.430000",
        "135304.433000",
        "135304.436000",
        "135304.439000",
        "135304.442000",
        "135304.446000",
        "135304.449000",
        "135304.452000",
        "135304.455000",
        "135304.458000",
        "135304.461000",
        "135304.464000",
        "135404.387000",
        "135404.390000",
        "135404.393000",
        "135404.397000",
        "135404.400000",
        "135404.403000",
        "135404.406000",
        "135404.409000",
        "135404.413000",
        "135404.416000",
        "135404.419000",
        "135404.422000",
        "135404.425000",
        "135404.428000",
        "135404.431000",
        "135404.434000",
        "135404.437000",
        "135404.440000",
        "135404.443000",
        "135404.446000",
        "135404.450000",
        "135404.453000",
        "135404.456000",
        "135504.387000",
        "135504.390000",
        "135504.393000",
        "135504.397000",
        "135504.400000",
        "135504.403000",
        "135504.406000",
        "135504.413000",
        "135504.417000",
        "135504.420000",
        "135504.423000",
        "135504.426000",
        "135504.429000",
        "135504.432000",
        "135504.435000",
        "135504.438000",
        "135504.441000",
        "135504.444000",
        "135504.447000",
        "135504.451000",
        "135504.454000",
        "135504.457000",
        "135504.460000",
        "135549.090000",
        "135549.094000",
        "135549.097000",
        "135549.100000",
        "135549.103000",
        "135549.106000",
        "135549.109000",
        "135549.113000",
        "135549.116000",
        "135549.119000",
        "135549.122000",
        "135549.125000",
        "135549.128000",
        "135549.131000",
        "135549.134000",
        "135549.138000",
        "135549.141000",
        "135549.144000"
      ],
      "InstanceCreationTime": [
        "135204.392000",
        "135204.395000",
        "135204.409000",
        "135204.412000",
        "135204.415000",
        "135204.423000",
        "135204.426000",
        "135204.429000",
        "135204.432000",
        "135204.436000",
        "135204.439000",
        "135204.442000",
        "135204.445000",
        "135204.448000",
        "135204.451000",
        "135204.454000",
        "135204.457000",
        "135204.460000",
        "135204.463000",
        "135204.466000",
        "135304.386000",
        "135304.390000",
        "135304.393000",
        "135304.405000",
        "135304.408000",
        "135304.412000",
        "135304.415000",
        "135304.418000",
        "135304.421000",
        "135304.424000",
        "135304.427000",
        "135304.430000",
        "135304.433000",
        "135304.436000",
        "135304.439000",
        "135304.442000",
        "135304.446000",
        "135304.449000",
        "135304.452000",
        "135304.455000",
        "135304.458000",
        "135304.461000",
        "135304.464000",
        "135404.387000",
        "135404.390000",
        "135404.393000",
        "135404.397000",
        "135404.400000",
        "135404.403000",
        "135404.406000",
        "135404.409000",
        "135404.413000",
        "135404.416000",
        "135404.419000",
        "135404.422000",
        "135404.425000",
        "135404.428000",
        "135404.431000",
        "135404.434000",
        "135404.437000",
        "135404.440000",
        "135404.443000",
        "135404.446000",
        "135404.450000",
        "135404.453000",
        "135404.456000",
        "135504.387000",
        "135504.390000",
        "135504.393000",
        "135504.397000",
        "135504.400000",
        "135504.403000",
        "135504.406000",
        "135504.413000",
        "135504.417000",
        "135504.420000",
        "135504.423000",
        "135504.426000",
        "135504.429000",
        "135504.432000",
        "135504.435000",
        "135504.438000",
        "135504.441000",
        "135504.444000",
        "135504.447000",
        "135504.451000",
        "135504.454000",
        "135504.457000",
        "135504.460000",
        "135549.090000",
        "135549.094000",
        "135549.097000",
        "135549.100000",
        "135549.103000",
        "135549.106000",
        "135549.109000",
        "135549.113000",
        "135549.116000",
        "135549.119000",
        "135549.122000",
        "135549.125000",
        "135549.128000",
        "135549.131000",
        "135549.134000",
        "135549.138000",
        "135549.141000",
        "135549.144000"
      ],
      "InstanceNumber": [
        1,
        2,
        3,
        4,
        5,
        6,
        7,
        8,
        9,
        10,
        11,
        12,
        13,
        14,
        15,
        16,
        17,
        18,
        19,
        20,
        21,
        22,
        23,
        24,
        25,
        26,
        27,
        28,
        29,
        30,
        31,
        32,
        33,
        34,
        35,
        36,
        37,
        38,
        39,
        40,
        41,
        42,
        43,
        44,
        45,
        46,
        47,
        48,
        49,
        50,
        51,
        52,
        53,
        54,
        55,
        56,
        57,
        58,
        59,
        60,
        61,
        62,
        63,
        64,
        65,
        66,
        67,
        68,
        69,
        70,
        71,
        72,
        73,
        74,
        75,
        76,
        77,
        78,
        79,
        80,
        81,
        82,
        83,
        84,
        85,
        86,
        87,
        88,
        89,
        90,
        91,
        92,
        93,
        94,
        95,
        96,
        97,
        98,
        99,
        100,
        101,
        102,
        103,
        104,
        105,
        106,
        107
      ],
      "LargestImagePixelValue": [
        2322,
        2184,
        453,
        484,
        468,
        518,
        515,
        515,
        517,
        463,
        507,
        2087,
        492,
        514,
        486,
        489,
        390,
        402,
        541,
        474,
        468,
        453,
        2063,
        492,
        488,
        476,
        480,
        394,
        449,
        408,
        427,
        400,
        433,
        1780,
        542,
        448,
        413,
        507,
        488,
        475,
        492,
        428,
        489,
        454,
        2051,
        440,
        437,
        343,
        482,
        492,
        438,
        450,
        452,
        482,
        461,
        2008,
        523,
        418,
        447,
        464,
        506,
        442,
        458,
        502,
        379,
        481,
        1942,
        435,
        495,
        505,
        466,
        490,
        429,
        452,
        425,
        413,
        394,
        1964,
        450,
        474,
        515,
        482,
        532,
        467,
        486,
        393,
        461,
        2118,
        419,
        442,
        506,
        443,
        472,
        411,
        466,
        415,
        518,
        1844,
        447,
        483,
        453,
        445,
        489,
        460,
        465,
        427,
        446
      ],
      "SequenceName": [
        "*ep_b0",
        "*ep_b0",
        "*ep_b1000#2",
        "*ep_b1000#3",
        "*ep_b1000#4",
        "*ep_b1000#5",
        "*ep_b1000#6",
        "*ep_b1000#7",
        "*ep_b1000#8",
        "*ep_b1000#9",
        "*ep_b1000#10",
        "*ep_b0",
        "*ep_b1000#12",
        "*ep_b1000#13",
        "*ep_b1000#14",
        "*ep_b1000#15",
        "*ep_b1000#16",
        "*ep_b1000#17",
        "*ep_b1000#18",
        "*ep_b1000#19",
        "*ep_b1000#20",
        "*ep_b1000#21",
        "*ep_b0",
        "*ep_b1000#23",
        "*ep_b1000#24",
        "*ep_b1000#25",
        "*ep_b1000#26",
        "*ep_b1000#27",
        "*ep_b1000#28",
        "*ep_b1000#29",
        "*ep_b1000#30",
        "*ep_b1000#31",
        "*ep_b1000#32",
        "*ep_b0",
        "*ep_b1000#34",
        "*ep_b1000#35",
        "*ep_b1000#36",
        "*ep_b1000#37",
        "*ep_b1000#38",
        "*ep_b1000#39",
        "*ep_b1000#40",
        "*ep_b1000#41",
        "*ep_b1000#42",
        "*ep_b1000#43",
        "*ep_b0",
        "*ep_b1000#45",
        "*ep_b1000#46",
        "*ep_b1000#47",
        "*ep_b1000#48",
        "*ep_b1000#49",
        "*ep_b1000#50",
        "*ep_b1000#51",
        "*ep_b1000#52",
        "*ep_b1000#53",
        "*ep_b1000#54",
        "*ep_b0",
        "*ep_b1000#56",
        "*ep_b1000#57",
        "*ep_b1000#58",
        "*ep_b1000#59",
        "*ep_b1000#60",
        "*ep_b1000#61",
        "*ep_b1000#62",
        "*ep_b1000#63",
        "*ep_b1000#64",
        "*ep_b1000#65",
        "*ep_b0",
        "*ep_b1000#67",
        "*ep_b1000#68",
        "*ep_b1000#69",
        "*ep_b1000#70",
        "*ep_b1000#71",
        "*ep_b1000#72",
        "*ep_b1000#73",
        "*ep_b1000#74",
        "*ep_b1000#75",
        "*ep_b1000#76",
        "*ep_b0",
        "*ep_b1000#78",
        "*ep_b1000#79",
        "*ep_b1000#80",
        "*ep_b1000#81",
        "*ep_b1000#82",
        "*ep_b1000#83",
        "*ep_b1000#84",
        "*ep_b1000#85",
        "*ep_b1000#86",
        "*ep_b0",
        "*ep_b1000#88",
        "*ep_b1000#89",
        "*ep_b1000#90",
        "*ep_b1000#91",
        "*ep_b1000#92",
        "*ep_b1000#93",
        "*ep_b1000#94",
        "*ep_b1000#95",
        "*ep_b1000#96",
        "*ep_b0",
        "*ep_b1000#98",
        "*ep_b1000#99",
        "*ep_b1000#100",
        "*ep_b1000#101",
        "*ep_b1000#102",
        "*ep_b1000#103",
        "*ep_b1000#104",
        "*ep_b1000#105",
        "*ep_b1000#106"
      ],
      "WindowCenter": [
        214,
        207,
        89,
        93,
        91,
        92,
        91,
        91,
        93,
        89,
        92,
        202,
        92,
        91,
        90,
        92,
        91,
        89,
        92,
        92,
        90,
        92,
        201,
        91,
        92,
        91,
        91,
        91,
        90,
        91,
        89,
        91,
        93,
        194,
        91,
        91,
        89,
        93,
        90,
        92,
        92,
        91,
        91,
        92,
        201,
        90,
        90,
        92,
        91,
        91,
        90,
        91,
        91,
        91,
        92,
        200,
        91,
        89,
        92,
        89,
        92,
        91,
        91,
        90,
        90,
        91,
        199,
        90,
        92,
        91,
        90,
        91,
        90,
        92,
        90,
        91,
        90,
        199,
        92,
        91,
        90,
        90,
        91,
        90,
        91,
        91,
        90,
        203,
        90,
        91,
        91,
        91,
        90,
        89,
        92,
        91,
        90,
        194,
        91,
        91,
        90,
        91,
        91,
        91,
        89,
        91,
        89
      ],
      "WindowWidth": [
        496,
        486,
        230,
        237,
        234,
        237,
        235,
        234,
        237,
        229,
        237,
        478,
        236,
        233,
        231,
        236,
        234,
        229,
        236,
        237,
        231,
        235,
        477,
        233,
        237,
        233,
        233,
        235,
        232,
        234,
        229,
        233,
        239,
        465,
        235,
        234,
        229,
        237,
        231,
        235,
        236,
        233,
        233,
        237,
        475,
        231,
        231,
        236,
        233,
        233,
        232,
        233,
        233,
        233,
        235,
        476,
        235,
        229,
        235,
        230,
        237,
        234,
        233,
        233,
        231,
        233,
        474,
        231,
        237,
        235,
        232,
        233,
        231,
        235,
        231,
        235,
        231,
        473,
        235,
        233,
        232,
        233,
        234,
        231,
        235,
        233,
        231,
        478,
        231,
        233,
        235,
        233,
        233,
        229,
        236,
        233,
        233,
        464,
        233,
        233,
        231,
        233,
        233,
        234,
        230,
        233,
        229
      ]
    },
    "slices": {}
  },
  "CoilCombinationMethod": "Adaptive Combine",
  "NonlinearGradientCorrection": false,
  "PulseSequenceType": "Spin Echo EPI",
  "B0FieldSource": "pepolar_ses-1"
}
