{
  "AcquisitionMatrixPE": 120,
  "AcquisitionNumber": 1,
  "BandwidthPerPixelPhaseEncode": 13.021,
  "BaseResolution": 120,
  "BodyPartExamined": "BRAIN",
  "ConsistencyInfo": "N4_VE11C_LATEST_20160120",
  "ConversionSoftware": "dcm2niix",
  "ConversionSoftwareVersion": "v1.0.20171215 (OpenJPEG build) GCC6.3.0",
  "DerivedVendorReportedEchoSpacing": 0.000639992,
  "DeviceSerialNumber": "66112",
  "DwellTime": 2.4e-06,
  "EchoTime": 0.096,
  "EchoTrainLength": 120,
  "EffectiveEchoSpacing": 0.000639992,
  "FlipAngle": 90,
  "ImageOrientationPatientDICOM": [
    0.999287,
    0.0340023,
    -0.0164387,
    -0.0359436,
    0.989843,
    -0.137547
  ],
  "ImageType": [
    "ORIGINAL",
    "PRIMARY",
    "DIFFUSION",
    "NONE",
    "ND",
    "NORM"
  ],
  "InPlanePhaseEncodingDirectionDICOM": "COL",
  "InstitutionAddress": "Maynard_3_Hanover_NH_US_03755",
  "InstitutionName": "Dartmouth_College_-_PBS",
  "InstitutionalDepartmentName": "Department",
  "MRAcquisitionType": "2D",
  "MagneticFieldStrength": 3,
  "Manufacturer": "Siemens",
  "ManufacturersModelName": "Prisma",
  "Modality": "MR",
  "PartialFourier": 1,
  "PatientPosition": "HFS",
  "PercentPhaseFOV": 100,
  "PhaseEncodingDirection": "j",
  "PhaseEncodingSteps": 120,
  "PhaseResolution": 1,
  "PixelBandwidth": 1735,
  "ProcedureStepDescription": "Gobbini_Matteo_1038_hyperface",
  "ProtocolName": "fmap_acq-2.0mmX4b0_dir-PA",
  "PulseSequenceDetails": "%SiemensSeq%_ep2d_diff",
  "ReceiveCoilActiveElements": "HEA;HEP",
  "ReceiveCoilName": "Head_32",
  "ReconMatrixPE": 120,
  "RepetitionTime": 9.7,
  "SAR": 0.121342,
  "ScanOptions": "FS",
  "ScanningSequence": "EP",
  "SequenceName": "_ep_b0",
  "SequenceVariant": "SK_SP",
  "SeriesDescription": "fmap_acq-2.0mmX4b0_dir-PA",
  "SeriesNumber": 65,
  "ShimSetting": [
    4146,
    -7684,
    -7290,
    520,
    -30,
    12,
    53,
    109
  ],
  "SliceThickness": 2,
  "SoftwareVersions": "syngo_MR_E11",
  "SpacingBetweenSlices": 2,
  "StationName": "AWP66112",
  "TotalReadoutTime": 0.076159,
  "TxRefAmp": 244.909,
  "time": {
    "samples": {
      "AcquisitionNumber": [
        1,
        2,
        3,
        4,
        5,
        6
      ],
      "SequenceName": [
        "*ep_b0",
        "*ep_b0",
        "*ep_b0",
        "*ep_b0",
        "*ep_b1000#5",
        "*ep_b650#6"
      ]
    },
    "slices": {
      "CsaImage.ProtocolSliceNumber": [
        0,
        1,
        2,
        3,
        4,
        5,
        6,
        7,
        8,
        9,
        10,
        11,
        12,
        13,
        14,
        15,
        16,
        17,
        18,
        19,
        20,
        21,
        22,
        23,
        24,
        25,
        26,
        27,
        28,
        29,
        30,
        31,
        32,
        33,
        34,
        35,
        36,
        37,
        38,
        39,
        40,
        41,
        42,
        43,
        44,
        45,
        46,
        47,
        48,
        49,
        50,
        51,
        52,
        53,
        54,
        55,
        56,
        57,
        58,
        59,
        60,
        61,
        62,
        63
      ],
      "CsaImage.SlicePosition_PCS": [
        [
          -117.4316213,
          -145.15791596,
          -53.41433588
        ],
        [
          -117.40843164,
          -144.88183678,
          -51.43361536
        ],
        [
          -117.38524209,
          -144.6057576,
          -49.45289484
        ],
        [
          -117.36205255,
          -144.32967842,
          -47.47218195
        ],
        [
          -117.33886288,
          -144.05359925,
          -45.49146143
        ],
        [
          -117.31567334,
          -143.77752007,
          -43.51074473
        ],
        [
          -117.29248379,
          -143.50144089,
          -41.53002802
        ],
        [
          -117.26929413,
          -143.22535981,
          -39.54931132
        ],
        [
          -117.24610458,
          -142.94928063,
          -37.5685908
        ],
        [
          -117.22291504,
          -142.67320145,
          -35.58787409
        ],
        [
          -117.19972538,
          -142.39712227,
          -33.60715739
        ],
        [
          -117.17653583,
          -142.12104309,
          -31.62644068
        ],
        [
          -117.15334629,
          -141.84496392,
          -29.64572016
        ],
        [
          -117.13015662,
          -141.56888474,
          -27.66500346
        ],
        [
          -117.10696708,
          -141.29280556,
          -25.68428675
        ],
        [
          -117.08377741,
          -141.01672638,
          -23.70357004
        ],
        [
          -117.06058787,
          -140.7406472,
          -21.72284952
        ],
        [
          -117.03739832,
          -140.46456803,
          -19.74213282
        ],
        [
          -117.01420866,
          -140.18848694,
          -17.76141611
        ],
        [
          -116.99101912,
          -139.91240776,
          -15.78069941
        ],
        [
          -116.96782957,
          -139.63632859,
          -13.79997889
        ],
        [
          -116.94463991,
          -139.36024941,
          -11.81926218
        ],
        [
          -116.92145036,
          -139.08417023,
          -9.83854548
        ],
        [
          -116.89826082,
          -138.80809105,
          -7.85782687
        ],
        [
          -116.87507115,
          -138.53201187,
          -5.87711016
        ],
        [
          -116.85188161,
          -138.2559327,
          -3.89639155
        ],
        [
          -116.82869206,
          -137.97985352,
          -1.91567484
        ],
        [
          -116.8055024,
          -137.70377339,
          0.06504377
        ],
        [
          -116.78231286,
          -137.42769421,
          2.04576048
        ],
        [
          -116.75912331,
          -137.15161503,
          4.02647909
        ],
        [
          -116.73593365,
          -136.87553585,
          6.00719675
        ],
        [
          -116.7127441,
          -136.59945668,
          7.98791441
        ],
        [
          -116.68955456,
          -136.3233775,
          9.96863111
        ],
        [
          -116.66636489,
          -136.04729737,
          11.94934925
        ],
        [
          -116.64317535,
          -135.77121819,
          13.93006691
        ],
        [
          -116.6199858,
          -135.49513901,
          15.91078457
        ],
        [
          -116.59679614,
          -135.21905983,
          17.89150222
        ],
        [
          -116.5736066,
          -134.94298065,
          19.87221988
        ],
        [
          -116.55041699,
          -134.66690052,
          21.85293754
        ],
        [
          -116.52722739,
          -134.39082135,
          23.8336552
        ],
        [
          -116.50403784,
          -134.11474217,
          25.81437286
        ],
        [
          -116.48084824,
          -133.83866299,
          27.79509004
        ],
        [
          -116.45765863,
          -133.56258381,
          29.7758077
        ],
        [
          -116.43446909,
          -133.28650463,
          31.75652536
        ],
        [
          -116.41127949,
          -133.0104245,
          33.73724302
        ],
        [
          -116.38808988,
          -132.73434532,
          35.71796163
        ],
        [
          -116.36490034,
          -132.45826615,
          37.69867834
        ],
        [
          -116.34171073,
          -132.18218697,
          39.67939695
        ],
        [
          -116.31852113,
          -131.90610779,
          41.66011366
        ],
        [
          -116.29533158,
          -131.63002861,
          43.64083227
        ],
        [
          -116.27214198,
          -131.35394848,
          45.62154897
        ],
        [
          -116.24895237,
          -131.0778693,
          47.60226759
        ],
        [
          -116.22576277,
          -130.80179013,
          49.58298429
        ],
        [
          -116.20257323,
          -130.52571095,
          51.5637029
        ],
        [
          -116.17938362,
          -130.24963129,
          53.54441961
        ],
        [
          -116.15619402,
          -129.97355212,
          55.52513631
        ],
        [
          -116.13300447,
          -129.69747294,
          57.50585683
        ],
        [
          -116.10981487,
          -129.42139328,
          59.48657354
        ],
        [
          -116.08662529,
          -129.14531411,
          61.46729025
        ],
        [
          -116.06343569,
          -128.86923493,
          63.44800695
        ],
        [
          -116.04024612,
          -128.59315527,
          65.42872747
        ],
        [
          -116.01705654,
          -128.31707609,
          67.40944418
        ],
        [
          -115.99386694,
          -128.04099692,
          69.39016088
        ],
        [
          -115.97067736,
          -127.76491726,
          71.37087759
        ]
      ],
      "ImagePositionPatient": [
        [
          -117.43162129908,
          -145.15791595765,
          -53.414335883585
        ],
        [
          -117.40843163519,
          -144.88183677979,
          -51.433615363566
        ],
        [
          -117.38524209051,
          -144.60575760194,
          -49.452894843546
        ],
        [
          -117.36205254584,
          -144.32967842408,
          -47.472181952921
        ],
        [
          -117.33886288195,
          -144.05359924622,
          -45.491461432902
        ],
        [
          -117.31567333727,
          -143.77752006837,
          -43.51074472758
        ],
        [
          -117.29248379259,
          -143.50144089051,
          -41.530028022257
        ],
        [
          -117.26929412871,
          -143.22535980531,
          -39.549311316935
        ],
        [
          -117.24610458403,
          -142.94928062745,
          -37.568590796916
        ],
        [
          -117.22291503935,
          -142.67320144959,
          -35.587874091593
        ],
        [
          -117.19972537546,
          -142.39712227174,
          -33.607157386271
        ],
        [
          -117.17653583079,
          -142.12104309388,
          -31.626440680949
        ],
        [
          -117.15334628611,
          -141.84496391602,
          -29.645720160929
        ],
        [
          -117.13015662222,
          -141.56888473817,
          -27.665003455607
        ],
        [
          -117.10696707754,
          -141.29280556031,
          -25.684286750285
        ],
        [
          -117.08377741366,
          -141.01672638246,
          -23.703570044962
        ],
        [
          -117.06058786898,
          -140.7406472046,
          -21.722849524943
        ],
        [
          -117.0373983243,
          -140.46456802674,
          -19.742132819621
        ],
        [
          -117.01420866041,
          -140.18848694154,
          -17.761416114298
        ],
        [
          -116.99101911574,
          -139.91240776368,
          -15.780699408976
        ],
        [
          -116.96782957106,
          -139.63632858582,
          -13.799978888957
        ],
        [
          -116.94463990717,
          -139.36024940797,
          -11.819262183634
        ],
        [
          -116.92145036249,
          -139.08417023011,
          -9.838545478312
        ],
        [
          -116.89826081782,
          -138.80809105225,
          -7.8578268656411
        ],
        [
          -116.87507115393,
          -138.5320118744,
          -5.8771101603188
        ],
        [
          -116.85188160925,
          -138.25593269654,
          -3.8963915476479
        ],
        [
          -116.82869206457,
          -137.97985351869,
          -1.9156748423257
        ],
        [
          -116.80550240069,
          -137.70377338715,
          0.06504377034522
        ],
        [
          -116.78231285601,
          -137.4276942093,
          2.0457604756675
        ],
        [
          -116.75912331133,
          -137.15161503144,
          4.0264790883384
        ],
        [
          -116.73593364744,
          -136.87553585359,
          6.007196747335
        ],
        [
          -116.71274410277,
          -136.59945667573,
          7.9879144063315
        ],
        [
          -116.68955455809,
          -136.32337749787,
          9.9686311116538
        ],
        [
          -116.6663648942,
          -136.04729736634,
          11.949349247488
        ],
        [
          -116.64317534952,
          -135.77121818849,
          13.930066906484
        ],
        [
          -116.61998580485,
          -135.49513901063,
          15.910784565481
        ],
        [
          -116.59679614096,
          -135.21905983277,
          17.891502224477
        ],
        [
          -116.57360659628,
          -134.94298065492,
          19.872219883474
        ],
        [
          -116.550416992,
          -134.66690052339,
          21.85293754247
        ],
        [
          -116.52722738772,
          -134.39082134553,
          23.833655201467
        ],
        [
          -116.50403784304,
          -134.11474216767,
          25.814372860464
        ],
        [
          -116.48084823876,
          -133.83866298982,
          27.795090042623
        ],
        [
          -116.45765863447,
          -133.56258381196,
          29.77580770162
        ],
        [
          -116.4344690898,
          -133.2865046341,
          31.756525360616
        ],
        [
          -116.41127948551,
          -133.01042450257,
          33.737243019613
        ],
        [
          -116.38808988123,
          -132.73434532472,
          35.717961632284
        ],
        [
          -116.36490033655,
          -132.45826614686,
          37.698678337606
        ],
        [
          -116.34171073227,
          -132.182186969,
          39.679396950277
        ],
        [
          -116.31852112799,
          -131.90610779115,
          41.660113655599
        ],
        [
          -116.29533158331,
          -131.63002861329,
          43.64083226827
        ],
        [
          -116.27214197903,
          -131.35394848176,
          45.621548973592
        ],
        [
          -116.24895237475,
          -131.0778693039,
          47.602267586263
        ],
        [
          -116.22576277046,
          -130.80179012605,
          49.582984291585
        ],
        [
          -116.20257322579,
          -130.52571094819,
          51.563702904256
        ],
        [
          -116.1793836215,
          -130.2496312935,
          53.544419609579
        ],
        [
          -116.15619401722,
          -129.97355211564,
          55.525136314901
        ],
        [
          -116.13300447254,
          -129.69747293778,
          57.50585683492
        ],
        [
          -116.10981486826,
          -129.42139328309,
          59.486573540243
        ],
        [
          -116.08662529378,
          -129.14531410523,
          61.467290245565
        ],
        [
          -116.0634356895,
          -128.86923492738,
          63.448006950887
        ],
        [
          -116.04024611502,
          -128.59315527268,
          65.428727470907
        ],
        [
          -116.01705654054,
          -128.31707609483,
          67.409444176229
        ],
        [
          -115.99386693626,
          -128.04099691697,
          69.390160881551
        ],
        [
          -115.97067736178,
          -127.76491726228,
          71.370877586874
        ]
      ],
      "SliceLocation": [
        -74.298505051362,
        -72.298502238518,
        -70.298499427057,
        -68.298504171433,
        -66.298501358589,
        -64.298502325047,
        -62.298503291504,
        -60.29850399329,
        -58.298501181828,
        -56.298502148286,
        -54.298503113361,
        -52.298504079819,
        -50.298501268357,
        -48.298502233432,
        -46.29850319989,
        -44.298504164965,
        -42.298501353503,
        -40.298502319961,
        -38.298503021746,
        -36.298503988204,
        -34.298501176742,
        -32.298502141818,
        -30.298503108275,
        -28.298502185773,
        -26.298503150848,
        -24.298502228346,
        -22.298503194804,
        -20.298502139275,
        -18.298503105732,
        -16.29850218323,
        -14.298502203826,
        -12.298502225803,
        -10.298503192261,
        -8.2985026089716,
        -6.2985026309493,
        -4.298502652927,
        -2.2985026735225,
        -0.2985026955002,
        1.7014974148581,
        3.7014973935714,
        5.7014973715937,
        7.7014968780672,
        9.7014968567806,
        11.701496834803,
        13.701496945161,
        15.701497868354,
        17.701496901897,
        19.70149782509,
        21.701496859324,
        23.701497781826,
        25.701496947704,
        27.701497870897,
        29.701496905131,
        31.701497827633,
        33.701496927689,
        35.701495961923,
        37.701498773384,
        39.70149787344,
        41.701496907328,
        43.701495941562,
        45.701498819192,
        47.70149785308,
        49.701496887313,
        51.701495987024
      ]
    }
  }
}
