{
  "AcquisitionMatrixPE": 120,
  "AcquisitionNumber": 1,
  "BandwidthPerPixelPhaseEncode": 13.021,
  "BaseResolution": 120,
  "BodyPartExamined": "BRAIN",
  "ConsistencyInfo": "N4_VE11C_LATEST_20160120",
  "ConversionSoftware": "dcm2niix",
  "ConversionSoftwareVersion": "v1.0.20171215 (OpenJPEG build) GCC6.3.0",
  "DerivedVendorReportedEchoSpacing": 0.000639992,
  "DeviceSerialNumber": "66112",
  "DwellTime": 2.4e-06,
  "EchoTime": 0.096,
  "EchoTrainLength": 120,
  "EffectiveEchoSpacing": 0.000639992,
  "FlipAngle": 90,
  "ImageOrientationPatientDICOM": [
    0.999287,
    0.0340023,
    -0.0164387,
    -0.0359436,
    0.989843,
    -0.137547
  ],
  "ImageType": [
    "ORIGINAL",
    "PRIMARY",
    "DIFFUSION",
    "NONE",
    "ND",
    "NORM"
  ],
  "InPlanePhaseEncodingDirectionDICOM": "COL",
  "InstitutionAddress": "Maynard_3_Hanover_NH_US_03755",
  "InstitutionName": "Dartmouth_College_-_PBS",
  "InstitutionalDepartmentName": "Department",
  "MRAcquisitionType": "2D",
  "MagneticFieldStrength": 3,
  "Manufacturer": "Siemens",
  "ManufacturersModelName": "Prisma",
  "Modality": "MR",
  "PartialFourier": 1,
  "PatientPosition": "HFS",
  "PercentPhaseFOV": 100,
  "PhaseEncodingDirection": "j-",
  "PhaseEncodingSteps": 120,
  "PhaseResolution": 1,
  "PixelBandwidth": 1735,
  "ProcedureStepDescription": "Gobbini_Matteo_1038_hyperface",
  "ProtocolName": "fmap_acq-2.0mmX4b0_dir-AP",
  "PulseSequenceDetails": "%SiemensSeq%_ep2d_diff",
  "ReceiveCoilActiveElements": "HEA;HEP",
  "ReceiveCoilName": "Head_32",
  "ReconMatrixPE": 120,
  "RepetitionTime": 9.7,
  "SAR": 0.121342,
  "ScanOptions": "FS",
  "ScanningSequence": "EP",
  "SequenceName": "_ep_b0",
  "SequenceVariant": "SK_SP",
  "SeriesDescription": "fmap_acq-2.0mmX4b0_dir-AP",
  "SeriesNumber": 64,
  "ShimSetting": [
    4146,
    -7684,
    -7290,
    519,
    -30,
    12,
    53,
    108
  ],
  "SliceThickness": 2,
  "SoftwareVersions": "syngo_MR_E11",
  "SpacingBetweenSlices": 2,
  "StationName": "AWP66112",
  "TotalReadoutTime": 0.076159,
  "TxRefAmp": 244.909,
  "time": {
    "samples": {
      "AcquisitionNumber": [
        1,
        2,
        3,
        4,
        5,
        6
      ],
      "SequenceName": [
        "*ep_b0",
        "*ep_b0",
        "*ep_b0",
        "*ep_b0",
        "*ep_b1000#5",
        "*ep_b650#6"
      ]
    },
    "slices": {
      "CsaImage.ProtocolSliceNumber": [
        0,
        1,
        2,
        3,
        4,
        5,
        6,
        7,
        8,
        9,
        10,
        11,
        12,
        13,
        14,
        15,
        16,
        17,
        18,
        19,
        20,
        21,
        22,
        23,
        24,
        25,
        26,
        27,
        28,
        29,
        30,
        31,
        32,
        33,
        34,
        35,
        36,
        37,
        38,
        39,
        40,
        41,
        42,
        43,
        44,
        45,
        46,
        47,
        48,
        49,
        50,
        51,
        52,
        53,
        54,
        55,
        56,
        57,
        58,
        59,
        60,
        61,
        62,
        63
      ],
      "CsaImage.SlicePosition_PCS": [
        [
          -117.41516636,
          -145.12596215,
          -53.45864741
        ],
        [
          -117.39197682,
          -144.84988297,
          -51.47793452
        ],
        [
          -117.36878727,
          -144.57380379,
          -49.497214
        ],
        [
          -117.34559761,
          -144.29772461,
          -47.51649348
        ],
        [
          -117.32240807,
          -144.02164543,
          -45.53578059
        ],
        [
          -117.29921852,
          -143.74556435,
          -43.55506007
        ],
        [
          -117.27602886,
          -143.46948517,
          -41.57434336
        ],
        [
          -117.25283931,
          -143.19340599,
          -39.59362666
        ],
        [
          -117.22964977,
          -142.91732682,
          -37.61290995
        ],
        [
          -117.2064601,
          -142.64124764,
          -35.63218943
        ],
        [
          -117.18327056,
          -142.36516846,
          -33.65147272
        ],
        [
          -117.16008101,
          -142.08908928,
          -31.67075602
        ],
        [
          -117.13689135,
          -141.8130101,
          -29.69003931
        ],
        [
          -117.11370181,
          -141.53693093,
          -27.70931879
        ],
        [
          -117.09051226,
          -141.26085175,
          -25.72860209
        ],
        [
          -117.0673226,
          -140.98477257,
          -23.74788538
        ],
        [
          -117.04413305,
          -140.70869149,
          -21.76716868
        ],
        [
          -117.02094351,
          -140.43261231,
          -19.78644816
        ],
        [
          -116.99775384,
          -140.15653313,
          -17.80573145
        ],
        [
          -116.9745643,
          -139.88045395,
          -15.82501475
        ],
        [
          -116.95137476,
          -139.60437477,
          -13.84429804
        ],
        [
          -116.92818509,
          -139.3282956,
          -11.86357943
        ],
        [
          -116.90499555,
          -139.05221642,
          -9.88286082
        ],
        [
          -116.881806,
          -138.77613724,
          -7.90214411
        ],
        [
          -116.85861634,
          -138.50005806,
          -5.9214255
        ],
        [
          -116.83542679,
          -138.22397793,
          -3.94070879
        ],
        [
          -116.81223725,
          -137.94789875,
          -1.95999018
        ],
        [
          -116.78904758,
          -137.67181958,
          0.02072652
        ],
        [
          -116.76585804,
          -137.3957404,
          2.00144514
        ],
        [
          -116.74266838,
          -137.11966122,
          3.98216184
        ],
        [
          -116.71947883,
          -136.84358109,
          5.9628795
        ],
        [
          -116.69628929,
          -136.56750191,
          7.94359716
        ],
        [
          -116.67309962,
          -136.29142273,
          9.92431482
        ],
        [
          -116.64991008,
          -136.01534355,
          11.90503248
        ],
        [
          -116.62672053,
          -135.73926438,
          13.88575014
        ],
        [
          -116.60353087,
          -135.4631852,
          15.8664678
        ],
        [
          -116.58034133,
          -135.18710507,
          17.84718558
        ],
        [
          -116.55715172,
          -134.91102589,
          19.82790323
        ],
        [
          -116.53396218,
          -134.63494671,
          21.80862077
        ],
        [
          -116.51077257,
          -134.35886753,
          23.78933843
        ],
        [
          -116.48758297,
          -134.08278836,
          25.77005609
        ],
        [
          -116.46439342,
          -133.80670918,
          27.75077375
        ],
        [
          -116.44120382,
          -133.53062905,
          29.73149141
        ],
        [
          -116.41801421,
          -133.25454987,
          31.71220907
        ],
        [
          -116.39482467,
          -132.97847069,
          33.69292673
        ],
        [
          -116.37163507,
          -132.70239151,
          35.67364439
        ],
        [
          -116.34844546,
          -132.42631234,
          37.654363
        ],
        [
          -116.32525592,
          -132.15023316,
          39.6350797
        ],
        [
          -116.30206631,
          -131.87415303,
          41.61579832
        ],
        [
          -116.27887671,
          -131.59807385,
          43.59651502
        ],
        [
          -116.25568716,
          -131.32199467,
          45.57723364
        ],
        [
          -116.23249756,
          -131.04591549,
          47.55795034
        ],
        [
          -116.20930795,
          -130.76983584,
          49.53866895
        ],
        [
          -116.18611835,
          -130.49375666,
          51.51938757
        ],
        [
          -116.16292881,
          -130.21767748,
          53.50010427
        ],
        [
          -116.1397392,
          -129.94159783,
          55.48082098
        ],
        [
          -116.1165496,
          -129.66551865,
          57.46153768
        ],
        [
          -116.09336002,
          -129.38943947,
          59.4422582
        ],
        [
          -116.07017045,
          -129.11335982,
          61.42297491
        ],
        [
          -116.04698087,
          -128.83728064,
          63.40369161
        ],
        [
          -116.02379127,
          -128.56120098,
          65.38440832
        ],
        [
          -116.00060169,
          -128.28512181,
          67.36512884
        ],
        [
          -115.97741209,
          -128.00904263,
          69.34584554
        ],
        [
          -115.95422252,
          -127.73296297,
          71.32656225
        ]
      ],
      "ImagePositionPatient": [
        [
          -117.415166364,
          -145.125962146,
          -53.458647407023
        ],
        [
          -117.39197681933,
          -144.84988296815,
          -51.477934516398
        ],
        [
          -117.36878727465,
          -144.57380379029,
          -49.497213996378
        ],
        [
          -117.34559761076,
          -144.29772461244,
          -47.516493476359
        ],
        [
          -117.32240806608,
          -144.02164543458,
          -45.535780585734
        ],
        [
          -117.29921852141,
          -143.74556434937,
          -43.555060065714
        ],
        [
          -117.27602885752,
          -143.46948517152,
          -41.574343360392
        ],
        [
          -117.25283931284,
          -143.19340599366,
          -39.59362665507
        ],
        [
          -117.22964976816,
          -142.9173268158,
          -37.612909949748
        ],
        [
          -117.20646010428,
          -142.64124763795,
          -35.632189429728
        ],
        [
          -117.1832705596,
          -142.36516846009,
          -33.651472724406
        ],
        [
          -117.16008101492,
          -142.08908928224,
          -31.670756019083
        ],
        [
          -117.13689135103,
          -141.81301010438,
          -29.690039313761
        ],
        [
          -117.11370180636,
          -141.53693092652,
          -27.709318793742
        ],
        [
          -117.09051226168,
          -141.26085174867,
          -25.728602088419
        ],
        [
          -117.06732259779,
          -140.98477257081,
          -23.747885383097
        ],
        [
          -117.04413305311,
          -140.7086914856,
          -21.767168677775
        ],
        [
          -117.02094350844,
          -140.43261230775,
          -19.786448157755
        ],
        [
          -116.99775384455,
          -140.15653312989,
          -17.805731452433
        ],
        [
          -116.97456429987,
          -139.88045395204,
          -15.825014747111
        ],
        [
          -116.95137475519,
          -139.60437477418,
          -13.844298041789
        ],
        [
          -116.92818509131,
          -139.32829559632,
          -11.863579429118
        ],
        [
          -116.90499554663,
          -139.05221641847,
          -9.8828608164468
        ],
        [
          -116.88180600195,
          -138.77613724061,
          -7.9021441111245
        ],
        [
          -116.85861633806,
          -138.50005806275,
          -5.9214254984536
        ],
        [
          -116.83542679339,
          -138.22397793122,
          -3.9407087931313
        ],
        [
          -116.81223724871,
          -137.94789875337,
          -1.9599901804604
        ],
        [
          -116.78904758482,
          -137.67181957551,
          0.02072652486182
        ],
        [
          -116.76585804014,
          -137.39574039765,
          2.0014451375327
        ],
        [
          -116.74266837626,
          -137.1196612198,
          3.982161842855
        ],
        [
          -116.71947883158,
          -136.84358108827,
          5.9628795018516
        ],
        [
          -116.6962892869,
          -136.56750191041,
          7.9435971608481
        ],
        [
          -116.67309962301,
          -136.29142273255,
          9.9243148198447
        ],
        [
          -116.64991007834,
          -136.0153435547,
          11.905032478841
        ],
        [
          -116.62672053366,
          -135.73926437684,
          13.885750137838
        ],
        [
          -116.60353086977,
          -135.46318519898,
          15.866467796834
        ],
        [
          -116.58034132509,
          -135.18710506745,
          17.84718557504
        ],
        [
          -116.55715172081,
          -134.9110258896,
          19.827903234037
        ],
        [
          -116.53396217613,
          -134.63494671174,
          21.808620773824
        ],
        [
          -116.51077257185,
          -134.35886753388,
          23.789338432821
        ],
        [
          -116.48758296757,
          -134.08278835603,
          25.770056091817
        ],
        [
          -116.46439342289,
          -133.80670917817,
          27.750773750814
        ],
        [
          -116.44120381861,
          -133.53062904664,
          29.731491409811
        ],
        [
          -116.41801421433,
          -133.25454986878,
          31.712209068807
        ],
        [
          -116.39482466965,
          -132.97847069093,
          33.692926727804
        ],
        [
          -116.37163506537,
          -132.70239151307,
          35.6736443868
        ],
        [
          -116.34844546108,
          -132.42631233521,
          37.654362999471
        ],
        [
          -116.32525591641,
          -132.15023315736,
          39.635079704793
        ],
        [
          -116.30206631212,
          -131.87415302583,
          41.615798317464
        ],
        [
          -116.27887670784,
          -131.59807384797,
          43.596515022787
        ],
        [
          -116.25568716316,
          -131.32199467011,
          45.577233635458
        ],
        [
          -116.23249755888,
          -131.04591549226,
          47.55795034078
        ],
        [
          -116.2093079546,
          -130.76983583756,
          49.538668953451
        ],
        [
          -116.18611835032,
          -130.49375665971,
          51.519387566122
        ],
        [
          -116.16292880564,
          -130.21767748185,
          53.500104271444
        ],
        [
          -116.13973920136,
          -129.94159782716,
          55.480820976766
        ],
        [
          -116.11654959707,
          -129.6655186493,
          57.461537682088
        ],
        [
          -116.09336002259,
          -129.38943947144,
          59.442258202108
        ],
        [
          -116.07017044811,
          -129.11335981675,
          61.42297490743
        ],
        [
          -116.04698087363,
          -128.83728063889,
          63.403691612752
        ],
        [
          -116.02379126935,
          -128.5612009842,
          65.384408318075
        ],
        [
          -116.00060169487,
          -128.28512180634,
          67.365128838094
        ],
        [
          -115.97741209059,
          -128.00904262849,
          69.345845543417
        ],
        [
          -115.95422251611,
          -127.73296297379,
          71.326562248739
        ]
      ],
      "SliceLocation": [
        -74.337787674686,
        -72.337792419062,
        -70.337789607601,
        -68.337786794757,
        -66.337791539133,
        -64.337788464382,
        -62.337789429457,
        -60.337790395915,
        -58.337791362372,
        -56.337788549528,
        -54.337789515986,
        -52.337790482443,
        -50.337791447519,
        -48.337788636057,
        -46.337789602515,
        -44.33779056759,
        -42.337791270758,
        -40.337788459296,
        -38.337789424371,
        -36.337790390829,
        -34.337791357286,
        -32.337790433402,
        -30.3377895109,
        -28.337790477357,
        -26.337789553473,
        -24.337790388286,
        -22.337789465784,
        -20.337790430859,
        -18.337789508357,
        -16.337790473432,
        -14.337790363765,
        -12.337790385743,
        -10.337790406338,
        -8.3377904283161,
        -6.3377904502938,
        -4.3377904708893,
        -2.3377902431621,
        -0.3377902644488,
        1.6622095955136,
        3.6622095742269,
        5.6622095529403,
        7.6622095309626,
        9.6622096413209,
        11.662209620034,
        13.662209598057,
        15.66220957677,
        17.662210499963,
        19.662209533506,
        21.662210588344,
        23.662209622577,
        25.662210545079,
        27.662209579313,
        29.662210568329,
        31.662211491522,
        33.662210525064,
        35.66220962512,
        37.662208659354,
        39.662211471161,
        41.662210570872,
        43.66220960476,
        45.662208704816,
        47.662211516623,
        49.662210550856,
        51.662209650567
      ]
    }
  }
}
