{
  "AcquisitionMatrixPE": 120,
  "AcquisitionNumber": 1,
  "BandwidthPerPixelPhaseEncode": 13.021,
  "BaseResolution": 120,
  "BodyPartExamined": "BRAIN",
  "ConsistencyInfo": "N4_VE11C_LATEST_20160120",
  "ConversionSoftware": "dcm2niix",
  "ConversionSoftwareVersion": "v1.0.20171215 (OpenJPEG build) GCC6.3.0",
  "DerivedVendorReportedEchoSpacing": 0.000639992,
  "DeviceSerialNumber": "66112",
  "DwellTime": 2.4e-06,
  "EchoTime": 0.096,
  "EchoTrainLength": 120,
  "EffectiveEchoSpacing": 0.000639992,
  "FlipAngle": 90,
  "ImageOrientationPatientDICOM": [
    0.999397,
    0.0345878,
    0.00305282,
    -0.0343758,
    0.997982,
    -0.0533818
  ],
  "ImageType": [
    "ORIGINAL",
    "PRIMARY",
    "DIFFUSION",
    "NONE",
    "ND",
    "NORM"
  ],
  "InPlanePhaseEncodingDirectionDICOM": "COL",
  "InstitutionAddress": "Maynard_3_Hanover_NH_US_03755",
  "InstitutionName": "Dartmouth_College_-_PBS",
  "InstitutionalDepartmentName": "Department",
  "MRAcquisitionType": "2D",
  "MagneticFieldStrength": 3,
  "Manufacturer": "Siemens",
  "ManufacturersModelName": "Prisma",
  "Modality": "MR",
  "PartialFourier": 1,
  "PatientPosition": "HFS",
  "PercentPhaseFOV": 100,
  "PhaseEncodingDirection": "j",
  "PhaseEncodingSteps": 120,
  "PhaseResolution": 1,
  "PixelBandwidth": 1735,
  "ProcedureStepDescription": "Gobbini_Matteo_1038_hyperface",
  "ProtocolName": "fmap_acq-2.0mmX4b0_dir-PA",
  "PulseSequenceDetails": "%SiemensSeq%_ep2d_diff",
  "ReceiveCoilActiveElements": "HEA;HEP",
  "ReceiveCoilName": "Head_32",
  "ReconMatrixPE": 120,
  "RepetitionTime": 9.7,
  "SAR": 0.122937,
  "ScanOptions": "FS",
  "ScanningSequence": "EP",
  "SequenceName": "_ep_b0",
  "SequenceVariant": "SK_SP",
  "SeriesDescription": "fmap_acq-2.0mmX4b0_dir-PA",
  "SeriesNumber": 64,
  "ShimSetting": [
    4156,
    -7724,
    -7285,
    701,
    -36,
    -81,
    40,
    102
  ],
  "SliceThickness": 2,
  "SoftwareVersions": "syngo_MR_E11",
  "SpacingBetweenSlices": 2,
  "StationName": "AWP66112",
  "TotalReadoutTime": 0.076159,
  "TxRefAmp": 235.631,
  "time": {
    "samples": {
      "AcquisitionNumber": [
        1,
        2,
        3,
        4,
        5,
        6
      ],
      "SequenceName": [
        "*ep_b0",
        "*ep_b0",
        "*ep_b0",
        "*ep_b0",
        "*ep_b1000#5",
        "*ep_b650#6"
      ]
    },
    "slices": {
      "CsaImage.ProtocolSliceNumber": [
        0,
        1,
        2,
        3,
        4,
        5,
        6,
        7,
        8,
        9,
        10,
        11,
        12,
        13,
        14,
        15,
        16,
        17,
        18,
        19,
        20,
        21,
        22,
        23,
        24,
        25,
        26,
        27,
        28,
        29,
        30,
        31,
        32,
        33,
        34,
        35,
        36,
        37,
        38,
        39,
        40,
        41,
        42,
        43,
        44,
        45,
        46,
        47,
        48,
        49,
        50,
        51,
        52,
        53,
        54,
        55,
        56,
        57,
        58,
        59,
        60,
        61,
        62,
        63
      ],
      "CsaImage.SlicePosition_PCS": [
        [
          -114.39428198,
          -141.76283327,
          -58.87039902
        ],
        [
          -114.40406799,
          -141.65634409,
          -56.87325623
        ],
        [
          -114.413854,
          -141.54985491,
          -54.87611725
        ],
        [
          -114.42364001,
          -141.44336573,
          -52.87897828
        ],
        [
          -114.43342614,
          -141.33687654,
          -50.8818393
        ],
        [
          -114.44321215,
          -141.23038736,
          -48.88470032
        ],
        [
          -114.45299816,
          -141.12389818,
          -46.88756134
        ],
        [
          -114.46278417,
          -141.01740709,
          -44.89042237
        ],
        [
          -114.47257018,
          -140.91091791,
          -42.89328339
        ],
        [
          -114.48235631,
          -140.80442873,
          -40.89614441
        ],
        [
          -114.49214232,
          -140.69793955,
          -38.89900544
        ],
        [
          -114.50192832,
          -140.59145037,
          -36.90186646
        ],
        [
          -114.51171433,
          -140.48496118,
          -34.90472748
        ],
        [
          -114.52150046,
          -140.378472,
          -32.9075885
        ],
        [
          -114.53128647,
          -140.27198282,
          -30.91044953
        ],
        [
          -114.54107248,
          -140.16549173,
          -28.91331055
        ],
        [
          -114.55085849,
          -140.05900255,
          -26.91617157
        ],
        [
          -114.5606445,
          -139.95251337,
          -24.9190326
        ],
        [
          -114.57043063,
          -139.84602419,
          -22.92189362
        ],
        [
          -114.58021664,
          -139.73953501,
          -20.92475464
        ],
        [
          -114.59000265,
          -139.63304582,
          -18.92761567
        ],
        [
          -114.59978866,
          -139.52655664,
          -16.93047669
        ],
        [
          -114.60957479,
          -139.42006651,
          -14.93333771
        ],
        [
          -114.6193608,
          -139.31357733,
          -12.93619873
        ],
        [
          -114.62914681,
          -139.20708815,
          -10.93905976
        ],
        [
          -114.63893282,
          -139.10059896,
          -8.94192078
        ],
        [
          -114.64871883,
          -138.99410883,
          -6.9447818
        ],
        [
          -114.65850496,
          -138.88761965,
          -4.94764283
        ],
        [
          -114.66829097,
          -138.78113047,
          -2.95050385
        ],
        [
          -114.67807698,
          -138.67464128,
          -0.95336487
        ],
        [
          -114.68786299,
          -138.56815115,
          1.04377411
        ],
        [
          -114.69764912,
          -138.46166197,
          3.04091308
        ],
        [
          -114.70743513,
          -138.35517279,
          5.03805206
        ],
        [
          -114.71722114,
          -138.2486836,
          7.0351911
        ],
        [
          -114.72700715,
          -138.14219347,
          9.03233001
        ],
        [
          -114.73679316,
          -138.03570429,
          11.02946899
        ],
        [
          -114.74657928,
          -137.92921511,
          13.02660797
        ],
        [
          -114.75636529,
          -137.82272592,
          15.02374694
        ],
        [
          -114.7661513,
          -137.71623579,
          17.02088592
        ],
        [
          -114.77593731,
          -137.60974661,
          19.0180249
        ],
        [
          -114.78572344,
          -137.50325743,
          21.01516388
        ],
        [
          -114.79550945,
          -137.39676824,
          23.01230285
        ],
        [
          -114.80529546,
          -137.29027811,
          25.00944183
        ],
        [
          -114.81508153,
          -137.18378893,
          27.00658081
        ],
        [
          -114.82486754,
          -137.07729975,
          29.00371978
        ],
        [
          -114.83465355,
          -136.97081056,
          31.00085876
        ],
        [
          -114.84443962,
          -136.86432138,
          32.99799774
        ],
        [
          -114.85422563,
          -136.75783125,
          34.99513672
        ],
        [
          -114.8640117,
          -136.65134207,
          36.99227569
        ],
        [
          -114.87379771,
          -136.54485289,
          38.98941467
        ],
        [
          -114.88358378,
          -136.4383637,
          40.98655365
        ],
        [
          -114.89336979,
          -136.33187357,
          42.98369262
        ],
        [
          -114.90315586,
          -136.22538439,
          44.9808316
        ],
        [
          -114.91294187,
          -136.11889521,
          46.97797058
        ],
        [
          -114.92272788,
          -136.01240602,
          48.97510955
        ],
        [
          -114.93251395,
          -135.90591589,
          50.97224853
        ],
        [
          -114.94229996,
          -135.79942671,
          52.96938751
        ],
        [
          -114.95208603,
          -135.69293753,
          54.96652649
        ],
        [
          -114.96187204,
          -135.58644834,
          56.96366546
        ],
        [
          -114.97165811,
          -135.47995821,
          58.96080444
        ],
        [
          -114.98144412,
          -135.37346903,
          60.95794342
        ],
        [
          -114.99123019,
          -135.26697985,
          62.95508239
        ],
        [
          -115.0010162,
          -135.16049066,
          64.95222137
        ],
        [
          -115.0108022,
          -135.05400053,
          66.94936035
        ]
      ],
      "ImagePositionPatient": [
        [
          -114.39428197882,
          -141.76283326997,
          -58.870399020875
        ],
        [
          -114.40406798861,
          -141.65634408845,
          -56.873256229127
        ],
        [
          -114.4138539984,
          -141.54985490693,
          -54.876117252077
        ],
        [
          -114.42364000819,
          -141.44336572541,
          -52.878978275026
        ],
        [
          -114.43342613719,
          -141.33687654389,
          -50.881839297975
        ],
        [
          -114.44321214697,
          -141.23038736238,
          -48.884700320924
        ],
        [
          -114.45299815676,
          -141.12389818086,
          -46.887561343873
        ],
        [
          -114.46278416655,
          -141.01740709199,
          -44.890422366823
        ],
        [
          -114.47257017634,
          -140.91091791047,
          -42.893283389772
        ],
        [
          -114.48235630534,
          -140.80442872895,
          -40.896144412721
        ],
        [
          -114.49214231513,
          -140.69793954743,
          -38.89900543567
        ],
        [
          -114.50192832492,
          -140.59145036592,
          -36.901866458619
        ],
        [
          -114.5117143347,
          -140.4849611844,
          -34.904727481569
        ],
        [
          -114.5215004637,
          -140.37847200288,
          -32.907588504518
        ],
        [
          -114.53128647349,
          -140.27198282136,
          -30.910449527467
        ],
        [
          -114.54107248328,
          -140.16549173249,
          -28.913310550416
        ],
        [
          -114.55085849307,
          -140.05900255097,
          -26.916171573366
        ],
        [
          -114.56064450286,
          -139.95251336946,
          -24.919032596315
        ],
        [
          -114.57043063185,
          -139.84602418794,
          -22.921893619264
        ],
        [
          -114.58021664164,
          -139.73953500642,
          -20.924754642213
        ],
        [
          -114.59000265143,
          -139.6330458249,
          -18.927615665162
        ],
        [
          -114.59978866122,
          -139.52655664338,
          -16.930476688112
        ],
        [
          -114.60957479022,
          -139.42006650819,
          -14.933337711061
        ],
        [
          -114.61936080001,
          -139.31357732667,
          -12.93619873401
        ],
        [
          -114.62914680979,
          -139.20708814515,
          -10.939059756959
        ],
        [
          -114.63893281958,
          -139.10059896363,
          -8.9419207799086
        ],
        [
          -114.64871882937,
          -138.99410882844,
          -6.9447818028578
        ],
        [
          -114.65850495837,
          -138.88761964692,
          -4.947642825807
        ],
        [
          -114.66829096816,
          -138.7811304654,
          -2.9505038487562
        ],
        [
          -114.67807697795,
          -138.67464128388,
          -0.9533648717054
        ],
        [
          -114.68786298773,
          -138.56815114869,
          1.0437741053453
        ],
        [
          -114.69764911673,
          -138.46166196717,
          3.0409130823961
        ],
        [
          -114.70743512652,
          -138.35517278565,
          5.0380520594469
        ],
        [
          -114.71722113631,
          -138.24868360414,
          7.0351910961023
        ],
        [
          -114.7270071461,
          -138.14219346894,
          9.0323300135485
        ],
        [
          -114.73679315589,
          -138.03570428742,
          11.029468990599
        ],
        [
          -114.74657928488,
          -137.92921510591,
          13.02660796765
        ],
        [
          -114.75636529467,
          -137.82272592439,
          15.023746944701
        ],
        [
          -114.76615130446,
          -137.71623578919,
          17.020885921752
        ],
        [
          -114.77593731425,
          -137.60974660768,
          19.018024898802
        ],
        [
          -114.78572344325,
          -137.50325742616,
          21.015163875853
        ],
        [
          -114.79550945304,
          -137.39676824464,
          23.012302852904
        ],
        [
          -114.80529546282,
          -137.29027810945,
          25.009441829955
        ],
        [
          -114.81508153222,
          -137.18378892793,
          27.006580807006
        ],
        [
          -114.82486754201,
          -137.07729974641,
          29.003719784056
        ],
        [
          -114.83465355179,
          -136.97081056489,
          31.000858761107
        ],
        [
          -114.84443962119,
          -136.86432138337,
          32.997997738158
        ],
        [
          -114.85422563098,
          -136.75783124818,
          34.995136715209
        ],
        [
          -114.86401170037,
          -136.65134206666,
          36.992275692259
        ],
        [
          -114.87379771016,
          -136.54485288514,
          38.98941466931
        ],
        [
          -114.88358377955,
          -136.43836370362,
          40.986553646361
        ],
        [
          -114.89336978934,
          -136.33187356843,
          42.983692623412
        ],
        [
          -114.90315585873,
          -136.22538438691,
          44.980831600463
        ],
        [
          -114.91294186852,
          -136.11889520539,
          46.977970577513
        ],
        [
          -114.92272787831,
          -136.01240602387,
          48.975109554564
        ],
        [
          -114.9325139477,
          -135.90591588868,
          50.972248531615
        ],
        [
          -114.94229995749,
          -135.79942670716,
          52.969387508666
        ],
        [
          -114.95208602688,
          -135.69293752564,
          54.966526485716
        ],
        [
          -114.96187203667,
          -135.58644834413,
          56.963665462767
        ],
        [
          -114.97165810607,
          -135.47995820893,
          58.960804439818
        ],
        [
          -114.98144411585,
          -135.37346902741,
          60.957943416869
        ],
        [
          -114.99123018525,
          -135.2669798459,
          62.95508239392
        ],
        [
          -115.00101619504,
          -135.16049066438,
          64.95222137097
        ],
        [
          -115.01080220482,
          -135.05400052918,
          66.949360348021
        ]
      ],
      "SliceLocation": [
        -65.774572178843,
        -63.774568418246,
        -61.774568466891,
        -59.774568515535,
        -57.774568563596,
        -55.77456861224,
        -53.774568660884,
        -51.774568607972,
        -49.774568656616,
        -47.774568704677,
        -45.774568753321,
        -43.774568801965,
        -41.774568850609,
        -39.77456889867,
        -37.774568947314,
        -35.774568894402,
        -33.774568943046,
        -31.77456899169,
        -29.774569039751,
        -27.774569088395,
        -25.774569137039,
        -23.774569185684,
        -21.774569182966,
        -19.77456923161,
        -17.774569280255,
        -15.774569328899,
        -13.774569326765,
        -11.774569374826,
        -9.7745694234697,
        -7.7745694721138,
        -5.7745694699799,
        -3.7745695180407,
        -1.7745695666848,
        0.22543044419041,
        2.225430386805,
        4.2254303381609,
        6.2254302901,
        8.2254302414559,
        10.22543024359,
        12.225430194946,
        14.225430146885,
        16.225430098241,
        18.225430100375,
        20.225430052022,
        22.225430003378,
        24.225429954734,
        26.225429906381,
        28.225429908515,
        30.225429860163,
        32.225429811519,
        34.225429763166,
        36.2254297653,
        38.225429716948,
        40.225429668304,
        42.22542961966,
        44.225429622085,
        46.225429573441,
        48.225429525089,
        50.225429476444,
        52.22542947887,
        54.225429430226,
        56.225429381873,
        58.225429333229,
        60.225429335363
      ]
    }
  }
}
