{
  "AcquisitionMatrixPE": 120,
  "AcquisitionNumber": 1,
  "BandwidthPerPixelPhaseEncode": 13.021,
  "BaseResolution": 120,
  "BodyPartExamined": "BRAIN",
  "ConsistencyInfo": "N4_VE11C_LATEST_20160120",
  "ConversionSoftware": "dcm2niix",
  "ConversionSoftwareVersion": "v1.0.20171215 (OpenJPEG build) GCC6.3.0",
  "DerivedVendorReportedEchoSpacing": 0.000639992,
  "DeviceSerialNumber": "66112",
  "DwellTime": 2.4e-06,
  "EchoTime": 0.096,
  "EchoTrainLength": 120,
  "EffectiveEchoSpacing": 0.000639992,
  "FlipAngle": 90,
  "ImageOrientationPatientDICOM": [
    0.999397,
    0.0345878,
    0.00305282,
    -0.0343758,
    0.997982,
    -0.0533818
  ],
  "ImageType": [
    "ORIGINAL",
    "PRIMARY",
    "DIFFUSION",
    "NONE",
    "ND",
    "NORM"
  ],
  "InPlanePhaseEncodingDirectionDICOM": "COL",
  "InstitutionAddress": "Maynard_3_Hanover_NH_US_03755",
  "InstitutionName": "Dartmouth_College_-_PBS",
  "InstitutionalDepartmentName": "Department",
  "MRAcquisitionType": "2D",
  "MagneticFieldStrength": 3,
  "Manufacturer": "Siemens",
  "ManufacturersModelName": "Prisma",
  "Modality": "MR",
  "PatientPosition": "HFS",
  "PercentPhaseFOV": 100,
  "PhaseEncodingDirection": "j-",
  "PhaseEncodingSteps": 120,
  "PhaseResolution": 1,
  "PixelBandwidth": 1735,
  "ProcedureStepDescription": "Gobbini_Matteo_1038_hyperface",
  "ProtocolName": "fmap_acq-2.0mmX4b0_dir-AP",
  "PulseSequenceDetails": "%SiemensSeq%_ep2d_diff",
  "ReceiveCoilActiveElements": "HEA;HEP",
  "ReceiveCoilName": "Head_32",
  "ReconMatrixPE": 120,
  "RepetitionTime": 9.7,
  "SAR": 0.122937,
  "ScanOptions": "FS",
  "ScanningSequence": "EP",
  "SequenceName": "_ep_b0",
  "SequenceVariant": "SK_SP",
  "SeriesDescription": "fmap_acq-2.0mmX4b0_dir-AP",
  "SeriesNumber": 63,
  "ShimSetting": [
    4156,
    -7724,
    -7285,
    701,
    -36,
    -80,
    40,
    102
  ],
  "SliceThickness": 2,
  "SoftwareVersions": "syngo_MR_E11",
  "SpacingBetweenSlices": 2,
  "StationName": "AWP66112",
  "TotalReadoutTime": 0.076159,
  "TxRefAmp": 235.631,
  "time": {
    "samples": {
      "AcquisitionNumber": [
        1,
        2,
        3,
        4,
        5,
        6
      ],
      "SequenceName": [
        "*ep_b0",
        "*ep_b0",
        "*ep_b0",
        "*ep_b0",
        "*ep_b1000#5",
        "*ep_b650#6"
      ]
    },
    "slices": {
      "CsaImage.ProtocolSliceNumber": [
        0,
        1,
        2,
        3,
        4,
        5,
        6,
        7,
        8,
        9,
        10,
        11,
        12,
        13,
        14,
        15,
        16,
        17,
        18,
        19,
        20,
        21,
        22,
        23,
        24,
        25,
        26,
        27,
        28,
        29,
        30,
        31,
        32,
        33,
        34,
        35,
        36,
        37,
        38,
        39,
        40,
        41,
        42,
        43,
        44,
        45,
        46,
        47,
        48,
        49,
        50,
        51,
        52,
        53,
        54,
        55,
        56,
        57,
        58,
        59,
        60,
        61,
        62,
        63
      ],
      "CsaImage.SlicePosition_PCS": [
        [
          -114.39612686,
          -141.74706522,
          -58.83553269
        ],
        [
          -114.40591287,
          -141.64057604,
          -56.83839371
        ],
        [
          -114.41569888,
          -141.53408686,
          -54.84125473
        ],
        [
          -114.42548489,
          -141.42759767,
          -52.84411576
        ],
        [
          -114.43527102,
          -141.32110849,
          -50.84697678
        ],
        [
          -114.44505703,
          -141.21461931,
          -48.8498378
        ],
        [
          -114.45484304,
          -141.10812822,
          -46.85269883
        ],
        [
          -114.46462905,
          -141.00163904,
          -44.85555985
        ],
        [
          -114.47441518,
          -140.89514986,
          -42.85842087
        ],
        [
          -114.48420119,
          -140.78866068,
          -40.86128189
        ],
        [
          -114.4939872,
          -140.6821715,
          -38.86414292
        ],
        [
          -114.50377321,
          -140.57568231,
          -36.86700394
        ],
        [
          -114.51355922,
          -140.46919313,
          -34.86986496
        ],
        [
          -114.52334535,
          -140.36270395,
          -32.87272599
        ],
        [
          -114.53313136,
          -140.25621477,
          -30.87558701
        ],
        [
          -114.54291737,
          -140.14972368,
          -28.87844803
        ],
        [
          -114.55270338,
          -140.0432345,
          -26.88130906
        ],
        [
          -114.56248951,
          -139.93674532,
          -24.88417008
        ],
        [
          -114.57227551,
          -139.83025614,
          -22.8870311
        ],
        [
          -114.58206152,
          -139.72376696,
          -20.88989212
        ],
        [
          -114.59184753,
          -139.61727777,
          -18.89275315
        ],
        [
          -114.60163354,
          -139.51078764,
          -16.89561417
        ],
        [
          -114.61141967,
          -139.40429846,
          -14.89847519
        ],
        [
          -114.62120568,
          -139.29780928,
          -12.90133622
        ],
        [
          -114.63099169,
          -139.19132009,
          -10.90419724
        ],
        [
          -114.6407777,
          -139.08482996,
          -8.90705826
        ],
        [
          -114.65056383,
          -138.97834078,
          -6.90991928
        ],
        [
          -114.66034984,
          -138.8718516,
          -4.91278031
        ],
        [
          -114.67013585,
          -138.76536241,
          -2.91564133
        ],
        [
          -114.67992186,
          -138.65887228,
          -0.91850188
        ],
        [
          -114.68970787,
          -138.5523831,
          1.0786371
        ],
        [
          -114.699494,
          -138.44589392,
          3.07577584
        ],
        [
          -114.70928001,
          -138.33940473,
          5.07291494
        ],
        [
          -114.71906602,
          -138.2329146,
          7.07005391
        ],
        [
          -114.72885203,
          -138.12642542,
          9.06719301
        ],
        [
          -114.73863816,
          -138.01993624,
          11.06433199
        ],
        [
          -114.74842417,
          -137.91344705,
          13.06147096
        ],
        [
          -114.75821018,
          -137.80695692,
          15.05861042
        ],
        [
          -114.76799619,
          -137.70046774,
          17.05574939
        ],
        [
          -114.7777822,
          -137.59397856,
          19.05288837
        ],
        [
          -114.78756833,
          -137.48748938,
          21.05002735
        ],
        [
          -114.79735434,
          -137.38099924,
          23.04716537
        ],
        [
          -114.80714035,
          -137.27451006,
          25.04430435
        ],
        [
          -114.81692642,
          -137.16802088,
          27.04144333
        ],
        [
          -114.82671242,
          -137.0615317,
          29.0385823
        ],
        [
          -114.83649849,
          -136.95504251,
          31.03572128
        ],
        [
          -114.8462845,
          -136.84855238,
          33.03286026
        ],
        [
          -114.85607051,
          -136.7420632,
          35.02999923
        ],
        [
          -114.86585658,
          -136.63557402,
          37.02714012
        ],
        [
          -114.87564259,
          -136.52908483,
          39.02427719
        ],
        [
          -114.88542866,
          -136.4225947,
          41.02141616
        ],
        [
          -114.89521467,
          -136.31610552,
          43.01855514
        ],
        [
          -114.90500074,
          -136.20961634,
          45.01569412
        ],
        [
          -114.91478675,
          -136.10312715,
          47.0128331
        ],
        [
          -114.92457282,
          -135.99663702,
          49.00997207
        ],
        [
          -114.93435883,
          -135.89014784,
          51.00711105
        ],
        [
          -114.94414484,
          -135.78365866,
          53.00425003
        ],
        [
          -114.95393091,
          -135.67716947,
          55.001389
        ],
        [
          -114.96371692,
          -135.57067934,
          56.99852798
        ],
        [
          -114.97350299,
          -135.46419016,
          58.99566696
        ],
        [
          -114.983289,
          -135.35770098,
          60.99280594
        ],
        [
          -114.99307507,
          -135.25121179,
          62.98994491
        ],
        [
          -115.00286108,
          -135.14472166,
          64.98708389
        ],
        [
          -115.01264715,
          -135.03823248,
          66.98422287
        ]
      ],
      "ImagePositionPatient": [
        [
          -114.39612686179,
          -141.74706521882,
          -58.835532687868
        ],
        [
          -114.40591287158,
          -141.6405760373,
          -56.838393710817
        ],
        [
          -114.41569888136,
          -141.53408685578,
          -54.841254733766
        ],
        [
          -114.42548489115,
          -141.42759767426,
          -52.844115756715
        ],
        [
          -114.43527102015,
          -141.32110849275,
          -50.846976779664
        ],
        [
          -114.44505702994,
          -141.21461931123,
          -48.849837802614
        ],
        [
          -114.45484303973,
          -141.10812822236,
          -46.852698825563
        ],
        [
          -114.46462904952,
          -141.00163904084,
          -44.855559848512
        ],
        [
          -114.47441517851,
          -140.89514985932,
          -42.858420871461
        ],
        [
          -114.4842011883,
          -140.7886606778,
          -40.861281894411
        ],
        [
          -114.49398719809,
          -140.68217149629,
          -38.86414291736
        ],
        [
          -114.50377320788,
          -140.57568231477,
          -36.867003940309
        ],
        [
          -114.51355921767,
          -140.46919313325,
          -34.869864963258
        ],
        [
          -114.52334534667,
          -140.36270395173,
          -32.872725986207
        ],
        [
          -114.53313135645,
          -140.25621477021,
          -30.875587009157
        ],
        [
          -114.54291736624,
          -140.14972368134,
          -28.878448032106
        ],
        [
          -114.55270337603,
          -140.04323449983,
          -26.881309055055
        ],
        [
          -114.56248950503,
          -139.93674531831,
          -24.884170078004
        ],
        [
          -114.57227551482,
          -139.83025613679,
          -22.887031100953
        ],
        [
          -114.58206152461,
          -139.72376695527,
          -20.889892123903
        ],
        [
          -114.5918475344,
          -139.61727777375,
          -18.892753146852
        ],
        [
          -114.60163354418,
          -139.51078763856,
          -16.895614169801
        ],
        [
          -114.61141967318,
          -139.40429845704,
          -14.89847519275
        ],
        [
          -114.62120568297,
          -139.29780927552,
          -12.9013362157
        ],
        [
          -114.63099169276,
          -139.191320094,
          -10.904197238649
        ],
        [
          -114.64077770255,
          -139.08482995881,
          -8.907058261598
        ],
        [
          -114.65056383154,
          -138.97834077729,
          -6.9099192845472
        ],
        [
          -114.66034984133,
          -138.87185159577,
          -4.9127803074964
        ],
        [
          -114.67013585112,
          -138.76536241426,
          -2.9156413304457
        ],
        [
          -114.67992186091,
          -138.65887227906,
          -0.9185018765577
        ],
        [
          -114.6897078707,
          -138.55238309754,
          1.0786371004931
        ],
        [
          -114.6994939997,
          -138.44589391603,
          3.0757758391253
        ],
        [
          -114.70928000949,
          -138.33940473451,
          5.0729149353853
        ],
        [
          -114.71906601927,
          -138.23291459931,
          7.0700539124361
        ],
        [
          -114.72885202906,
          -138.1264254178,
          9.0671930086962
        ],
        [
          -114.73863815806,
          -138.01993623628,
          11.064331985747
        ],
        [
          -114.74842416785,
          -137.91344705476,
          13.061470962798
        ],
        [
          -114.75821017764,
          -137.80695691957,
          15.058610416686
        ],
        [
          -114.76799618743,
          -137.70046773805,
          17.055749393736
        ],
        [
          -114.77778219721,
          -137.59397855653,
          19.052888370787
        ],
        [
          -114.78756832621,
          -137.48748937501,
          21.050027347838
        ],
        [
          -114.797354336,
          -137.38099923982,
          23.047165371214
        ],
        [
          -114.80714034579,
          -137.2745100583,
          25.044304348265
        ],
        [
          -114.81692641518,
          -137.16802087678,
          27.041443325316
        ],
        [
          -114.82671242497,
          -137.06153169526,
          29.038582302367
        ],
        [
          -114.83649849436,
          -136.95504251374,
          31.035721279418
        ],
        [
          -114.84628450415,
          -136.84855237855,
          33.032860256468
        ],
        [
          -114.85607051394,
          -136.74206319703,
          35.029999233519
        ],
        [
          -114.86585658333,
          -136.63557401551,
          37.027140117919
        ],
        [
          -114.87564259312,
          -136.52908483399,
          39.024277187621
        ],
        [
          -114.88542866252,
          -136.4225946988,
          41.021416164672
        ],
        [
          -114.8952146723,
          -136.31610551728,
          43.018555141722
        ],
        [
          -114.9050007417,
          -136.20961633576,
          45.015694118773
        ],
        [
          -114.91478675149,
          -136.10312715425,
          47.012833095824
        ],
        [
          -114.92457282088,
          -135.99663701905,
          49.009972072875
        ],
        [
          -114.93435883067,
          -135.89014783753,
          51.007111049925
        ],
        [
          -114.94414484046,
          -135.78365865602,
          53.004250026976
        ],
        [
          -114.95393090985,
          -135.6771694745,
          55.001389004027
        ],
        [
          -114.96371691964,
          -135.5706793393,
          56.998527981078
        ],
        [
          -114.97350298903,
          -135.46419015779,
          58.995666958129
        ],
        [
          -114.98328899882,
          -135.35770097627,
          60.992805935179
        ],
        [
          -114.99307506821,
          -135.25121179475,
          62.98994491223
        ],
        [
          -115.002861078,
          -135.14472165956,
          64.987083889281
        ],
        [
          -115.01264714739,
          -135.03823247804,
          66.984222866332
        ]
      ],
      "SliceLocation": [
        -65.738907129625,
        -63.738907178269,
        -61.738907226914,
        -59.738907275558,
        -57.738907323619,
        -55.738907372263,
        -53.738907319351,
        -51.738907367995,
        -49.738907416056,
        -47.7389074647,
        -45.738907513344,
        -43.738907561988,
        -41.738907610632,
        -39.738907658693,
        -37.738907707337,
        -35.738907654425,
        -33.738907703069,
        -31.73890775113,
        -29.738907799774,
        -27.738907848418,
        -25.738907897062,
        -23.738907894928,
        -21.738907942989,
        -19.738907991633,
        -17.738908040278,
        -15.738908038144,
        -13.738908086204,
        -11.738908134849,
        -9.7389081834927,
        -7.7389077052037,
        -5.7389077538478,
        -3.7389080399862,
        -1.7389079695916,
        0.2610920325424,
        2.261092102937,
        4.2610920548762,
        6.261092006232,
        8.2610924845211,
        10.261092435877,
        12.261092387233,
        14.261092339172,
        16.261091388996,
        18.261091340352,
        20.261091291999,
        22.261091243355,
        24.261091195003,
        26.261091197137,
        28.261091148492,
        30.26109300476,
        32.261091051496,
        34.261091053921,
        36.261091005277,
        38.261090956925,
        40.261090908281,
        42.261090910706,
        44.261090862062,
        46.261090813418,
        48.261090765066,
        50.261090767199,
        52.261090718847,
        54.261090670203,
        56.26109062185,
        58.261090623984,
        60.261090575632
      ]
    }
  },
  "MatrixCoilMode": "SENSE",
  "CoilCombinationMethod": "Sum of Squares",
  "NonlinearGradientCorrection": false,
  "PulseSequenceType": "Spin Echo EPI",
  "SliceTiming": [
    4.83594,
    0,
    4.99219,
    0.14844,
    5.14062,
    0.30469,
    5.29688,
    0.45312,
    5.44531,
    0.60156,
    5.59375,
    0.75781,
    5.74219,
    0.90625,
    5.89844,
    1.05469,
    6.04688,
    1.21094,
    6.20312,
    1.35938,
    6.35156,
    1.50781,
    6.5,
    1.66406,
    6.65625,
    1.8125,
    6.80469,
    1.96875,
    6.95312,
    2.11719,
    7.10938,
    2.26562,
    7.25781,
    2.42188,
    7.41406,
    2.57031,
    7.5625,
    2.71875,
    7.71094,
    2.875,
    7.86719,
    3.02344,
    8.01562,
    3.17969,
    8.16406,
    3.32812,
    8.32031,
    3.47656,
    8.46875,
    3.625,
    8.61719,
    3.78125,
    8.77344,
    3.92969,
    8.92188,
    4.08594,
    9.07031,
    4.23438,
    9.22656,
    4.38281,
    9.375,
    4.53906,
    9.53125,
    4.6875
  ],
  "B0FieldIdentifier": "pepolar_ses-2"
}
