{
  "AcquisitionMatrixPE": 120,
  "AcquisitionNumber": 1,
  "BandwidthPerPixelPhaseEncode": 13.021,
  "BaseResolution": 120,
  "BodyPartExamined": "BRAIN",
  "ConsistencyInfo": "N4_VE11C_LATEST_20160120",
  "ConversionSoftware": "dcm2niix",
  "ConversionSoftwareVersion": "v1.0.20171215 (OpenJPEG build) GCC6.3.0",
  "DerivedVendorReportedEchoSpacing": 0.000639992,
  "DeviceSerialNumber": "66112",
  "DwellTime": 2.4e-06,
  "EchoTime": 0.096,
  "EchoTrainLength": 120,
  "EffectiveEchoSpacing": 0.000639992,
  "FlipAngle": 90,
  "ImageOrientationPatientDICOM": [
    0.996363,
    -0.0139894,
    0.0840548,
    0.0142607,
    0.999895,
    -0.0026275
  ],
  "ImageType": [
    "ORIGINAL",
    "PRIMARY",
    "DIFFUSION",
    "NONE",
    "ND",
    "NORM"
  ],
  "InPlanePhaseEncodingDirectionDICOM": "COL",
  "InstitutionAddress": "Maynard_3_Hanover_NH_US_03755",
  "InstitutionName": "Dartmouth_College_-_PBS",
  "InstitutionalDepartmentName": "Department",
  "MRAcquisitionType": "2D",
  "MagneticFieldStrength": 3,
  "Manufacturer": "Siemens",
  "ManufacturersModelName": "Prisma",
  "Modality": "MR",
  "PatientPosition": "HFS",
  "PercentPhaseFOV": 100,
  "PhaseEncodingDirection": "j-",
  "PhaseEncodingSteps": 120,
  "PhaseResolution": 1,
  "PixelBandwidth": 1735,
  "ProcedureStepDescription": "Gobbini_Matteo_1038_hyperface",
  "ProtocolName": "fmap_acq-2.0mmX4b0_dir-AP",
  "PulseSequenceDetails": "%SiemensSeq%_ep2d_diff",
  "ReceiveCoilActiveElements": "HEA;HEP",
  "ReceiveCoilName": "Head_32",
  "ReconMatrixPE": 120,
  "RepetitionTime": 9.7,
  "SAR": 0.110572,
  "ScanOptions": "FS",
  "ScanningSequence": "EP",
  "SequenceName": "_ep_b0",
  "SequenceVariant": "SK_SP",
  "SeriesDescription": "fmap_acq-2.0mmX4b0_dir-AP",
  "SeriesNumber": 64,
  "ShimSetting": [
    4162,
    -7693,
    -7349,
    714,
    -35,
    -97,
    -3,
    23
  ],
  "SliceThickness": 2,
  "SoftwareVersions": "syngo_MR_E11",
  "SpacingBetweenSlices": 2,
  "StationName": "AWP66112",
  "TotalReadoutTime": 0.076159,
  "TxRefAmp": 229.552,
  "time": {
    "samples": {
      "AcquisitionNumber": [
        1,
        2,
        3,
        4,
        5,
        6
      ],
      "SequenceName": [
        "*ep_b0",
        "*ep_b0",
        "*ep_b0",
        "*ep_b0",
        "*ep_b1000#5",
        "*ep_b650#6"
      ]
    },
    "slices": {
      "CsaImage.ProtocolSliceNumber": [
        0,
        1,
        2,
        3,
        4,
        5,
        6,
        7,
        8,
        9,
        10,
        11,
        12,
        13,
        14,
        15,
        16,
        17,
        18,
        19,
        20,
        21,
        22,
        23,
        24,
        25,
        26,
        27,
        28,
        29,
        30,
        31,
        32,
        33,
        34,
        35,
        36,
        37,
        38,
        39,
        40,
        41,
        42,
        43,
        44,
        45,
        46,
        47,
        48,
        49,
        50,
        51,
        52,
        53,
        54,
        55,
        56,
        57,
        58,
        59,
        60,
        61,
        62,
        63
      ],
      "CsaImage.SlicePosition_PCS": [
        [
          -119.21982852,
          -137.87739183,
          -89.68851367
        ],
        [
          -119.38784686,
          -137.86975862,
          -87.69560138
        ],
        [
          -119.55586532,
          -137.86212541,
          -85.70268145
        ],
        [
          -119.72388378,
          -137.8544922,
          -83.70976916
        ],
        [
          -119.89190224,
          -137.84685899,
          -81.71684924
        ],
        [
          -120.0599207,
          -137.83922578,
          -79.72393695
        ],
        [
          -120.22793905,
          -137.83159257,
          -77.73102466
        ],
        [
          -120.39595751,
          -137.82395937,
          -75.73810473
        ],
        [
          -120.56397597,
          -137.81632616,
          -73.74519244
        ],
        [
          -120.73199443,
          -137.80869295,
          -71.75227633
        ],
        [
          -120.90001286,
          -137.80105974,
          -69.75936023
        ],
        [
          -121.06803129,
          -137.79342653,
          -67.76644412
        ],
        [
          -121.23604973,
          -137.78579332,
          -65.77352801
        ],
        [
          -121.40406816,
          -137.77816011,
          -63.78061572
        ],
        [
          -121.57208661,
          -137.7705269,
          -61.78769961
        ],
        [
          -121.74010504,
          -137.76289369,
          -59.79478351
        ],
        [
          -121.90812347,
          -137.75526048,
          -57.8018674
        ],
        [
          -122.07614193,
          -137.74762727,
          -55.80895129
        ],
        [
          -122.24416039,
          -137.73999406,
          -53.816039
        ],
        [
          -122.41217879,
          -137.73236085,
          -51.82312289
        ],
        [
          -122.58019725,
          -137.72472765,
          -49.83020678
        ],
        [
          -122.74821571,
          -137.71709444,
          -47.83729068
        ],
        [
          -122.91623417,
          -137.70946123,
          -45.84437838
        ],
        [
          -123.08425251,
          -137.70182802,
          -43.85146228
        ],
        [
          -123.25227097,
          -137.69419481,
          -41.85854617
        ],
        [
          -123.42028943,
          -137.6865616,
          -39.86563006
        ],
        [
          -123.58830777,
          -137.67892839,
          -37.87271586
        ],
        [
          -123.75632635,
          -137.67129518,
          -35.87979976
        ],
        [
          -123.9243447,
          -137.66366197,
          -33.88688365
        ],
        [
          -124.09236327,
          -137.65602876,
          -31.89396945
        ],
        [
          -124.26038162,
          -137.64839555,
          -29.90105334
        ],
        [
          -124.4284002,
          -137.64076234,
          -27.90813914
        ],
        [
          -124.59641854,
          -137.63312913,
          -25.91522303
        ],
        [
          -124.76443688,
          -137.62549593,
          -23.92230788
        ],
        [
          -124.93245546,
          -137.61786272,
          -21.92939273
        ],
        [
          -125.1004738,
          -137.61022951,
          -19.93647757
        ],
        [
          -125.26849238,
          -137.6025963,
          -17.94356147
        ],
        [
          -125.43651096,
          -137.59496309,
          -15.95064631
        ],
        [
          -125.6045293,
          -137.58732988,
          -13.95773116
        ],
        [
          -125.77254764,
          -137.57969476,
          -11.96481577
        ],
        [
          -125.94056598,
          -137.57206155,
          -9.97190044
        ],
        [
          -126.10858432,
          -137.56442834,
          -7.9789851
        ],
        [
          -126.27660314,
          -137.55679513,
          -5.98606983
        ],
        [
          -126.44462148,
          -137.54916193,
          -3.99315444
        ],
        [
          -126.61263982,
          -137.54152872,
          -2.00023929
        ],
        [
          -126.78065816,
          -137.53389551,
          -0.00732413
        ],
        [
          -126.9486765,
          -137.5262623,
          1.98559198
        ],
        [
          -127.11669532,
          -137.51862909,
          3.97850713
        ],
        [
          -127.28471366,
          -137.51099588,
          5.97142228
        ],
        [
          -127.452732,
          -137.50336267,
          7.96433744
        ],
        [
          -127.62075034,
          -137.49572946,
          9.95725354
        ],
        [
          -127.78876869,
          -137.48809625,
          11.95016774
        ],
        [
          -127.9567875,
          -137.48046304,
          13.94308385
        ],
        [
          -128.12480584,
          -137.47282983,
          15.93599805
        ],
        [
          -128.29282419,
          -137.46519662,
          17.92891416
        ],
        [
          -128.46084253,
          -137.45756341,
          19.92183026
        ],
        [
          -128.62886087,
          -137.44993021,
          21.91474446
        ],
        [
          -128.79687969,
          -137.442297,
          23.90765866
        ],
        [
          -128.96489803,
          -137.43466379,
          25.90057477
        ],
        [
          -129.13291637,
          -137.42703058,
          27.89349088
        ],
        [
          -129.30093471,
          -137.41939737,
          29.88640699
        ],
        [
          -129.46895305,
          -137.41176416,
          31.87932309
        ],
        [
          -129.63697139,
          -137.40413095,
          33.87223538
        ],
        [
          -129.80498973,
          -137.39649774,
          35.86515149
        ]
      ],
      "ImagePositionPatient": [
        [
          -119.21982852282,
          -137.87739182989,
          -89.68851366912
        ],
        [
          -119.38784686389,
          -137.86975862066,
          -87.69560137664
        ],
        [
          -119.55586532416,
          -137.86212541143,
          -85.702681454765
        ],
        [
          -119.72388378443,
          -137.8544922022,
          -83.709769162284
        ],
        [
          -119.89190224471,
          -137.84685899297,
          -81.716849240409
        ],
        [
          -120.05992070498,
          -137.83922578375,
          -79.723936947929
        ],
        [
          -120.22793904604,
          -137.83159257452,
          -77.731024655448
        ],
        [
          -120.39595750632,
          -137.82395936529,
          -75.738104733573
        ],
        [
          -120.56397596659,
          -137.81632615606,
          -73.745192441093
        ],
        [
          -120.73199442687,
          -137.80869294683,
          -71.752276333915
        ],
        [
          -120.90001285734,
          -137.8010597376,
          -69.759360226737
        ],
        [
          -121.06803128781,
          -137.79342652837,
          -67.76644411956
        ],
        [
          -121.23604972946,
          -137.78579331915,
          -65.773528012382
        ],
        [
          -121.40406816365,
          -137.77816010992,
          -63.780615719901
        ],
        [
          -121.57208660903,
          -137.77052690069,
          -61.787699612724
        ],
        [
          -121.7401050395,
          -137.76289369146,
          -59.794783505546
        ],
        [
          -121.90812346997,
          -137.75526048223,
          -57.801867398368
        ],
        [
          -122.07614193024,
          -137.747627273,
          -55.80895129119
        ],
        [
          -122.24416039052,
          -137.73999406377,
          -53.81603899871
        ],
        [
          -122.41217879118,
          -137.73236085455,
          -51.823122891532
        ],
        [
          -122.58019725146,
          -137.72472764532,
          -49.830206784354
        ],
        [
          -122.74821571173,
          -137.71709443609,
          -47.837290677177
        ],
        [
          -122.91623417201,
          -137.70946122686,
          -45.844378384696
        ],
        [
          -123.08425251307,
          -137.70182801763,
          -43.851462277519
        ],
        [
          -123.25227097334,
          -137.6941948084,
          -41.858546170341
        ],
        [
          -123.42028943362,
          -137.68656159917,
          -39.865630063163
        ],
        [
          -123.58830777468,
          -137.67892838995,
          -37.872715863334
        ],
        [
          -123.75632635417,
          -137.67129518072,
          -35.879799756156
        ],
        [
          -123.92434469523,
          -137.66366197149,
          -33.886883648978
        ],
        [
          -124.09236327471,
          -137.65602876226,
          -31.893969449149
        ],
        [
          -124.26038161578,
          -137.64839555303,
          -29.901053341972
        ],
        [
          -124.42840019526,
          -137.6407623438,
          -27.908139142143
        ],
        [
          -124.59641853633,
          -137.63312913458,
          -25.915223034965
        ],
        [
          -124.76443687739,
          -137.62549592535,
          -23.922307881461
        ],
        [
          -124.93245545687,
          -137.61786271612,
          -21.929392727958
        ],
        [
          -125.10047379794,
          -137.61022950689,
          -19.936477574455
        ],
        [
          -125.26849237742,
          -137.60259629766,
          -17.943561467277
        ],
        [
          -125.4365109569,
          -137.59496308843,
          -15.950646313773
        ],
        [
          -125.60452929797,
          -137.5873298792,
          -13.95773116027
        ],
        [
          -125.77254763903,
          -137.57969476263,
          -11.964815768348
        ],
        [
          -125.9405659801,
          -137.5720615534,
          -9.9719004360306
        ],
        [
          -126.10858432116,
          -137.56442834417,
          -7.9789851037133
        ],
        [
          -126.27660313906,
          -137.55679513494,
          -5.9860698310006
        ],
        [
          -126.44462148013,
          -137.54916192571,
          -3.9931544390786
        ],
        [
          -126.61263982119,
          -137.54152871648,
          -2.0002392855752
        ],
        [
          -126.78065816226,
          -137.53389550726,
          -0.0073241320717
        ],
        [
          -126.94867650332,
          -137.52626229803,
          1.985591975106
        ],
        [
          -127.11669532122,
          -137.5186290888,
          3.9785071286094
        ],
        [
          -127.28471366229,
          -137.51099587957,
          5.9714222821128
        ],
        [
          -127.45273200335,
          -137.50336267034,
          7.9643374356162
        ],
        [
          -127.62075034442,
          -137.49572946111,
          9.957253542794
        ],
        [
          -127.78876868548,
          -137.48809625188,
          11.950167742623
        ],
        [
          -127.95678750338,
          -137.48046304266,
          13.943083849801
        ],
        [
          -128.12480584445,
          -137.47282983343,
          15.93599804963
        ],
        [
          -128.29282418551,
          -137.4651966242,
          17.928914156808
        ],
        [
          -128.46084252657,
          -137.45756341497,
          19.921830263985
        ],
        [
          -128.62886086764,
          -137.44993020574,
          21.914744463814
        ],
        [
          -128.79687968554,
          -137.44229699651,
          23.907658663644
        ],
        [
          -128.96489802661,
          -137.43466378729,
          25.900574770821
        ],
        [
          -129.13291636767,
          -137.42703057806,
          27.893490877999
        ],
        [
          -129.30093470873,
          -137.41939736883,
          29.886406985177
        ],
        [
          -129.4689530498,
          -137.4117641596,
          31.879323092355
        ],
        [
          -129.63697139086,
          -137.40413095037,
          33.872235384835
        ],
        [
          -129.80498973193,
          -137.39649774114,
          35.865151492013
        ]
      ],
      "SliceLocation": [
        -79.881468495725,
        -77.881471537143,
        -75.881466966178,
        -73.881469997581,
        -71.881465426616,
        -69.881468458019,
        -67.881471499438,
        -65.881466928472,
        -63.881469959876,
        -61.881469190095,
        -59.881468422817,
        -57.88146765554,
        -55.881466887324,
        -53.881469920918,
        -51.881469152389,
        -49.881468385112,
        -47.881467617835,
        -45.881466848054,
        -43.881469879457,
        -41.881469114683,
        -39.881468344903,
        -37.881467575122,
        -35.881470606525,
        -33.881469846759,
        -31.881469076978,
        -29.881468307197,
        -27.881469448023,
        -25.881468668227,
        -23.881467908461,
        -21.881469029257,
        -19.881468269491,
        -17.881469390288,
        -15.881468630521,
        -13.881468821051,
        -11.881468991552,
        -9.8814691820816,
        -7.881468402286,
        -5.8814685727865,
        -3.8814687633163,
        -1.8814687089925,
        0.11853127865821,
        2.1185312663089,
        4.1185312346248,
        6.118531281669,
        8.1185310911392,
        10.118530900609,
        12.118531660376,
        14.118531509904,
        16.118531319375,
        18.118531128845,
        20.118531888611,
        22.118530747785,
        24.11853154761,
        26.118530406784,
        28.11853116655,
        30.118531926317,
        32.118530785491,
        34.118529684724,
        36.11853044449,
        38.118531204256,
        40.118531964022,
        42.118532723789,
        44.118529682371,
        46.118530442137
      ]
    }
  },
  "MatrixCoilMode": "SENSE",
  "CoilCombinationMethod": "Sum of Squares",
  "NonlinearGradientCorrection": false,
  "PulseSequenceType": "Spin Echo EPI",
  "SliceTiming": [
    4.83594,
    0,
    4.99219,
    0.14844,
    5.14062,
    0.30469,
    5.29688,
    0.45312,
    5.44531,
    0.60156,
    5.59375,
    0.75781,
    5.74219,
    0.90625,
    5.89844,
    1.05469,
    6.04688,
    1.21094,
    6.20312,
    1.35938,
    6.35156,
    1.50781,
    6.5,
    1.66406,
    6.65625,
    1.8125,
    6.80469,
    1.96875,
    6.95312,
    2.11719,
    7.10938,
    2.26562,
    7.25781,
    2.42188,
    7.41406,
    2.57031,
    7.5625,
    2.71875,
    7.71094,
    2.875,
    7.86719,
    3.02344,
    8.01562,
    3.17969,
    8.16406,
    3.32812,
    8.32031,
    3.47656,
    8.46875,
    3.625,
    8.61719,
    3.78125,
    8.77344,
    3.92969,
    8.92188,
    4.08594,
    9.07031,
    4.23438,
    9.22656,
    4.38281,
    9.375,
    4.53906,
    9.53125,
    4.6875
  ],
  "B0FieldIdentifier": "pepolar_ses-1"
}
