{
  "AcquisitionMatrixPE": 120,
  "AcquisitionNumber": 1,
  "BandwidthPerPixelPhaseEncode": 13.021,
  "BaseResolution": 120,
  "BodyPartExamined": "BRAIN",
  "ConsistencyInfo": "N4_VE11C_LATEST_20160120",
  "ConversionSoftware": "dcm2niix",
  "ConversionSoftwareVersion": "v1.0.20171215 (OpenJPEG build) GCC6.3.0",
  "DerivedVendorReportedEchoSpacing": 0.000639992,
  "DeviceSerialNumber": "66112",
  "DwellTime": 2.4e-06,
  "EchoTime": 0.096,
  "EchoTrainLength": 120,
  "EffectiveEchoSpacing": 0.000639992,
  "FlipAngle": 90,
  "ImageOrientationPatientDICOM": [
    0.999099,
    0.00120388,
    0.0424178,
    -0.000697488,
    0.999928,
    -0.0119511
  ],
  "ImageType": [
    "ORIGINAL",
    "PRIMARY",
    "DIFFUSION",
    "NONE",
    "ND",
    "NORM"
  ],
  "InPlanePhaseEncodingDirectionDICOM": "COL",
  "InstitutionAddress": "Maynard_3_Hanover_NH_US_03755",
  "InstitutionName": "Dartmouth_College_-_PBS",
  "InstitutionalDepartmentName": "Department",
  "MRAcquisitionType": "2D",
  "MagneticFieldStrength": 3,
  "Manufacturer": "Siemens",
  "ManufacturersModelName": "Prisma",
  "Modality": "MR",
  "PatientPosition": "HFS",
  "PercentPhaseFOV": 100,
  "PhaseEncodingDirection": "j",
  "PhaseEncodingSteps": 120,
  "PhaseResolution": 1,
  "PixelBandwidth": 1735,
  "ProcedureStepDescription": "Gobbini_Matteo_1038_hyperface",
  "ProtocolName": "fmap_acq-2.0mmX4b0_dir-PA",
  "PulseSequenceDetails": "%SiemensSeq%_ep2d_diff",
  "ReceiveCoilActiveElements": "HEA;HEP",
  "ReceiveCoilName": "Head_32",
  "ReconMatrixPE": 120,
  "RepetitionTime": 9.7,
  "SAR": 0.0962211,
  "ScanOptions": "FS",
  "ScanningSequence": "EP",
  "SequenceName": "_ep_b0",
  "SequenceVariant": "SK_SP",
  "SeriesDescription": "fmap_acq-2.0mmX4b0_dir-PA",
  "SeriesNumber": 65,
  "ShimSetting": [
    4154,
    -7718,
    -7477,
    295,
    -34,
    -23,
    -121,
    64
  ],
  "SliceThickness": 2,
  "SoftwareVersions": "syngo_MR_E11",
  "SpacingBetweenSlices": 2,
  "StationName": "AWP66112",
  "TotalReadoutTime": 0.076159,
  "TxRefAmp": 229.09,
  "time": {
    "samples": {
      "AcquisitionNumber": [
        1,
        2,
        3,
        4,
        5,
        6
      ],
      "SequenceName": [
        "*ep_b0",
        "*ep_b0",
        "*ep_b0",
        "*ep_b0",
        "*ep_b1000#5",
        "*ep_b650#6"
      ]
    },
    "slices": {
      "CsaImage.ProtocolSliceNumber": [
        0,
        1,
        2,
        3,
        4,
        5,
        6,
        7,
        8,
        9,
        10,
        11,
        12,
        13,
        14,
        15,
        16,
        17,
        18,
        19,
        20,
        21,
        22,
        23,
        24,
        25,
        26,
        27,
        28,
        29,
        30,
        31,
        32,
        33,
        34,
        35,
        36,
        37,
        38,
        39,
        40,
        41,
        42,
        43,
        44,
        45,
        46,
        47,
        48,
        49,
        50,
        51,
        52,
        53,
        54,
        55,
        56,
        57,
        58,
        59,
        60,
        61,
        62,
        63
      ],
      "CsaImage.SlicePosition_PCS": [
        [
          -122.53517129,
          -137.08624152,
          -81.59481009
        ],
        [
          -122.62002947,
          -137.06242064,
          -79.59674796
        ],
        [
          -122.70488789,
          -137.03859786,
          -77.59869345
        ],
        [
          -122.7897463,
          -137.01477698,
          -75.60063895
        ],
        [
          -122.87460472,
          -136.9909561,
          -73.60257682
        ],
        [
          -122.9594629,
          -136.96713332,
          -71.60452231
        ],
        [
          -123.04432132,
          -136.94331244,
          -69.60646781
        ],
        [
          -123.12917973,
          -136.91949156,
          -67.60840949
        ],
        [
          -123.21403815,
          -136.89567069,
          -65.61035117
        ],
        [
          -123.29889633,
          -136.8718479,
          -63.61229285
        ],
        [
          -123.38375475,
          -136.84802703,
          -61.61423835
        ],
        [
          -123.46861317,
          -136.82420615,
          -59.61618003
        ],
        [
          -123.55347158,
          -136.80038336,
          -57.61812552
        ],
        [
          -123.63832976,
          -136.77656249,
          -55.6200672
        ],
        [
          -123.72318818,
          -136.75274161,
          -53.62200888
        ],
        [
          -123.8080466,
          -136.72892073,
          -51.62395438
        ],
        [
          -123.89290478,
          -136.70509795,
          -49.62589606
        ],
        [
          -123.97776319,
          -136.68127707,
          -47.62783774
        ],
        [
          -124.06262161,
          -136.65745619,
          -45.62978324
        ],
        [
          -124.14748003,
          -136.63363532,
          -43.63172492
        ],
        [
          -124.23233845,
          -136.60981253,
          -41.6336666
        ],
        [
          -124.31719686,
          -136.58599166,
          -39.63561209
        ],
        [
          -124.40205528,
          -136.56217078,
          -37.63755378
        ],
        [
          -124.48691322,
          -136.53834799,
          -35.63949736
        ],
        [
          -124.57177164,
          -136.51452712,
          -33.64144095
        ],
        [
          -124.65663006,
          -136.49070624,
          -31.64338263
        ],
        [
          -124.74148848,
          -136.46688536,
          -29.64532622
        ],
        [
          -124.82634689,
          -136.44306258,
          -27.64726981
        ],
        [
          -124.91120531,
          -136.4192417,
          -25.64921149
        ],
        [
          -124.99606373,
          -136.39542082,
          -23.65115508
        ],
        [
          -125.08092167,
          -136.37159995,
          -21.65309867
        ],
        [
          -125.16578009,
          -136.34777716,
          -19.6550413
        ],
        [
          -125.2506385,
          -136.32395629,
          -17.65698489
        ],
        [
          -125.33549692,
          -136.30013541,
          -15.65892752
        ],
        [
          -125.42035534,
          -136.27631262,
          -13.66087111
        ],
        [
          -125.50521376,
          -136.25249175,
          -11.66281375
        ],
        [
          -125.59007217,
          -136.22867087,
          -9.66475686
        ],
        [
          -125.67493059,
          -136.20484999,
          -7.66669997
        ],
        [
          -125.75978853,
          -136.18102721,
          -5.66864284
        ],
        [
          -125.84464695,
          -136.15720633,
          -3.67058592
        ],
        [
          -125.92950537,
          -136.1333845,
          -1.67252895
        ],
        [
          -126.01436378,
          -136.10956362,
          0.32552806
        ],
        [
          -126.0992222,
          -136.08574179,
          2.32358495
        ],
        [
          -126.18408062,
          -136.06192092,
          4.32164184
        ],
        [
          -126.26893904,
          -136.03809909,
          6.31969873
        ],
        [
          -126.35379745,
          -136.01427821,
          8.31775609
        ],
        [
          -126.4386554,
          -135.99045638,
          10.3158125
        ],
        [
          -126.52351381,
          -135.9666355,
          12.31386987
        ],
        [
          -126.60837223,
          -135.94281367,
          14.31192628
        ],
        [
          -126.69323065,
          -135.91899279,
          16.30998269
        ],
        [
          -126.77808907,
          -135.89517096,
          18.30804101
        ],
        [
          -126.86294748,
          -135.87134913,
          20.30609742
        ],
        [
          -126.9478059,
          -135.84752825,
          22.30415384
        ],
        [
          -127.03266432,
          -135.82370642,
          24.30221215
        ],
        [
          -127.11752226,
          -135.79988555,
          26.30026857
        ],
        [
          -127.20238068,
          -135.77606372,
          28.29832498
        ],
        [
          -127.28723909,
          -135.75224284,
          30.2963833
        ],
        [
          -127.37209751,
          -135.72842101,
          32.2944378
        ],
        [
          -127.45695593,
          -135.70460013,
          34.29249612
        ],
        [
          -127.54181435,
          -135.6807783,
          36.29055444
        ],
        [
          -127.62667276,
          -135.65695647,
          38.28860894
        ],
        [
          -127.7115307,
          -135.63313559,
          40.28666726
        ],
        [
          -127.79638912,
          -135.60931376,
          42.28472558
        ],
        [
          -127.88124754,
          -135.58549288,
          44.28278009
        ]
      ],
      "ImagePositionPatient": [
        [
          -122.53517128894,
          -137.08624151881,
          -81.594810092657
        ],
        [
          -122.62002946803,
          -137.06242064174,
          -79.596747958868
        ],
        [
          -122.70488788554,
          -137.03859785731,
          -77.598693454474
        ],
        [
          -122.78974630305,
          -137.01477698024,
          -75.600638950079
        ],
        [
          -122.87460472056,
          -136.99095610316,
          -73.60257681629
        ],
        [
          -122.95946289966,
          -136.96713331874,
          -71.604522311896
        ],
        [
          -123.04432131717,
          -136.94331244166,
          -69.606467807501
        ],
        [
          -123.12917973468,
          -136.91949156459,
          -67.608409488409
        ],
        [
          -123.21403815219,
          -136.89567068751,
          -65.610351169318
        ],
        [
          -123.29889633128,
          -136.87184790309,
          -63.612292850226
        ],
        [
          -123.38375474879,
          -136.84802702601,
          -61.614238345831
        ],
        [
          -123.4686131663,
          -136.82420614894,
          -59.616180026739
        ],
        [
          -123.55347158381,
          -136.80038336452,
          -57.618125522345
        ],
        [
          -123.63832976291,
          -136.77656248744,
          -55.620067203253
        ],
        [
          -123.72318818042,
          -136.75274161037,
          -53.622008884161
        ],
        [
          -123.80804659793,
          -136.72892073329,
          -51.623954379767
        ],
        [
          -123.89290477702,
          -136.70509794887,
          -49.625896060675
        ],
        [
          -123.97776319453,
          -136.68127707179,
          -47.627837741583
        ],
        [
          -124.06262161204,
          -136.65745619472,
          -45.629783237189
        ],
        [
          -124.14748002955,
          -136.63363531764,
          -43.631724918097
        ],
        [
          -124.23233844707,
          -136.60981253322,
          -41.633666599005
        ],
        [
          -124.31719686458,
          -136.58599165614,
          -39.635612094611
        ],
        [
          -124.40205528209,
          -136.56217077907,
          -37.637553775519
        ],
        [
          -124.48691322276,
          -136.53834799464,
          -35.639497363776
        ],
        [
          -124.57177164027,
          -136.51452711757,
          -33.641440952032
        ],
        [
          -124.65663005778,
          -136.49070624049,
          -31.643382632941
        ],
        [
          -124.74148847529,
          -136.46688536342,
          -29.645326221197
        ],
        [
          -124.82634689281,
          -136.44306257899,
          -27.647269809454
        ],
        [
          -124.91120531032,
          -136.41924170192,
          -25.649211490362
        ],
        [
          -124.99606372783,
          -136.39542082484,
          -23.651155078619
        ],
        [
          -125.0809216685,
          -136.37159994777,
          -21.653098666876
        ],
        [
          -125.16578008601,
          -136.34777716334,
          -19.655041301459
        ],
        [
          -125.25063850352,
          -136.32395628627,
          -17.656984889715
        ],
        [
          -125.33549692103,
          -136.30013540919,
          -15.658927524298
        ],
        [
          -125.42035533855,
          -136.27631262477,
          -13.660871112555
        ],
        [
          -125.50521375606,
          -136.25249174769,
          -11.662813747137
        ],
        [
          -125.59007217357,
          -136.22867087062,
          -9.6647568585571
        ],
        [
          -125.67493059108,
          -136.20484999354,
          -7.6666999699767
        ],
        [
          -125.75978853175,
          -136.18102720912,
          -5.6686428429778
        ],
        [
          -125.84464694926,
          -136.15720633204,
          -3.6705859236639
        ],
        [
          -125.92950536677,
          -136.1333845013,
          -1.6725289466079
        ],
        [
          -126.01436378428,
          -136.10956362422,
          0.32552806118172
        ],
        [
          -126.0992222018,
          -136.08574179347,
          2.323584949762
        ],
        [
          -126.18408061931,
          -136.0619209164,
          4.3216418383424
        ],
        [
          -126.26893903682,
          -136.03809908565,
          6.3196987269227
        ],
        [
          -126.35379745433,
          -136.01427820857,
          8.3177560923402
        ],
        [
          -126.438655395,
          -135.99045637782,
          10.315812504083
        ],
        [
          -126.52351381251,
          -135.96663550075,
          12.313869869501
        ],
        [
          -126.60837223002,
          -135.94281367,
          14.311926281244
        ],
        [
          -126.69323064754,
          -135.91899279292,
          16.309982692987
        ],
        [
          -126.77808906505,
          -135.89517096217,
          18.308041012079
        ],
        [
          -126.86294748256,
          -135.87134913142,
          20.306097423822
        ],
        [
          -126.94780590007,
          -135.84752825435,
          22.304153835565
        ],
        [
          -127.03266431758,
          -135.8237064236,
          24.302212154657
        ],
        [
          -127.11752225825,
          -135.79988554652,
          26.3002685664
        ],
        [
          -127.20238067576,
          -135.77606371577,
          28.298324978143
        ],
        [
          -127.28723909328,
          -135.7522428387,
          30.296383297235
        ],
        [
          -127.37209751079,
          -135.72842100795,
          32.29443780163
        ],
        [
          -127.4569559283,
          -135.70460013087,
          34.292496120722
        ],
        [
          -127.54181434581,
          -135.68077830012,
          36.290554439813
        ],
        [
          -127.62667276332,
          -135.65695646937,
          38.288608944208
        ],
        [
          -127.71153070399,
          -135.6331355923,
          40.2866672633
        ],
        [
          -127.7963891215,
          -135.60931376155,
          42.284725582391
        ],
        [
          -127.88124753902,
          -135.58549288447,
          44.282780086786
        ]
      ],
      "SliceLocation": [
        -77.949265872576,
        -75.949260713776,
        -73.949263144125,
        -71.949265597192,
        -69.949260428277,
        -67.949262868742,
        -65.949265321809,
        -63.949263963885,
        -61.94926260596,
        -59.949261235434,
        -57.949263688501,
        -55.949262330577,
        -53.949264760926,
        -51.949263413118,
        -49.949262055194,
        -47.949264508261,
        -45.949263137734,
        -43.94926177981,
        -41.949264232877,
        -39.949262874953,
        -37.949261494311,
        -35.949263947378,
        -33.949262589454,
        -31.949263134539,
        -29.94926368211,
        -27.949262324186,
        -25.949262871757,
        -23.949263396611,
        -21.949262038687,
        -19.949262586258,
        -17.949263154061,
        -15.949262726167,
        -13.949263273738,
        -11.949262868562,
        -9.9492633934155,
        -7.9492629882391,
        -5.9492630594365,
        -3.949263130634,
        -1.9492629611585,
        0.05073699834781,
        2.050737026899,
        4.050737074795,
        6.0507370149564,
        8.0507369437589,
        10.05073688392,
        12.050737289097,
        14.050736732653,
        16.050737137829,
        18.050736601617,
        20.050736054045,
        22.050737423328,
        24.050736887116,
        26.050736339544,
        28.050737708828,
        30.050737141024,
        32.050736604812,
        34.050737962736,
        36.050735521028,
        38.050736878952,
        40.050738248236,
        42.050735806528,
        44.05073714422,
        46.050738513503,
        48.050736060436
      ]
    }
  },
  "MatrixCoilMode": "SENSE",
  "CoilCombinationMethod": "Sum of Squares",
  "NonlinearGradientCorrection": false,
  "PulseSequenceType": "Spin Echo EPI",
  "SliceTiming": [
    4.83594,
    0,
    4.99219,
    0.14844,
    5.14062,
    0.30469,
    5.29688,
    0.45312,
    5.44531,
    0.60156,
    5.59375,
    0.75781,
    5.74219,
    0.90625,
    5.89844,
    1.05469,
    6.04688,
    1.21094,
    6.20312,
    1.35938,
    6.35156,
    1.50781,
    6.5,
    1.66406,
    6.65625,
    1.8125,
    6.80469,
    1.96875,
    6.95312,
    2.11719,
    7.10938,
    2.26562,
    7.25781,
    2.42188,
    7.41406,
    2.57031,
    7.5625,
    2.71875,
    7.71094,
    2.875,
    7.86719,
    3.02344,
    8.01562,
    3.17969,
    8.16406,
    3.32812,
    8.32031,
    3.47656,
    8.46875,
    3.625,
    8.61719,
    3.78125,
    8.77344,
    3.92969,
    8.92188,
    4.08594,
    9.07031,
    4.23438,
    9.22656,
    4.38281,
    9.375,
    4.53906,
    9.53125,
    4.6875
  ],
  "B0FieldIdentifier": "pepolar_ses-1"
}
