{
  "AcquisitionMatrixPE": 120,
  "AcquisitionNumber": 1,
  "BandwidthPerPixelPhaseEncode": 13.021,
  "BaseResolution": 120,
  "BodyPartExamined": "BRAIN",
  "ConsistencyInfo": "N4_VE11C_LATEST_20160120",
  "ConversionSoftware": "dcm2niix",
  "ConversionSoftwareVersion": "v1.0.20171215 (OpenJPEG build) GCC6.3.0",
  "DerivedVendorReportedEchoSpacing": 0.000639992,
  "DeviceSerialNumber": "66112",
  "DwellTime": 2.4e-06,
  "EchoTime": 0.096,
  "EchoTrainLength": 120,
  "EffectiveEchoSpacing": 0.000639992,
  "FlipAngle": 90,
  "ImageOrientationPatientDICOM": [
    0.999099,
    0.00120388,
    0.0424178,
    -0.000697488,
    0.999928,
    -0.0119511
  ],
  "ImageType": [
    "ORIGINAL",
    "PRIMARY",
    "DIFFUSION",
    "NONE",
    "ND",
    "NORM"
  ],
  "InPlanePhaseEncodingDirectionDICOM": "COL",
  "InstitutionAddress": "Maynard_3_Hanover_NH_US_03755",
  "InstitutionName": "Dartmouth_College_-_PBS",
  "InstitutionalDepartmentName": "Department",
  "MRAcquisitionType": "2D",
  "MagneticFieldStrength": 3,
  "Manufacturer": "Siemens",
  "ManufacturersModelName": "Prisma",
  "Modality": "MR",
  "PatientPosition": "HFS",
  "PercentPhaseFOV": 100,
  "PhaseEncodingDirection": "j-",
  "PhaseEncodingSteps": 120,
  "PhaseResolution": 1,
  "PixelBandwidth": 1735,
  "ProcedureStepDescription": "Gobbini_Matteo_1038_hyperface",
  "ProtocolName": "fmap_acq-2.0mmX4b0_dir-AP",
  "PulseSequenceDetails": "%SiemensSeq%_ep2d_diff",
  "ReceiveCoilActiveElements": "HEA;HEP",
  "ReceiveCoilName": "Head_32",
  "ReconMatrixPE": 120,
  "RepetitionTime": 9.7,
  "SAR": 0.0962211,
  "ScanOptions": "FS",
  "ScanningSequence": "EP",
  "SequenceName": "_ep_b0",
  "SequenceVariant": "SK_SP",
  "SeriesDescription": "fmap_acq-2.0mmX4b0_dir-AP",
  "SeriesNumber": 64,
  "ShimSetting": [
    4154,
    -7718,
    -7477,
    295,
    -34,
    -23,
    -121,
    64
  ],
  "SliceThickness": 2,
  "SoftwareVersions": "syngo_MR_E11",
  "SpacingBetweenSlices": 2,
  "StationName": "AWP66112",
  "TotalReadoutTime": 0.076159,
  "TxRefAmp": 229.09,
  "time": {
    "samples": {
      "AcquisitionNumber": [
        1,
        2,
        3,
        4,
        5,
        6
      ],
      "SequenceName": [
        "*ep_b0",
        "*ep_b0",
        "*ep_b0",
        "*ep_b0",
        "*ep_b1000#5",
        "*ep_b650#6"
      ]
    },
    "slices": {
      "CsaImage.ProtocolSliceNumber": [
        0,
        1,
        2,
        3,
        4,
        5,
        6,
        7,
        8,
        9,
        10,
        11,
        12,
        13,
        14,
        15,
        16,
        17,
        18,
        19,
        20,
        21,
        22,
        23,
        24,
        25,
        26,
        27,
        28,
        29,
        30,
        31,
        32,
        33,
        34,
        35,
        36,
        37,
        38,
        39,
        40,
        41,
        42,
        43,
        44,
        45,
        46,
        47,
        48,
        49,
        50,
        51,
        52,
        53,
        54,
        55,
        56,
        57,
        58,
        59,
        60,
        61,
        62,
        63
      ],
      "CsaImage.SlicePosition_PCS": [
        [
          -122.52138688,
          -137.1170986,
          -81.58422049
        ],
        [
          -122.6062453,
          -137.09327582,
          -79.58615836
        ],
        [
          -122.69110348,
          -137.06945494,
          -77.58810385
        ],
        [
          -122.77596189,
          -137.04563407,
          -75.59004935
        ],
        [
          -122.86082031,
          -137.02181128,
          -73.59198722
        ],
        [
          -122.94567873,
          -136.9979904,
          -71.59393271
        ],
        [
          -123.03053691,
          -136.97416953,
          -69.59587821
        ],
        [
          -123.11539533,
          -136.95034865,
          -67.59781989
        ],
        [
          -123.20025374,
          -136.92652587,
          -65.59976157
        ],
        [
          -123.28511216,
          -136.90270499,
          -63.60170325
        ],
        [
          -123.36997034,
          -136.87888411,
          -61.60364875
        ],
        [
          -123.45482876,
          -136.85506133,
          -59.60559043
        ],
        [
          -123.53968718,
          -136.83124045,
          -57.60753211
        ],
        [
          -123.62454535,
          -136.80741957,
          -55.6094776
        ],
        [
          -123.70940377,
          -136.7835987,
          -53.61141928
        ],
        [
          -123.79426219,
          -136.75977591,
          -51.61336097
        ],
        [
          -123.87912037,
          -136.73595504,
          -49.61530646
        ],
        [
          -123.96397879,
          -136.71213416,
          -47.61724814
        ],
        [
          -124.0488372,
          -136.68831328,
          -45.61919364
        ],
        [
          -124.13369562,
          -136.6644905,
          -43.62113532
        ],
        [
          -124.21855404,
          -136.64066962,
          -41.623077
        ],
        [
          -124.30341246,
          -136.61684874,
          -39.6250225
        ],
        [
          -124.38827087,
          -136.59302596,
          -37.62696418
        ],
        [
          -124.47312881,
          -136.56920508,
          -35.62890776
        ],
        [
          -124.55798723,
          -136.5453842,
          -33.63084945
        ],
        [
          -124.64284565,
          -136.52156333,
          -31.63279303
        ],
        [
          -124.72770407,
          -136.49774054,
          -29.63473662
        ],
        [
          -124.81256248,
          -136.47391967,
          -27.63668021
        ],
        [
          -124.8974209,
          -136.45009879,
          -25.63862189
        ],
        [
          -124.98227932,
          -136.42627791,
          -23.64056548
        ],
        [
          -125.06713774,
          -136.40245513,
          -21.64250907
        ],
        [
          -125.15199568,
          -136.37863425,
          -19.6444517
        ],
        [
          -125.23685409,
          -136.35481337,
          -17.64639434
        ],
        [
          -125.32171251,
          -136.33099059,
          -15.64833792
        ],
        [
          -125.40657093,
          -136.30716971,
          -13.65028056
        ],
        [
          -125.49142935,
          -136.28334883,
          -11.65222367
        ],
        [
          -125.57628776,
          -136.25952796,
          -9.65416678
        ],
        [
          -125.66114618,
          -136.23570517,
          -7.65610989
        ],
        [
          -125.7460046,
          -136.2118843,
          -5.65805277
        ],
        [
          -125.83086254,
          -136.18806342,
          -3.65999588
        ],
        [
          -125.91572096,
          -136.16424063,
          -1.66193887
        ],
        [
          -126.00057938,
          -136.14041976,
          0.33611814
        ],
        [
          -126.08543779,
          -136.11659888,
          2.33417503
        ],
        [
          -126.17029621,
          -136.09277705,
          4.33223191
        ],
        [
          -126.25515463,
          -136.06895617,
          6.33028928
        ],
        [
          -126.34001305,
          -136.04513434,
          8.32834569
        ],
        [
          -126.42487099,
          -136.02131346,
          10.32640306
        ],
        [
          -126.5097294,
          -135.99749163,
          12.32445947
        ],
        [
          -126.59458782,
          -135.9736698,
          14.32251588
        ],
        [
          -126.67944624,
          -135.94984893,
          16.3205742
        ],
        [
          -126.76430466,
          -135.92602709,
          18.31863061
        ],
        [
          -126.84916307,
          -135.90220622,
          20.31668702
        ],
        [
          -126.93402149,
          -135.87838439,
          22.31474534
        ],
        [
          -127.01887991,
          -135.85456351,
          24.31280175
        ],
        [
          -127.10373785,
          -135.83074168,
          26.31085817
        ],
        [
          -127.18859627,
          -135.8069208,
          28.30891458
        ],
        [
          -127.27345468,
          -135.78309897,
          30.3069729
        ],
        [
          -127.3583131,
          -135.75927809,
          32.30503122
        ],
        [
          -127.44317152,
          -135.73545626,
          34.30308572
        ],
        [
          -127.52802994,
          -135.71163443,
          36.30114404
        ],
        [
          -127.61288835,
          -135.68781356,
          38.29919854
        ],
        [
          -127.69774677,
          -135.66399172,
          40.29725686
        ],
        [
          -127.78260471,
          -135.64017085,
          42.29531518
        ],
        [
          -127.86746313,
          -135.61634902,
          44.29336969
        ]
      ],
      "ImagePositionPatient": [
        [
          -122.52138688037,
          -137.11709860499,
          -81.584220493048
        ],
        [
          -122.60624529788,
          -137.09327582057,
          -79.586158359259
        ],
        [
          -122.69110347697,
          -137.0694549435,
          -77.588103854864
        ],
        [
          -122.77596189448,
          -137.04563406642,
          -75.59004935047
        ],
        [
          -122.86082031199,
          -137.021811282,
          -73.591987216681
        ],
        [
          -122.94567872951,
          -136.99799040492,
          -71.593932712286
        ],
        [
          -123.0305369086,
          -136.97416952785,
          -69.595878207892
        ],
        [
          -123.11539532611,
          -136.95034865077,
          -67.5978198888
        ],
        [
          -123.20025374362,
          -136.92652586635,
          -65.599761569708
        ],
        [
          -123.28511216113,
          -136.90270498927,
          -63.601703250616
        ],
        [
          -123.36997034022,
          -136.8788841122,
          -61.603648746222
        ],
        [
          -123.45482875773,
          -136.85506132777,
          -59.60559042713
        ],
        [
          -123.53968717525,
          -136.8312404507,
          -57.607532108038
        ],
        [
          -123.62454535434,
          -136.80741957362,
          -55.609477603644
        ],
        [
          -123.70940377185,
          -136.78359869655,
          -53.611419284552
        ],
        [
          -123.79426218936,
          -136.75977591212,
          -51.61336096546
        ],
        [
          -123.87912036845,
          -136.73595503505,
          -49.615306461066
        ],
        [
          -123.96397878596,
          -136.71213415797,
          -47.617248141974
        ],
        [
          -124.04883720347,
          -136.6883132809,
          -45.619193637579
        ],
        [
          -124.13369562099,
          -136.66449049647,
          -43.621135318487
        ],
        [
          -124.2185540385,
          -136.6406696194,
          -41.623076999396
        ],
        [
          -124.30341245601,
          -136.61684874232,
          -39.625022495001
        ],
        [
          -124.38827087352,
          -136.5930259579,
          -37.626964175909
        ],
        [
          -124.47312881419,
          -136.56920508082,
          -35.628907764166
        ],
        [
          -124.5579872317,
          -136.54538420375,
          -33.630849445074
        ],
        [
          -124.64284564921,
          -136.52156332667,
          -31.632793033331
        ],
        [
          -124.72770406672,
          -136.49774054225,
          -29.634736621588
        ],
        [
          -124.81256248424,
          -136.47391966517,
          -27.636680209845
        ],
        [
          -124.89742090175,
          -136.4500987881,
          -25.638621890753
        ],
        [
          -124.98227931926,
          -136.42627791102,
          -23.64056547901
        ],
        [
          -125.06713773677,
          -136.4024551266,
          -21.642509067267
        ],
        [
          -125.15199567744,
          -136.37863424953,
          -19.644451701849
        ],
        [
          -125.23685409495,
          -136.35481337245,
          -17.646394336432
        ],
        [
          -125.32171251246,
          -136.33099058803,
          -15.648337924689
        ],
        [
          -125.40657092998,
          -136.30716971095,
          -13.650280559271
        ],
        [
          -125.49142934749,
          -136.28334883388,
          -11.652223670691
        ],
        [
          -125.576287765,
          -136.2595279568,
          -9.6541667821105
        ],
        [
          -125.66114618251,
          -136.23570517238,
          -7.6561098935302
        ],
        [
          -125.74600460002,
          -136.2118842953,
          -5.6580527665313
        ],
        [
          -125.83086254069,
          -136.18806341823,
          -3.6599958816763
        ],
        [
          -125.9157209582,
          -136.1642406338,
          -1.6619388701614
        ],
        [
          -126.00057937572,
          -136.14041975673,
          0.33611813762825
        ],
        [
          -126.08543779323,
          -136.11659887965,
          2.3341750262086
        ],
        [
          -126.17029621074,
          -136.0927770489,
          4.3322319147889
        ],
        [
          -126.25515462825,
          -136.06895617183,
          6.3302892802064
        ],
        [
          -126.34001304576,
          -136.04513434108,
          8.3283456919495
        ],
        [
          -126.42487098643,
          -136.021313464,
          10.326403057367
        ],
        [
          -126.50972940394,
          -135.99749163325,
          12.32445946911
        ],
        [
          -126.59458782146,
          -135.9736698025,
          14.322515880853
        ],
        [
          -126.67944623897,
          -135.94984892543,
          16.320574199945
        ],
        [
          -126.76430465648,
          -135.92602709468,
          18.318630611688
        ],
        [
          -126.84916307399,
          -135.9022062176,
          20.316687023431
        ],
        [
          -126.9340214915,
          -135.87838438685,
          22.314745342523
        ],
        [
          -127.01887990901,
          -135.85456350978,
          24.312801754266
        ],
        [
          -127.10373784968,
          -135.83074167903,
          26.31085816601
        ],
        [
          -127.18859626719,
          -135.80692080195,
          28.308914577753
        ],
        [
          -127.27345468471,
          -135.78309897121,
          30.306972896845
        ],
        [
          -127.35831310222,
          -135.75927809413,
          32.305031215936
        ],
        [
          -127.44317151973,
          -135.73545626338,
          34.303085720331
        ],
        [
          -127.52802993724,
          -135.71163443263,
          36.301144039423
        ],
        [
          -127.61288835475,
          -135.68781355556,
          38.299198543817
        ],
        [
          -127.69774677226,
          -135.66399172481,
          40.297256862909
        ],
        [
          -127.78260471293,
          -135.64017084773,
          42.295315182001
        ],
        [
          -127.86746313045,
          -135.61634901698,
          44.293369686395
        ]
      ],
      "SliceLocation": [
        -77.939638951692,
        -75.939633760059,
        -73.939636223242,
        -71.939638676309,
        -69.939633484676,
        -67.939635937743,
        -65.939638400925,
        -63.939637043001,
        -61.939635662359,
        -59.939634304435,
        -57.939636767618,
        -55.939635386976,
        -53.939634029051,
        -51.939636492234,
        -49.93963513431,
        -47.939633753668,
        -45.939636216851,
        -43.939634858927,
        -41.939637311994,
        -39.939635931352,
        -37.939634573427,
        -35.939637026494,
        -33.939635645852,
        -31.939636213655,
        -29.939634855731,
        -27.939635403303,
        -25.939635928156,
        -23.939636475728,
        -21.939635117803,
        -19.939635665375,
        -17.939636190228,
        -15.939635805284,
        -13.939635400107,
        -11.939635924961,
        -9.9396355197842,
        -7.9396355909817,
        -5.9396356621792,
        -3.9396357106588,
        -1.9396355436693,
        0.06036436117971,
        2.0603644355152,
        4.0603644834112,
        6.0603644122138,
        8.0603643523752,
        10.060364757552,
        12.060364221339,
        14.060364606284,
        16.060364070071,
        18.060363533859,
        20.060364891783,
        22.060364355571,
        24.060363807999,
        26.060365177282,
        28.060364629711,
        30.060364073267,
        32.060363525695,
        34.060364894979,
        36.060366252903,
        38.060363811195,
        40.060365180478,
        42.060362727411,
        44.060364096694,
        46.060365434387,
        48.060362992678
      ]
    }
  },
  "MatrixCoilMode": "SENSE",
  "CoilCombinationMethod": "Sum of Squares",
  "NonlinearGradientCorrection": false,
  "PulseSequenceType": "Spin Echo EPI",
  "SliceTiming": [
    4.83594,
    0,
    4.99219,
    0.14844,
    5.14062,
    0.30469,
    5.29688,
    0.45312,
    5.44531,
    0.60156,
    5.59375,
    0.75781,
    5.74219,
    0.90625,
    5.89844,
    1.05469,
    6.04688,
    1.21094,
    6.20312,
    1.35938,
    6.35156,
    1.50781,
    6.5,
    1.66406,
    6.65625,
    1.8125,
    6.80469,
    1.96875,
    6.95312,
    2.11719,
    7.10938,
    2.26562,
    7.25781,
    2.42188,
    7.41406,
    2.57031,
    7.5625,
    2.71875,
    7.71094,
    2.875,
    7.86719,
    3.02344,
    8.01562,
    3.17969,
    8.16406,
    3.32812,
    8.32031,
    3.47656,
    8.46875,
    3.625,
    8.61719,
    3.78125,
    8.77344,
    3.92969,
    8.92188,
    4.08594,
    9.07031,
    4.23438,
    9.22656,
    4.38281,
    9.375,
    4.53906,
    9.53125,
    4.6875
  ],
  "B0FieldIdentifier": "pepolar_ses-1"
}
